NUGET
  remote: https://www.nuget.org/api/v2
    Consul (0.7.2.6)
      NETStandard.Library (>= 1.6.1) - restriction: && (< net45) (>= netstandard1.3)
      Newtonsoft.Json (>= 10.0.2) - restriction: && (< net45) (>= netstandard1.3)
      System.Collections (>= 4.3) - restriction: && (< net45) (>= netstandard1.3)
      System.Linq (>= 4.3) - restriction: && (< net45) (>= netstandard1.3)
      System.Net.Http (>= 4.3) - restriction: && (< net45) (>= netstandard1.3)
      System.Net.Http.WinHttpHandler (>= 4.0) - restriction: && (< net45) (>= netstandard1.3)
      System.Runtime (>= 4.3) - restriction: && (< net45) (>= netstandard1.3)
      System.Security.Cryptography.X509Certificates (>= 4.3) - restriction: && (< net45) (>= netstandard1.3)
      System.Text.RegularExpressions (>= 4.3) - restriction: && (< net45) (>= netstandard1.3)
      System.Threading (>= 4.3) - restriction: && (< net45) (>= netstandard1.3)
      System.Threading.Thread (>= 4.0) - restriction: && (< net45) (>= netstandard1.3)
    Crc32C.NET (1.0.5) - restriction: >= net45
    EventStore.Client (5.0.1)
      Newtonsoft.Json (>= 11.0.2) - restriction: || (&& (>= net452) (< netstandard2.0)) (&& (< net452) (>= netstandard2.0)) (>= net46)
      protobuf-net (>= 2.4) - restriction: || (&& (>= net452) (< netstandard2.0)) (&& (< net452) (>= netstandard2.0)) (>= net46)
      System.Net.Http (>= 4.3.4) - restriction: && (< net452) (>= netstandard2.0)
      System.Net.Requests (>= 4.3) - restriction: && (< net452) (>= netstandard2.0)
      System.Net.Security (>= 4.3.2) - restriction: && (< net452) (>= netstandard2.0)
    FSharp.Compiler.Service (27.0.1)
      FSharp.Core (>= 4.5.2) - restriction: || (>= net45) (>= netstandard2.0)
      System.Collections.Immutable (>= 1.5) - restriction: || (>= net45) (>= netstandard2.0)
      System.Diagnostics.Process (>= 4.1) - restriction: && (< net45) (>= netstandard2.0)
      System.Diagnostics.TraceSource (>= 4.0) - restriction: && (< net45) (>= netstandard2.0)
      System.Reflection.Emit (>= 4.3) - restriction: && (< net45) (>= netstandard2.0)
      System.Reflection.Metadata (>= 1.6) - restriction: || (>= net45) (>= netstandard2.0)
      System.Reflection.TypeExtensions (>= 4.3) - restriction: && (< net45) (>= netstandard2.0)
      System.Runtime.Loader (>= 4.0) - restriction: && (< net45) (>= netstandard2.0)
      System.Security.Cryptography.Algorithms (>= 4.3) - restriction: && (< net45) (>= netstandard2.0)
      System.ValueTuple (>= 4.4) - restriction: >= net45
    FSharp.Control.AsyncSeq (2.0.21) - restriction: || (>= net45) (>= netstandard2.0)
      FSharp.Core (>= 3.1.2) - restriction: >= net45
      FSharp.Core (>= 4.3.2) - restriction: && (< net45) (>= netstandard2.0)
    FSharp.Core (4.5.2)
      System.Collections (>= 4.0.11) - restriction: && (< net45) (>= netstandard1.6) (< netstandard2.0)
      System.Console (>= 4.0) - restriction: && (< net45) (>= netstandard1.6) (< netstandard2.0)
      System.Diagnostics.Debug (>= 4.0.11) - restriction: && (< net45) (>= netstandard1.6) (< netstandard2.0)
      System.Diagnostics.Tools (>= 4.0.1) - restriction: && (< net45) (>= netstandard1.6) (< netstandard2.0)
      System.Globalization (>= 4.0.11) - restriction: && (< net45) (>= netstandard1.6) (< netstandard2.0)
      System.IO (>= 4.1) - restriction: && (< net45) (>= netstandard1.6) (< netstandard2.0)
      System.Linq (>= 4.1) - restriction: && (< net45) (>= netstandard1.6) (< netstandard2.0)
      System.Linq.Expressions (>= 4.1) - restriction: && (< net45) (>= netstandard1.6) (< netstandard2.0)
      System.Linq.Queryable (>= 4.0.1) - restriction: && (< net45) (>= netstandard1.6) (< netstandard2.0)
      System.Net.Requests (>= 4.0.11) - restriction: && (< net45) (>= netstandard1.6) (< netstandard2.0)
      System.Reflection (>= 4.1) - restriction: && (< net45) (>= netstandard1.6) (< netstandard2.0)
      System.Reflection.Extensions (>= 4.0.1) - restriction: && (< net45) (>= netstandard1.6) (< netstandard2.0)
      System.Resources.ResourceManager (>= 4.0.1) - restriction: && (< net45) (>= netstandard1.6) (< netstandard2.0)
      System.Runtime (>= 4.1) - restriction: && (< net45) (>= netstandard1.6) (< netstandard2.0)
      System.Runtime.Extensions (>= 4.1) - restriction: && (< net45) (>= netstandard1.6) (< netstandard2.0)
      System.Runtime.Numerics (>= 4.0.1) - restriction: && (< net45) (>= netstandard1.6) (< netstandard2.0)
      System.Text.RegularExpressions (>= 4.1) - restriction: && (< net45) (>= netstandard1.6) (< netstandard2.0)
      System.Threading (>= 4.0.11) - restriction: && (< net45) (>= netstandard1.6) (< netstandard2.0)
      System.Threading.Tasks (>= 4.0.11) - restriction: && (< net45) (>= netstandard1.6) (< netstandard2.0)
      System.Threading.Tasks.Parallel (>= 4.0.1) - restriction: && (< net45) (>= netstandard1.6) (< netstandard2.0)
      System.Threading.Thread (>= 4.0) - restriction: && (< net45) (>= netstandard1.6) (< netstandard2.0)
      System.Threading.ThreadPool (>= 4.0.10) - restriction: && (< net45) (>= netstandard1.6) (< netstandard2.0)
      System.Threading.Timer (>= 4.0.1) - restriction: && (< net45) (>= netstandard1.6) (< netstandard2.0)
    FSharp.Data (3.0.1)
      FSharp.Core (>= 4.0.0.1) - restriction: >= net45
      FSharp.Core (>= 4.3.4) - restriction: && (< net45) (>= netstandard2.0)
    FSharp.Formatting (3.1)
      FSharp.Compiler.Service (>= 27.0.1 < 28.0)
      Microsoft.AspNet.Razor (>= 3.2.7 < 4.0)
      System.ValueTuple (>= 4.5 < 5.0)
    FSharp.Formatting.CommandTool (3.1)
    FSharpVSPowerTools.Core (2.4)
      FSharp.Compiler.Service (>= 2.0.0.8)
    FsPickler (5.2)
      FSharp.Core (>= 3.1.2) - restriction: >= net45
      FSharp.Core (>= 4.3.2) - restriction: && (< net45) (>= netstandard2.0)
      System.Reflection.Emit.Lightweight (>= 4.3) - restriction: && (< net45) (>= netstandard2.0)
    FsPickler.Json (5.2)
      FSharp.Core (>= 3.1.2) - restriction: >= net45
      FSharp.Core (>= 4.3.2) - restriction: && (< net45) (>= netstandard2.0)
      FsPickler (5.2) - restriction: && (< net45) (< netstandard2.0)
      Newtonsoft.Json (>= 6.0.5) - restriction: >= net45
      Newtonsoft.Json (>= 10.0.1) - restriction: && (< net45) (>= netstandard2.0)
      SourceLink.Embed.PaketFiles  - restriction: && (< net45) (< netstandard2.0)
    kafka-net-for-dotnet-core (1.0)
    Kafunk (0.1.16)
      FSharp.Control.AsyncSeq (>= 2.0.21) - restriction: || (>= net45) (>= netstandard2.0)
      FSharp.Core (>= 3.1.2) - restriction: >= net45
      FSharp.Core (>= 4.3.2) - restriction: && (< net45) (>= netstandard2.0)
      Snappy.NET (>= 1.1.1.8) - restriction: >= net45
    Microsoft.AspNet.Razor (3.2.7)
    Microsoft.AspNet.WebApi.Client (5.2.7)
      Microsoft.Net.Http (>= 2.2.22) - restriction: && (< net45) (< netstandard2.0) (>= portable-net45+win8+wp8+wp81+wpa81)
      Newtonsoft.Json (>= 6.0.4) - restriction: || (>= net45) (&& (< netstandard2.0) (>= portable-net45+win8+wp8+wp81+wpa81))
      Newtonsoft.Json (>= 10.0.1) - restriction: && (< net45) (>= netstandard2.0)
      Newtonsoft.Json.Bson (>= 1.0.1) - restriction: && (< net45) (>= netstandard2.0)
    Microsoft.AspNet.WebApi.Core (5.2.7)
      Microsoft.AspNet.WebApi.Client (>= 5.2.7)
    Microsoft.AspNet.WebApi.Owin (5.2.7)
      Microsoft.AspNet.WebApi.Core (>= 5.2.7 < 5.3)
      Microsoft.Owin (>= 2.0.2)
      Owin (>= 1.0)
    Microsoft.Azure.Amqp (2.4.2) - restriction: || (>= net461) (>= netstandard2.0) (>= uap10.0)
      System.Net.WebSockets.Client (>= 4.0.2) - restriction: >= netstandard1.3
      System.Runtime.Serialization.Primitives (>= 4.1.1) - restriction: >= netstandard1.3
    Microsoft.Azure.DocumentDB.Core (2.3)
      NETStandard.Library (>= 1.6) - restriction: >= netstandard1.5
      Newtonsoft.Json (>= 9.0.1) - restriction: >= netstandard1.5
      System.Collections.Immutable (>= 1.3) - restriction: >= netstandard1.5
      System.Collections.NonGeneric (>= 4.0.1) - restriction: >= netstandard1.5
      System.Collections.Specialized (>= 4.0.1) - restriction: >= netstandard1.5
      System.Diagnostics.TraceSource (>= 4.0) - restriction: >= netstandard1.5
      System.Dynamic.Runtime (>= 4.0.11) - restriction: >= netstandard1.6
      System.Linq.Queryable (>= 4.0.1) - restriction: >= netstandard1.5
      System.Net.Http (>= 4.3.4) - restriction: >= netstandard1.5
      System.Net.NameResolution (>= 4.0) - restriction: >= netstandard1.5
      System.Net.NetworkInformation (>= 4.1) - restriction: >= netstandard1.5
      System.Net.Requests (>= 4.0.11) - restriction: >= netstandard1.5
      System.Net.Security (>= 4.3.2) - restriction: >= netstandard1.5
      System.Net.WebHeaderCollection (>= 4.0.1) - restriction: >= netstandard1.6
      System.Runtime.Serialization.Primitives (>= 4.1.1) - restriction: >= netstandard1.6
      System.Security.SecureString (>= 4.0) - restriction: >= netstandard1.5
    Microsoft.Azure.EventHubs (3.0)
      Microsoft.Azure.Amqp (>= 2.3.7) - restriction: || (>= net461) (>= netstandard2.0) (>= uap10.0)
      Microsoft.Azure.Services.AppAuthentication (>= 1.0.3) - restriction: || (>= net461) (>= netstandard2.0) (>= uap10.0)
      Microsoft.IdentityModel.Clients.ActiveDirectory (>= 4.5) - restriction: || (>= net461) (>= netstandard2.0) (>= uap10.0)
      Microsoft.NETCore.UniversalWindowsPlatform (>= 5.2.3) - restriction: >= uap10.0
      System.Diagnostics.DiagnosticSource (>= 4.5) - restriction: || (>= net461) (>= netstandard2.0) (>= uap10.0)
      System.IdentityModel.Tokens.Jwt (>= 4.0.4.403061554) - restriction: >= net461
      System.IdentityModel.Tokens.Jwt (>= 5.2.4) - restriction: || (&& (< net461) (>= netstandard2.0)) (>= uap10.0) (>= xamarinios)
      System.Net.Http (>= 4.3.3) - restriction: || (>= net461) (>= netstandard2.0) (>= uap10.0)
      System.Reflection.TypeExtensions (>= 4.3) - restriction: && (< net461) (>= netstandard2.0) (< uap10.0) (< xamarinios)
      System.Reflection.TypeExtensions (>= 4.5) - restriction: || (>= net461) (>= uap10.0) (>= xamarinios)
      System.Runtime.Serialization.Primitives (>= 4.3) - restriction: && (< net461) (>= netstandard2.0) (< uap10.0) (< xamarinios)
    Microsoft.Azure.KeyVault.Core (3.0.3) - restriction: || (>= net45) (>= wp8)
    Microsoft.Azure.Services.AppAuthentication (1.0.3) - restriction: || (>= net461) (>= netstandard2.0) (>= uap10.0)
      Microsoft.IdentityModel.Clients.ActiveDirectory (>= 3.14.2) - restriction: || (>= net452) (>= netstandard1.4)
      NETStandard.Library (>= 1.6.1) - restriction: && (< net452) (>= netstandard1.4)
      System.Diagnostics.Process (>= 4.3) - restriction: && (< net452) (>= netstandard1.4)
    Microsoft.Bcl (1.1.10) - restriction: && (< net45) (< netstandard2.0) (>= portable-net45+win8+wp8+wp81+wpa81)
      Microsoft.Bcl.Build (>= 1.0.14)
    Microsoft.Bcl.Build (1.0.21) - import_targets: false, restriction: && (< net45) (< netstandard2.0) (>= portable-net45+win8+wp8+wp81+wpa81)
    Microsoft.CodeCoverage (16.0.1) - restriction: || (>= net45) (>= netcoreapp1.0)
    Microsoft.CSharp (4.5) - restriction: || (&& (< net20) (>= netstandard1.0) (< netstandard1.3)) (&& (< net20) (>= netstandard1.3) (< netstandard2.0)) (&& (>= uap10.0) (< uap10.1))
      NETStandard.Library (>= 1.6.1) - restriction: || (&& (< monoandroid) (< monotouch) (< net45) (>= netstandard1.3) (< netstandard2.0) (< win8) (< wpa81) (< xamarintvos) (< xamarinwatchos)) (&& (< monoandroid) (< net45) (>= netstandard1.0) (< netstandard1.3) (< win8) (< wp8) (< wpa81)) (< portable-net45+win8+wp8+wpa81)
      System.Dynamic.Runtime (>= 4.3) - restriction: || (&& (< monoandroid) (< monotouch) (< net45) (>= netstandard1.3) (< netstandard2.0) (< win8) (< wpa81) (< xamarintvos) (< xamarinwatchos)) (&& (< monoandroid) (< net45) (>= netstandard1.0) (< netstandard1.3) (< win8) (< wp8) (< wpa81)) (< portable-net45+win8+wp8+wpa81)
      System.Reflection.TypeExtensions (>= 4.4) - restriction: || (&& (< monoandroid) (< monotouch) (< net45) (>= netstandard1.3) (< netstandard2.0) (< win8) (< wpa81) (< xamarintvos) (< xamarinwatchos)) (< portable-net45+win8+wp8+wpa81)
    Microsoft.Diagnostics.Tracing.EventSource.Redist (2.0.1) - restriction: >= net451
    Microsoft.DotNet.InternalAbstractions (1.0) - restriction: >= netcoreapp1.0
      System.AppContext (>= 4.1) - restriction: && (< net451) (>= netstandard1.3)
      System.Collections (>= 4.0.11) - restriction: && (< net451) (>= netstandard1.3)
      System.IO (>= 4.1) - restriction: && (< net451) (>= netstandard1.3)
      System.IO.FileSystem (>= 4.0.1) - restriction: && (< net451) (>= netstandard1.3)
      System.Reflection.TypeExtensions (>= 4.1) - restriction: && (< net451) (>= netstandard1.3)
      System.Runtime.Extensions (>= 4.1) - restriction: && (< net451) (>= netstandard1.3)
      System.Runtime.InteropServices (>= 4.1) - restriction: && (< net451) (>= netstandard1.3)
      System.Runtime.InteropServices.RuntimeInformation (>= 4.0) - restriction: && (< net451) (>= netstandard1.3)
    Microsoft.DotNet.PlatformAbstractions (2.1) - restriction: >= netcoreapp1.0
      System.AppContext (>= 4.1) - restriction: && (< net45) (>= netstandard1.3)
      System.Collections (>= 4.0.11) - restriction: && (< net45) (>= netstandard1.3)
      System.IO (>= 4.1) - restriction: && (< net45) (>= netstandard1.3)
      System.IO.FileSystem (>= 4.0.1) - restriction: && (< net45) (>= netstandard1.3)
      System.Reflection.TypeExtensions (>= 4.1) - restriction: && (< net45) (>= netstandard1.3)
      System.Runtime.Extensions (>= 4.1) - restriction: && (< net45) (>= netstandard1.3)
      System.Runtime.InteropServices (>= 4.1) - restriction: && (< net45) (>= netstandard1.3)
      System.Runtime.InteropServices.RuntimeInformation (>= 4.0) - restriction: || (>= net45) (>= netstandard1.3)
    Microsoft.Extensions.DependencyModel (2.1) - restriction: >= netcoreapp1.0
      Microsoft.DotNet.PlatformAbstractions (>= 2.1) - restriction: || (>= net451) (>= netstandard1.3)
      Newtonsoft.Json (>= 9.0.1) - restriction: || (>= net451) (>= netstandard1.3)
      System.Diagnostics.Debug (>= 4.0.11) - restriction: || (&& (< net451) (>= netstandard1.3) (< netstandard1.6)) (&& (< net451) (>= netstandard1.6))
      System.Dynamic.Runtime (>= 4.0.11) - restriction: || (&& (< net451) (>= netstandard1.3) (< netstandard1.6)) (&& (< net451) (>= netstandard1.6))
      System.Linq (>= 4.1) - restriction: || (&& (< net451) (>= netstandard1.3) (< netstandard1.6)) (&& (< net451) (>= netstandard1.6))
    Microsoft.Extensions.PlatformAbstractions (1.1) - restriction: && (< monoandroid4.4) (< net35) (>= netstandard1.3) (< netstandard1.5)
      NETStandard.Library (>= 1.6.1) - restriction: || (>= net451) (>= netstandard1.3)
      System.Reflection.TypeExtensions (>= 4.3) - restriction: && (< net451) (>= netstandard1.3)
    Microsoft.IdentityModel.Clients.ActiveDirectory (4.5.1) - restriction: || (>= net461) (>= netstandard2.0) (>= uap10.0)
      NETStandard.Library (>= 1.6.1) - restriction: || (&& (< monoandroid8.1) (< net45) (>= netstandard1.3) (< uap10.0) (< xamarinios)) (&& (< net45) (>= netstandard1.1) (< netstandard1.3))
      System.Net.NameResolution (>= 4.3) - restriction: >= uap10.0
      System.Runtime.Serialization.Json (>= 4.3) - restriction: || (&& (< monoandroid8.1) (< net45) (>= netstandard1.3) (< xamarinios)) (&& (< net45) (>= netstandard1.1) (< netstandard1.3)) (>= uap10.0)
      System.Runtime.Serialization.Primitives (>= 4.3) - restriction: || (&& (< monoandroid8.1) (< net45) (>= netstandard1.3) (< xamarinios)) (&& (< net45) (>= netstandard1.1) (< netstandard1.3)) (>= uap10.0)
      System.Security.Cryptography.X509Certificates (>= 4.3) - restriction: && (< monoandroid8.1) (< net45) (>= netstandard1.3) (< uap10.0) (< xamarinios)
      System.Security.SecureString (>= 4.3) - restriction: && (< monoandroid8.1) (< net45) (>= netstandard1.3) (< uap10.0) (< xamarinios)
      System.Xml.XDocument (>= 4.3) - restriction: || (&& (< monoandroid8.1) (< net45) (>= netstandard1.3) (< xamarinios)) (&& (< net45) (>= netstandard1.1) (< netstandard1.3)) (>= uap10.0)
      Xamarin.Android.Support.CustomTabs (>= 27.0.2.1) - restriction: >= monoandroid8.1
      Xamarin.Android.Support.v7.AppCompat (>= 27.0.2.1) - restriction: >= monoandroid8.1
    Microsoft.IdentityModel.JsonWebTokens (5.4) - restriction: || (&& (>= net45) (< net451) (< netstandard1.4) (>= netstandard2.0)) (&& (>= net45) (< netstandard1.4) (>= uap10.0)) (&& (< net45) (>= netstandard2.0)) (&& (>= net451) (< netstandard1.4) (>= netstandard2.0)) (&& (>= net451) (< netstandard1.4) (>= uap10.0)) (>= net461) (&& (>= netstandard2.0) (>= uap10.0)) (&& (< netstandard2.0) (>= uap10.0))
      Microsoft.IdentityModel.Tokens (>= 5.4) - restriction: || (&& (>= net45) (< net451) (< netstandard1.4)) (&& (< net45) (>= netstandard1.4) (< netstandard2.0)) (&& (< net45) (>= netstandard2.0)) (&& (>= net451) (< netstandard1.4)) (>= net461)
      NETStandard.Library (>= 1.6.1) - restriction: && (< net45) (>= netstandard1.4) (< netstandard2.0)
      Newtonsoft.Json (>= 10.0.1) - restriction: || (&& (>= net45) (< net451) (< netstandard1.4)) (&& (< net45) (>= netstandard1.4) (< netstandard2.0)) (&& (< net45) (>= netstandard2.0)) (&& (>= net451) (< netstandard1.4)) (>= net461)
    Microsoft.IdentityModel.Logging (5.4) - restriction: || (&& (>= net45) (< net451) (< netstandard1.4) (>= netstandard2.0)) (&& (>= net45) (< netstandard1.4) (>= uap10.0)) (&& (< net45) (>= netstandard2.0)) (&& (>= net451) (< netstandard1.4) (>= netstandard2.0)) (&& (>= net451) (< netstandard1.4) (>= uap10.0)) (>= net461) (&& (>= netstandard2.0) (>= uap10.0)) (&& (< netstandard2.0) (>= uap10.0))
      NETStandard.Library (>= 1.6.1) - restriction: && (< net45) (>= netstandard1.4) (< netstandard2.0)
      System.Diagnostics.Tracing (>= 4.3) - restriction: || (&& (< net45) (>= netstandard1.4) (< netstandard2.0)) (&& (< net45) (>= netstandard2.0))
      System.Globalization (>= 4.3) - restriction: || (&& (< net45) (>= netstandard1.4) (< netstandard2.0)) (&& (< net45) (>= netstandard2.0))
      System.IO (>= 4.3) - restriction: || (&& (< net45) (>= netstandard1.4) (< netstandard2.0)) (&& (< net45) (>= netstandard2.0))
      System.IO.FileSystem (>= 4.3) - restriction: || (&& (< net45) (>= netstandard1.4) (< netstandard2.0)) (&& (< net45) (>= netstandard2.0))
    Microsoft.IdentityModel.Tokens (5.4) - restriction: || (&& (>= net45) (< net451) (< netstandard1.4) (>= netstandard2.0)) (&& (>= net45) (< netstandard1.4) (>= uap10.0)) (&& (< net45) (>= netstandard2.0)) (&& (>= net451) (< netstandard1.4) (>= netstandard2.0)) (&& (>= net451) (< netstandard1.4) (>= uap10.0)) (>= net461) (&& (>= netstandard2.0) (>= uap10.0)) (&& (< netstandard2.0) (>= uap10.0))
      Microsoft.IdentityModel.Logging (>= 5.4) - restriction: || (&& (>= net45) (< net451) (< netstandard1.4)) (&& (< net45) (>= netstandard1.4) (< netstandard2.0)) (&& (< net45) (>= netstandard2.0)) (&& (>= net451) (< netstandard1.4)) (>= net461)
      NETStandard.Library (>= 1.6.1) - restriction: && (< net45) (>= netstandard1.4) (< netstandard2.0)
      Newtonsoft.Json (>= 10.0.1) - restriction: || (&& (>= net45) (< net451) (< netstandard1.4)) (&& (< net45) (>= netstandard1.4) (< netstandard2.0)) (&& (< net45) (>= netstandard2.0)) (&& (>= net451) (< netstandard1.4)) (>= net461)
      System.Collections (>= 4.3) - restriction: || (&& (< net45) (>= netstandard1.4) (< netstandard2.0)) (&& (< net45) (>= netstandard2.0))
      System.Diagnostics.Tools (>= 4.3) - restriction: || (&& (< net45) (>= netstandard1.4) (< netstandard2.0)) (&& (< net45) (>= netstandard2.0))
      System.Reflection (>= 4.3) - restriction: || (&& (< net45) (>= netstandard1.4) (< netstandard2.0)) (&& (< net45) (>= netstandard2.0))
      System.Runtime (>= 4.3) - restriction: || (&& (< net45) (>= netstandard1.4) (< netstandard2.0)) (&& (< net45) (>= netstandard2.0))
      System.Runtime.Extensions (>= 4.3) - restriction: || (&& (< net45) (>= netstandard1.4) (< netstandard2.0)) (&& (< net45) (>= netstandard2.0))
      System.Runtime.InteropServices (>= 4.3) - restriction: || (&& (< net45) (>= netstandard1.4) (< netstandard2.0)) (&& (< net45) (>= netstandard2.0))
      System.Runtime.InteropServices.RuntimeInformation (>= 4.3) - restriction: || (&& (< net45) (>= netstandard1.4) (< netstandard2.0)) (&& (< net45) (>= netstandard2.0))
      System.Runtime.Serialization.Xml (>= 4.3) - restriction: || (&& (< net45) (>= netstandard1.4) (< netstandard2.0)) (&& (< net45) (>= netstandard2.0))
      System.Security.Claims (>= 4.3) - restriction: || (&& (< net45) (>= netstandard1.4) (< netstandard2.0)) (&& (< net45) (>= netstandard2.0))
      System.Security.Cryptography.Algorithms (>= 4.3) - restriction: || (&& (< net45) (>= netstandard1.4) (< netstandard2.0)) (&& (< net45) (>= netstandard2.0))
      System.Security.Cryptography.X509Certificates (>= 4.3) - restriction: || (&& (< net45) (>= netstandard1.4) (< netstandard2.0)) (&& (< net45) (>= netstandard2.0))
      System.Text.RegularExpressions (>= 4.3) - restriction: || (&& (< net45) (>= netstandard1.4) (< netstandard2.0)) (&& (< net45) (>= netstandard2.0))
      System.Threading (>= 4.3) - restriction: || (&& (< net45) (>= netstandard1.4) (< netstandard2.0)) (&& (< net45) (>= netstandard2.0))
    Microsoft.Net.Http (2.2.29) - restriction: && (< net45) (< netstandard2.0) (>= portable-net45+win8+wp8+wp81+wpa81)
      Microsoft.Bcl (>= 1.1.10)
      Microsoft.Bcl.Build (>= 1.0.14)
    Microsoft.Net.Native.Compiler (2.2.3) - restriction: >= uap10.0
      runtime.win10-arm.Microsoft.Net.Native.Compiler (>= 2.2.3)
      runtime.win10-arm64.Microsoft.Net.Native.Compiler (>= 2.2.3)
      runtime.win10-x64.Microsoft.Net.Native.Compiler (>= 2.2.3)
      runtime.win10-x86.Microsoft.Net.Native.Compiler (>= 2.2.3)
    Microsoft.NET.Test.Sdk (16.0.1)
      Microsoft.CodeCoverage (>= 16.0.1) - restriction: || (>= net45) (>= netcoreapp1.0)
      Microsoft.TestPlatform.TestHost (>= 16.0.1) - restriction: >= netcoreapp1.0
      Newtonsoft.Json (>= 9.0.1) - restriction: >= uap10.0
      System.ComponentModel.Primitives (>= 4.1) - restriction: >= uap10.0
      System.ComponentModel.TypeConverter (>= 4.1) - restriction: >= uap10.0
      System.Runtime.InteropServices.RuntimeInformation (>= 4.0) - restriction: >= uap10.0
    Microsoft.Net.UWPCoreRuntimeSdk (2.2.8) - restriction: >= uap10.1
      runtime.win10-arm.Microsoft.Net.UWPCoreRuntimeSdk (>= 2.2.8) - restriction: >= uap10.1
      runtime.win10-x64.Microsoft.Net.UWPCoreRuntimeSdk (>= 2.2.8) - restriction: >= uap10.1
      runtime.win10-x86.Microsoft.Net.UWPCoreRuntimeSdk (>= 2.2.8) - restriction: >= uap10.1
    Microsoft.NETCore (5.0.2) - restriction: && (>= uap10.0) (< uap10.1)
      Microsoft.CSharp (>= 4.0.1)
      Microsoft.NETCore.Platforms (>= 1.0.1)
      Microsoft.VisualBasic (>= 10.0.1)
      System.AppContext (>= 4.1)
      System.Collections (>= 4.0.11)
      System.Collections.Concurrent (>= 4.0.12)
      System.Collections.Immutable (>= 1.2)
      System.ComponentModel (>= 4.0.1)
      System.ComponentModel.Annotations (>= 4.1)
      System.Diagnostics.Debug (>= 4.0.11)
      System.Diagnostics.Tools (>= 4.0.1)
      System.Diagnostics.Tracing (>= 4.1)
      System.Dynamic.Runtime (>= 4.0.11)
      System.Globalization (>= 4.0.11)
      System.Globalization.Calendars (>= 4.0.1)
      System.Globalization.Extensions (>= 4.0.1)
      System.IO (>= 4.1)
      System.IO.Compression (>= 4.1.1)
      System.IO.Compression.ZipFile (>= 4.0.1)
      System.IO.FileSystem (>= 4.0.1)
      System.IO.FileSystem.Primitives (>= 4.0.1)
      System.IO.UnmanagedMemoryStream (>= 4.0.1)
      System.Linq (>= 4.1)
      System.Linq.Expressions (>= 4.1)
      System.Linq.Parallel (>= 4.0.1)
      System.Linq.Queryable (>= 4.0.1)
      System.Net.Http (>= 4.1)
      System.Net.NetworkInformation (>= 4.1)
      System.Net.Primitives (>= 4.0.11)
      System.Numerics.Vectors (>= 4.1.1)
      System.ObjectModel (>= 4.0.12)
      System.Reflection (>= 4.1)
      System.Reflection.DispatchProxy (>= 4.0.1)
      System.Reflection.Extensions (>= 4.0.1)
      System.Reflection.Metadata (>= 1.3)
      System.Reflection.Primitives (>= 4.0.1)
      System.Reflection.TypeExtensions (>= 4.1)
      System.Resources.ResourceManager (>= 4.0.1)
      System.Runtime (>= 4.1)
      System.Runtime.Extensions (>= 4.1)
      System.Runtime.Handles (>= 4.0.1)
      System.Runtime.InteropServices (>= 4.1)
      System.Runtime.Numerics (>= 4.0.1)
      System.Security.Claims (>= 4.0.1)
      System.Security.Principal (>= 4.0.1)
      System.Text.Encoding (>= 4.0.11)
      System.Text.Encoding.Extensions (>= 4.0.11)
      System.Text.RegularExpressions (>= 4.1)
      System.Threading (>= 4.0.11)
      System.Threading.Tasks (>= 4.0.11)
      System.Threading.Tasks.Dataflow (>= 4.6)
      System.Threading.Tasks.Parallel (>= 4.0.1)
      System.Threading.Timer (>= 4.0.1)
      System.Xml.ReaderWriter (>= 4.0.11)
      System.Xml.XDocument (>= 4.0.11)
    Microsoft.NETCore.Jit (2.0.8) - restriction: && (>= uap10.0) (< uap10.1)
    Microsoft.NETCore.Platforms (2.2) - restriction: || (&& (< monoandroid) (< monotouch) (< net35) (>= netstandard1.5) (< netstandard2.0) (< xamarintvos) (< xamarinwatchos)) (&& (< monoandroid) (< monotouch) (< net45) (>= netstandard1.5) (< win8) (< wpa81) (< xamarinios) (< xamarinmac) (< xamarintvos) (< xamarinwatchos)) (&& (< monoandroid) (< monotouch) (< net45) (>= netstandard1.6) (< netstandard2.0) (< win8) (< wpa81) (< xamarintvos) (< xamarinwatchos)) (&& (< monoandroid) (< monotouch) (< net45) (>= netstandard1.6) (< xamarinios) (< xamarinmac) (< xamarintvos) (< xamarinwatchos)) (&& (< monoandroid) (< monotouch) (< net451) (>= netstandard1.5) (< xamarinios) (< xamarinmac) (< xamarintvos) (< xamarinwatchos)) (&& (< monoandroid) (< net45) (< netstandard1.2) (>= netstandard1.3) (< win8)) (&& (< monoandroid) (< net45) (>= netstandard1.3) (< netstandard1.5) (< win8) (< wpa81)) (&& (< monoandroid) (< net45) (< netstandard1.3) (>= netstandard1.5) (< win8) (< wpa81)) (&& (< monoandroid) (< net45) (< netstandard1.3) (>= netstandard1.6) (< win8) (< wpa81)) (&& (< monoandroid) (< net45) (< netstandard1.6) (>= netstandard2.0) (< win8) (< wpa81)) (&& (< monoandroid) (< net45) (>= netstandard2.0) (< xamarinios) (< xamarinmac)) (&& (< monoandroid) (< net46) (>= netstandard2.0) (< xamarinios) (< xamarinmac)) (&& (< monoandroid) (< netstandard1.3) (>= netstandard2.0)) (&& (< net20) (>= net45) (< netstandard1.3) (>= netstandard1.4)) (&& (< net20) (>= net461) (< netstandard2.0)) (&& (< net20) (< netstandard1.0) (>= netstandard1.4) (< portable-net45+win8)) (&& (< net20) (< netstandard1.0) (>= netstandard1.4) (< win8)) (&& (< net20) (< netstandard1.2) (>= netstandard1.4) (< win8)) (&& (< net20) (< netstandard1.3) (>= netstandard1.4) (< win8) (< wpa81)) (&& (< net20) (>= netstandard1.4) (< netstandard1.5) (< win8) (< wpa81)) (&& (< net20) (>= netstandard1.4) (< portable-net45+win8+wpa81)) (&& (< net20) (>= netstandard1.5) (< netstandard1.6) (< win8) (< wpa81)) (&& (< net20) (>= netstandard1.5) (< portable-net45+win8+wpa81)) (&& (< net20) (>= netstandard1.6) (< netstandard2.0) (< win8) (< wpa81)) (&& (< net20) (>= netstandard1.6) (< portable-net45+win8+wpa81)) (&& (< net20) (>= netstandard2.0)) (&& (< net46) (>= net461)) (&& (>= net461) (< netstandard1.3)) (>= netcoreapp1.0) (&& (< netstandard1.0) (>= netstandard1.4) (>= win8)) (&& (< netstandard1.0) (>= netstandard2.0) (>= win8)) (&& (>= netstandard1.3) (< portable-net45+win8+wp8+wpa81)) (&& (< netstandard1.3) (>= netstandard1.4) (< win8) (>= wpa81)) (&& (< netstandard1.3) (>= netstandard2.0) (< win8) (>= wpa81)) (&& (>= netstandard1.4) (>= wp8)) (&& (>= netstandard1.5) (< portable-net45+win8+wp8+wpa81)) (&& (>= netstandard1.6) (< portable-net45+win8+wp8+wpa81)) (&& (>= netstandard2.0) (< portable-net45+win8+wpa81)) (&& (>= netstandard2.0) (>= wp8)) (>= uap10.0)
    Microsoft.NETCore.Portable.Compatibility (1.0.2) - restriction: && (>= uap10.0) (< uap10.1)
    Microsoft.NETCore.Runtime.CoreCLR (2.0.8) - restriction: && (>= uap10.0) (< uap10.1)
      Microsoft.NETCore.Jit (>= 2.0.8)
    Microsoft.NETCore.Targets (2.1) - restriction: || (&& (< monoandroid) (< monotouch) (< net20) (>= netstandard1.6) (< netstandard2.0) (< win8) (< wpa81) (< xamarintvos) (< xamarinwatchos)) (&& (< monoandroid) (< monotouch) (< net45) (>= netstandard1.5) (< win8) (< wpa81) (< xamarinios) (< xamarinmac) (< xamarintvos) (< xamarinwatchos)) (&& (< monoandroid) (< monotouch) (< net45) (>= netstandard1.6) (< netstandard2.0) (< win8) (< wpa81) (< xamarintvos) (< xamarinwatchos)) (&& (< monoandroid) (< monotouch) (< net451) (>= netstandard1.5) (< xamarinios) (< xamarinmac) (< xamarintvos) (< xamarinwatchos)) (&& (< monoandroid) (< net20) (< netstandard1.2) (>= netstandard1.4) (< win8)) (&& (< monoandroid) (< net20) (< netstandard1.2) (>= netstandard2.0) (< win8)) (&& (< monoandroid) (< net20) (< netstandard1.3) (>= netstandard1.4) (< win8) (< wpa81)) (&& (< monoandroid) (< net20) (< netstandard1.3) (>= netstandard2.0) (< win8) (< wpa81)) (&& (< monoandroid) (< net20) (>= netstandard1.4) (< netstandard1.5) (< win8) (< wpa81)) (&& (< monoandroid) (< net20) (< netstandard1.4) (>= netstandard2.0) (< win8) (< wpa81)) (&& (< monoandroid) (< net20) (>= netstandard1.5) (< netstandard1.6) (< win8) (< wpa81)) (&& (< monoandroid) (< net20) (< netstandard1.5) (>= netstandard2.0) (< win8) (< wpa81)) (&& (< monoandroid) (< net20) (< netstandard1.6) (>= netstandard2.0) (< win8) (< wpa81)) (&& (< monoandroid) (< net45) (< netstandard1.2) (>= netstandard1.3) (< win8)) (&& (< monoandroid) (< net45) (>= netstandard1.3) (< netstandard1.5) (< win8) (< wpa81)) (&& (< monoandroid) (< net45) (< netstandard1.3) (>= netstandard1.5) (< win8) (< wpa81)) (&& (< monoandroid) (< net45) (< netstandard1.3) (>= netstandard1.6) (< win8) (< wpa81)) (&& (< monoandroid) (< net45) (>= netstandard2.0) (< xamarinios) (< xamarinmac)) (&& (< net20) (>= net46) (< netstandard1.4) (>= netstandard2.0)) (&& (< net20) (>= netstandard1.4) (< portable-net45+win8+wpa81)) (&& (< net20) (>= netstandard1.5) (< portable-net45+win8+wpa81)) (&& (< net20) (>= netstandard1.6) (< portable-net45+win8+wpa81)) (&& (< net20) (>= netstandard2.0) (< portable-net45+win8+wpa81)) (>= netcoreapp1.0) (&& (>= netstandard1.3) (< portable-net45+win8+wp8+wpa81)) (&& (>= netstandard1.5) (< portable-net45+win8+wp8+wpa81)) (&& (< netstandard1.5) (>= netstandard2.0) (>= uap10.0)) (&& (< netstandard1.5) (>= uap10.0) (< win8) (< wpa81)) (&& (>= netstandard1.6) (< portable-net45+win8+wp8+wpa81)) (&& (< portable-net45+win8+wpa81) (>= uap10.0)) (&& (>= uap10.0) (< uap10.1))
    Microsoft.NETCore.UniversalWindowsPlatform (6.2.8) - restriction: >= uap10.0
      Microsoft.Net.Native.Compiler (>= 1.7.6) - restriction: < uap10.1
      Microsoft.Net.Native.Compiler (>= 2.2.3) - restriction: >= uap10.1
      Microsoft.Net.UWPCoreRuntimeSdk (>= 2.2.8) - restriction: >= uap10.1
      Microsoft.NETCore (>= 5.0.2) - restriction: < uap10.1
      Microsoft.NETCore.Platforms (>= 2.1) - restriction: >= uap10.1
      Microsoft.NETCore.Portable.Compatibility (>= 1.0.2) - restriction: < uap10.1
      Microsoft.NETCore.Runtime.CoreCLR (>= 1.0.3) - restriction: < uap10.1
      Microsoft.NETCore.Targets (>= 1.0.2) - restriction: < uap10.1
      Microsoft.Win32.Primitives (>= 4.0.1) - restriction: < uap10.1
      NETStandard.Library (>= 2.0.3) - restriction: >= uap10.1
      runtime.win7.System.Private.Uri (>= 4.0.4) - restriction: < uap10.1
      System.Collections.NonGeneric (>= 4.0.1) - restriction: < uap10.1
      System.Collections.Specialized (>= 4.0.1) - restriction: < uap10.1
      System.ComponentModel.EventBasedAsync (>= 4.0.11) - restriction: < uap10.1
      System.Data.Common (>= 4.1) - restriction: < uap10.1
      System.Diagnostics.Contracts (>= 4.0.1) - restriction: < uap10.1
      System.Diagnostics.StackTrace (>= 4.0.2) - restriction: < uap10.1
      System.IO.IsolatedStorage (>= 4.0.1) - restriction: < uap10.1
      System.Net.Http.Rtc (>= 4.0.1) - restriction: < uap10.1
      System.Net.NameResolution (>= 4.0) - restriction: < uap10.1
      System.Net.Requests (>= 4.0.11) - restriction: < uap10.1
      System.Net.Sockets (>= 4.1) - restriction: < uap10.1
      System.Net.WebHeaderCollection (>= 4.0.1) - restriction: < uap10.1
      System.Net.WebSockets (>= 4.0) - restriction: < uap10.1
      System.Net.WebSockets.Client (>= 4.0.2) - restriction: < uap10.1
      System.Numerics.Vectors.WindowsRuntime (>= 4.0.1) - restriction: < uap10.1
      System.Reflection.Context (>= 4.0.1) - restriction: < uap10.1
      System.Runtime.InteropServices.WindowsRuntime (>= 4.0.1) - restriction: < uap10.1
      System.Runtime.Serialization.Json (>= 4.0.3) - restriction: < uap10.1
      System.Runtime.Serialization.Primitives (>= 4.1.1) - restriction: < uap10.1
      System.Runtime.Serialization.Xml (>= 4.1.2) - restriction: < uap10.1
      System.Runtime.WindowsRuntime (>= 4.0.11) - restriction: < uap10.1
      System.Runtime.WindowsRuntime.UI.Xaml (>= 4.0.1) - restriction: < uap10.1
      System.ServiceModel.Duplex (>= 4.0.4) - restriction: < uap10.1
      System.ServiceModel.Http (>= 4.1.3) - restriction: < uap10.1
      System.ServiceModel.NetTcp (>= 4.1.3) - restriction: < uap10.1
      System.ServiceModel.Primitives (>= 4.1.3) - restriction: < uap10.1
      System.ServiceModel.Security (>= 4.0.4) - restriction: < uap10.1
      System.Text.Encoding.CodePages (>= 4.0.1) - restriction: < uap10.1
      System.Threading.Overlapped (>= 4.0.1) - restriction: < uap10.1
      System.Xml.XmlDocument (>= 4.0.1) - restriction: < uap10.1
      System.Xml.XmlSerializer (>= 4.0.11) - restriction: < uap10.1
    Microsoft.Owin (4.0.1)
      Owin (>= 1.0)
    Microsoft.Owin.Diagnostics (4.0.1)
      Microsoft.Owin (>= 4.0.1)
      Owin (>= 1.0)
    Microsoft.Owin.Host.HttpListener (4.0.1)
    Microsoft.Owin.Hosting (4.0.1)
      Microsoft.Owin (>= 4.0.1)
      Owin (>= 1.0)
    Microsoft.TestPlatform.ObjectModel (16.0.1) - restriction: >= netcoreapp1.0
      NETStandard.Library (>= 1.6) - restriction: && (< net451) (>= netstandard1.5)
      System.ComponentModel.EventBasedAsync (>= 4.0.11) - restriction: && (< net451) (>= netstandard1.5)
      System.ComponentModel.TypeConverter (>= 4.1) - restriction: || (&& (< net451) (>= netstandard1.4) (< netstandard1.5)) (&& (< net451) (>= netstandard1.5))
      System.Diagnostics.Process (>= 4.1) - restriction: && (< net451) (>= netstandard1.5)
      System.Diagnostics.TextWriterTraceListener (>= 4.0) - restriction: && (< net451) (>= netstandard1.5)
      System.Diagnostics.TraceSource (>= 4.0) - restriction: && (< net451) (>= netstandard1.5)
      System.Reflection.Metadata (>= 1.3) - restriction: || (>= net451) (>= netstandard1.5)
      System.Reflection.TypeExtensions (>= 4.1) - restriction: && (< net451) (>= netstandard1.5)
      System.Runtime.InteropServices.RuntimeInformation (>= 4.0) - restriction: || (&& (< net451) (>= netstandard1.4) (< netstandard1.5)) (&& (< net451) (>= netstandard1.5))
      System.Runtime.Loader (>= 4.0) - restriction: && (< net451) (>= netstandard1.5)
      System.Runtime.Serialization.Json (>= 4.0.2) - restriction: && (< net451) (>= netstandard1.5)
      System.Runtime.Serialization.Primitives (>= 4.1.1) - restriction: && (< net451) (>= netstandard1.5)
      System.Threading.Thread (>= 4.0) - restriction: && (< net451) (>= netstandard1.5)
      System.Xml.XPath.XmlDocument (>= 4.0.1) - restriction: && (< net451) (>= netstandard1.5)
    Microsoft.TestPlatform.TestHost (16.0.1) - restriction: >= netcoreapp1.0
      Microsoft.Extensions.DependencyModel (>= 1.0.3) - restriction: >= netcoreapp1.0
      Microsoft.TestPlatform.ObjectModel (>= 16.0.1) - restriction: || (>= netcoreapp1.0) (>= uap10.0)
      Newtonsoft.Json (>= 9.0.1) - restriction: || (>= netcoreapp1.0) (>= uap10.0)
    Microsoft.VisualBasic (10.3) - restriction: && (>= uap10.0) (< uap10.1)
    Microsoft.Win32.Primitives (4.3) - restriction: || (&& (< monoandroid) (< monotouch) (< net35) (>= netstandard1.5) (< netstandard2.0) (< xamarintvos) (< xamarinwatchos)) (&& (< monoandroid) (< monotouch) (< net45) (>= netstandard1.5) (< win8) (< wpa81) (< xamarinios) (< xamarinmac) (< xamarintvos) (< xamarinwatchos)) (&& (< monoandroid) (< net452) (< netstandard1.6) (>= netstandard2.0)) (&& (< monoandroid) (< net452) (>= netstandard2.0) (< xamarinios) (< xamarinmac)) (&& (< monoandroid) (< net46) (>= netstandard2.0) (< xamarinios) (< xamarinmac)) (&& (< net20) (>= net46) (< netstandard1.4) (>= netstandard2.0)) (&& (< net20) (>= netstandard1.4) (< netstandard1.5) (< win8) (< wpa81)) (&& (< net20) (< netstandard1.4) (>= netstandard2.0) (< win8) (< wpa81)) (&& (< net20) (>= netstandard1.5) (< netstandard1.6) (< win8) (< wpa81)) (&& (< net20) (< netstandard1.5) (>= netstandard2.0) (< win8) (< wpa81)) (&& (< net20) (>= netstandard1.6) (< netstandard2.0) (< win8) (< wpa81)) (&& (< net20) (< netstandard1.6) (>= netstandard2.0) (< win8) (< wpa81)) (&& (< net46) (>= net461)) (>= netcoreapp1.0) (&& (>= netstandard1.5) (< portable-net45+win8+wp8+wpa81)) (>= uap10.0)
      Microsoft.NETCore.Platforms (>= 1.1) - restriction: && (< monoandroid) (< monotouch) (< net46) (>= netstandard1.3) (< xamarinios) (< xamarinmac) (< xamarintvos) (< xamarinwatchos)
      Microsoft.NETCore.Targets (>= 1.1) - restriction: && (< monoandroid) (< monotouch) (< net46) (>= netstandard1.3) (< xamarinios) (< xamarinmac) (< xamarintvos) (< xamarinwatchos)
      System.Runtime (>= 4.3) - restriction: && (< monoandroid) (< monotouch) (< net46) (>= netstandard1.3) (< xamarinios) (< xamarinmac) (< xamarintvos) (< xamarinwatchos)
    Microsoft.Win32.Registry (4.5) - restriction: >= netcoreapp1.0
      NETStandard.Library (>= 1.6.1) - restriction: && (< monoandroid) (< monotouch) (< net46) (>= netstandard1.3) (< netstandard2.0) (< uap10.1) (< xamarintvos) (< xamarinwatchos)
      System.Memory (>= 4.5) - restriction: || (&& (< net46) (< netcoreapp2.0) (>= netstandard2.0) (< xamarinios)) (&& (>= netcoreapp2.0) (< netcoreapp2.1)) (>= uap10.1)
      System.Security.AccessControl (>= 4.5) - restriction: || (&& (>= monoandroid) (< netstandard2.0)) (>= monotouch) (&& (< net46) (>= netstandard2.0)) (>= net461) (>= netcoreapp2.0) (>= xamarinios) (>= xamarinmac) (>= xamarintvos) (>= xamarinwatchos)
      System.Security.Principal.Windows (>= 4.5) - restriction: || (&& (>= monoandroid) (< netstandard2.0)) (>= monotouch) (&& (< net46) (>= netstandard2.0)) (>= net461) (>= netcoreapp2.0) (>= xamarinios) (>= xamarinmac) (>= xamarintvos) (>= xamarinwatchos)
    NETStandard.Library (2.0.3) - restriction: || (&& (< monoandroid) (< monotouch) (< net45) (>= netstandard1.0) (< netstandard2.0) (< win8) (< wp8) (< wpa81) (< xamarintvos) (< xamarinwatchos)) (&& (< monoandroid4.4) (< net35) (>= netstandard1.3)) (&& (< monoandroid8.1) (< net45) (>= netstandard2.0) (< xamarinios)) (&& (< net20) (>= netstandard1.0) (< netstandard1.3)) (&& (< net20) (>= netstandard1.3) (< netstandard2.0)) (&& (< net20) (>= netstandard1.4) (< netstandard2.0)) (&& (< net20) (>= netstandard2.0)) (&& (< net35) (>= net451) (>= netstandard1.3)) (&& (< net45) (>= net46) (< netstandard2.0)) (&& (< net45) (>= net461)) (&& (< net45) (>= netstandard1.0) (< netstandard1.3) (< win8) (< wp8) (< wpa81)) (&& (< net45) (>= netstandard1.3)) (&& (< net45) (< netstandard1.3) (>= netstandard2.0)) (&& (< net452) (>= net461)) (&& (< net452) (>= netstandard2.0)) (&& (>= netcoreapp1.0) (< netstandard2.0)) (>= netstandard1.5) (>= uap10.0)
      Microsoft.NETCore.Platforms (>= 1.1) - restriction: || (&& (>= net45) (< netstandard1.3)) (&& (< net45) (>= netstandard1.1) (< netstandard1.2) (< win8)) (&& (< net45) (>= netstandard1.2) (< netstandard1.3) (< win8) (< wpa81)) (&& (< net45) (>= netstandard1.3) (< netstandard1.4) (< win8) (< wpa81)) (&& (< net45) (>= netstandard1.4) (< netstandard1.5) (< win8) (< wpa81)) (&& (< net45) (>= netstandard1.5) (< netstandard1.6) (< win8) (< wpa81)) (&& (< net45) (>= netstandard1.6) (< netstandard2.0) (< win8) (< wpa81)) (&& (< net45) (>= netstandard2.0)) (&& (>= net46) (< netstandard1.4)) (>= net461) (>= netcoreapp2.0) (&& (>= netstandard1.0) (< portable-net45+win8+wpa81)) (&& (< netstandard1.0) (>= portable-net45+win8) (< win8)) (&& (< netstandard1.0) (< portable-net45+win8) (>= portable-net45+win8+wpa81)) (&& (< netstandard1.0) (>= portable-net45+win8+wp8+wpa81) (< portable-net45+win8+wpa81)) (&& (< netstandard1.0) (>= win8)) (&& (< netstandard1.3) (< win8) (>= wpa81)) (&& (< netstandard1.5) (>= uap10.0)) (>= uap10.1) (>= wp8)
      Microsoft.Win32.Primitives (>= 4.3) - restriction: || (&& (< net45) (>= netstandard1.3) (< netstandard1.4) (< win8) (< wpa81)) (&& (< net45) (>= netstandard1.4) (< netstandard1.5) (< win8) (< wpa81)) (&& (< net45) (>= netstandard1.5) (< netstandard1.6) (< win8) (< wpa81)) (&& (< net45) (>= netstandard1.6) (< netstandard2.0) (< win8) (< wpa81)) (&& (>= net46) (< netstandard1.4)) (&& (< netstandard1.5) (>= uap10.0) (< uap10.1))
      System.AppContext (>= 4.3) - restriction: || (&& (< net45) (>= netstandard1.3) (< netstandard1.4) (< win8) (< wpa81)) (&& (< net45) (>= netstandard1.4) (< netstandard1.5) (< win8) (< wpa81)) (&& (< net45) (>= netstandard1.5) (< netstandard1.6) (< win8) (< wpa81)) (&& (< net45) (>= netstandard1.6) (< netstandard2.0) (< win8) (< wpa81)) (&& (>= net46) (< netstandard1.4)) (&& (< netstandard1.5) (>= uap10.0) (< uap10.1))
      System.Collections (>= 4.3) - restriction: || (&& (< net45) (>= netstandard1.1) (< netstandard1.2) (< win8)) (&& (< net45) (>= netstandard1.2) (< netstandard1.3) (< win8) (< wpa81)) (&& (< net45) (>= netstandard1.3) (< netstandard1.4) (< win8) (< wpa81)) (&& (< net45) (>= netstandard1.4) (< netstandard1.5) (< win8) (< wpa81)) (&& (< net45) (>= netstandard1.5) (< netstandard1.6) (< win8) (< wpa81)) (&& (< net45) (>= netstandard1.6) (< netstandard2.0) (< win8) (< wpa81)) (&& (>= netstandard1.0) (< portable-net45+win8+wpa81) (< wp8)) (&& (< netstandard1.5) (>= uap10.0) (< uap10.1))
      System.Collections.Concurrent (>= 4.3) - restriction: || (&& (< net45) (>= netstandard1.1) (< netstandard1.2) (< win8)) (&& (< net45) (>= netstandard1.2) (< netstandard1.3) (< win8) (< wpa81)) (&& (< net45) (>= netstandard1.3) (< netstandard1.4) (< win8) (< wpa81)) (&& (< net45) (>= netstandard1.4) (< netstandard1.5) (< win8) (< wpa81)) (&& (< net45) (>= netstandard1.5) (< netstandard1.6) (< win8) (< wpa81)) (&& (< net45) (>= netstandard1.6) (< netstandard2.0) (< win8) (< wpa81)) (&& (< netstandard1.5) (>= uap10.0) (< uap10.1))
      System.Console (>= 4.3) - restriction: || (&& (< net45) (>= netstandard1.3) (< netstandard1.4) (< win8) (< wpa81)) (&& (< net45) (>= netstandard1.4) (< netstandard1.5) (< win8) (< wpa81)) (&& (< net45) (>= netstandard1.5) (< netstandard1.6) (< win8) (< wpa81)) (&& (< net45) (>= netstandard1.6) (< netstandard2.0) (< win8) (< wpa81)) (&& (>= net46) (< netstandard1.4)) (&& (< netstandard1.5) (>= uap10.0) (< uap10.1))
      System.Diagnostics.Debug (>= 4.3) - restriction: || (&& (< net45) (>= netstandard1.1) (< netstandard1.2) (< win8)) (&& (< net45) (>= netstandard1.2) (< netstandard1.3) (< win8) (< wpa81)) (&& (< net45) (>= netstandard1.3) (< netstandard1.4) (< win8) (< wpa81)) (&& (< net45) (>= netstandard1.4) (< netstandard1.5) (< win8) (< wpa81)) (&& (< net45) (>= netstandard1.5) (< netstandard1.6) (< win8) (< wpa81)) (&& (< net45) (>= netstandard1.6) (< netstandard2.0) (< win8) (< wpa81)) (&& (>= netstandard1.0) (< portable-net45+win8+wpa81) (< wp8)) (&& (< netstandard1.5) (>= uap10.0) (< uap10.1))
      System.Diagnostics.Tools (>= 4.3) - restriction: || (&& (< net45) (>= netstandard1.1) (< netstandard1.2) (< win8)) (&& (< net45) (>= netstandard1.2) (< netstandard1.3) (< win8) (< wpa81)) (&& (< net45) (>= netstandard1.3) (< netstandard1.4) (< win8) (< wpa81)) (&& (< net45) (>= netstandard1.4) (< netstandard1.5) (< win8) (< wpa81)) (&& (< net45) (>= netstandard1.5) (< netstandard1.6) (< win8) (< wpa81)) (&& (< net45) (>= netstandard1.6) (< netstandard2.0) (< win8) (< wpa81)) (&& (>= netstandard1.0) (< portable-net45+win8+wpa81) (< wp8)) (&& (< netstandard1.5) (>= uap10.0) (< uap10.1))
      System.Diagnostics.Tracing (>= 4.3) - restriction: || (&& (< net45) (>= netstandard1.1) (< netstandard1.2) (< win8)) (&& (< net45) (>= netstandard1.2) (< netstandard1.3) (< win8) (< wpa81)) (&& (< net45) (>= netstandard1.3) (< netstandard1.4) (< win8) (< wpa81)) (&& (< net45) (>= netstandard1.4) (< netstandard1.5) (< win8) (< wpa81)) (&& (< net45) (>= netstandard1.5) (< netstandard1.6) (< win8) (< wpa81)) (&& (< net45) (>= netstandard1.6) (< netstandard2.0) (< win8) (< wpa81)) (&& (< netstandard1.5) (>= uap10.0) (< uap10.1))
      System.Globalization (>= 4.3) - restriction: || (&& (< net45) (>= netstandard1.1) (< netstandard1.2) (< win8)) (&& (< net45) (>= netstandard1.2) (< netstandard1.3) (< win8) (< wpa81)) (&& (< net45) (>= netstandard1.3) (< netstandard1.4) (< win8) (< wpa81)) (&& (< net45) (>= netstandard1.4) (< netstandard1.5) (< win8) (< wpa81)) (&& (< net45) (>= netstandard1.5) (< netstandard1.6) (< win8) (< wpa81)) (&& (< net45) (>= netstandard1.6) (< netstandard2.0) (< win8) (< wpa81)) (&& (>= netstandard1.0) (< portable-net45+win8+wpa81) (< wp8)) (&& (< netstandard1.5) (>= uap10.0) (< uap10.1))
      System.Globalization.Calendars (>= 4.3) - restriction: || (&& (< net45) (>= netstandard1.3) (< netstandard1.4) (< win8) (< wpa81)) (&& (< net45) (>= netstandard1.4) (< netstandard1.5) (< win8) (< wpa81)) (&& (< net45) (>= netstandard1.5) (< netstandard1.6) (< win8) (< wpa81)) (&& (< net45) (>= netstandard1.6) (< netstandard2.0) (< win8) (< wpa81)) (&& (>= net46) (< netstandard1.4)) (&& (< netstandard1.5) (>= uap10.0) (< uap10.1))
      System.IO (>= 4.3) - restriction: || (&& (< net45) (>= netstandard1.1) (< netstandard1.2) (< win8)) (&& (< net45) (>= netstandard1.2) (< netstandard1.3) (< win8) (< wpa81)) (&& (< net45) (>= netstandard1.3) (< netstandard1.4) (< win8) (< wpa81)) (&& (< net45) (>= netstandard1.4) (< netstandard1.5) (< win8) (< wpa81)) (&& (< net45) (>= netstandard1.5) (< netstandard1.6) (< win8) (< wpa81)) (&& (< net45) (>= netstandard1.6) (< netstandard2.0) (< win8) (< wpa81)) (&& (>= netstandard1.0) (< portable-net45+win8+wpa81) (< wp8)) (&& (< netstandard1.5) (>= uap10.0) (< uap10.1))
      System.IO.Compression (>= 4.3) - restriction: || (&& (< net45) (>= netstandard1.1) (< netstandard1.2) (< win8)) (&& (< net45) (>= netstandard1.2) (< netstandard1.3) (< win8) (< wpa81)) (&& (< net45) (>= netstandard1.3) (< netstandard1.4) (< win8) (< wpa81)) (&& (< net45) (>= netstandard1.4) (< netstandard1.5) (< win8) (< wpa81)) (&& (< net45) (>= netstandard1.5) (< netstandard1.6) (< win8) (< wpa81)) (&& (< net45) (>= netstandard1.6) (< netstandard2.0) (< win8) (< wpa81)) (&& (>= net46) (< netstandard1.4)) (&& (< netstandard1.5) (>= uap10.0) (< uap10.1))
      System.IO.Compression.ZipFile (>= 4.3) - restriction: || (&& (< net45) (>= netstandard1.3) (< netstandard1.4) (< win8) (< wpa81)) (&& (< net45) (>= netstandard1.4) (< netstandard1.5) (< win8) (< wpa81)) (&& (< net45) (>= netstandard1.5) (< netstandard1.6) (< win8) (< wpa81)) (&& (< net45) (>= netstandard1.6) (< netstandard2.0) (< win8) (< wpa81)) (&& (>= net46) (< netstandard1.4)) (&& (< netstandard1.5) (>= uap10.0) (< uap10.1))
      System.IO.FileSystem (>= 4.3) - restriction: || (&& (< net45) (>= netstandard1.3) (< netstandard1.4) (< win8) (< wpa81)) (&& (< net45) (>= netstandard1.4) (< netstandard1.5) (< win8) (< wpa81)) (&& (< net45) (>= netstandard1.5) (< netstandard1.6) (< win8) (< wpa81)) (&& (< net45) (>= netstandard1.6) (< netstandard2.0) (< win8) (< wpa81)) (&& (>= net46) (< netstandard1.4)) (&& (< netstandard1.5) (>= uap10.0) (< uap10.1))
      System.IO.FileSystem.Primitives (>= 4.3) - restriction: || (&& (< net45) (>= netstandard1.3) (< netstandard1.4) (< win8) (< wpa81)) (&& (< net45) (>= netstandard1.4) (< netstandard1.5) (< win8) (< wpa81)) (&& (< net45) (>= netstandard1.5) (< netstandard1.6) (< win8) (< wpa81)) (&& (< net45) (>= netstandard1.6) (< netstandard2.0) (< win8) (< wpa81)) (&& (>= net46) (< netstandard1.4)) (&& (< netstandard1.5) (>= uap10.0) (< uap10.1))
      System.Linq (>= 4.3) - restriction: || (&& (< net45) (>= netstandard1.1) (< netstandard1.2) (< win8)) (&& (< net45) (>= netstandard1.2) (< netstandard1.3) (< win8) (< wpa81)) (&& (< net45) (>= netstandard1.3) (< netstandard1.4) (< win8) (< wpa81)) (&& (< net45) (>= netstandard1.4) (< netstandard1.5) (< win8) (< wpa81)) (&& (< net45) (>= netstandard1.5) (< netstandard1.6) (< win8) (< wpa81)) (&& (< net45) (>= netstandard1.6) (< netstandard2.0) (< win8) (< wpa81)) (&& (>= netstandard1.0) (< portable-net45+win8+wpa81) (< wp8)) (&& (< netstandard1.5) (>= uap10.0) (< uap10.1))
      System.Linq.Expressions (>= 4.3) - restriction: || (&& (< net45) (>= netstandard1.1) (< netstandard1.2) (< win8)) (&& (< net45) (>= netstandard1.2) (< netstandard1.3) (< win8) (< wpa81)) (&& (< net45) (>= netstandard1.3) (< netstandard1.4) (< win8) (< wpa81)) (&& (< net45) (>= netstandard1.4) (< netstandard1.5) (< win8) (< wpa81)) (&& (< net45) (>= netstandard1.5) (< netstandard1.6) (< win8) (< wpa81)) (&& (< net45) (>= netstandard1.6) (< netstandard2.0) (< win8) (< wpa81)) (&& (>= netstandard1.0) (< portable-net45+win8+wpa81) (< wp8)) (&& (< netstandard1.5) (>= uap10.0) (< uap10.1))
      System.Net.Http (>= 4.3.2) - restriction: || (&& (< net45) (>= netstandard1.1) (< netstandard1.2) (< win8)) (&& (< net45) (>= netstandard1.2) (< netstandard1.3) (< win8) (< wpa81)) (&& (< net45) (>= netstandard1.3) (< netstandard1.4) (< win8) (< wpa81)) (&& (< net45) (>= netstandard1.4) (< netstandard1.5) (< win8) (< wpa81)) (&& (< net45) (>= netstandard1.5) (< netstandard1.6) (< win8) (< wpa81)) (&& (< net45) (>= netstandard1.6) (< netstandard2.0) (< win8) (< wpa81)) (&& (>= net46) (< netstandard1.4)) (&& (< netstandard1.5) (>= uap10.0) (< uap10.1))
      System.Net.Primitives (>= 4.3) - restriction: || (&& (< net45) (>= netstandard1.1) (< netstandard1.2) (< win8)) (&& (< net45) (>= netstandard1.2) (< netstandard1.3) (< win8) (< wpa81)) (&& (< net45) (>= netstandard1.3) (< netstandard1.4) (< win8) (< wpa81)) (&& (< net45) (>= netstandard1.4) (< netstandard1.5) (< win8) (< wpa81)) (&& (< net45) (>= netstandard1.5) (< netstandard1.6) (< win8) (< wpa81)) (&& (< net45) (>= netstandard1.6) (< netstandard2.0) (< win8) (< wpa81)) (&& (>= netstandard1.0) (< portable-net45+win8+wpa81) (< wp8)) (&& (< netstandard1.5) (>= uap10.0) (< uap10.1))
      System.Net.Sockets (>= 4.3) - restriction: || (&& (< net45) (>= netstandard1.3) (< netstandard1.4) (< win8) (< wpa81)) (&& (< net45) (>= netstandard1.4) (< netstandard1.5) (< win8) (< wpa81)) (&& (< net45) (>= netstandard1.5) (< netstandard1.6) (< win8) (< wpa81)) (&& (< net45) (>= netstandard1.6) (< netstandard2.0) (< win8) (< wpa81)) (&& (>= net46) (< netstandard1.4)) (&& (< netstandard1.5) (>= uap10.0) (< uap10.1))
      System.ObjectModel (>= 4.3) - restriction: || (&& (< net45) (>= netstandard1.1) (< netstandard1.2) (< win8)) (&& (< net45) (>= netstandard1.2) (< netstandard1.3) (< win8) (< wpa81)) (&& (< net45) (>= netstandard1.3) (< netstandard1.4) (< win8) (< wpa81)) (&& (< net45) (>= netstandard1.4) (< netstandard1.5) (< win8) (< wpa81)) (&& (< net45) (>= netstandard1.5) (< netstandard1.6) (< win8) (< wpa81)) (&& (< net45) (>= netstandard1.6) (< netstandard2.0) (< win8) (< wpa81)) (&& (>= netstandard1.0) (< portable-net45+win8+wpa81) (< wp8)) (&& (< netstandard1.5) (>= uap10.0) (< uap10.1))
      System.Reflection (>= 4.3) - restriction: || (&& (< net45) (>= netstandard1.1) (< netstandard1.2) (< win8)) (&& (< net45) (>= netstandard1.2) (< netstandard1.3) (< win8) (< wpa81)) (&& (< net45) (>= netstandard1.3) (< netstandard1.4) (< win8) (< wpa81)) (&& (< net45) (>= netstandard1.4) (< netstandard1.5) (< win8) (< wpa81)) (&& (< net45) (>= netstandard1.5) (< netstandard1.6) (< win8) (< wpa81)) (&& (< net45) (>= netstandard1.6) (< netstandard2.0) (< win8) (< wpa81)) (&& (>= netstandard1.0) (< portable-net45+win8+wpa81) (< wp8)) (&& (< netstandard1.5) (>= uap10.0) (< uap10.1))
      System.Reflection.Extensions (>= 4.3) - restriction: || (&& (< net45) (>= netstandard1.1) (< netstandard1.2) (< win8)) (&& (< net45) (>= netstandard1.2) (< netstandard1.3) (< win8) (< wpa81)) (&& (< net45) (>= netstandard1.3) (< netstandard1.4) (< win8) (< wpa81)) (&& (< net45) (>= netstandard1.4) (< netstandard1.5) (< win8) (< wpa81)) (&& (< net45) (>= netstandard1.5) (< netstandard1.6) (< win8) (< wpa81)) (&& (< net45) (>= netstandard1.6) (< netstandard2.0) (< win8) (< wpa81)) (&& (>= netstandard1.0) (< portable-net45+win8+wpa81) (< wp8)) (&& (< netstandard1.5) (>= uap10.0) (< uap10.1))
      System.Reflection.Primitives (>= 4.3) - restriction: || (&& (< net45) (>= netstandard1.1) (< netstandard1.2) (< win8)) (&& (< net45) (>= netstandard1.2) (< netstandard1.3) (< win8) (< wpa81)) (&& (< net45) (>= netstandard1.3) (< netstandard1.4) (< win8) (< wpa81)) (&& (< net45) (>= netstandard1.4) (< netstandard1.5) (< win8) (< wpa81)) (&& (< net45) (>= netstandard1.5) (< netstandard1.6) (< win8) (< wpa81)) (&& (< net45) (>= netstandard1.6) (< netstandard2.0) (< win8) (< wpa81)) (&& (>= netstandard1.0) (< portable-net45+win8+wpa81) (< wp8)) (&& (< netstandard1.5) (>= uap10.0) (< uap10.1))
      System.Resources.ResourceManager (>= 4.3) - restriction: || (&& (< net45) (>= netstandard1.1) (< netstandard1.2) (< win8)) (&& (< net45) (>= netstandard1.2) (< netstandard1.3) (< win8) (< wpa81)) (&& (< net45) (>= netstandard1.3) (< netstandard1.4) (< win8) (< wpa81)) (&& (< net45) (>= netstandard1.4) (< netstandard1.5) (< win8) (< wpa81)) (&& (< net45) (>= netstandard1.5) (< netstandard1.6) (< win8) (< wpa81)) (&& (< net45) (>= netstandard1.6) (< netstandard2.0) (< win8) (< wpa81)) (&& (>= netstandard1.0) (< portable-net45+win8+wpa81) (< wp8)) (&& (< netstandard1.5) (>= uap10.0) (< uap10.1))
      System.Runtime (>= 4.3) - restriction: || (&& (< net45) (>= netstandard1.1) (< netstandard1.2) (< win8)) (&& (< net45) (>= netstandard1.2) (< netstandard1.3) (< win8) (< wpa81)) (&& (< net45) (>= netstandard1.3) (< netstandard1.4) (< win8) (< wpa81)) (&& (< net45) (>= netstandard1.4) (< netstandard1.5) (< win8) (< wpa81)) (&& (< net45) (>= netstandard1.5) (< netstandard1.6) (< win8) (< wpa81)) (&& (< net45) (>= netstandard1.6) (< netstandard2.0) (< win8) (< wpa81)) (&& (>= netstandard1.0) (< portable-net45+win8+wpa81) (< wp8)) (&& (< netstandard1.5) (>= uap10.0) (< uap10.1))
      System.Runtime.Extensions (>= 4.3) - restriction: || (&& (< net45) (>= netstandard1.1) (< netstandard1.2) (< win8)) (&& (< net45) (>= netstandard1.2) (< netstandard1.3) (< win8) (< wpa81)) (&& (< net45) (>= netstandard1.3) (< netstandard1.4) (< win8) (< wpa81)) (&& (< net45) (>= netstandard1.4) (< netstandard1.5) (< win8) (< wpa81)) (&& (< net45) (>= netstandard1.5) (< netstandard1.6) (< win8) (< wpa81)) (&& (< net45) (>= netstandard1.6) (< netstandard2.0) (< win8) (< wpa81)) (&& (>= netstandard1.0) (< portable-net45+win8+wpa81) (< wp8)) (&& (< netstandard1.5) (>= uap10.0) (< uap10.1))
      System.Runtime.Handles (>= 4.3) - restriction: || (&& (< net45) (>= netstandard1.3) (< netstandard1.4) (< win8) (< wpa81)) (&& (< net45) (>= netstandard1.4) (< netstandard1.5) (< win8) (< wpa81)) (&& (< net45) (>= netstandard1.5) (< netstandard1.6) (< win8) (< wpa81)) (&& (< net45) (>= netstandard1.6) (< netstandard2.0) (< win8) (< wpa81)) (&& (< netstandard1.5) (>= uap10.0) (< uap10.1))
      System.Runtime.InteropServices (>= 4.3) - restriction: || (&& (< net45) (>= netstandard1.1) (< netstandard1.2) (< win8)) (&& (< net45) (>= netstandard1.2) (< netstandard1.3) (< win8) (< wpa81)) (&& (< net45) (>= netstandard1.3) (< netstandard1.4) (< win8) (< wpa81)) (&& (< net45) (>= netstandard1.4) (< netstandard1.5) (< win8) (< wpa81)) (&& (< net45) (>= netstandard1.5) (< netstandard1.6) (< win8) (< wpa81)) (&& (< net45) (>= netstandard1.6) (< netstandard2.0) (< win8) (< wpa81)) (&& (< netstandard1.5) (>= uap10.0) (< uap10.1))
      System.Runtime.InteropServices.RuntimeInformation (>= 4.3) - restriction: || (&& (>= net45) (< netstandard1.3)) (&& (< net45) (>= netstandard1.1) (< netstandard1.2) (< win8)) (&& (< net45) (>= netstandard1.2) (< netstandard1.3) (< win8) (< wpa81)) (&& (< net45) (>= netstandard1.3) (< netstandard1.4) (< win8) (< wpa81)) (&& (< net45) (>= netstandard1.4) (< netstandard1.5) (< win8) (< wpa81)) (&& (< net45) (>= netstandard1.5) (< netstandard1.6) (< win8) (< wpa81)) (&& (< net45) (>= netstandard1.6) (< netstandard2.0) (< win8) (< wpa81)) (&& (>= net46) (< netstandard1.4)) (&& (< netstandard1.0) (>= portable-net45+win8) (< win8)) (&& (< netstandard1.0) (< portable-net45+win8) (>= portable-net45+win8+wpa81)) (&& (< netstandard1.0) (>= win8)) (&& (< netstandard1.3) (< win8) (>= wpa81)) (&& (< netstandard1.5) (>= uap10.0) (< uap10.1))
      System.Runtime.Numerics (>= 4.3) - restriction: || (&& (< net45) (>= netstandard1.1) (< netstandard1.2) (< win8)) (&& (< net45) (>= netstandard1.2) (< netstandard1.3) (< win8) (< wpa81)) (&& (< net45) (>= netstandard1.3) (< netstandard1.4) (< win8) (< wpa81)) (&& (< net45) (>= netstandard1.4) (< netstandard1.5) (< win8) (< wpa81)) (&& (< net45) (>= netstandard1.5) (< netstandard1.6) (< win8) (< wpa81)) (&& (< net45) (>= netstandard1.6) (< netstandard2.0) (< win8) (< wpa81)) (&& (< netstandard1.5) (>= uap10.0) (< uap10.1))
      System.Security.Cryptography.Algorithms (>= 4.3) - restriction: || (&& (< net45) (>= netstandard1.3) (< netstandard1.4) (< win8) (< wpa81)) (&& (< net45) (>= netstandard1.4) (< netstandard1.5) (< win8) (< wpa81)) (&& (< net45) (>= netstandard1.5) (< netstandard1.6) (< win8) (< wpa81)) (&& (< net45) (>= netstandard1.6) (< netstandard2.0) (< win8) (< wpa81)) (&& (>= net46) (< netstandard1.4)) (&& (< netstandard1.5) (>= uap10.0) (< uap10.1))
      System.Security.Cryptography.Encoding (>= 4.3) - restriction: || (&& (< net45) (>= netstandard1.3) (< netstandard1.4) (< win8) (< wpa81)) (&& (< net45) (>= netstandard1.4) (< netstandard1.5) (< win8) (< wpa81)) (&& (< net45) (>= netstandard1.5) (< netstandard1.6) (< win8) (< wpa81)) (&& (< net45) (>= netstandard1.6) (< netstandard2.0) (< win8) (< wpa81)) (&& (>= net46) (< netstandard1.4)) (&& (< netstandard1.5) (>= uap10.0) (< uap10.1))
      System.Security.Cryptography.Primitives (>= 4.3) - restriction: || (&& (< net45) (>= netstandard1.3) (< netstandard1.4) (< win8) (< wpa81)) (&& (< net45) (>= netstandard1.4) (< netstandard1.5) (< win8) (< wpa81)) (&& (< net45) (>= netstandard1.5) (< netstandard1.6) (< win8) (< wpa81)) (&& (< net45) (>= netstandard1.6) (< netstandard2.0) (< win8) (< wpa81)) (&& (>= net46) (< netstandard1.4)) (&& (< netstandard1.5) (>= uap10.0) (< uap10.1))
      System.Security.Cryptography.X509Certificates (>= 4.3) - restriction: || (&& (< net45) (>= netstandard1.3) (< netstandard1.4) (< win8) (< wpa81)) (&& (< net45) (>= netstandard1.4) (< netstandard1.5) (< win8) (< wpa81)) (&& (< net45) (>= netstandard1.5) (< netstandard1.6) (< win8) (< wpa81)) (&& (< net45) (>= netstandard1.6) (< netstandard2.0) (< win8) (< wpa81)) (&& (>= net46) (< netstandard1.4)) (&& (< netstandard1.5) (>= uap10.0) (< uap10.1))
      System.Text.Encoding (>= 4.3) - restriction: || (&& (< net45) (>= netstandard1.1) (< netstandard1.2) (< win8)) (&& (< net45) (>= netstandard1.2) (< netstandard1.3) (< win8) (< wpa81)) (&& (< net45) (>= netstandard1.3) (< netstandard1.4) (< win8) (< wpa81)) (&& (< net45) (>= netstandard1.4) (< netstandard1.5) (< win8) (< wpa81)) (&& (< net45) (>= netstandard1.5) (< netstandard1.6) (< win8) (< wpa81)) (&& (< net45) (>= netstandard1.6) (< netstandard2.0) (< win8) (< wpa81)) (&& (>= netstandard1.0) (< portable-net45+win8+wpa81) (< wp8)) (&& (< netstandard1.5) (>= uap10.0) (< uap10.1))
      System.Text.Encoding.Extensions (>= 4.3) - restriction: || (&& (< net45) (>= netstandard1.1) (< netstandard1.2) (< win8)) (&& (< net45) (>= netstandard1.2) (< netstandard1.3) (< win8) (< wpa81)) (&& (< net45) (>= netstandard1.3) (< netstandard1.4) (< win8) (< wpa81)) (&& (< net45) (>= netstandard1.4) (< netstandard1.5) (< win8) (< wpa81)) (&& (< net45) (>= netstandard1.5) (< netstandard1.6) (< win8) (< wpa81)) (&& (< net45) (>= netstandard1.6) (< netstandard2.0) (< win8) (< wpa81)) (&& (>= netstandard1.0) (< portable-net45+win8+wpa81) (< wp8)) (&& (< netstandard1.5) (>= uap10.0) (< uap10.1))
      System.Text.RegularExpressions (>= 4.3) - restriction: || (&& (< net45) (>= netstandard1.1) (< netstandard1.2) (< win8)) (&& (< net45) (>= netstandard1.2) (< netstandard1.3) (< win8) (< wpa81)) (&& (< net45) (>= netstandard1.3) (< netstandard1.4) (< win8) (< wpa81)) (&& (< net45) (>= netstandard1.4) (< netstandard1.5) (< win8) (< wpa81)) (&& (< net45) (>= netstandard1.5) (< netstandard1.6) (< win8) (< wpa81)) (&& (< net45) (>= netstandard1.6) (< netstandard2.0) (< win8) (< wpa81)) (&& (>= netstandard1.0) (< portable-net45+win8+wpa81) (< wp8)) (&& (< netstandard1.5) (>= uap10.0) (< uap10.1))
      System.Threading (>= 4.3) - restriction: || (&& (< net45) (>= netstandard1.1) (< netstandard1.2) (< win8)) (&& (< net45) (>= netstandard1.2) (< netstandard1.3) (< win8) (< wpa81)) (&& (< net45) (>= netstandard1.3) (< netstandard1.4) (< win8) (< wpa81)) (&& (< net45) (>= netstandard1.4) (< netstandard1.5) (< win8) (< wpa81)) (&& (< net45) (>= netstandard1.5) (< netstandard1.6) (< win8) (< wpa81)) (&& (< net45) (>= netstandard1.6) (< netstandard2.0) (< win8) (< wpa81)) (&& (>= netstandard1.0) (< portable-net45+win8+wpa81) (< wp8)) (&& (< netstandard1.5) (>= uap10.0) (< uap10.1))
      System.Threading.Tasks (>= 4.3) - restriction: || (&& (< net45) (>= netstandard1.1) (< netstandard1.2) (< win8)) (&& (< net45) (>= netstandard1.2) (< netstandard1.3) (< win8) (< wpa81)) (&& (< net45) (>= netstandard1.3) (< netstandard1.4) (< win8) (< wpa81)) (&& (< net45) (>= netstandard1.4) (< netstandard1.5) (< win8) (< wpa81)) (&& (< net45) (>= netstandard1.5) (< netstandard1.6) (< win8) (< wpa81)) (&& (< net45) (>= netstandard1.6) (< netstandard2.0) (< win8) (< wpa81)) (&& (>= netstandard1.0) (< portable-net45+win8+wpa81) (< wp8)) (&& (< netstandard1.5) (>= uap10.0) (< uap10.1))
      System.Threading.Timer (>= 4.3) - restriction: || (&& (< net45) (>= netstandard1.2) (< netstandard1.3) (< win8) (< wpa81)) (&& (< net45) (>= netstandard1.3) (< netstandard1.4) (< win8) (< wpa81)) (&& (< net45) (>= netstandard1.4) (< netstandard1.5) (< win8) (< wpa81)) (&& (< net45) (>= netstandard1.5) (< netstandard1.6) (< win8) (< wpa81)) (&& (< net45) (>= netstandard1.6) (< netstandard2.0) (< win8) (< wpa81)) (&& (< netstandard1.5) (>= uap10.0) (< uap10.1))
      System.Xml.ReaderWriter (>= 4.3) - restriction: || (&& (< net45) (>= netstandard1.1) (< netstandard1.2) (< win8)) (&& (< net45) (>= netstandard1.2) (< netstandard1.3) (< win8) (< wpa81)) (&& (< net45) (>= netstandard1.3) (< netstandard1.4) (< win8) (< wpa81)) (&& (< net45) (>= netstandard1.4) (< netstandard1.5) (< win8) (< wpa81)) (&& (< net45) (>= netstandard1.5) (< netstandard1.6) (< win8) (< wpa81)) (&& (< net45) (>= netstandard1.6) (< netstandard2.0) (< win8) (< wpa81)) (&& (>= net46) (< netstandard1.4)) (&& (>= netstandard1.0) (< portable-net45+win8+wpa81) (< wp8)) (&& (< netstandard1.5) (>= uap10.0) (< uap10.1))
      System.Xml.XDocument (>= 4.3) - restriction: || (&& (< net45) (>= netstandard1.1) (< netstandard1.2) (< win8)) (&& (< net45) (>= netstandard1.2) (< netstandard1.3) (< win8) (< wpa81)) (&& (< net45) (>= netstandard1.3) (< netstandard1.4) (< win8) (< wpa81)) (&& (< net45) (>= netstandard1.4) (< netstandard1.5) (< win8) (< wpa81)) (&& (< net45) (>= netstandard1.5) (< netstandard1.6) (< win8) (< wpa81)) (&& (< net45) (>= netstandard1.6) (< netstandard2.0) (< win8) (< wpa81)) (&& (>= netstandard1.0) (< portable-net45+win8+wpa81) (< wp8)) (&& (< netstandard1.5) (>= uap10.0) (< uap10.1))
    Newtonsoft.Json (12.0.1)
      Microsoft.CSharp (>= 4.3) - restriction: || (&& (< net20) (>= netstandard1.0) (< netstandard1.3)) (&& (< net20) (>= netstandard1.3) (< netstandard2.0))
      NETStandard.Library (>= 1.6.1) - restriction: || (&& (< net20) (>= netstandard1.0) (< netstandard1.3)) (&& (< net20) (>= netstandard1.3) (< netstandard2.0))
      System.ComponentModel.TypeConverter (>= 4.3) - restriction: || (&& (< net20) (>= netstandard1.0) (< netstandard1.3)) (&& (< net20) (>= netstandard1.3) (< netstandard2.0))
      System.Runtime.Serialization.Formatters (>= 4.3) - restriction: && (< net20) (>= netstandard1.3) (< netstandard2.0)
      System.Runtime.Serialization.Primitives (>= 4.3) - restriction: || (&& (< net20) (>= netstandard1.0) (< netstandard1.3)) (&& (< net20) (>= netstandard1.3) (< netstandard2.0))
      System.Xml.XmlDocument (>= 4.3) - restriction: && (< net20) (>= netstandard1.3) (< netstandard2.0)
    Newtonsoft.Json.Bson (1.0.2) - restriction: && (< net45) (>= netstandard2.0)
      Newtonsoft.Json (>= 12.0.1) - restriction: || (>= net45) (>= netstandard1.3)
    NLog (4.6.2)
      Microsoft.Extensions.PlatformAbstractions (>= 1.0) - restriction: && (< monoandroid4.4) (< net35) (>= netstandard1.3) (< netstandard1.5)
      NETStandard.Library (>= 1.6) - restriction: || (&& (< monoandroid4.4) (< net35) (>= netstandard1.3) (< netstandard1.5)) (&& (< monoandroid4.4) (< net35) (>= netstandard1.5) (< netstandard2.0))
      System.ComponentModel.Primitives (>= 4.1) - restriction: || (&& (< monoandroid4.4) (< net35) (>= netstandard1.3) (< netstandard1.5)) (&& (< monoandroid4.4) (< net35) (>= netstandard1.5) (< netstandard2.0))
      System.ComponentModel.TypeConverter (>= 4.1) - restriction: && (< monoandroid4.4) (< net35) (>= netstandard1.5) (< netstandard2.0)
      System.Data.Common (>= 4.1) - restriction: || (&& (< monoandroid4.4) (< net35) (>= netstandard1.3) (< netstandard1.5)) (&& (< monoandroid4.4) (< net35) (>= netstandard1.5) (< netstandard2.0))
      System.Diagnostics.Process (>= 4.1) - restriction: && (< monoandroid4.4) (< net35) (>= netstandard1.5) (< netstandard2.0)
      System.Diagnostics.StackTrace (>= 4.0.1) - restriction: || (&& (< monoandroid4.4) (< net35) (>= netstandard1.3) (< netstandard1.5)) (&& (< monoandroid4.4) (< net35) (>= netstandard1.5) (< netstandard2.0))
      System.Diagnostics.TraceSource (>= 4.0) - restriction: && (< monoandroid4.4) (< net35) (>= netstandard1.5) (< netstandard2.0)
      System.IO.FileSystem.Watcher (>= 4.0) - restriction: && (< monoandroid4.4) (< net35) (>= netstandard1.5) (< netstandard2.0)
      System.Net.NameResolution (>= 4.0) - restriction: || (&& (< monoandroid4.4) (< net35) (>= netstandard1.3) (< netstandard1.5)) (&& (< monoandroid4.4) (< net35) (>= netstandard1.5) (< netstandard2.0))
      System.Net.Requests (>= 4.0.11) - restriction: || (&& (< monoandroid4.4) (< net35) (>= netstandard1.3) (< netstandard1.5)) (&& (< monoandroid4.4) (< net35) (>= netstandard1.5) (< netstandard2.0))
      System.Reflection.TypeExtensions (>= 4.1) - restriction: || (&& (< monoandroid4.4) (< net35) (>= netstandard1.3) (< netstandard1.5)) (&& (< monoandroid4.4) (< net35) (>= netstandard1.5) (< netstandard2.0))
      System.Runtime.Loader (>= 4.0) - restriction: && (< monoandroid4.4) (< net35) (>= netstandard1.5) (< netstandard2.0)
      System.Threading.Thread (>= 4.0) - restriction: && (< monoandroid4.4) (< net35) (>= netstandard1.5) (< netstandard2.0)
      System.Xml.XmlDocument (>= 4.0.1) - restriction: || (&& (< monoandroid4.4) (< net35) (>= netstandard1.3) (< netstandard1.5)) (&& (< monoandroid4.4) (< net35) (>= netstandard1.5) (< netstandard2.0))
    NUnit (3.11)
      NETStandard.Library (>= 1.6.1) - restriction: && (< net20) (>= netstandard1.4) (< netstandard2.0)
      NETStandard.Library (>= 2.0) - restriction: && (< net20) (>= netstandard2.0)
      System.Reflection.TypeExtensions (>= 4.4) - restriction: && (< net20) (>= netstandard1.4) (< netstandard2.0)
    NUnit.Console (3.10)
      NUnit.ConsoleRunner (>= 3.10)
      NUnit.Extension.NUnitProjectLoader (>= 3.6)
      NUnit.Extension.NUnitV2Driver (>= 3.7)
      NUnit.Extension.NUnitV2ResultWriter (>= 3.6)
      NUnit.Extension.TeamCityEventListener (>= 1.0.6)
      NUnit.Extension.VSProjectLoader (>= 3.8)
    NUnit.ConsoleRunner (3.10)
    NUnit.Extension.NUnitProjectLoader (3.6)
    NUnit.Extension.NUnitV2Driver (3.7)
    NUnit.Extension.NUnitV2ResultWriter (3.6)
    NUnit.Extension.TeamCityEventListener (1.0.6)
    NUnit.Extension.VSProjectLoader (3.8)
    NUnit3TestAdapter (3.13)
      Microsoft.DotNet.InternalAbstractions (>= 1.0) - restriction: >= netcoreapp1.0
      System.ComponentModel.EventBasedAsync (>= 4.3) - restriction: >= netcoreapp1.0
      System.ComponentModel.TypeConverter (>= 4.3) - restriction: >= netcoreapp1.0
      System.Diagnostics.Process (>= 4.3) - restriction: >= netcoreapp1.0
      System.Reflection (>= 4.3) - restriction: >= netcoreapp1.0
      System.Runtime.InteropServices.RuntimeInformation (>= 4.3) - restriction: >= netcoreapp1.0
      System.Threading.Thread (>= 4.3) - restriction: >= netcoreapp1.0
      System.Xml.XmlDocument (>= 4.3) - restriction: >= netcoreapp1.0
      System.Xml.XPath.XmlDocument (>= 4.3) - restriction: >= netcoreapp1.0
    Owin (1.0)
    protobuf-net (2.4) - restriction: || (&& (>= net452) (< netstandard2.0)) (&& (< net452) (>= netstandard2.0)) (>= net46)
      Microsoft.NETCore.UniversalWindowsPlatform (>= 6.0.8) - restriction: >= uap10.0
      System.Reflection.Emit (>= 4.3) - restriction: || (&& (< net20) (< netcoreapp2.1) (>= netstandard2.0) (< uap10.0)) (&& (< net20) (>= netstandard1.3) (< netstandard2.0) (< uap10.0))
      System.Reflection.Emit.Lightweight (>= 4.3) - restriction: || (&& (< net20) (< netcoreapp2.1) (>= netstandard2.0) (< uap10.0)) (&& (< net20) (>= netstandard1.3) (< netstandard2.0) (< uap10.0))
      System.Reflection.TypeExtensions (>= 4.4) - restriction: || (&& (< net20) (< netcoreapp2.1) (>= netstandard2.0) (< uap10.0)) (&& (< net20) (>= netstandard1.3) (< netstandard2.0) (< uap10.0))
      System.ServiceModel.Primitives (>= 4.5.3) - restriction: || (&& (< net20) (>= netstandard2.0) (< uap10.0)) (>= netcoreapp2.1)
      System.Xml.XmlSerializer (>= 4.3) - restriction: || (&& (< net20) (< netcoreapp2.1) (>= netstandard2.0) (< uap10.0)) (&& (< net20) (>= netstandard1.3) (< netstandard2.0) (< uap10.0))
    RabbitMQ.Client (5.1)
      Microsoft.Diagnostics.Tracing.EventSource.Redist (>= 1.1.28) - restriction: >= net451
      NETStandard.Library (>= 1.6.1) - restriction: && (< net451) (>= netstandard1.5)
      System.Collections.Concurrent (>= 4.3) - restriction: && (< net451) (>= netstandard1.5)
      System.Console (>= 4.3) - restriction: && (< net451) (>= netstandard1.5)
      System.Diagnostics.Debug (>= 4.3) - restriction: && (< net451) (>= netstandard1.5)
      System.Diagnostics.Tracing (>= 4.3) - restriction: && (< net451) (>= netstandard1.5)
      System.IO (>= 4.3) - restriction: && (< net451) (>= netstandard1.5)
      System.Linq (>= 4.3) - restriction: && (< net451) (>= netstandard1.5)
      System.Net.NameResolution (>= 4.3) - restriction: && (< net451) (>= netstandard1.5)
      System.Net.Security (>= 4.3) - restriction: && (< net451) (>= netstandard1.5)
      System.Net.Sockets (>= 4.3) - restriction: && (< net451) (>= netstandard1.5)
      System.Reflection.Extensions (>= 4.3) - restriction: && (< net451) (>= netstandard1.5)
      System.Reflection.TypeExtensions (>= 4.3) - restriction: && (< net451) (>= netstandard1.5)
      System.Runtime (>= 4.3) - restriction: && (< net451) (>= netstandard1.5)
      System.Runtime.Extensions (>= 4.3) - restriction: && (< net451) (>= netstandard1.5)
      System.Text.RegularExpressions (>= 4.3) - restriction: && (< net451) (>= netstandard1.5)
      System.Threading (>= 4.3) - restriction: && (< net451) (>= netstandard1.5)
      System.Threading.Thread (>= 4.3) - restriction: && (< net451) (>= netstandard1.5)
      System.Threading.Timer (>= 4.3) - restriction: && (< net451) (>= netstandard1.5)
    runtime.debian.8-x64.runtime.native.System.Security.Cryptography.OpenSsl (4.3.3) - restriction: && (< monoandroid) (< net45) (>= netstandard2.0) (< xamarinios) (< xamarinmac)
    runtime.debian.9-x64.runtime.native.System.Security.Cryptography.OpenSsl (4.3.3) - restriction: && (< monoandroid) (< net45) (>= netstandard2.0) (< xamarinios) (< xamarinmac)
    runtime.fedora.23-x64.runtime.native.System.Security.Cryptography.OpenSsl (4.3.3) - restriction: && (< monoandroid) (< net45) (>= netstandard2.0) (< xamarinios) (< xamarinmac)
    runtime.fedora.24-x64.runtime.native.System.Security.Cryptography.OpenSsl (4.3.3) - restriction: && (< monoandroid) (< net45) (>= netstandard2.0) (< xamarinios) (< xamarinmac)
    runtime.fedora.27-x64.runtime.native.System.Security.Cryptography.OpenSsl (4.3.3) - restriction: && (< monoandroid) (< net45) (>= netstandard2.0) (< xamarinios) (< xamarinmac)
    runtime.fedora.28-x64.runtime.native.System.Security.Cryptography.OpenSsl (4.3.3) - restriction: && (< monoandroid) (< net45) (>= netstandard2.0) (< xamarinios) (< xamarinmac)
    runtime.native.System (4.3.1) - restriction: || (&& (< monoandroid) (< monotouch) (< net20) (>= netstandard1.6) (< netstandard2.0) (< win8) (< wpa81) (< xamarintvos) (< xamarinwatchos)) (&& (< monoandroid) (< monotouch) (< net35) (>= netstandard1.5) (< netstandard2.0) (< xamarintvos) (< xamarinwatchos)) (&& (< monoandroid) (< monotouch) (< net45) (>= netstandard1.5) (< win8) (< wpa81) (< xamarinios) (< xamarinmac) (< xamarintvos) (< xamarinwatchos)) (&& (< monoandroid) (< monotouch) (< net45) (>= netstandard1.6) (< xamarinios) (< xamarinmac) (< xamarintvos) (< xamarinwatchos)) (&& (< monoandroid) (< monotouch) (< net451) (>= netstandard1.5) (< xamarinios) (< xamarinmac) (< xamarintvos) (< xamarinwatchos)) (&& (< monoandroid) (< net20) (< netstandard1.2) (>= netstandard1.4) (< win8)) (&& (< monoandroid) (< net20) (< netstandard1.2) (>= netstandard2.0) (< win8)) (&& (< monoandroid) (< net20) (< netstandard1.3) (>= netstandard1.4) (< win8) (< wpa81)) (&& (< monoandroid) (< net20) (< netstandard1.3) (>= netstandard2.0) (< win8) (< wpa81)) (&& (< monoandroid) (< net20) (>= netstandard1.4) (< netstandard1.5) (< win8) (< wpa81)) (&& (< monoandroid) (< net20) (< netstandard1.4) (>= netstandard2.0) (< win8) (< wpa81)) (&& (< monoandroid) (< net20) (>= netstandard1.5) (< netstandard1.6) (< win8) (< wpa81)) (&& (< monoandroid) (< net20) (< netstandard1.5) (>= netstandard2.0) (< win8) (< wpa81)) (&& (< monoandroid) (< net20) (< netstandard1.6) (>= netstandard2.0) (< win8) (< wpa81)) (&& (< monoandroid) (< net45) (>= netstandard2.0) (< xamarinios) (< xamarinmac)) (&& (< net20) (>= net46) (< netstandard1.4) (>= netstandard2.0)) (>= netcoreapp1.0) (&& (< netstandard1.5) (>= uap10.0) (< win8) (< wpa81))
      Microsoft.NETCore.Platforms (>= 1.1.1)
      Microsoft.NETCore.Targets (>= 1.1.3)
    runtime.native.System.IO.Compression (4.3.2) - restriction: || (&& (< monoandroid) (< monotouch) (< net20) (>= netstandard1.6) (< netstandard2.0) (< win8) (< wpa81) (< xamarintvos) (< xamarinwatchos)) (&& (< monoandroid) (< net20) (< netstandard1.2) (>= netstandard1.4) (< win8)) (&& (< monoandroid) (< net20) (< netstandard1.2) (>= netstandard2.0) (< win8)) (&& (< monoandroid) (< net20) (< netstandard1.3) (>= netstandard1.4) (< win8) (< wpa81)) (&& (< monoandroid) (< net20) (< netstandard1.3) (>= netstandard2.0) (< win8) (< wpa81)) (&& (< monoandroid) (< net20) (>= netstandard1.4) (< netstandard1.5) (< win8) (< wpa81)) (&& (< monoandroid) (< net20) (< netstandard1.4) (>= netstandard2.0) (< win8) (< wpa81)) (&& (< monoandroid) (< net20) (>= netstandard1.5) (< netstandard1.6) (< win8) (< wpa81)) (&& (< monoandroid) (< net20) (< netstandard1.5) (>= netstandard2.0) (< win8) (< wpa81)) (&& (< monoandroid) (< net20) (< netstandard1.6) (>= netstandard2.0) (< win8) (< wpa81)) (&& (< net20) (>= net46) (< netstandard1.4) (>= netstandard2.0)) (&& (< net20) (>= netstandard1.4) (< portable-net45+win8+wpa81)) (&& (< net20) (>= netstandard1.5) (< portable-net45+win8+wpa81)) (&& (< net20) (>= netstandard1.6) (< portable-net45+win8+wpa81)) (&& (< net20) (>= netstandard2.0) (< portable-net45+win8+wpa81)) (&& (< netstandard1.5) (>= uap10.0) (< win8) (< wpa81)) (&& (< portable-net45+win8+wpa81) (>= uap10.0))
      Microsoft.NETCore.Platforms (>= 1.1.1)
      Microsoft.NETCore.Targets (>= 1.1.3)
    runtime.native.System.Net.Http (4.3.1) - restriction: || (&& (< monoandroid) (< monotouch) (< net45) (>= netstandard1.6) (< xamarinios) (< xamarinmac) (< xamarintvos) (< xamarinwatchos)) (&& (< monoandroid) (< net45) (>= netstandard2.0) (< xamarinios) (< xamarinmac))
      Microsoft.NETCore.Platforms (>= 1.1.1)
      Microsoft.NETCore.Targets (>= 1.1.3)
    runtime.native.System.Net.Security (4.3.1) - restriction: && (< monoandroid) (< net452) (>= netstandard2.0) (< xamarinios) (< xamarinmac)
      Microsoft.NETCore.Platforms (>= 1.1.1)
      Microsoft.NETCore.Targets (>= 1.1.3)
    runtime.native.System.Security.Cryptography.Apple (4.3.1) - restriction: && (< monoandroid) (< net45) (>= netstandard2.0) (< xamarinios) (< xamarinmac)
      runtime.osx.10.10-x64.runtime.native.System.Security.Cryptography.Apple (>= 4.3.1)
    runtime.native.System.Security.Cryptography.OpenSsl (4.3.3) - restriction: || (&& (< monoandroid) (< monotouch) (< net20) (>= netstandard1.6) (< netstandard2.0) (< win8) (< wpa81) (< xamarintvos) (< xamarinwatchos)) (&& (< monoandroid) (< monotouch) (< net45) (>= netstandard1.6) (< xamarinios) (< xamarinmac) (< xamarintvos) (< xamarinwatchos)) (&& (< monoandroid) (< net20) (>= netstandard1.4) (< netstandard1.5) (< win8) (< wpa81)) (&& (< monoandroid) (< net20) (< netstandard1.4) (>= netstandard2.0) (< win8) (< wpa81)) (&& (< monoandroid) (< net20) (>= netstandard1.5) (< netstandard1.6) (< win8) (< wpa81)) (&& (< monoandroid) (< net20) (< netstandard1.5) (>= netstandard2.0) (< win8) (< wpa81)) (&& (< monoandroid) (< net20) (< netstandard1.6) (>= netstandard2.0) (< win8) (< wpa81)) (&& (< monoandroid) (< net45) (>= netstandard2.0) (< xamarinios) (< xamarinmac)) (&& (< net20) (>= net46) (< netstandard1.4) (>= netstandard2.0)) (&& (< netstandard1.5) (>= netstandard2.0) (>= uap10.0)) (&& (< netstandard1.5) (>= uap10.0) (< uap10.1))
      runtime.debian.8-x64.runtime.native.System.Security.Cryptography.OpenSsl (>= 4.3.3)
      runtime.debian.9-x64.runtime.native.System.Security.Cryptography.OpenSsl (>= 4.3.3)
      runtime.fedora.23-x64.runtime.native.System.Security.Cryptography.OpenSsl (>= 4.3.3)
      runtime.fedora.24-x64.runtime.native.System.Security.Cryptography.OpenSsl (>= 4.3.3)
      runtime.fedora.27-x64.runtime.native.System.Security.Cryptography.OpenSsl (>= 4.3.3)
      runtime.fedora.28-x64.runtime.native.System.Security.Cryptography.OpenSsl (>= 4.3.3)
      runtime.opensuse.13.2-x64.runtime.native.System.Security.Cryptography.OpenSsl (>= 4.3.3)
      runtime.opensuse.42.1-x64.runtime.native.System.Security.Cryptography.OpenSsl (>= 4.3.3)
      runtime.opensuse.42.3-x64.runtime.native.System.Security.Cryptography.OpenSsl (>= 4.3.3)
      runtime.osx.10.10-x64.runtime.native.System.Security.Cryptography.OpenSsl (>= 4.3.3)
      runtime.rhel.7-x64.runtime.native.System.Security.Cryptography.OpenSsl (>= 4.3.3)
      runtime.ubuntu.14.04-x64.runtime.native.System.Security.Cryptography.OpenSsl (>= 4.3.3)
      runtime.ubuntu.16.04-x64.runtime.native.System.Security.Cryptography.OpenSsl (>= 4.3.3)
      runtime.ubuntu.16.10-x64.runtime.native.System.Security.Cryptography.OpenSsl (>= 4.3.3)
      runtime.ubuntu.18.04-x64.runtime.native.System.Security.Cryptography.OpenSsl (>= 4.3.3)
    runtime.opensuse.13.2-x64.runtime.native.System.Security.Cryptography.OpenSsl (4.3.3) - restriction: && (< monoandroid) (< net45) (>= netstandard2.0) (< xamarinios) (< xamarinmac)
    runtime.opensuse.42.1-x64.runtime.native.System.Security.Cryptography.OpenSsl (4.3.3) - restriction: && (< monoandroid) (< net45) (>= netstandard2.0) (< xamarinios) (< xamarinmac)
    runtime.opensuse.42.3-x64.runtime.native.System.Security.Cryptography.OpenSsl (4.3.3) - restriction: && (< monoandroid) (< net45) (>= netstandard2.0) (< xamarinios) (< xamarinmac)
    runtime.osx.10.10-x64.runtime.native.System.Security.Cryptography.Apple (4.3.1) - restriction: && (< monoandroid) (< net45) (>= netstandard2.0) (< xamarinios) (< xamarinmac)
    runtime.osx.10.10-x64.runtime.native.System.Security.Cryptography.OpenSsl (4.3.3) - restriction: && (< monoandroid) (< net45) (>= netstandard2.0) (< xamarinios) (< xamarinmac)
    runtime.rhel.7-x64.runtime.native.System.Security.Cryptography.OpenSsl (4.3.3) - restriction: && (< monoandroid) (< net45) (>= netstandard2.0) (< xamarinios) (< xamarinmac)
    runtime.ubuntu.14.04-x64.runtime.native.System.Security.Cryptography.OpenSsl (4.3.3) - restriction: && (< monoandroid) (< net45) (>= netstandard2.0) (< xamarinios) (< xamarinmac)
    runtime.ubuntu.16.04-x64.runtime.native.System.Security.Cryptography.OpenSsl (4.3.3) - restriction: && (< monoandroid) (< net45) (>= netstandard2.0) (< xamarinios) (< xamarinmac)
    runtime.ubuntu.16.10-x64.runtime.native.System.Security.Cryptography.OpenSsl (4.3.3) - restriction: && (< monoandroid) (< net45) (>= netstandard2.0) (< xamarinios) (< xamarinmac)
    runtime.ubuntu.18.04-x64.runtime.native.System.Security.Cryptography.OpenSsl (4.3.3) - restriction: && (< monoandroid) (< net45) (>= netstandard2.0) (< xamarinios) (< xamarinmac)
    runtime.win10-arm.Microsoft.Net.Native.Compiler (2.2.3) - restriction: >= uap10.0
      runtime.win10-arm.Microsoft.Net.Native.SharedLibrary (>= 2.2.3)
    runtime.win10-arm.Microsoft.Net.Native.SharedLibrary (2.2.3) - restriction: >= uap10.0
    runtime.win10-arm.Microsoft.Net.UWPCoreRuntimeSdk (2.2.8) - restriction: >= uap10.1
    runtime.win10-arm64.Microsoft.Net.Native.Compiler (2.2.4) - restriction: >= uap10.0
      runtime.win10-arm64.Microsoft.Net.Native.SharedLibrary (>= 2.2.3)
    runtime.win10-arm64.Microsoft.Net.Native.SharedLibrary (2.2.3) - restriction: >= uap10.0
    runtime.win10-x64.Microsoft.Net.Native.Compiler (2.2.3) - restriction: >= uap10.0
      runtime.win10-x64.Microsoft.Net.Native.SharedLibrary (>= 2.2.3)
    runtime.win10-x64.Microsoft.Net.Native.SharedLibrary (2.2.3) - restriction: >= uap10.0
    runtime.win10-x64.Microsoft.Net.UWPCoreRuntimeSdk (2.2.8) - restriction: >= uap10.1
    runtime.win10-x86.Microsoft.Net.Native.Compiler (2.2.3) - restriction: >= uap10.0
      runtime.win10-x86.Microsoft.Net.Native.SharedLibrary (>= 2.2.3)
    runtime.win10-x86.Microsoft.Net.Native.SharedLibrary (2.2.3) - restriction: >= uap10.0
    runtime.win10-x86.Microsoft.Net.UWPCoreRuntimeSdk (2.2.8) - restriction: >= uap10.1
    runtime.win7.System.Private.Uri (4.3.1) - restriction: && (>= uap10.0) (< uap10.1)
    Snappy.NET (1.1.1.8) - restriction: >= net45
      Crc32C.NET (>= 1.0.5)
    SourceLink.Embed.PaketFiles (2.8.3) - restriction: && (< net45) (< netstandard2.0)
    Suave (2.5.4)
      FSharp.Core (>= 4.3.4 < 5.0) - restriction: || (>= net461) (>= netstandard2.0)
    SuperSocket.ClientEngine.Core (0.10)
      System.Collections.Specialized (>= 4.3) - restriction: >= netstandard1.3
      System.Linq (>= 4.3) - restriction: >= netstandard1.3
      System.Net.NameResolution (>= 4.3) - restriction: >= netstandard1.3
      System.Net.Security (>= 4.3) - restriction: >= netstandard1.3
      System.Net.Sockets (>= 4.3) - restriction: >= netstandard1.3
      System.Runtime.Extensions (>= 4.3) - restriction: >= netstandard1.3
      System.Runtime.InteropServices (>= 4.3) - restriction: >= netstandard1.3
      System.Security.Cryptography.X509Certificates (>= 4.3) - restriction: >= netstandard1.3
    System.AppContext (4.3) - restriction: || (&& (< net20) (>= net46) (< netstandard1.4) (>= netstandard2.0)) (&& (< net20) (>= netstandard1.4) (< netstandard1.5) (< win8) (< wpa81)) (&& (< net20) (< netstandard1.4) (>= netstandard2.0) (< win8) (< wpa81)) (&& (< net20) (>= netstandard1.5) (< netstandard1.6) (< win8) (< wpa81)) (&& (< net20) (< netstandard1.5) (>= netstandard2.0) (< win8) (< wpa81)) (&& (< net20) (>= netstandard1.6) (< netstandard2.0) (< win8) (< wpa81)) (&& (< net20) (< netstandard1.6) (>= netstandard2.0) (< win8) (< wpa81)) (>= netcoreapp1.0) (&& (< netstandard1.5) (>= netstandard2.0) (>= uap10.0)) (&& (>= uap10.0) (< uap10.1))
      System.Runtime (>= 4.3) - restriction: || (&& (< monoandroid) (< monotouch) (< net46) (>= netstandard1.6) (< xamarinios) (< xamarinmac) (< xamarintvos) (< xamarinwatchos)) (&& (< monoandroid) (< net46) (>= netstandard1.3) (< netstandard1.6)) (&& (< monoandroid) (< netstandard1.3))
    System.Buffers (4.5) - restriction: || (&& (< monoandroid) (< monotouch) (< net20) (>= netstandard1.6) (< netstandard2.0) (< win8) (< wpa81) (< xamarintvos) (< xamarinwatchos)) (&& (< monoandroid) (< net20) (< netstandard1.2) (>= netstandard1.4) (< win8)) (&& (< monoandroid) (< net20) (< netstandard1.2) (>= netstandard2.0) (< win8)) (&& (< monoandroid) (< net20) (< netstandard1.3) (>= netstandard1.4) (< win8) (< wpa81)) (&& (< monoandroid) (< net20) (< netstandard1.3) (>= netstandard2.0) (< win8) (< wpa81)) (&& (< monoandroid) (< net20) (>= netstandard1.4) (< netstandard1.5) (< win8) (< wpa81)) (&& (< monoandroid) (< net20) (< netstandard1.4) (>= netstandard2.0) (< win8) (< wpa81)) (&& (< monoandroid) (< net20) (>= netstandard1.5) (< netstandard1.6) (< win8) (< wpa81)) (&& (< monoandroid) (< net20) (< netstandard1.5) (>= netstandard2.0) (< win8) (< wpa81)) (&& (< monoandroid) (< net20) (< netstandard1.6) (>= netstandard2.0) (< win8) (< wpa81)) (&& (< net20) (>= net46) (< netstandard1.4) (>= netstandard2.0)) (&& (< net20) (>= netstandard1.4) (< portable-net45+win8+wpa81)) (&& (< net20) (>= netstandard1.5) (< portable-net45+win8+wpa81)) (&& (< net20) (>= netstandard1.6) (< portable-net45+win8+wpa81)) (&& (< net20) (>= netstandard2.0) (< portable-net45+win8+wpa81)) (&& (< net45) (< netcoreapp2.0) (>= netstandard2.0)) (&& (< netstandard1.5) (>= netstandard2.0) (>= uap10.0)) (&& (< netstandard1.5) (>= uap10.0) (< win8) (< wpa81)) (&& (< portable-net45+win8+wpa81) (>= uap10.0)) (&& (>= uap10.0) (< uap10.1))
    System.Collections (4.3) - restriction: || (&& (< monoandroid) (< monotouch) (< net20) (>= netstandard1.3) (< netstandard2.0) (< xamarintvos) (< xamarinwatchos)) (&& (< monoandroid) (< monotouch) (< net20) (>= netstandard1.4) (< netstandard2.0) (< xamarintvos) (< xamarinwatchos)) (&& (< monoandroid) (< monotouch) (< net20) (>= netstandard1.5) (< netstandard2.0) (< win8) (< wpa81) (< xamarintvos) (< xamarinwatchos)) (&& (< monoandroid) (< monotouch) (< net35) (>= netstandard1.5) (< netstandard2.0) (< xamarintvos) (< xamarinwatchos)) (&& (< monoandroid) (< monotouch) (< net45) (>= netstandard1.5) (< win8) (< wpa81) (< xamarinios) (< xamarinmac) (< xamarintvos) (< xamarinwatchos)) (&& (< monoandroid) (< monotouch) (< net45) (>= netstandard1.6) (< xamarinios) (< xamarinmac) (< xamarintvos) (< xamarinwatchos)) (&& (< monoandroid) (< monotouch) (< net451) (>= netstandard1.5) (< xamarinios) (< xamarinmac) (< xamarintvos) (< xamarinwatchos)) (&& (< monoandroid) (< net20) (< netcoreapp2.1) (>= netstandard2.0) (< win8) (< wpa81) (< xamarinios) (< xamarinmac)) (&& (< monoandroid) (< net20) (>= netstandard1.0) (< netstandard1.3) (< win8) (< wp8) (< wpa81)) (&& (< monoandroid) (< net20) (>= netstandard1.3) (< netstandard1.5) (< win8) (< wpa81)) (&& (< monoandroid) (< net20) (< netstandard1.3) (>= netstandard1.5) (< win8) (< wpa81)) (&& (< monoandroid) (< net35) (>= netstandard1.3) (< netstandard1.5) (< win81) (< wpa81)) (&& (< monoandroid) (< net451) (< netstandard1.3) (>= netstandard1.5)) (&& (< monoandroid) (< net46) (>= netstandard2.0) (< xamarinios) (< xamarinmac)) (&& (< monoandroid) (< netstandard1.3) (>= netstandard2.0)) (&& (< net20) (>= net452) (>= netstandard1.3) (< netstandard2.0)) (&& (< net20) (>= net46) (>= netstandard2.0)) (&& (< net20) (>= net46) (< netstandard2.0)) (&& (< net20) (>= net46) (< portable-net45+win8+wp8+wpa81)) (&& (< net20) (< netstandard1.2) (>= netstandard1.4) (< win8)) (&& (< net20) (< netstandard1.2) (>= netstandard2.0) (< win8)) (&& (< net20) (< netstandard1.3) (>= netstandard1.4) (< win8) (< wpa81)) (&& (< net20) (< netstandard1.3) (>= netstandard2.0) (< win8) (< wpa81)) (&& (< net20) (>= netstandard1.4) (< netstandard1.5) (< win8) (< wpa81)) (&& (< net20) (>= netstandard1.4) (< portable-net45+win8+wpa81)) (&& (< net20) (< netstandard1.4) (>= netstandard2.0) (< win8) (< wpa81)) (&& (< net20) (>= netstandard1.5) (< netstandard1.6) (< win8) (< wpa81)) (&& (< net20) (< netstandard1.5) (>= netstandard2.0) (< win8) (< wpa81)) (&& (< net20) (>= netstandard1.6) (< netstandard2.0) (< win8) (< wpa81)) (&& (< net20) (>= netstandard1.6) (< portable-net45+win8+wpa81)) (&& (< net20) (< netstandard1.6) (>= netstandard2.0) (< win8) (< wpa81)) (&& (< net45) (>= net461) (< netstandard2.0)) (&& (< net45) (>= netstandard1.3)) (&& (< net45) (>= netstandard1.6) (< netstandard2.0)) (&& (< net45) (>= netstandard2.0)) (&& (< net46) (>= net461)) (&& (>= net461) (< netstandard1.3)) (>= netcoreapp1.0) (&& (>= netstandard1.3) (< portable-net45+win8+wp8+wpa81)) (&& (>= netstandard1.5) (< portable-net45+win8+wpa81)) (&& (>= netstandard1.6) (< portable-net45+win8+wp8+wpa81)) (&& (>= netstandard2.0) (< portable-net45+win8+wp8+wpa81)) (&& (>= netstandard2.0) (< portable-net45+win8+wpa81)) (>= uap10.0)
      Microsoft.NETCore.Platforms (>= 1.1) - restriction: || (&& (< monoandroid) (< monotouch) (< net45) (>= netstandard1.3) (< win8) (< wpa81) (< xamarinios) (< xamarinmac) (< xamarintvos) (< xamarinwatchos)) (&& (< monoandroid) (< net45) (>= netstandard1.0) (< netstandard1.3) (< win8) (< wp8) (< wpa81)) (< portable-net45+win8+wp8+wpa81)
      Microsoft.NETCore.Targets (>= 1.1) - restriction: || (&& (< monoandroid) (< monotouch) (< net45) (>= netstandard1.3) (< win8) (< wpa81) (< xamarinios) (< xamarinmac) (< xamarintvos) (< xamarinwatchos)) (&& (< monoandroid) (< net45) (>= netstandard1.0) (< netstandard1.3) (< win8) (< wp8) (< wpa81)) (< portable-net45+win8+wp8+wpa81)
      System.Runtime (>= 4.3) - restriction: || (&& (< monoandroid) (< monotouch) (< net45) (>= netstandard1.3) (< win8) (< wpa81) (< xamarinios) (< xamarinmac) (< xamarintvos) (< xamarinwatchos)) (&& (< monoandroid) (< net45) (>= netstandard1.0) (< netstandard1.3) (< win8) (< wp8) (< wpa81)) (< portable-net45+win8+wp8+wpa81)
    System.Collections.Concurrent (4.3) - restriction: || (&& (< monoandroid) (< monotouch) (< net45) (>= netstandard1.6) (< netstandard2.0) (< win8) (< wpa81) (< xamarintvos) (< xamarinwatchos)) (&& (< monoandroid) (< net45) (< netstandard1.3) (>= netstandard1.6) (< win8) (< wpa81)) (&& (< monoandroid) (< net45) (< netstandard1.3) (>= netstandard2.0) (< win8) (< wpa81)) (&& (< monoandroid) (< net45) (>= netstandard2.0) (< win8) (< wpa81) (< xamarinios) (< xamarinmac)) (&& (< monoandroid) (< net452) (< netstandard1.6) (>= netstandard2.0)) (&& (< monoandroid) (< net452) (>= netstandard2.0) (< xamarinios) (< xamarinmac)) (&& (< net20) (>= net46) (< netstandard1.4) (>= netstandard2.0)) (&& (< net20) (< netstandard1.2) (>= netstandard1.4) (< win8)) (&& (< net20) (< netstandard1.2) (>= netstandard2.0) (< win8)) (&& (< net20) (< netstandard1.3) (>= netstandard1.4) (< win8) (< wpa81)) (&& (< net20) (< netstandard1.3) (>= netstandard2.0) (< win8) (< wpa81)) (&& (< net20) (>= netstandard1.4) (< netstandard1.5) (< win8) (< wpa81)) (&& (< net20) (< netstandard1.4) (>= netstandard2.0) (< win8) (< wpa81)) (&& (< net20) (>= netstandard1.5) (< netstandard1.6) (< win8) (< wpa81)) (&& (< net20) (< netstandard1.5) (>= netstandard2.0) (< win8) (< wpa81)) (&& (< net20) (>= netstandard1.6) (< netstandard2.0) (< win8) (< wpa81)) (&& (< net20) (< netstandard1.6) (>= netstandard2.0) (< win8) (< wpa81)) (&& (< net45) (>= net461)) (&& (< net451) (>= netstandard1.5)) (&& (>= net461) (< portable-net45+win8+wp8+wpa81)) (&& (< netstandard1.5) (>= netstandard2.0) (>= uap10.0)) (&& (>= netstandard1.6) (< portable-net45+win8+wpa81)) (&& (>= netstandard2.0) (< portable-net45+win8+wp8+wpa81)) (&& (< portable-net45+win8+wp8+wpa81) (>= uap10.0)) (&& (>= uap10.0) (< uap10.1)) (&& (>= uap10.0) (< win8) (< wpa81))
      System.Collections (>= 4.3) - restriction: || (&& (< monoandroid) (< monotouch) (< net45) (>= netstandard1.3) (< win8) (< wpa81) (< xamarinios) (< xamarinmac) (< xamarintvos) (< xamarinwatchos)) (< portable-net45+win8+wpa81)
      System.Diagnostics.Debug (>= 4.3) - restriction: || (&& (< monoandroid) (< monotouch) (< net45) (>= netstandard1.3) (< win8) (< wpa81) (< xamarinios) (< xamarinmac) (< xamarintvos) (< xamarinwatchos)) (< portable-net45+win8+wpa81)
      System.Diagnostics.Tracing (>= 4.3) - restriction: || (&& (< monoandroid) (< monotouch) (< net45) (>= netstandard1.3) (< win8) (< wpa81) (< xamarinios) (< xamarinmac) (< xamarintvos) (< xamarinwatchos)) (< portable-net45+win8+wpa81)
      System.Globalization (>= 4.3) - restriction: || (&& (< monoandroid) (< monotouch) (< net45) (>= netstandard1.3) (< win8) (< wpa81) (< xamarinios) (< xamarinmac) (< xamarintvos) (< xamarinwatchos)) (< portable-net45+win8+wpa81)
      System.Reflection (>= 4.3) - restriction: && (< monoandroid) (< monotouch) (< net45) (>= netstandard1.3) (< win8) (< wpa81) (< xamarinios) (< xamarinmac) (< xamarintvos) (< xamarinwatchos)
      System.Resources.ResourceManager (>= 4.3) - restriction: || (&& (< monoandroid) (< monotouch) (< net45) (>= netstandard1.3) (< win8) (< wpa81) (< xamarinios) (< xamarinmac) (< xamarintvos) (< xamarinwatchos)) (< portable-net45+win8+wpa81)
      System.Runtime (>= 4.3) - restriction: || (&& (< monoandroid) (< monotouch) (< net45) (>= netstandard1.3) (< win8) (< wpa81) (< xamarinios) (< xamarinmac) (< xamarintvos) (< xamarinwatchos)) (&& (< monoandroid) (< net45) (>= netstandard1.1) (< netstandard1.3) (< win8) (< wpa81)) (< portable-net45+win8+wpa81)
      System.Runtime.Extensions (>= 4.3) - restriction: || (&& (< monoandroid) (< monotouch) (< net45) (>= netstandard1.3) (< win8) (< wpa81) (< xamarinios) (< xamarinmac) (< xamarintvos) (< xamarinwatchos)) (< portable-net45+win8+wpa81)
      System.Threading (>= 4.3) - restriction: || (&& (< monoandroid) (< monotouch) (< net45) (>= netstandard1.3) (< win8) (< wpa81) (< xamarinios) (< xamarinmac) (< xamarintvos) (< xamarinwatchos)) (< portable-net45+win8+wpa81)
      System.Threading.Tasks (>= 4.3) - restriction: || (&& (< monoandroid) (< monotouch) (< net45) (>= netstandard1.3) (< win8) (< wpa81) (< xamarinios) (< xamarinmac) (< xamarintvos) (< xamarinwatchos)) (&& (< monoandroid) (< net45) (>= netstandard1.1) (< netstandard1.3) (< win8) (< wpa81)) (< portable-net45+win8+wpa81)
    System.Collections.Immutable (1.5) - restriction: || (>= net45) (&& (< netcoreapp2.1) (>= netstandard2.0)) (&& (< netstandard1.1) (>= netstandard2.0) (>= win8)) (&& (< netstandard1.1) (>= netstandard2.0) (< win8)) (>= netstandard1.5) (&& (>= uap10.0) (< uap10.1))
      NETStandard.Library (>= 1.6.1) - restriction: || (&& (< net45) (>= netstandard1.0) (< netstandard1.3) (< win8) (< wp8) (< wpa81)) (&& (< net45) (>= netstandard1.3) (< netstandard2.0) (< win8) (< wpa81))
    System.Collections.NonGeneric (4.3) - restriction: || (&& (< net20) (>= net462) (< netstandard1.3)) (&& (< net20) (>= net462) (< netstandard2.0)) (&& (< netstandard1.3) (>= uap10.0)) (>= netstandard1.5) (&& (< portable-net45+win8+wp8) (>= uap10.0)) (&& (>= uap10.0) (< uap10.1))
      System.Diagnostics.Debug (>= 4.3) - restriction: && (< monoandroid) (< monotouch) (< net46) (>= netstandard1.3) (< xamarinios) (< xamarinmac) (< xamarintvos) (< xamarinwatchos)
      System.Globalization (>= 4.3) - restriction: && (< monoandroid) (< monotouch) (< net46) (>= netstandard1.3) (< xamarinios) (< xamarinmac) (< xamarintvos) (< xamarinwatchos)
      System.Resources.ResourceManager (>= 4.3) - restriction: && (< monoandroid) (< monotouch) (< net46) (>= netstandard1.3) (< xamarinios) (< xamarinmac) (< xamarintvos) (< xamarinwatchos)
      System.Runtime (>= 4.3) - restriction: && (< monoandroid) (< monotouch) (< net46) (>= netstandard1.3) (< xamarinios) (< xamarinmac) (< xamarintvos) (< xamarinwatchos)
      System.Runtime.Extensions (>= 4.3) - restriction: && (< monoandroid) (< monotouch) (< net46) (>= netstandard1.3) (< xamarinios) (< xamarinmac) (< xamarintvos) (< xamarinwatchos)
      System.Threading (>= 4.3) - restriction: && (< monoandroid) (< monotouch) (< net46) (>= netstandard1.3) (< xamarinios) (< xamarinmac) (< xamarintvos) (< xamarinwatchos)
    System.Collections.Specialized (4.3) - restriction: || (&& (< monoandroid) (< net20) (>= netstandard1.5) (< win8) (< wpa81)) (>= netstandard1.3) (&& (< portable-net45+win8+wp8) (>= uap10.0)) (&& (>= uap10.0) (< uap10.1))
      System.Collections.NonGeneric (>= 4.3) - restriction: && (< monoandroid) (< monotouch) (< net46) (>= netstandard1.3) (< xamarinios) (< xamarinmac) (< xamarintvos) (< xamarinwatchos)
      System.Globalization (>= 4.3) - restriction: && (< monoandroid) (< monotouch) (< net46) (>= netstandard1.3) (< xamarinios) (< xamarinmac) (< xamarintvos) (< xamarinwatchos)
      System.Globalization.Extensions (>= 4.3) - restriction: && (< monoandroid) (< monotouch) (< net46) (>= netstandard1.3) (< xamarinios) (< xamarinmac) (< xamarintvos) (< xamarinwatchos)
      System.Resources.ResourceManager (>= 4.3) - restriction: && (< monoandroid) (< monotouch) (< net46) (>= netstandard1.3) (< xamarinios) (< xamarinmac) (< xamarintvos) (< xamarinwatchos)
      System.Runtime (>= 4.3) - restriction: && (< monoandroid) (< monotouch) (< net46) (>= netstandard1.3) (< xamarinios) (< xamarinmac) (< xamarintvos) (< xamarinwatchos)
      System.Runtime.Extensions (>= 4.3) - restriction: && (< monoandroid) (< monotouch) (< net46) (>= netstandard1.3) (< xamarinios) (< xamarinmac) (< xamarintvos) (< xamarinwatchos)
      System.Threading (>= 4.3) - restriction: && (< monoandroid) (< monotouch) (< net46) (>= netstandard1.3) (< xamarinios) (< xamarinmac) (< xamarintvos) (< xamarinwatchos)
    System.ComponentModel (4.3) - restriction: || (&& (< monoandroid) (< monotouch) (< net20) (>= netstandard1.5) (< netstandard2.0) (< win8) (< wpa81) (< xamarintvos) (< xamarinwatchos)) (&& (< monoandroid) (< net20) (>= netstandard1.0) (< netstandard1.3) (< win8) (< wp8) (< wpa81)) (&& (< monoandroid) (< net20) (>= netstandard1.3) (< netstandard1.5) (< win8) (< wpa81)) (&& (< monoandroid) (< net20) (< netstandard1.3) (>= netstandard1.5) (< win8) (< wpa81)) (&& (< netstandard1.4) (>= uap10.0) (< win8)) (&& (< portable-net45+win8) (>= uap10.0)) (&& (>= uap10.0) (< uap10.1))
      System.Runtime (>= 4.3) - restriction: || (&& (< monoandroid) (< monotouch) (< net45) (>= netstandard1.3) (< win8) (< wpa81) (< xamarinios) (< xamarinmac) (< xamarintvos) (< xamarinwatchos)) (&& (< monoandroid) (< net45) (>= netstandard1.0) (< netstandard1.3) (< win8) (< wp8) (< wpa81)) (< portable-net45+win8+wp8+wpa81)
    System.ComponentModel.Annotations (4.5) - restriction: && (>= uap10.0) (< uap10.1)
      NETStandard.Library (>= 1.6.1) - restriction: || (&& (< monoandroid) (< monotouch) (< net45) (>= netstandard1.4) (< netstandard2.0) (< uap10.1) (< xamarintvos) (< xamarinwatchos)) (&& (< monoandroid) (< net45) (>= netstandard1.1) (< netstandard1.3) (< win8)) (&& (< monoandroid) (< net45) (>= netstandard1.3) (< netstandard1.4) (< win8)) (< portable-net45+win8)
      System.ComponentModel (>= 4.3) - restriction: || (&& (< monoandroid) (< monotouch) (< net45) (>= netstandard1.4) (< netstandard2.0) (< uap10.1) (< xamarintvos) (< xamarinwatchos)) (&& (< monoandroid) (< net45) (>= netstandard1.3) (< netstandard1.4) (< win8)) (< portable-net45+win8)
    System.ComponentModel.EventBasedAsync (4.3) - restriction: || (>= netcoreapp1.0) (&& (< netstandard1.3) (>= uap10.0)) (&& (< portable-net45+win8+wp8) (>= uap10.0)) (&& (>= uap10.0) (< uap10.1))
      System.Resources.ResourceManager (>= 4.3) - restriction: || (&& (< monoandroid) (< monotouch) (< net45) (>= netstandard1.3) (< win8) (< wpa81) (< xamarinios) (< xamarinmac) (< xamarintvos) (< xamarinwatchos)) (< portable-net45+win8+wp8+wpa81)
      System.Runtime (>= 4.3) - restriction: || (&& (< monoandroid) (< monotouch) (< net45) (>= netstandard1.3) (< win8) (< wpa81) (< xamarinios) (< xamarinmac) (< xamarintvos) (< xamarinwatchos)) (&& (< monoandroid) (< net45) (>= netstandard1.0) (< netstandard1.3) (< win8) (< wp8) (< wpa81)) (< portable-net45+win8+wp8+wpa81)
      System.Threading (>= 4.3) - restriction: || (&& (< monoandroid) (< monotouch) (< net45) (>= netstandard1.3) (< win8) (< wpa81) (< xamarinios) (< xamarinmac) (< xamarintvos) (< xamarinwatchos)) (< portable-net45+win8+wp8+wpa81)
      System.Threading.Tasks (>= 4.3) - restriction: || (&& (< monoandroid) (< monotouch) (< net45) (>= netstandard1.3) (< win8) (< wpa81) (< xamarinios) (< xamarinmac) (< xamarintvos) (< xamarinwatchos)) (< portable-net45+win8+wp8+wpa81)
    System.ComponentModel.Primitives (4.3) - restriction: || (&& (< monoandroid) (< monotouch) (< net20) (>= netstandard1.5) (< netstandard2.0) (< win8) (< xamarintvos) (< xamarinwatchos)) (&& (< monoandroid) (< net20) (>= netstandard1.0) (< netstandard1.3) (< win8)) (&& (< monoandroid) (< net20) (>= netstandard1.3) (< netstandard1.5) (< win8)) (&& (< monoandroid) (< net20) (< netstandard1.3) (>= netstandard1.5) (< win8)) (&& (< monoandroid4.4) (< net35) (>= netstandard1.3) (< netstandard1.5)) (&& (< monoandroid4.4) (< net35) (>= netstandard1.5) (< netstandard2.0)) (&& (< net20) (>= net45) (>= netstandard1.3) (< netstandard1.5)) (&& (< net20) (>= net45) (< netstandard1.3)) (&& (< net20) (>= net462) (< netstandard1.3)) (&& (< net20) (>= net462) (< netstandard2.0)) (&& (< netstandard1.0) (>= netstandard1.3) (>= win8)) (&& (>= netstandard1.3) (< netstandard2.0) (>= wpa81)) (&& (< netstandard1.3) (>= wpa81)) (>= uap10.0) (>= wp8)
    System.ComponentModel.TypeConverter (4.3) - restriction: || (&& (< monoandroid4.4) (< net35) (>= netstandard1.5) (< netstandard2.0)) (&& (< net20) (>= netstandard1.0) (< netstandard1.3)) (&& (< net20) (>= netstandard1.3) (< netstandard2.0)) (>= netcoreapp1.0) (>= uap10.0)
      System.Collections (>= 4.3) - restriction: || (&& (< monoandroid) (< monotouch) (< net45) (>= netstandard1.5) (< win8) (< wpa81) (< xamarinios) (< xamarinmac) (< xamarintvos) (< xamarinwatchos)) (&& (< monoandroid) (< net45) (>= netstandard1.0) (< netstandard1.5) (< win8) (< wp8) (< wpa81))
      System.Collections.NonGeneric (>= 4.3) - restriction: || (&& (< monoandroid) (< monotouch) (< net45) (>= netstandard1.5) (< win8) (< wpa81) (< xamarinios) (< xamarinmac) (< xamarintvos) (< xamarinwatchos)) (>= net462)
      System.Collections.Specialized (>= 4.3) - restriction: && (< monoandroid) (< monotouch) (< net45) (>= netstandard1.5) (< win8) (< wpa81) (< xamarinios) (< xamarinmac) (< xamarintvos) (< xamarinwatchos)
      System.ComponentModel (>= 4.3) - restriction: || (&& (< monoandroid) (< monotouch) (< net45) (>= netstandard1.5) (< win8) (< wpa81) (< xamarinios) (< xamarinmac) (< xamarintvos) (< xamarinwatchos)) (&& (< monoandroid) (< net45) (>= netstandard1.0) (< netstandard1.5) (< win8) (< wp8) (< wpa81))
      System.ComponentModel.Primitives (>= 4.3) - restriction: || (&& (< monoandroid) (< monotouch) (< net45) (>= netstandard1.5) (< win8) (< xamarinios) (< xamarinmac) (< xamarintvos) (< xamarinwatchos)) (&& (< monoandroid) (< net45) (>= netstandard1.0) (< netstandard1.5) (< win8)) (&& (>= net45) (< netstandard1.5)) (>= net462) (&& (< netstandard1.0) (>= win8)) (>= wp8) (>= wpa81)
      System.Globalization (>= 4.3) - restriction: || (&& (< monoandroid) (< monotouch) (< net45) (>= netstandard1.5) (< win8) (< wpa81) (< xamarinios) (< xamarinmac) (< xamarintvos) (< xamarinwatchos)) (&& (< monoandroid) (< net45) (>= netstandard1.0) (< netstandard1.5) (< win8) (< wp8) (< wpa81))
      System.Linq (>= 4.3) - restriction: && (< monoandroid) (< monotouch) (< net45) (>= netstandard1.5) (< win8) (< wpa81) (< xamarinios) (< xamarinmac) (< xamarintvos) (< xamarinwatchos)
      System.Reflection (>= 4.3) - restriction: || (&& (< monoandroid) (< monotouch) (< net45) (>= netstandard1.5) (< win8) (< wpa81) (< xamarinios) (< xamarinmac) (< xamarintvos) (< xamarinwatchos)) (&& (< monoandroid) (< net45) (>= netstandard1.0) (< netstandard1.5) (< win8) (< wp8) (< wpa81))
      System.Reflection.Extensions (>= 4.3) - restriction: || (&& (< monoandroid) (< monotouch) (< net45) (>= netstandard1.5) (< win8) (< wpa81) (< xamarinios) (< xamarinmac) (< xamarintvos) (< xamarinwatchos)) (&& (< monoandroid) (< net45) (>= netstandard1.0) (< netstandard1.5) (< win8) (< wp8) (< wpa81))
      System.Reflection.Primitives (>= 4.3) - restriction: || (&& (< monoandroid) (< monotouch) (< net45) (>= netstandard1.5) (< win8) (< wpa81) (< xamarinios) (< xamarinmac) (< xamarintvos) (< xamarinwatchos)) (&& (< monoandroid) (< net45) (>= netstandard1.0) (< netstandard1.5) (< win8) (< wp8) (< wpa81))
      System.Reflection.TypeExtensions (>= 4.3) - restriction: && (< monoandroid) (< monotouch) (< net45) (>= netstandard1.5) (< win8) (< wpa81) (< xamarinios) (< xamarinmac) (< xamarintvos) (< xamarinwatchos)
      System.Resources.ResourceManager (>= 4.3) - restriction: || (&& (< monoandroid) (< monotouch) (< net45) (>= netstandard1.5) (< win8) (< wpa81) (< xamarinios) (< xamarinmac) (< xamarintvos) (< xamarinwatchos)) (&& (< monoandroid) (< net45) (>= netstandard1.0) (< netstandard1.5) (< win8) (< wp8) (< wpa81))
      System.Runtime (>= 4.3) - restriction: || (&& (< monoandroid) (< monotouch) (< net45) (>= netstandard1.5) (< win8) (< wpa81) (< xamarinios) (< xamarinmac) (< xamarintvos) (< xamarinwatchos)) (&& (< monoandroid) (< net45) (>= netstandard1.0) (< netstandard1.5) (< win8) (< wp8) (< wpa81))
      System.Runtime.Extensions (>= 4.3) - restriction: || (&& (< monoandroid) (< monotouch) (< net45) (>= netstandard1.5) (< win8) (< wpa81) (< xamarinios) (< xamarinmac) (< xamarintvos) (< xamarinwatchos)) (&& (< monoandroid) (< net45) (>= netstandard1.0) (< netstandard1.5) (< win8) (< wp8) (< wpa81))
      System.Threading (>= 4.3) - restriction: || (&& (< monoandroid) (< monotouch) (< net45) (>= netstandard1.5) (< win8) (< wpa81) (< xamarinios) (< xamarinmac) (< xamarintvos) (< xamarinwatchos)) (&& (< monoandroid) (< net45) (>= netstandard1.0) (< netstandard1.5) (< win8) (< wp8) (< wpa81))
    System.Console (4.3.1) - restriction: || (&& (< net20) (>= net46) (< netstandard1.4) (>= netstandard2.0)) (&& (< net20) (>= netstandard1.4) (< netstandard1.5) (< win8) (< wpa81)) (&& (< net20) (< netstandard1.4) (>= netstandard2.0) (< win8) (< wpa81)) (&& (< net20) (>= netstandard1.5) (< netstandard1.6) (< win8) (< wpa81)) (&& (< net20) (< netstandard1.5) (>= netstandard2.0) (< win8) (< wpa81)) (&& (< net20) (>= netstandard1.6) (< netstandard2.0) (< win8) (< wpa81)) (&& (< net20) (< netstandard1.6) (>= netstandard2.0) (< win8) (< wpa81)) (&& (< net45) (>= netstandard1.6) (< netstandard2.0)) (&& (< net451) (>= netstandard1.5)) (&& (< netstandard1.5) (>= netstandard2.0) (>= uap10.0)) (&& (< netstandard1.5) (>= uap10.0) (< uap10.1))
      Microsoft.NETCore.Platforms (>= 1.1) - restriction: && (< monoandroid) (< monotouch) (< net46) (>= netstandard1.3) (< xamarinios) (< xamarinmac) (< xamarintvos) (< xamarinwatchos)
      Microsoft.NETCore.Targets (>= 1.1.2) - restriction: && (< monoandroid) (< monotouch) (< net46) (>= netstandard1.3) (< xamarinios) (< xamarinmac) (< xamarintvos) (< xamarinwatchos)
      System.IO (>= 4.3) - restriction: && (< monoandroid) (< monotouch) (< net46) (>= netstandard1.3) (< xamarinios) (< xamarinmac) (< xamarintvos) (< xamarinwatchos)
      System.Runtime (>= 4.3) - restriction: && (< monoandroid) (< monotouch) (< net46) (>= netstandard1.3) (< xamarinios) (< xamarinmac) (< xamarintvos) (< xamarinwatchos)
      System.Text.Encoding (>= 4.3) - restriction: && (< monoandroid) (< monotouch) (< net46) (>= netstandard1.3) (< xamarinios) (< xamarinmac) (< xamarintvos) (< xamarinwatchos)
    System.Data.Common (4.3) - restriction: || (&& (< monoandroid4.4) (< net35) (>= netstandard1.3) (< netstandard1.5)) (&& (< monoandroid4.4) (< net35) (>= netstandard1.5) (< netstandard2.0)) (&& (>= uap10.0) (< uap10.1))
      System.Collections (>= 4.3) - restriction: && (< monoandroid) (< monotouch) (< net451) (>= netstandard1.2) (< win81) (< wpa81) (< xamarinios) (< xamarinmac) (< xamarintvos) (< xamarinwatchos)
      System.Globalization (>= 4.3) - restriction: && (< monoandroid) (< monotouch) (< net451) (>= netstandard1.2) (< win81) (< wpa81) (< xamarinios) (< xamarinmac) (< xamarintvos) (< xamarinwatchos)
      System.IO (>= 4.3) - restriction: && (< monoandroid) (< monotouch) (< net451) (>= netstandard1.2) (< win81) (< wpa81) (< xamarinios) (< xamarinmac) (< xamarintvos) (< xamarinwatchos)
      System.Resources.ResourceManager (>= 4.3) - restriction: && (< monoandroid) (< monotouch) (< net451) (>= netstandard1.2) (< win81) (< wpa81) (< xamarinios) (< xamarinmac) (< xamarintvos) (< xamarinwatchos)
      System.Runtime (>= 4.3) - restriction: && (< monoandroid) (< monotouch) (< net451) (>= netstandard1.2) (< win81) (< wpa81) (< xamarinios) (< xamarinmac) (< xamarintvos) (< xamarinwatchos)
      System.Runtime.Extensions (>= 4.3) - restriction: && (< monoandroid) (< monotouch) (< net451) (>= netstandard1.2) (< win81) (< wpa81) (< xamarinios) (< xamarinmac) (< xamarintvos) (< xamarinwatchos)
      System.Text.RegularExpressions (>= 4.3) - restriction: && (< monoandroid) (< monotouch) (< net451) (>= netstandard1.2) (< win81) (< wpa81) (< xamarinios) (< xamarinmac) (< xamarintvos) (< xamarinwatchos)
      System.Threading.Tasks (>= 4.3) - restriction: && (< monoandroid) (< monotouch) (< net451) (>= netstandard1.2) (< win81) (< wpa81) (< xamarinios) (< xamarinmac) (< xamarintvos) (< xamarinwatchos)
    System.Diagnostics.Contracts (4.3) - restriction: && (>= uap10.0) (< uap10.1)
    System.Diagnostics.Debug (4.3) - restriction: || (&& (< monoandroid) (< monotouch) (< net20) (>= netstandard1.3) (< netstandard2.0) (< xamarintvos) (< xamarinwatchos)) (&& (< monoandroid) (< monotouch) (< net45) (>= netstandard1.5) (< win8) (< wpa81) (< xamarinios) (< xamarinmac) (< xamarintvos) (< xamarinwatchos)) (&& (< monoandroid) (< monotouch) (< net45) (>= netstandard1.6) (< xamarinios) (< xamarinmac) (< xamarintvos) (< xamarinwatchos)) (&& (< monoandroid) (< monotouch) (< net46) (>= netstandard1.5) (< xamarinios) (< xamarinmac) (< xamarintvos) (< xamarinwatchos)) (&& (< monoandroid) (< net45) (< netstandard1.6) (>= netstandard2.0) (< win8) (< wpa81)) (&& (< monoandroid) (< net45) (>= netstandard2.0) (< xamarinios) (< xamarinmac)) (&& (< monoandroid) (< net46) (>= netstandard2.0) (< xamarinios) (< xamarinmac)) (&& (< monoandroid) (< netstandard1.3) (>= netstandard2.0)) (&& (< net20) (>= net46) (< netstandard1.4) (>= netstandard2.0)) (&& (< net20) (< netstandard1.2) (>= netstandard1.4) (< win8)) (&& (< net20) (< netstandard1.2) (>= netstandard2.0) (< win8)) (&& (< net20) (< netstandard1.3) (>= netstandard1.4) (< win8) (< wpa81)) (&& (< net20) (< netstandard1.3) (>= netstandard2.0) (< win8) (< wpa81)) (&& (< net20) (>= netstandard1.4) (< netstandard1.5) (< win8) (< wpa81)) (&& (< net20) (>= netstandard1.4) (< portable-net45+win8+wpa81)) (&& (< net20) (< netstandard1.4) (>= netstandard2.0) (< win8) (< wpa81)) (&& (< net20) (>= netstandard1.5) (< netstandard1.6) (< win8) (< wpa81)) (&& (< net20) (< netstandard1.5) (>= netstandard2.0) (< win8) (< wpa81)) (&& (< net20) (>= netstandard1.6) (< netstandard2.0) (< win8) (< wpa81)) (&& (< net20) (>= netstandard1.6) (< portable-net45+win8+wpa81)) (&& (< net20) (< netstandard1.6) (>= netstandard2.0) (< win8) (< wpa81)) (&& (< net45) (>= netstandard1.6) (< netstandard2.0)) (&& (< net451) (>= netstandard1.5)) (&& (< net46) (>= net461)) (&& (>= net461) (< netstandard1.3)) (>= netcoreapp1.0) (&& (>= netstandard1.3) (< portable-net45+win8+wp8+wpa81)) (&& (>= netstandard1.5) (< portable-net45+win8+wpa81)) (&& (>= netstandard1.6) (< portable-net45+win8+wp8+wpa81)) (&& (>= netstandard2.0) (< portable-net45+win8+wp8+wpa81)) (&& (>= netstandard2.0) (< portable-net45+win8+wpa81)) (>= uap10.0)
      Microsoft.NETCore.Platforms (>= 1.1) - restriction: || (&& (< monoandroid) (< monotouch) (< net45) (>= netstandard1.3) (< win8) (< wpa81) (< xamarinios) (< xamarinmac) (< xamarintvos) (< xamarinwatchos)) (&& (< monoandroid) (< net45) (>= netstandard1.0) (< netstandard1.3) (< win8) (< wp8) (< wpa81)) (< portable-net45+win8+wp8+wpa81)
      Microsoft.NETCore.Targets (>= 1.1) - restriction: || (&& (< monoandroid) (< monotouch) (< net45) (>= netstandard1.3) (< win8) (< wpa81) (< xamarinios) (< xamarinmac) (< xamarintvos) (< xamarinwatchos)) (&& (< monoandroid) (< net45) (>= netstandard1.0) (< netstandard1.3) (< win8) (< wp8) (< wpa81)) (< portable-net45+win8+wp8+wpa81)
      System.Runtime (>= 4.3) - restriction: || (&& (< monoandroid) (< monotouch) (< net45) (>= netstandard1.3) (< win8) (< wpa81) (< xamarinios) (< xamarinmac) (< xamarintvos) (< xamarinwatchos)) (&& (< monoandroid) (< net45) (>= netstandard1.0) (< netstandard1.3) (< win8) (< wp8) (< wpa81)) (< portable-net45+win8+wp8+wpa81)
    System.Diagnostics.DiagnosticSource (4.5.1) - restriction: || (&& (< net45) (>= net46)) (&& (< net45) (>= netstandard1.3) (< uap10.1)) (>= net461) (>= netstandard2.0) (>= uap10.0)
    System.Diagnostics.Process (4.3) - restriction: || (&& (< monoandroid4.4) (< net35) (>= netstandard1.5) (< netstandard2.0)) (&& (< net45) (>= netstandard2.0)) (&& (< net452) (>= net461)) (&& (< net452) (>= netstandard2.0)) (>= netcoreapp1.0) (>= uap10.0)
      Microsoft.NETCore.Platforms (>= 1.1) - restriction: && (< monoandroid) (< monotouch) (< net46) (>= netstandard1.4) (< xamarinios) (< xamarinmac) (< xamarintvos) (< xamarinwatchos)
      Microsoft.Win32.Primitives (>= 4.3) - restriction: && (< monoandroid) (< monotouch) (< net46) (>= netstandard1.4) (< xamarinios) (< xamarinmac) (< xamarintvos) (< xamarinwatchos)
      Microsoft.Win32.Registry (>= 4.3) - restriction: && (< monoandroid) (< monotouch) (< net46) (>= netstandard1.4) (< xamarinios) (< xamarinmac) (< xamarintvos) (< xamarinwatchos)
      runtime.native.System (>= 4.3) - restriction: && (< monoandroid) (< monotouch) (< net46) (>= netstandard1.4) (< xamarinios) (< xamarinmac) (< xamarintvos) (< xamarinwatchos)
      System.Collections (>= 4.3) - restriction: && (< monoandroid) (< monotouch) (< net46) (>= netstandard1.4) (< xamarinios) (< xamarinmac) (< xamarintvos) (< xamarinwatchos)
      System.Diagnostics.Debug (>= 4.3) - restriction: && (< monoandroid) (< monotouch) (< net46) (>= netstandard1.4) (< xamarinios) (< xamarinmac) (< xamarintvos) (< xamarinwatchos)
      System.Globalization (>= 4.3) - restriction: && (< monoandroid) (< monotouch) (< net46) (>= netstandard1.4) (< xamarinios) (< xamarinmac) (< xamarintvos) (< xamarinwatchos)
      System.IO (>= 4.3) - restriction: || (&& (< monoandroid) (< monotouch) (< net46) (>= netstandard1.4) (< xamarinios) (< xamarinmac) (< xamarintvos) (< xamarinwatchos)) (&& (< monoandroid) (< net46) (>= netstandard1.3) (< netstandard1.4))
      System.IO.FileSystem (>= 4.3) - restriction: && (< monoandroid) (< monotouch) (< net46) (>= netstandard1.4) (< xamarinios) (< xamarinmac) (< xamarintvos) (< xamarinwatchos)
      System.IO.FileSystem.Primitives (>= 4.3) - restriction: && (< monoandroid) (< monotouch) (< net46) (>= netstandard1.4) (< xamarinios) (< xamarinmac) (< xamarintvos) (< xamarinwatchos)
      System.Resources.ResourceManager (>= 4.3) - restriction: && (< monoandroid) (< monotouch) (< net46) (>= netstandard1.4) (< xamarinios) (< xamarinmac) (< xamarintvos) (< xamarinwatchos)
      System.Runtime (>= 4.3) - restriction: || (&& (< monoandroid) (< monotouch) (< net46) (>= netstandard1.4) (< xamarinios) (< xamarinmac) (< xamarintvos) (< xamarinwatchos)) (&& (< monoandroid) (< net46) (>= netstandard1.3) (< netstandard1.4))
      System.Runtime.Extensions (>= 4.3) - restriction: && (< monoandroid) (< monotouch) (< net46) (>= netstandard1.4) (< xamarinios) (< xamarinmac) (< xamarintvos) (< xamarinwatchos)
      System.Runtime.Handles (>= 4.3) - restriction: || (&& (< monoandroid) (< monotouch) (< net46) (>= netstandard1.4) (< xamarinios) (< xamarinmac) (< xamarintvos) (< xamarinwatchos)) (&& (< monoandroid) (< net46) (>= netstandard1.3) (< netstandard1.4))
      System.Runtime.InteropServices (>= 4.3) - restriction: && (< monoandroid) (< monotouch) (< net46) (>= netstandard1.4) (< xamarinios) (< xamarinmac) (< xamarintvos) (< xamarinwatchos)
      System.Text.Encoding (>= 4.3) - restriction: || (&& (< monoandroid) (< monotouch) (< net46) (>= netstandard1.4) (< xamarinios) (< xamarinmac) (< xamarintvos) (< xamarinwatchos)) (&& (< monoandroid) (< net46) (>= netstandard1.3) (< netstandard1.4))
      System.Text.Encoding.Extensions (>= 4.3) - restriction: && (< monoandroid) (< monotouch) (< net46) (>= netstandard1.4) (< xamarinios) (< xamarinmac) (< xamarintvos) (< xamarinwatchos)
      System.Threading (>= 4.3) - restriction: && (< monoandroid) (< monotouch) (< net46) (>= netstandard1.4) (< xamarinios) (< xamarinmac) (< xamarintvos) (< xamarinwatchos)
      System.Threading.Tasks (>= 4.3) - restriction: && (< monoandroid) (< monotouch) (< net46) (>= netstandard1.4) (< xamarinios) (< xamarinmac) (< xamarintvos) (< xamarinwatchos)
      System.Threading.Thread (>= 4.3) - restriction: && (< monoandroid) (< monotouch) (< net46) (>= netstandard1.4) (< xamarinios) (< xamarinmac) (< xamarintvos) (< xamarinwatchos)
      System.Threading.ThreadPool (>= 4.3) - restriction: && (< monoandroid) (< monotouch) (< net46) (>= netstandard1.4) (< xamarinios) (< xamarinmac) (< xamarintvos) (< xamarinwatchos)
    System.Diagnostics.StackTrace (4.3) - restriction: || (&& (< monoandroid4.4) (< net35) (>= netstandard1.3) (< netstandard1.5)) (&& (< monoandroid4.4) (< net35) (>= netstandard1.5) (< netstandard2.0)) (&& (>= uap10.0) (< uap10.1))
      System.IO.FileSystem (>= 4.3) - restriction: && (< monoandroid) (< monotouch) (< net46) (>= netstandard1.3) (< xamarinios) (< xamarinmac) (< xamarintvos) (< xamarinwatchos)
      System.Reflection (>= 4.3) - restriction: && (< monoandroid) (< monotouch) (< net46) (>= netstandard1.3) (< xamarinios) (< xamarinmac) (< xamarintvos) (< xamarinwatchos)
      System.Reflection.Metadata (>= 1.4.1) - restriction: && (< monoandroid) (< monotouch) (< net46) (>= netstandard1.3) (< xamarinios) (< xamarinmac) (< xamarintvos) (< xamarinwatchos)
      System.Runtime (>= 4.3) - restriction: && (< monoandroid) (< monotouch) (< net46) (>= netstandard1.3) (< xamarinios) (< xamarinmac) (< xamarintvos) (< xamarinwatchos)
    System.Diagnostics.TextWriterTraceListener (4.3) - restriction: >= netcoreapp1.0
      System.Diagnostics.TraceSource (>= 4.3) - restriction: || (&& (< monoandroid) (< monotouch) (>= netstandard1.3) (< xamarinios) (< xamarinmac) (< xamarintvos) (< xamarinwatchos)) (>= net46)
      System.Globalization (>= 4.3) - restriction: && (< monoandroid) (< monotouch) (< net46) (>= netstandard1.3) (< xamarinios) (< xamarinmac) (< xamarintvos) (< xamarinwatchos)
      System.IO (>= 4.3) - restriction: && (< monoandroid) (< monotouch) (< net46) (>= netstandard1.3) (< xamarinios) (< xamarinmac) (< xamarintvos) (< xamarinwatchos)
      System.Resources.ResourceManager (>= 4.3) - restriction: && (< monoandroid) (< monotouch) (< net46) (>= netstandard1.3) (< xamarinios) (< xamarinmac) (< xamarintvos) (< xamarinwatchos)
      System.Runtime (>= 4.3) - restriction: && (< monoandroid) (< monotouch) (< net46) (>= netstandard1.3) (< xamarinios) (< xamarinmac) (< xamarintvos) (< xamarinwatchos)
      System.Threading (>= 4.3) - restriction: && (< monoandroid) (< monotouch) (< net46) (>= netstandard1.3) (< xamarinios) (< xamarinmac) (< xamarintvos) (< xamarinwatchos)
    System.Diagnostics.Tools (4.3) - restriction: || (&& (< net20) (< netstandard1.2) (>= netstandard1.4) (< win8)) (&& (< net20) (< netstandard1.2) (>= netstandard2.0) (< win8)) (&& (< net20) (< netstandard1.3) (>= netstandard1.4) (< win8) (< wpa81)) (&& (< net20) (< netstandard1.3) (>= netstandard2.0) (< win8) (< wpa81)) (&& (< net20) (>= netstandard1.4) (< netstandard1.5) (< win8) (< wpa81)) (&& (< net20) (>= netstandard1.4) (< portable-net45+win8+wpa81)) (&& (< net20) (< netstandard1.4) (>= netstandard2.0) (< win8) (< wpa81)) (&& (< net20) (>= netstandard1.5) (< netstandard1.6) (< win8) (< wpa81)) (&& (< net20) (< netstandard1.5) (>= netstandard2.0) (< win8) (< wpa81)) (&& (< net20) (>= netstandard1.6) (< netstandard2.0) (< win8) (< wpa81)) (&& (< net20) (< netstandard1.6) (>= netstandard2.0) (< win8) (< wpa81)) (&& (< net20) (>= netstandard2.0) (< portable-net45+win8+wpa81)) (&& (>= net45) (< netstandard1.4) (>= uap10.0)) (&& (< net45) (>= net461)) (&& (< net45) (>= netstandard1.6) (< netstandard2.0)) (&& (< net45) (>= netstandard2.0)) (&& (>= net451) (< netstandard1.4) (>= uap10.0)) (&& (>= net461) (< portable-net45+win8+wp8+wpa81)) (&& (>= netstandard2.0) (< portable-net45+win8+wp8+wpa81)) (&& (>= netstandard2.0) (>= uap10.0)) (&& (< netstandard2.0) (>= uap10.0)) (&& (< portable-net45+win8+wp8+wpa81) (>= uap10.0)) (&& (>= uap10.0) (< uap10.1)) (&& (>= uap10.0) (< win8) (< wpa81))
      Microsoft.NETCore.Platforms (>= 1.1) - restriction: || (&& (< monoandroid) (< monotouch) (< net45) (>= netstandard1.0) (< win8) (< wp8) (< wpa81) (< xamarinios) (< xamarinmac) (< xamarintvos) (< xamarinwatchos)) (< portable-net45+win8+wp8+wpa81)
      Microsoft.NETCore.Targets (>= 1.1) - restriction: || (&& (< monoandroid) (< monotouch) (< net45) (>= netstandard1.0) (< win8) (< wp8) (< wpa81) (< xamarinios) (< xamarinmac) (< xamarintvos) (< xamarinwatchos)) (< portable-net45+win8+wp8+wpa81)
      System.Runtime (>= 4.3) - restriction: || (&& (< monoandroid) (< monotouch) (< net45) (>= netstandard1.0) (< win8) (< wp8) (< wpa81) (< xamarinios) (< xamarinmac) (< xamarintvos) (< xamarinwatchos)) (< portable-net45+win8+wp8+wpa81)
    System.Diagnostics.TraceSource (4.3) - restriction: || (&& (< net45) (>= netstandard2.0)) (>= netstandard1.5)
      Microsoft.NETCore.Platforms (>= 1.1) - restriction: && (< monoandroid) (< monotouch) (< net46) (>= netstandard1.3) (< xamarinios) (< xamarinmac) (< xamarintvos) (< xamarinwatchos)
      runtime.native.System (>= 4.3) - restriction: && (< monoandroid) (< monotouch) (< net46) (>= netstandard1.3) (< xamarinios) (< xamarinmac) (< xamarintvos) (< xamarinwatchos)
      System.Collections (>= 4.3) - restriction: && (< monoandroid) (< monotouch) (< net46) (>= netstandard1.3) (< xamarinios) (< xamarinmac) (< xamarintvos) (< xamarinwatchos)
      System.Diagnostics.Debug (>= 4.3) - restriction: && (< monoandroid) (< monotouch) (< net46) (>= netstandard1.3) (< xamarinios) (< xamarinmac) (< xamarintvos) (< xamarinwatchos)
      System.Globalization (>= 4.3) - restriction: && (< monoandroid) (< monotouch) (< net46) (>= netstandard1.3) (< xamarinios) (< xamarinmac) (< xamarintvos) (< xamarinwatchos)
      System.Resources.ResourceManager (>= 4.3) - restriction: && (< monoandroid) (< monotouch) (< net46) (>= netstandard1.3) (< xamarinios) (< xamarinmac) (< xamarintvos) (< xamarinwatchos)
      System.Runtime (>= 4.3) - restriction: && (< monoandroid) (< monotouch) (< net46) (>= netstandard1.3) (< xamarinios) (< xamarinmac) (< xamarintvos) (< xamarinwatchos)
      System.Runtime.Extensions (>= 4.3) - restriction: && (< monoandroid) (< monotouch) (< net46) (>= netstandard1.3) (< xamarinios) (< xamarinmac) (< xamarintvos) (< xamarinwatchos)
      System.Threading (>= 4.3) - restriction: && (< monoandroid) (< monotouch) (< net46) (>= netstandard1.3) (< xamarinios) (< xamarinmac) (< xamarintvos) (< xamarinwatchos)
    System.Diagnostics.Tracing (4.3) - restriction: || (&& (< monoandroid) (< monotouch) (< net45) (>= netstandard1.5) (< win8) (< wpa81) (< xamarinios) (< xamarinmac) (< xamarintvos) (< xamarinwatchos)) (&& (< monoandroid) (< monotouch) (< net45) (>= netstandard1.6) (< netstandard2.0) (< win8) (< wpa81) (< xamarintvos) (< xamarinwatchos)) (&& (< monoandroid) (< net46) (>= netstandard2.0) (< xamarinios) (< xamarinmac)) (&& (< monoandroid) (< netstandard1.3) (>= netstandard2.0)) (&& (< net20) (< netstandard1.2) (>= netstandard1.4) (< win8)) (&& (< net20) (< netstandard1.2) (>= netstandard2.0) (< win8)) (&& (< net20) (< netstandard1.3) (>= netstandard1.4) (< win8) (< wpa81)) (&& (< net20) (< netstandard1.3) (>= netstandard2.0) (< win8) (< wpa81)) (&& (< net20) (>= netstandard1.4) (< netstandard1.5) (< win8) (< wpa81)) (&& (< net20) (< netstandard1.4) (>= netstandard2.0) (< win8) (< wpa81)) (&& (< net20) (>= netstandard1.5) (< netstandard1.6) (< win8) (< wpa81)) (&& (< net20) (< netstandard1.5) (>= netstandard2.0) (< win8) (< wpa81)) (&& (< net20) (>= netstandard1.6) (< netstandard2.0) (< win8) (< wpa81)) (&& (< net20) (< netstandard1.6) (>= netstandard2.0) (< win8) (< wpa81)) (&& (< net45) (>= net461) (< netstandard2.0)) (&& (< net45) (>= netstandard2.0)) (&& (< net451) (>= netstandard1.5)) (&& (< net46) (>= net461)) (&& (>= net461) (< netstandard1.3)) (&& (>= netstandard1.5) (< portable-net45+win8+wpa81)) (&& (>= netstandard1.6) (< portable-net45+win8+wpa81)) (&& (>= netstandard2.0) (< portable-net45+win8+wp8+wpa81)) (&& (>= netstandard2.0) (< portable-net45+win8+wpa81)) (>= uap10.0)
      Microsoft.NETCore.Platforms (>= 1.1) - restriction: || (&& (< monoandroid) (< monotouch) (< net45) (>= netstandard1.5) (< win8) (< wpa81) (< xamarinios) (< xamarinmac) (< xamarintvos) (< xamarinwatchos)) (&& (< monoandroid) (< net45) (>= netstandard1.1) (< netstandard1.2) (< win8)) (&& (< monoandroid) (< net45) (>= netstandard1.2) (< netstandard1.3) (< win8) (< wpa81)) (&& (< monoandroid) (< net45) (>= netstandard1.3) (< netstandard1.5) (< win8) (< wpa81)) (< portable-net45+win8+wpa81)
      Microsoft.NETCore.Targets (>= 1.1) - restriction: || (&& (< monoandroid) (< monotouch) (< net45) (>= netstandard1.5) (< win8) (< wpa81) (< xamarinios) (< xamarinmac) (< xamarintvos) (< xamarinwatchos)) (&& (< monoandroid) (< net45) (>= netstandard1.1) (< netstandard1.2) (< win8)) (&& (< monoandroid) (< net45) (>= netstandard1.2) (< netstandard1.3) (< win8) (< wpa81)) (&& (< monoandroid) (< net45) (>= netstandard1.3) (< netstandard1.5) (< win8) (< wpa81)) (< portable-net45+win8+wpa81)
      System.Runtime (>= 4.3) - restriction: || (&& (< monoandroid) (< monotouch) (< net45) (>= netstandard1.5) (< win8) (< wpa81) (< xamarinios) (< xamarinmac) (< xamarintvos) (< xamarinwatchos)) (&& (< monoandroid) (< net45) (>= netstandard1.1) (< netstandard1.2) (< win8)) (&& (< monoandroid) (< net45) (>= netstandard1.2) (< netstandard1.3) (< win8) (< wpa81)) (&& (< monoandroid) (< net45) (>= netstandard1.3) (< netstandard1.5) (< win8) (< wpa81)) (< portable-net45+win8+wpa81)
    System.Dynamic.Runtime (4.3) - restriction: || (&& (< monoandroid) (< monotouch) (< net20) (>= netstandard1.3) (< netstandard2.0) (< win8) (< wpa81) (< xamarintvos) (< xamarinwatchos)) (&& (< monoandroid) (< net20) (>= netstandard1.0) (< netstandard1.3) (< win8) (< wp8) (< wpa81)) (&& (< net20) (>= netstandard1.0) (< portable-net45+win8+wp8+wpa81)) (&& (< net20) (>= netstandard1.3) (< portable-net45+win8+wp8+wpa81)) (>= netstandard1.6) (&& (>= uap10.0) (< uap10.1))
      System.Collections (>= 4.3) - restriction: || (&& (< monoandroid) (< monotouch) (< net45) (>= netstandard1.3) (< win8) (< wpa81) (< xamarinios) (< xamarinmac) (< xamarintvos) (< xamarinwatchos)) (< portable-net45+win8+wp8+wpa81)
      System.Diagnostics.Debug (>= 4.3) - restriction: || (&& (< monoandroid) (< monotouch) (< net45) (>= netstandard1.3) (< win8) (< wpa81) (< xamarinios) (< xamarinmac) (< xamarintvos) (< xamarinwatchos)) (< portable-net45+win8+wp8+wpa81)
      System.Linq (>= 4.3) - restriction: || (&& (< monoandroid) (< monotouch) (< net45) (>= netstandard1.3) (< win8) (< wpa81) (< xamarinios) (< xamarinmac) (< xamarintvos) (< xamarinwatchos)) (< portable-net45+win8+wp8+wpa81)
      System.Linq.Expressions (>= 4.3) - restriction: || (&& (< monoandroid) (< monotouch) (< net45) (>= netstandard1.3) (< win8) (< wpa81) (< xamarinios) (< xamarinmac) (< xamarintvos) (< xamarinwatchos)) (&& (< monoandroid) (< net45) (>= netstandard1.0) (< netstandard1.3) (< win8) (< wp8) (< wpa81)) (< portable-net45+win8+wp8+wpa81)
      System.ObjectModel (>= 4.3) - restriction: || (&& (< monoandroid) (< monotouch) (< net45) (>= netstandard1.3) (< win8) (< wpa81) (< xamarinios) (< xamarinmac) (< xamarintvos) (< xamarinwatchos)) (&& (< monoandroid) (< net45) (>= netstandard1.0) (< netstandard1.3) (< win8) (< wp8) (< wpa81)) (< portable-net45+win8+wp8+wpa81)
      System.Reflection (>= 4.3) - restriction: || (&& (< monoandroid) (< monotouch) (< net45) (>= netstandard1.3) (< win8) (< wpa81) (< xamarinios) (< xamarinmac) (< xamarintvos) (< xamarinwatchos)) (&& (< monoandroid) (< net45) (>= netstandard1.0) (< netstandard1.3) (< win8) (< wp8) (< wpa81)) (< portable-net45+win8+wp8+wpa81)
      System.Reflection.Emit (>= 4.3) - restriction: && (< monoandroid) (< monotouch) (< net45) (>= netstandard1.3) (< win8) (< wpa81) (< xamarinios) (< xamarinmac) (< xamarintvos) (< xamarinwatchos)
      System.Reflection.Emit.ILGeneration (>= 4.3) - restriction: && (< monoandroid) (< monotouch) (< net45) (>= netstandard1.3) (< win8) (< wpa81) (< xamarinios) (< xamarinmac) (< xamarintvos) (< xamarinwatchos)
      System.Reflection.Primitives (>= 4.3) - restriction: && (< monoandroid) (< monotouch) (< net45) (>= netstandard1.3) (< win8) (< wpa81) (< xamarinios) (< xamarinmac) (< xamarintvos) (< xamarinwatchos)
      System.Reflection.TypeExtensions (>= 4.3) - restriction: || (&& (< monoandroid) (< monotouch) (< net45) (>= netstandard1.3) (< win8) (< wpa81) (< xamarinios) (< xamarinmac) (< xamarintvos) (< xamarinwatchos)) (< portable-net45+win8+wp8+wpa81)
      System.Resources.ResourceManager (>= 4.3) - restriction: || (&& (< monoandroid) (< monotouch) (< net45) (>= netstandard1.3) (< win8) (< wpa81) (< xamarinios) (< xamarinmac) (< xamarintvos) (< xamarinwatchos)) (< portable-net45+win8+wp8+wpa81)
      System.Runtime (>= 4.3) - restriction: || (&& (< monoandroid) (< monotouch) (< net45) (>= netstandard1.3) (< win8) (< wpa81) (< xamarinios) (< xamarinmac) (< xamarintvos) (< xamarinwatchos)) (&& (< monoandroid) (< net45) (>= netstandard1.0) (< netstandard1.3) (< win8) (< wp8) (< wpa81)) (< portable-net45+win8+wp8+wpa81)
      System.Runtime.Extensions (>= 4.3) - restriction: || (&& (< monoandroid) (< monotouch) (< net45) (>= netstandard1.3) (< win8) (< wpa81) (< xamarinios) (< xamarinmac) (< xamarintvos) (< xamarinwatchos)) (< portable-net45+win8+wp8+wpa81)
      System.Threading (>= 4.3) - restriction: || (&& (< monoandroid) (< monotouch) (< net45) (>= netstandard1.3) (< win8) (< wpa81) (< xamarinios) (< xamarinmac) (< xamarintvos) (< xamarinwatchos)) (< portable-net45+win8+wp8+wpa81)
    System.Globalization (4.3) - restriction: || (&& (< monoandroid) (< monotouch) (< net20) (>= netstandard1.3) (< netstandard2.0) (< xamarintvos) (< xamarinwatchos)) (&& (< monoandroid) (< monotouch) (< net20) (>= netstandard1.5) (< netstandard2.0) (< win8) (< wpa81) (< xamarintvos) (< xamarinwatchos)) (&& (< monoandroid) (< monotouch) (< net35) (>= netstandard1.5) (< netstandard2.0) (< win81) (< wpa81) (< xamarintvos) (< xamarinwatchos)) (&& (< monoandroid) (< monotouch) (< net45) (>= netstandard1.5) (< win8) (< wpa81) (< xamarinios) (< xamarinmac) (< xamarintvos) (< xamarinwatchos)) (&& (< monoandroid) (< monotouch) (< net45) (>= netstandard1.6) (< xamarinios) (< xamarinmac) (< xamarintvos) (< xamarinwatchos)) (&& (< monoandroid) (< monotouch) (< net451) (>= netstandard1.5) (< xamarinios) (< xamarinmac) (< xamarintvos) (< xamarinwatchos)) (&& (< monoandroid) (< net20) (< netcoreapp2.1) (>= netstandard2.0) (< win8) (< wpa81) (< xamarinios) (< xamarinmac)) (&& (< monoandroid) (< net20) (>= netstandard1.0) (< netstandard1.3) (< win8) (< wp8) (< wpa81)) (&& (< monoandroid) (< net20) (>= netstandard1.3) (< netstandard1.5) (< win8) (< wpa81)) (&& (< monoandroid) (< net20) (< netstandard1.3) (>= netstandard1.5) (< win8) (< wpa81)) (&& (< monoandroid) (< net35) (>= netstandard1.3) (< netstandard1.5) (< win81) (< wpa81)) (&& (< monoandroid) (< net451) (< netstandard1.3) (>= netstandard1.5)) (&& (< monoandroid) (< net46) (>= netstandard2.0) (< xamarinios) (< xamarinmac)) (&& (< monoandroid) (< netstandard1.3) (>= netstandard2.0)) (&& (< net20) (>= net452) (>= netstandard1.3) (< netstandard2.0)) (&& (< net20) (>= net46) (>= netstandard2.0)) (&& (< net20) (>= net46) (< netstandard2.0)) (&& (< net20) (>= net46) (< portable-net45+win8+wp8+wpa81)) (&& (< net20) (< netstandard1.2) (>= netstandard1.4) (< win8)) (&& (< net20) (< netstandard1.2) (>= netstandard2.0) (< win8)) (&& (< net20) (< netstandard1.3) (>= netstandard1.4) (< win8) (< wpa81)) (&& (< net20) (< netstandard1.3) (>= netstandard2.0) (< win8) (< wpa81)) (&& (< net20) (>= netstandard1.4) (< netstandard1.5) (< win8) (< wpa81)) (&& (< net20) (>= netstandard1.4) (< portable-net45+win8+wp8+wpa81)) (&& (< net20) (>= netstandard1.4) (< portable-net45+win8+wpa81)) (&& (< net20) (< netstandard1.4) (>= netstandard2.0) (< win8) (< wpa81)) (&& (< net20) (>= netstandard1.5) (< netstandard1.6) (< win8) (< wpa81)) (&& (< net20) (>= netstandard1.5) (< portable-net45+win8+wp8+wpa81)) (&& (< net20) (< netstandard1.5) (>= netstandard2.0) (< win8) (< wpa81)) (&& (< net20) (>= netstandard1.6) (< netstandard2.0) (< win8) (< wpa81)) (&& (< net20) (< netstandard1.6) (>= netstandard2.0) (< win8) (< wpa81)) (&& (< net45) (>= net461) (< netstandard2.0)) (&& (< net45) (>= netstandard1.6) (< netstandard2.0)) (&& (< net45) (>= netstandard2.0)) (&& (< net46) (>= net461)) (&& (>= net461) (< netstandard1.3)) (>= netcoreapp1.0) (&& (>= netstandard1.3) (< portable-net45+win8+wp8+wpa81)) (&& (>= netstandard1.5) (< portable-net45+win8+wpa81)) (&& (>= netstandard1.6) (< portable-net45+win8+wp8+wpa81)) (&& (>= netstandard2.0) (< portable-net45+win8+wp8+wpa81)) (&& (>= netstandard2.0) (< portable-net45+win8+wpa81)) (>= uap10.0)
      Microsoft.NETCore.Platforms (>= 1.1) - restriction: || (&& (< monoandroid) (< monotouch) (< net45) (>= netstandard1.3) (< win8) (< wpa81) (< xamarinios) (< xamarinmac) (< xamarintvos) (< xamarinwatchos)) (&& (< monoandroid) (< net45) (>= netstandard1.0) (< netstandard1.3) (< win8) (< wp8) (< wpa81)) (< portable-net45+win8+wp8+wpa81)
      Microsoft.NETCore.Targets (>= 1.1) - restriction: || (&& (< monoandroid) (< monotouch) (< net45) (>= netstandard1.3) (< win8) (< wpa81) (< xamarinios) (< xamarinmac) (< xamarintvos) (< xamarinwatchos)) (&& (< monoandroid) (< net45) (>= netstandard1.0) (< netstandard1.3) (< win8) (< wp8) (< wpa81)) (< portable-net45+win8+wp8+wpa81)
      System.Runtime (>= 4.3) - restriction: || (&& (< monoandroid) (< monotouch) (< net45) (>= netstandard1.3) (< win8) (< wpa81) (< xamarinios) (< xamarinmac) (< xamarintvos) (< xamarinwatchos)) (&& (< monoandroid) (< net45) (>= netstandard1.0) (< netstandard1.3) (< win8) (< wp8) (< wpa81)) (< portable-net45+win8+wp8+wpa81)
    System.Globalization.Calendars (4.3) - restriction: || (&& (< monoandroid) (< monotouch) (< net45) (>= netstandard1.6) (< xamarinios) (< xamarinmac) (< xamarintvos) (< xamarinwatchos)) (&& (< net20) (>= net46) (< netstandard1.4) (>= netstandard2.0)) (&& (< net20) (>= netstandard1.4) (< netstandard1.5) (< win8) (< wpa81)) (&& (< net20) (< netstandard1.4) (>= netstandard2.0) (< win8) (< wpa81)) (&& (< net20) (>= netstandard1.5) (< netstandard1.6) (< win8) (< wpa81)) (&& (< net20) (< netstandard1.5) (>= netstandard2.0) (< win8) (< wpa81)) (&& (< net20) (>= netstandard1.6) (< netstandard2.0) (< win8) (< wpa81)) (&& (< net20) (< netstandard1.6) (>= netstandard2.0) (< win8) (< wpa81)) (&& (< netstandard1.5) (>= netstandard2.0) (>= uap10.0)) (&& (>= uap10.0) (< uap10.1))
      Microsoft.NETCore.Platforms (>= 1.1) - restriction: && (< monoandroid) (< monotouch) (< net46) (>= netstandard1.3) (< xamarinios) (< xamarinmac) (< xamarintvos) (< xamarinwatchos)
      Microsoft.NETCore.Targets (>= 1.1) - restriction: && (< monoandroid) (< monotouch) (< net46) (>= netstandard1.3) (< xamarinios) (< xamarinmac) (< xamarintvos) (< xamarinwatchos)
      System.Globalization (>= 4.3) - restriction: && (< monoandroid) (< monotouch) (< net46) (>= netstandard1.3) (< xamarinios) (< xamarinmac) (< xamarintvos) (< xamarinwatchos)
      System.Runtime (>= 4.3) - restriction: && (< monoandroid) (< monotouch) (< net46) (>= netstandard1.3) (< xamarinios) (< xamarinmac) (< xamarintvos) (< xamarinwatchos)
    System.Globalization.Extensions (4.3) - restriction: || (&& (< monoandroid) (< monotouch) (< net46) (>= netstandard1.5) (< xamarinios) (< xamarinmac) (< xamarintvos) (< xamarinwatchos)) (&& (< monoandroid) (< net45) (>= netstandard2.0) (< xamarinios) (< xamarinmac)) (&& (>= uap10.0) (< uap10.1))
      Microsoft.NETCore.Platforms (>= 1.1) - restriction: && (< monoandroid) (< monotouch) (< net46) (>= netstandard1.3) (< xamarinios) (< xamarinmac) (< xamarintvos) (< xamarinwatchos)
      System.Globalization (>= 4.3) - restriction: && (< monoandroid) (< monotouch) (< net46) (>= netstandard1.3) (< xamarinios) (< xamarinmac) (< xamarintvos) (< xamarinwatchos)
      System.Resources.ResourceManager (>= 4.3) - restriction: && (< monoandroid) (< monotouch) (< net46) (>= netstandard1.3) (< xamarinios) (< xamarinmac) (< xamarintvos) (< xamarinwatchos)
      System.Runtime (>= 4.3) - restriction: && (< monoandroid) (< monotouch) (< net46) (>= netstandard1.3) (< xamarinios) (< xamarinmac) (< xamarintvos) (< xamarinwatchos)
      System.Runtime.Extensions (>= 4.3) - restriction: && (< monoandroid) (< monotouch) (< net46) (>= netstandard1.3) (< xamarinios) (< xamarinmac) (< xamarintvos) (< xamarinwatchos)
      System.Runtime.InteropServices (>= 4.3) - restriction: && (< monoandroid) (< monotouch) (< net46) (>= netstandard1.3) (< xamarinios) (< xamarinmac) (< xamarintvos) (< xamarinwatchos)
    System.IdentityModel.Tokens.Jwt (5.4) - restriction: || (>= net461) (>= netstandard2.0) (>= uap10.0)
      Microsoft.IdentityModel.JsonWebTokens (>= 5.4) - restriction: || (&& (>= net45) (< net451) (< netstandard1.4)) (&& (< net45) (>= netstandard1.4) (< netstandard2.0)) (&& (< net45) (>= netstandard2.0)) (&& (>= net451) (< netstandard1.4)) (>= net461)
      Microsoft.IdentityModel.Tokens (>= 5.4) - restriction: || (&& (>= net45) (< net451) (< netstandard1.4)) (&& (< net45) (>= netstandard1.4) (< netstandard2.0)) (&& (< net45) (>= netstandard2.0)) (&& (>= net451) (< netstandard1.4)) (>= net461)
      NETStandard.Library (>= 1.6.1) - restriction: && (< net45) (>= netstandard1.4) (< netstandard2.0)
      Newtonsoft.Json (>= 10.0.1) - restriction: || (&& (>= net45) (< net451) (< netstandard1.4)) (&& (< net45) (>= netstandard1.4) (< netstandard2.0)) (&& (< net45) (>= netstandard2.0)) (&& (>= net451) (< netstandard1.4)) (>= net461)
    System.IO (4.3) - restriction: || (&& (< monoandroid) (< monotouch) (< net20) (>= netstandard1.3) (< netstandard2.0) (< xamarintvos) (< xamarinwatchos)) (&& (< monoandroid) (< monotouch) (< net35) (>= netstandard1.5) (< netstandard2.0) (< xamarintvos) (< xamarinwatchos)) (&& (< monoandroid) (< monotouch) (< net45) (>= netstandard1.5) (< win8) (< wpa81) (< xamarinios) (< xamarinmac) (< xamarintvos) (< xamarinwatchos)) (&& (< monoandroid) (< monotouch) (< net45) (>= netstandard1.6) (< xamarinios) (< xamarinmac) (< xamarintvos) (< xamarinwatchos)) (&& (< monoandroid) (< net20) (< netcoreapp2.1) (>= netstandard2.0) (< win8) (< wpa81) (< xamarinios) (< xamarinmac)) (&& (< monoandroid) (< net20) (< netstandard1.3) (>= netstandard1.5) (< win8) (< wpa81)) (&& (< monoandroid) (< net20) (< netstandard1.3) (>= netstandard1.6) (< win8) (< wpa81)) (&& (< monoandroid) (< net35) (>= netstandard1.3) (< netstandard1.5) (< win81) (< wpa81)) (&& (< monoandroid) (< net46) (>= netstandard2.0) (< xamarinios) (< xamarinmac)) (&& (< monoandroid) (< netstandard1.1) (>= netstandard2.0) (< win8)) (&& (< net20) (>= net452) (>= netstandard1.3) (< netstandard2.0)) (&& (< net20) (>= net452) (>= netstandard1.3) (< portable-net45+win8+wp8+wpa81)) (&& (< net20) (>= net46) (< netstandard1.3)) (&& (< net20) (>= net46) (>= netstandard2.0)) (&& (< net20) (>= net46) (< netstandard2.0)) (&& (< net20) (>= net46) (< portable-net45+win8+wp8+wpa81)) (&& (< net20) (< netstandard1.2) (>= netstandard1.4) (< win8)) (&& (< net20) (< netstandard1.2) (>= netstandard2.0) (< win8)) (&& (< net20) (< netstandard1.3) (>= netstandard1.4) (< win8) (< wpa81)) (&& (< net20) (< netstandard1.3) (>= netstandard2.0) (< win8) (< wpa81)) (&& (< net20) (>= netstandard1.4) (< netstandard1.5) (< win8) (< wpa81)) (&& (< net20) (>= netstandard1.4) (< portable-net45+win8+wpa81)) (&& (< net20) (< netstandard1.4) (>= netstandard2.0) (< win8) (< wpa81)) (&& (< net20) (>= netstandard1.5) (< netstandard1.6) (< win8) (< wpa81)) (&& (< net20) (>= netstandard1.5) (< portable-net45+win8+wpa81)) (&& (< net20) (< netstandard1.5) (>= netstandard2.0) (< win8) (< wpa81)) (&& (< net20) (>= netstandard1.6) (< netstandard2.0) (< win8) (< wpa81)) (&& (< net20) (>= netstandard1.6) (< portable-net45+win8+wpa81)) (&& (< net20) (< netstandard1.6) (>= netstandard2.0) (< win8) (< wpa81)) (&& (< net45) (>= net461) (< netstandard2.0)) (&& (< net45) (>= netstandard1.6) (< netstandard2.0)) (&& (< net45) (>= netstandard2.0)) (&& (< net451) (>= netstandard1.5)) (&& (< net46) (>= net461)) (>= netcoreapp1.0) (&& (>= netstandard1.6) (< portable-net45+win8+wp8+wpa81)) (&& (>= netstandard2.0) (< portable-net45+win8+wp8+wpa81)) (&& (>= netstandard2.0) (< portable-net45+win8+wpa81)) (>= uap10.0)
      Microsoft.NETCore.Platforms (>= 1.1) - restriction: || (&& (< monoandroid) (< monotouch) (< net45) (>= netstandard1.5) (< win8) (< wpa81) (< xamarinios) (< xamarinmac) (< xamarintvos) (< xamarinwatchos)) (&& (< monoandroid) (< net45) (>= netstandard1.0) (< netstandard1.3) (< win8) (< wp8) (< wpa81)) (&& (< monoandroid) (< net45) (>= netstandard1.3) (< netstandard1.5) (< win8) (< wpa81)) (< portable-net45+win8+wp8+wpa81)
      Microsoft.NETCore.Targets (>= 1.1) - restriction: || (&& (< monoandroid) (< monotouch) (< net45) (>= netstandard1.5) (< win8) (< wpa81) (< xamarinios) (< xamarinmac) (< xamarintvos) (< xamarinwatchos)) (&& (< monoandroid) (< net45) (>= netstandard1.0) (< netstandard1.3) (< win8) (< wp8) (< wpa81)) (&& (< monoandroid) (< net45) (>= netstandard1.3) (< netstandard1.5) (< win8) (< wpa81)) (< portable-net45+win8+wp8+wpa81)
      System.Runtime (>= 4.3) - restriction: || (&& (< monoandroid) (< monotouch) (< net45) (>= netstandard1.5) (< win8) (< wpa81) (< xamarinios) (< xamarinmac) (< xamarintvos) (< xamarinwatchos)) (&& (< monoandroid) (< net45) (>= netstandard1.0) (< netstandard1.3) (< win8) (< wp8) (< wpa81)) (&& (< monoandroid) (< net45) (>= netstandard1.3) (< netstandard1.5) (< win8) (< wpa81)) (< portable-net45+win8+wp8+wpa81)
      System.Text.Encoding (>= 4.3) - restriction: || (&& (< monoandroid) (< monotouch) (< net45) (>= netstandard1.5) (< win8) (< wpa81) (< xamarinios) (< xamarinmac) (< xamarintvos) (< xamarinwatchos)) (&& (< monoandroid) (< net45) (>= netstandard1.0) (< netstandard1.3) (< win8) (< wp8) (< wpa81)) (&& (< monoandroid) (< net45) (>= netstandard1.3) (< netstandard1.5) (< win8) (< wpa81)) (< portable-net45+win8+wp8+wpa81)
      System.Threading.Tasks (>= 4.3) - restriction: || (&& (< monoandroid) (< monotouch) (< net45) (>= netstandard1.5) (< win8) (< wpa81) (< xamarinios) (< xamarinmac) (< xamarintvos) (< xamarinwatchos)) (&& (< monoandroid) (< net45) (>= netstandard1.0) (< netstandard1.3) (< win8) (< wp8) (< wpa81)) (&& (< monoandroid) (< net45) (>= netstandard1.3) (< netstandard1.5) (< win8) (< wpa81)) (< portable-net45+win8+wp8+wpa81)
    System.IO.Compression (4.3) - restriction: || (&& (< net20) (>= net46) (< netstandard1.4) (>= netstandard2.0)) (&& (< net20) (< netstandard1.2) (>= netstandard1.4) (< win8)) (&& (< net20) (< netstandard1.2) (>= netstandard2.0) (< win8)) (&& (< net20) (< netstandard1.3) (>= netstandard1.4) (< win8) (< wpa81)) (&& (< net20) (< netstandard1.3) (>= netstandard2.0) (< win8) (< wpa81)) (&& (< net20) (>= netstandard1.4) (< netstandard1.5) (< win8) (< wpa81)) (&& (< net20) (< netstandard1.4) (>= netstandard2.0) (< win8) (< wpa81)) (&& (< net20) (>= netstandard1.5) (< netstandard1.6) (< win8) (< wpa81)) (&& (< net20) (< netstandard1.5) (>= netstandard2.0) (< win8) (< wpa81)) (&& (< net20) (>= netstandard1.6) (< netstandard2.0) (< win8) (< wpa81)) (&& (< net20) (< netstandard1.6) (>= netstandard2.0) (< win8) (< wpa81)) (&& (< netstandard1.5) (>= netstandard2.0) (>= uap10.0)) (&& (>= uap10.0) (< uap10.1))
      Microsoft.NETCore.Platforms (>= 1.1) - restriction: && (< monoandroid) (< monotouch) (< net45) (>= netstandard1.3) (< win8) (< wpa81) (< xamarinios) (< xamarinmac) (< xamarintvos) (< xamarinwatchos)
      runtime.native.System (>= 4.3) - restriction: && (< monoandroid) (< monotouch) (< net45) (>= netstandard1.3) (< win8) (< wpa81) (< xamarinios) (< xamarinmac) (< xamarintvos) (< xamarinwatchos)
      runtime.native.System.IO.Compression (>= 4.3) - restriction: || (&& (< monoandroid) (< monotouch) (< net45) (>= netstandard1.3) (< win8) (< wpa81) (< xamarinios) (< xamarinmac) (< xamarintvos) (< xamarinwatchos)) (< portable-net45+win8+wpa81)
      System.Buffers (>= 4.3) - restriction: || (&& (< monoandroid) (< monotouch) (< net45) (>= netstandard1.3) (< win8) (< wpa81) (< xamarinios) (< xamarinmac) (< xamarintvos) (< xamarinwatchos)) (< portable-net45+win8+wpa81)
      System.Collections (>= 4.3) - restriction: || (&& (< monoandroid) (< monotouch) (< net45) (>= netstandard1.3) (< win8) (< wpa81) (< xamarinios) (< xamarinmac) (< xamarintvos) (< xamarinwatchos)) (< portable-net45+win8+wpa81)
      System.Diagnostics.Debug (>= 4.3) - restriction: || (&& (< monoandroid) (< monotouch) (< net45) (>= netstandard1.3) (< win8) (< wpa81) (< xamarinios) (< xamarinmac) (< xamarintvos) (< xamarinwatchos)) (< portable-net45+win8+wpa81)
      System.IO (>= 4.3) - restriction: || (&& (< monoandroid) (< monotouch) (< net45) (>= netstandard1.3) (< win8) (< wpa81) (< xamarinios) (< xamarinmac) (< xamarintvos) (< xamarinwatchos)) (&& (< monoandroid) (< net45) (>= netstandard1.1) (< netstandard1.3) (< win8) (< wpa81)) (< portable-net45+win8+wpa81)
      System.Resources.ResourceManager (>= 4.3) - restriction: || (&& (< monoandroid) (< monotouch) (< net45) (>= netstandard1.3) (< win8) (< wpa81) (< xamarinios) (< xamarinmac) (< xamarintvos) (< xamarinwatchos)) (< portable-net45+win8+wpa81)
      System.Runtime (>= 4.3) - restriction: || (&& (< monoandroid) (< monotouch) (< net45) (>= netstandard1.3) (< win8) (< wpa81) (< xamarinios) (< xamarinmac) (< xamarintvos) (< xamarinwatchos)) (&& (< monoandroid) (< net45) (>= netstandard1.1) (< netstandard1.3) (< win8) (< wpa81)) (< portable-net45+win8+wpa81)
      System.Runtime.Extensions (>= 4.3) - restriction: || (&& (< monoandroid) (< monotouch) (< net45) (>= netstandard1.3) (< win8) (< wpa81) (< xamarinios) (< xamarinmac) (< xamarintvos) (< xamarinwatchos)) (< portable-net45+win8+wpa81)
      System.Runtime.Handles (>= 4.3) - restriction: || (&& (< monoandroid) (< monotouch) (< net45) (>= netstandard1.3) (< win8) (< wpa81) (< xamarinios) (< xamarinmac) (< xamarintvos) (< xamarinwatchos)) (< portable-net45+win8+wpa81)
      System.Runtime.InteropServices (>= 4.3) - restriction: || (&& (< monoandroid) (< monotouch) (< net45) (>= netstandard1.3) (< win8) (< wpa81) (< xamarinios) (< xamarinmac) (< xamarintvos) (< xamarinwatchos)) (< portable-net45+win8+wpa81)
      System.Text.Encoding (>= 4.3) - restriction: || (&& (< monoandroid) (< monotouch) (< net45) (>= netstandard1.3) (< win8) (< wpa81) (< xamarinios) (< xamarinmac) (< xamarintvos) (< xamarinwatchos)) (&& (< monoandroid) (< net45) (>= netstandard1.1) (< netstandard1.3) (< win8) (< wpa81)) (< portable-net45+win8+wpa81)
      System.Threading (>= 4.3) - restriction: || (&& (< monoandroid) (< monotouch) (< net45) (>= netstandard1.3) (< win8) (< wpa81) (< xamarinios) (< xamarinmac) (< xamarintvos) (< xamarinwatchos)) (< portable-net45+win8+wpa81)
      System.Threading.Tasks (>= 4.3) - restriction: || (&& (< monoandroid) (< monotouch) (< net45) (>= netstandard1.3) (< win8) (< wpa81) (< xamarinios) (< xamarinmac) (< xamarintvos) (< xamarinwatchos)) (< portable-net45+win8+wpa81)
    System.IO.Compression.ZipFile (4.3) - restriction: || (&& (< net20) (>= net46) (< netstandard1.4) (>= netstandard2.0)) (&& (< net20) (>= netstandard1.4) (< netstandard1.5) (< win8) (< wpa81)) (&& (< net20) (< netstandard1.4) (>= netstandard2.0) (< win8) (< wpa81)) (&& (< net20) (>= netstandard1.5) (< netstandard1.6) (< win8) (< wpa81)) (&& (< net20) (< netstandard1.5) (>= netstandard2.0) (< win8) (< wpa81)) (&& (< net20) (>= netstandard1.6) (< netstandard2.0) (< win8) (< wpa81)) (&& (< net20) (< netstandard1.6) (>= netstandard2.0) (< win8) (< wpa81)) (&& (< netstandard1.5) (>= netstandard2.0) (>= uap10.0)) (&& (>= uap10.0) (< uap10.1))
      System.Buffers (>= 4.3) - restriction: && (< monoandroid) (< monotouch) (< net46) (>= netstandard1.3) (< xamarinios) (< xamarinmac) (< xamarintvos) (< xamarinwatchos)
      System.IO (>= 4.3) - restriction: && (< monoandroid) (< monotouch) (< net46) (>= netstandard1.3) (< xamarinios) (< xamarinmac) (< xamarintvos) (< xamarinwatchos)
      System.IO.Compression (>= 4.3) - restriction: && (< monoandroid) (< monotouch) (< net46) (>= netstandard1.3) (< xamarinios) (< xamarinmac) (< xamarintvos) (< xamarinwatchos)
      System.IO.FileSystem (>= 4.3) - restriction: && (< monoandroid) (< monotouch) (< net46) (>= netstandard1.3) (< xamarinios) (< xamarinmac) (< xamarintvos) (< xamarinwatchos)
      System.IO.FileSystem.Primitives (>= 4.3) - restriction: && (< monoandroid) (< monotouch) (< net46) (>= netstandard1.3) (< xamarinios) (< xamarinmac) (< xamarintvos) (< xamarinwatchos)
      System.Resources.ResourceManager (>= 4.3) - restriction: && (< monoandroid) (< monotouch) (< net46) (>= netstandard1.3) (< xamarinios) (< xamarinmac) (< xamarintvos) (< xamarinwatchos)
      System.Runtime (>= 4.3) - restriction: && (< monoandroid) (< monotouch) (< net46) (>= netstandard1.3) (< xamarinios) (< xamarinmac) (< xamarintvos) (< xamarinwatchos)
      System.Runtime.Extensions (>= 4.3) - restriction: && (< monoandroid) (< monotouch) (< net46) (>= netstandard1.3) (< xamarinios) (< xamarinmac) (< xamarintvos) (< xamarinwatchos)
      System.Text.Encoding (>= 4.3) - restriction: && (< monoandroid) (< monotouch) (< net46) (>= netstandard1.3) (< xamarinios) (< xamarinmac) (< xamarintvos) (< xamarinwatchos)
    System.IO.FileSystem (4.3) - restriction: || (&& (< monoandroid) (< monotouch) (< net35) (>= netstandard1.5) (< netstandard2.0) (< xamarintvos) (< xamarinwatchos)) (&& (< monoandroid) (< monotouch) (< net45) (>= netstandard1.5) (< win8) (< wpa81) (< xamarinios) (< xamarinmac) (< xamarintvos) (< xamarinwatchos)) (&& (< monoandroid) (< monotouch) (< net45) (>= netstandard1.6) (< xamarinios) (< xamarinmac) (< xamarintvos) (< xamarinwatchos)) (&& (< monoandroid) (< net20) (< netstandard1.2) (>= netstandard1.4) (< win8)) (&& (< monoandroid) (< net20) (< netstandard1.2) (>= netstandard2.0) (< win8)) (&& (< monoandroid) (< net20) (< netstandard1.3) (>= netstandard1.4) (< win8) (< wpa81)) (&& (< monoandroid) (< net20) (< netstandard1.3) (>= netstandard2.0) (< win8) (< wpa81)) (&& (< monoandroid) (< net35) (>= netstandard1.3) (< netstandard1.5)) (&& (< net20) (>= net46) (< netstandard1.4) (>= netstandard2.0)) (&& (< net20) (>= netstandard1.4) (< netstandard1.5) (< win8) (< wpa81)) (&& (< net20) (>= netstandard1.4) (< portable-net45+win8+wp8+wpa81)) (&& (< net20) (>= netstandard1.4) (< portable-net45+win8+wpa81)) (&& (< net20) (< netstandard1.4) (>= netstandard2.0) (< win8) (< wpa81)) (&& (< net20) (>= netstandard1.5) (< netstandard1.6) (< win8) (< wpa81)) (&& (< net20) (>= netstandard1.5) (< portable-net45+win8+wp8+wpa81)) (&& (< net20) (< netstandard1.5) (>= netstandard2.0) (< win8) (< wpa81)) (&& (< net20) (>= netstandard1.6) (< netstandard2.0) (< win8) (< wpa81)) (&& (< net20) (>= netstandard1.6) (< portable-net45+win8+wp8+wpa81)) (&& (< net20) (< netstandard1.6) (>= netstandard2.0) (< win8) (< wpa81)) (&& (< net20) (>= netstandard2.0) (< portable-net45+win8+wp8+wpa81)) (&& (< net20) (>= netstandard2.0) (< portable-net45+win8+wpa81)) (&& (>= net45) (< netstandard1.4) (>= uap10.0)) (&& (< net45) (>= net461) (< netstandard2.0)) (&& (< net45) (>= netstandard2.0)) (&& (>= net451) (< netstandard1.4) (>= uap10.0)) (>= netcoreapp1.0) (&& (< netstandard1.5) (>= uap10.0) (< win8) (< wpa81)) (&& (>= netstandard2.0) (>= uap10.0)) (&& (< netstandard2.0) (>= uap10.0)) (&& (< portable-net45+win8+wp8+wpa81) (>= uap10.0)) (&& (>= uap10.0) (< uap10.1))
      Microsoft.NETCore.Platforms (>= 1.1) - restriction: && (< monoandroid) (< monotouch) (< net46) (>= netstandard1.3) (< xamarinios) (< xamarinmac) (< xamarintvos) (< xamarinwatchos)
      Microsoft.NETCore.Targets (>= 1.1) - restriction: && (< monoandroid) (< monotouch) (< net46) (>= netstandard1.3) (< xamarinios) (< xamarinmac) (< xamarintvos) (< xamarinwatchos)
      System.IO (>= 4.3) - restriction: && (< monoandroid) (< monotouch) (< net46) (>= netstandard1.3) (< xamarinios) (< xamarinmac) (< xamarintvos) (< xamarinwatchos)
      System.IO.FileSystem.Primitives (>= 4.3) - restriction: || (&& (< monoandroid) (< monotouch) (>= netstandard1.3) (< xamarinios) (< xamarinmac) (< xamarintvos) (< xamarinwatchos)) (>= net46)
      System.Runtime (>= 4.3) - restriction: && (< monoandroid) (< monotouch) (< net46) (>= netstandard1.3) (< xamarinios) (< xamarinmac) (< xamarintvos) (< xamarinwatchos)
      System.Runtime.Handles (>= 4.3) - restriction: && (< monoandroid) (< monotouch) (< net46) (>= netstandard1.3) (< xamarinios) (< xamarinmac) (< xamarintvos) (< xamarinwatchos)
      System.Text.Encoding (>= 4.3) - restriction: && (< monoandroid) (< monotouch) (< net46) (>= netstandard1.3) (< xamarinios) (< xamarinmac) (< xamarintvos) (< xamarinwatchos)
      System.Threading.Tasks (>= 4.3) - restriction: && (< monoandroid) (< monotouch) (< net46) (>= netstandard1.3) (< xamarinios) (< xamarinmac) (< xamarintvos) (< xamarinwatchos)
    System.IO.FileSystem.Primitives (4.3) - restriction: || (&& (< monoandroid) (< monotouch) (< net35) (>= netstandard1.5) (< netstandard2.0) (< xamarintvos) (< xamarinwatchos)) (&& (< monoandroid) (< monotouch) (< net45) (>= netstandard1.5) (< win8) (< wpa81) (< xamarinios) (< xamarinmac) (< xamarintvos) (< xamarinwatchos)) (&& (< monoandroid) (< monotouch) (< net45) (>= netstandard1.6) (< xamarinios) (< xamarinmac) (< xamarintvos) (< xamarinwatchos)) (&& (< monoandroid) (< net20) (< netstandard1.2) (>= netstandard1.4) (< win8)) (&& (< monoandroid) (< net20) (< netstandard1.2) (>= netstandard2.0) (< win8)) (&& (< monoandroid) (< net20) (< netstandard1.3) (>= netstandard1.4) (< win8) (< wpa81)) (&& (< monoandroid) (< net20) (< netstandard1.3) (>= netstandard2.0) (< win8) (< wpa81)) (&& (< net20) (>= net46) (< netstandard1.4) (>= netstandard2.0)) (&& (< net20) (>= netstandard1.4) (< netstandard1.5) (< win8) (< wpa81)) (&& (< net20) (>= netstandard1.4) (< portable-net45+win8+wp8+wpa81)) (&& (< net20) (>= netstandard1.4) (< portable-net45+win8+wpa81)) (&& (< net20) (< netstandard1.4) (>= netstandard2.0) (< win8) (< wpa81)) (&& (< net20) (>= netstandard1.5) (< netstandard1.6) (< win8) (< wpa81)) (&& (< net20) (>= netstandard1.5) (< portable-net45+win8+wp8+wpa81)) (&& (< net20) (< netstandard1.5) (>= netstandard2.0) (< win8) (< wpa81)) (&& (< net20) (>= netstandard1.6) (< netstandard2.0) (< win8) (< wpa81)) (&& (< net20) (>= netstandard1.6) (< portable-net45+win8+wp8+wpa81)) (&& (< net20) (< netstandard1.6) (>= netstandard2.0) (< win8) (< wpa81)) (&& (< net20) (>= netstandard2.0) (< portable-net45+win8+wp8+wpa81)) (&& (< net20) (>= netstandard2.0) (< portable-net45+win8+wpa81)) (>= netcoreapp1.0) (&& (< netstandard1.4) (>= uap10.0)) (&& (< netstandard1.5) (>= netstandard2.0) (>= uap10.0)) (&& (< netstandard1.5) (>= uap10.0) (< win8) (< wpa81)) (&& (< portable-net45+win8+wp8+wpa81) (>= uap10.0)) (&& (>= uap10.0) (< uap10.1))
      System.Runtime (>= 4.3) - restriction: && (< monoandroid) (< monotouch) (< net46) (>= netstandard1.3) (< xamarinios) (< xamarinmac) (< xamarintvos) (< xamarinwatchos)
    System.IO.FileSystem.Watcher (4.3) - restriction: && (< monoandroid4.4) (< net35) (>= netstandard1.5) (< netstandard2.0)
      Microsoft.NETCore.Platforms (>= 1.1) - restriction: && (< monoandroid) (< monotouch) (< net46) (>= netstandard1.3) (< xamarinios) (< xamarinmac) (< xamarintvos) (< xamarinwatchos)
      Microsoft.Win32.Primitives (>= 4.3) - restriction: && (< monoandroid) (< monotouch) (< net46) (>= netstandard1.3) (< xamarinios) (< xamarinmac) (< xamarintvos) (< xamarinwatchos)
      runtime.native.System (>= 4.3) - restriction: && (< monoandroid) (< monotouch) (< net46) (>= netstandard1.3) (< xamarinios) (< xamarinmac) (< xamarintvos) (< xamarinwatchos)
      System.Collections (>= 4.3) - restriction: && (< monoandroid) (< monotouch) (< net46) (>= netstandard1.3) (< xamarinios) (< xamarinmac) (< xamarintvos) (< xamarinwatchos)
      System.IO.FileSystem (>= 4.3) - restriction: && (< monoandroid) (< monotouch) (< net46) (>= netstandard1.3) (< xamarinios) (< xamarinmac) (< xamarintvos) (< xamarinwatchos)
      System.IO.FileSystem.Primitives (>= 4.3) - restriction: && (< monoandroid) (< monotouch) (< net46) (>= netstandard1.3) (< xamarinios) (< xamarinmac) (< xamarintvos) (< xamarinwatchos)
      System.Resources.ResourceManager (>= 4.3) - restriction: && (< monoandroid) (< monotouch) (< net46) (>= netstandard1.3) (< xamarinios) (< xamarinmac) (< xamarintvos) (< xamarinwatchos)
      System.Runtime (>= 4.3) - restriction: && (< monoandroid) (< monotouch) (< net46) (>= netstandard1.3) (< xamarinios) (< xamarinmac) (< xamarintvos) (< xamarinwatchos)
      System.Runtime.Extensions (>= 4.3) - restriction: && (< monoandroid) (< monotouch) (< net46) (>= netstandard1.3) (< xamarinios) (< xamarinmac) (< xamarintvos) (< xamarinwatchos)
      System.Runtime.Handles (>= 4.3) - restriction: && (< monoandroid) (< monotouch) (< net46) (>= netstandard1.3) (< xamarinios) (< xamarinmac) (< xamarintvos) (< xamarinwatchos)
      System.Runtime.InteropServices (>= 4.3) - restriction: && (< monoandroid) (< monotouch) (< net46) (>= netstandard1.3) (< xamarinios) (< xamarinmac) (< xamarintvos) (< xamarinwatchos)
      System.Text.Encoding (>= 4.3) - restriction: && (< monoandroid) (< monotouch) (< net46) (>= netstandard1.3) (< xamarinios) (< xamarinmac) (< xamarintvos) (< xamarinwatchos)
      System.Threading (>= 4.3) - restriction: && (< monoandroid) (< monotouch) (< net46) (>= netstandard1.3) (< xamarinios) (< xamarinmac) (< xamarintvos) (< xamarinwatchos)
      System.Threading.Overlapped (>= 4.3) - restriction: && (< monoandroid) (< monotouch) (< net46) (>= netstandard1.3) (< xamarinios) (< xamarinmac) (< xamarintvos) (< xamarinwatchos)
      System.Threading.Tasks (>= 4.3) - restriction: && (< monoandroid) (< monotouch) (< net46) (>= netstandard1.3) (< xamarinios) (< xamarinmac) (< xamarintvos) (< xamarinwatchos)
      System.Threading.Thread (>= 4.3) - restriction: && (< monoandroid) (< monotouch) (< net46) (>= netstandard1.3) (< xamarinios) (< xamarinmac) (< xamarintvos) (< xamarinwatchos)
    System.IO.IsolatedStorage (4.3) - restriction: && (>= uap10.0) (< uap10.1)
      System.IO (>= 4.3) - restriction: || (&& (< monoandroid) (< monotouch) (>= netstandard1.4) (< xamarinios) (< xamarinmac) (< xamarintvos) (< xamarinwatchos)) (&& (< monoandroid) (< netstandard1.4))
      System.IO.FileSystem.Primitives (>= 4.3) - restriction: || (&& (< monoandroid) (< monotouch) (>= netstandard1.4) (< xamarinios) (< xamarinmac) (< xamarintvos) (< xamarinwatchos)) (&& (< monoandroid) (< netstandard1.4))
      System.Runtime (>= 4.3) - restriction: || (&& (< monoandroid) (< monotouch) (>= netstandard1.4) (< xamarinios) (< xamarinmac) (< xamarintvos) (< xamarinwatchos)) (&& (< monoandroid) (< netstandard1.4))
      System.Threading.Tasks (>= 4.3) - restriction: || (&& (< monoandroid) (< monotouch) (>= netstandard1.4) (< xamarinios) (< xamarinmac) (< xamarintvos) (< xamarinwatchos)) (&& (< monoandroid) (< netstandard1.4))
    System.IO.UnmanagedMemoryStream (4.3) - restriction: && (>= uap10.0) (< uap10.1)
      System.Buffers (>= 4.3) - restriction: && (< monoandroid) (< monotouch) (< net46) (>= netstandard1.3) (< xamarinios) (< xamarinmac) (< xamarintvos) (< xamarinwatchos)
      System.Diagnostics.Debug (>= 4.3) - restriction: && (< monoandroid) (< monotouch) (< net46) (>= netstandard1.3) (< xamarinios) (< xamarinmac) (< xamarintvos) (< xamarinwatchos)
      System.IO (>= 4.3) - restriction: && (< monoandroid) (< monotouch) (< net46) (>= netstandard1.3) (< xamarinios) (< xamarinmac) (< xamarintvos) (< xamarinwatchos)
      System.IO.FileSystem.Primitives (>= 4.3) - restriction: || (&& (< monoandroid) (< monotouch) (>= netstandard1.3) (< xamarinios) (< xamarinmac) (< xamarintvos) (< xamarinwatchos)) (>= net46)
      System.Resources.ResourceManager (>= 4.3) - restriction: && (< monoandroid) (< monotouch) (< net46) (>= netstandard1.3) (< xamarinios) (< xamarinmac) (< xamarintvos) (< xamarinwatchos)
      System.Runtime (>= 4.3) - restriction: && (< monoandroid) (< monotouch) (< net46) (>= netstandard1.3) (< xamarinios) (< xamarinmac) (< xamarintvos) (< xamarinwatchos)
      System.Runtime.InteropServices (>= 4.3) - restriction: && (< monoandroid) (< monotouch) (< net46) (>= netstandard1.3) (< xamarinios) (< xamarinmac) (< xamarintvos) (< xamarinwatchos)
      System.Threading (>= 4.3) - restriction: && (< monoandroid) (< monotouch) (< net46) (>= netstandard1.3) (< xamarinios) (< xamarinmac) (< xamarintvos) (< xamarinwatchos)
      System.Threading.Tasks (>= 4.3) - restriction: && (< monoandroid) (< monotouch) (< net46) (>= netstandard1.3) (< xamarinios) (< xamarinmac) (< xamarintvos) (< xamarinwatchos)
    System.Linq (4.3) - restriction: || (&& (< monoandroid) (< monotouch) (< net45) (>= netstandard1.5) (< win8) (< wpa81) (< xamarinios) (< xamarinmac) (< xamarintvos) (< xamarinwatchos)) (&& (< monoandroid) (< monotouch) (< net45) (>= netstandard1.6) (< win8) (< wpa81) (< xamarinios) (< xamarinmac) (< xamarintvos) (< xamarinwatchos)) (&& (< monoandroid) (< net20) (>= netstandard1.5) (< win8) (< wpa81)) (&& (< monoandroid) (< net45) (>= netstandard2.0) (< win8) (< wpa81)) (&& (< net20) (>= net46) (>= netstandard2.0)) (&& (< net20) (>= net46) (< netstandard2.0)) (&& (< net20) (>= net46) (< portable-net45+win8+wp8+wpa81)) (&& (< net20) (< netstandard1.2) (>= netstandard1.4) (< win8)) (&& (< net20) (< netstandard1.2) (>= netstandard2.0) (< win8)) (&& (< net20) (>= netstandard1.4) (< portable-net45+win8+wpa81)) (&& (< net20) (>= netstandard1.4) (< win8) (< wpa81)) (&& (< net20) (>= netstandard1.5) (< netstandard1.6) (< win8) (< wpa81)) (&& (< net20) (>= netstandard1.6) (< netstandard2.0) (< win8) (< wpa81)) (&& (< net20) (>= netstandard2.0) (< portable-net45+win8+wpa81)) (&& (< net20) (>= netstandard2.0) (< win8) (< wpa81)) (&& (< net45) (>= net461)) (&& (< net45) (>= netstandard1.6) (< netstandard2.0)) (&& (< net451) (>= netstandard1.5)) (&& (>= net461) (< portable-net45+win8+wp8+wpa81)) (>= netstandard1.3) (&& (< netstandard1.5) (>= netstandard2.0) (>= uap10.0)) (&& (>= netstandard1.6) (< portable-net45+win8+wp8+wpa81)) (&& (>= netstandard2.0) (< portable-net45+win8+wp8+wpa81)) (&& (< portable-net45+win8+wp8+wpa81) (>= uap10.0)) (&& (>= uap10.0) (< uap10.1)) (&& (>= uap10.0) (< win8) (< wpa81))
      System.Collections (>= 4.3) - restriction: || (&& (< monoandroid) (< monotouch) (< net45) (>= netstandard1.6) (< xamarinios) (< xamarinmac) (< xamarintvos) (< xamarinwatchos)) (&& (< monoandroid) (< net45) (>= netstandard1.0) (< netstandard1.6) (< win8) (< wp8) (< wpa81)) (< portable-net45+win8+wp8+wpa81)
      System.Diagnostics.Debug (>= 4.3) - restriction: || (&& (< monoandroid) (< monotouch) (< net45) (>= netstandard1.6) (< xamarinios) (< xamarinmac) (< xamarintvos) (< xamarinwatchos)) (< portable-net45+win8+wp8+wpa81)
      System.Resources.ResourceManager (>= 4.3) - restriction: || (&& (< monoandroid) (< monotouch) (< net45) (>= netstandard1.6) (< xamarinios) (< xamarinmac) (< xamarintvos) (< xamarinwatchos)) (< portable-net45+win8+wp8+wpa81)
      System.Runtime (>= 4.3) - restriction: || (&& (< monoandroid) (< monotouch) (< net45) (>= netstandard1.6) (< xamarinios) (< xamarinmac) (< xamarintvos) (< xamarinwatchos)) (&& (< monoandroid) (< net45) (>= netstandard1.0) (< netstandard1.6) (< win8) (< wp8) (< wpa81)) (< portable-net45+win8+wp8+wpa81)
      System.Runtime.Extensions (>= 4.3) - restriction: || (&& (< monoandroid) (< monotouch) (< net45) (>= netstandard1.6) (< xamarinios) (< xamarinmac) (< xamarintvos) (< xamarinwatchos)) (< portable-net45+win8+wp8+wpa81)
    System.Linq.Expressions (4.3) - restriction: || (&& (< monoandroid) (< monotouch) (< net45) (>= netstandard1.6) (< win8) (< wpa81) (< xamarinios) (< xamarinmac) (< xamarintvos) (< xamarinwatchos)) (&& (< monoandroid) (< net45) (< netstandard1.3) (>= netstandard1.6) (< win8) (< wpa81)) (&& (< net20) (< netstandard1.2) (>= netstandard1.4) (< win8)) (&& (< net20) (< netstandard1.2) (>= netstandard2.0) (< win8)) (&& (< net20) (< netstandard1.3) (>= netstandard1.4) (< win8) (< wpa81)) (&& (< net20) (< netstandard1.3) (>= netstandard2.0) (< win8) (< wpa81)) (&& (< net20) (>= netstandard1.4) (< netstandard1.5) (< win8) (< wpa81)) (&& (< net20) (>= netstandard1.4) (< portable-net45+win8+wpa81)) (&& (< net20) (< netstandard1.4) (>= netstandard2.0) (< win8) (< wpa81)) (&& (< net20) (>= netstandard1.5) (< netstandard1.6) (< win8) (< wpa81)) (&& (< net20) (< netstandard1.5) (>= netstandard2.0) (< win8) (< wpa81)) (&& (< net20) (>= netstandard1.6) (< netstandard2.0) (< win8) (< wpa81)) (&& (< net20) (< netstandard1.6) (>= netstandard2.0) (< win8) (< wpa81)) (&& (< net20) (>= netstandard2.0) (< portable-net45+win8+wpa81)) (&& (< net45) (>= netstandard1.6) (< netstandard2.0)) (&& (< netstandard1.5) (>= netstandard2.0) (>= uap10.0)) (&& (>= netstandard1.6) (< portable-net45+win8+wp8+wpa81)) (&& (>= uap10.0) (< uap10.1))
      System.Collections (>= 4.3) - restriction: || (&& (< monoandroid) (< monotouch) (< net45) (>= netstandard1.6) (< xamarinios) (< xamarinmac) (< xamarintvos) (< xamarinwatchos)) (< portable-net45+win8+wp8+wpa81)
      System.Diagnostics.Debug (>= 4.3) - restriction: || (&& (< monoandroid) (< monotouch) (< net45) (>= netstandard1.6) (< xamarinios) (< xamarinmac) (< xamarintvos) (< xamarinwatchos)) (< portable-net45+win8+wp8+wpa81)
      System.Globalization (>= 4.3) - restriction: || (&& (< monoandroid) (< monotouch) (< net45) (>= netstandard1.6) (< xamarinios) (< xamarinmac) (< xamarintvos) (< xamarinwatchos)) (< portable-net45+win8+wp8+wpa81)
      System.IO (>= 4.3) - restriction: || (&& (< monoandroid) (< monotouch) (< net45) (>= netstandard1.6) (< xamarinios) (< xamarinmac) (< xamarintvos) (< xamarinwatchos)) (< portable-net45+win8+wp8+wpa81)
      System.Linq (>= 4.3) - restriction: || (&& (< monoandroid) (< monotouch) (< net45) (>= netstandard1.6) (< xamarinios) (< xamarinmac) (< xamarintvos) (< xamarinwatchos)) (< portable-net45+win8+wp8+wpa81)
      System.ObjectModel (>= 4.3) - restriction: && (< monoandroid) (< monotouch) (< net45) (>= netstandard1.6) (< xamarinios) (< xamarinmac) (< xamarintvos) (< xamarinwatchos)
      System.Reflection (>= 4.3) - restriction: || (&& (< monoandroid) (< monotouch) (< net45) (>= netstandard1.6) (< xamarinios) (< xamarinmac) (< xamarintvos) (< xamarinwatchos)) (&& (< monoandroid) (< net45) (>= netstandard1.0) (< netstandard1.3) (< win8) (< wp8) (< wpa81)) (&& (< monoandroid) (< net45) (>= netstandard1.3) (< netstandard1.6) (< win8) (< wpa81)) (< portable-net45+win8+wp8+wpa81)
      System.Reflection.Emit (>= 4.3) - restriction: && (< monoandroid) (< monotouch) (< net45) (>= netstandard1.6) (< xamarinios) (< xamarinmac) (< xamarintvos) (< xamarinwatchos)
      System.Reflection.Emit.ILGeneration (>= 4.3) - restriction: || (&& (< monoandroid) (< monotouch) (< net45) (>= netstandard1.6) (< xamarinios) (< xamarinmac) (< xamarintvos) (< xamarinwatchos)) (< portable-net45+win8+wp8+wpa81)
      System.Reflection.Emit.Lightweight (>= 4.3) - restriction: || (&& (< monoandroid) (< monotouch) (< net45) (>= netstandard1.6) (< xamarinios) (< xamarinmac) (< xamarintvos) (< xamarinwatchos)) (< portable-net45+win8+wp8+wpa81)
      System.Reflection.Extensions (>= 4.3) - restriction: || (&& (< monoandroid) (< monotouch) (< net45) (>= netstandard1.6) (< xamarinios) (< xamarinmac) (< xamarintvos) (< xamarinwatchos)) (< portable-net45+win8+wp8+wpa81)
      System.Reflection.Primitives (>= 4.3) - restriction: || (&& (< monoandroid) (< monotouch) (< net45) (>= netstandard1.6) (< xamarinios) (< xamarinmac) (< xamarintvos) (< xamarinwatchos)) (< portable-net45+win8+wp8+wpa81)
      System.Reflection.TypeExtensions (>= 4.3) - restriction: || (&& (< monoandroid) (< monotouch) (< net45) (>= netstandard1.6) (< xamarinios) (< xamarinmac) (< xamarintvos) (< xamarinwatchos)) (< portable-net45+win8+wp8+wpa81)
      System.Resources.ResourceManager (>= 4.3) - restriction: || (&& (< monoandroid) (< monotouch) (< net45) (>= netstandard1.6) (< xamarinios) (< xamarinmac) (< xamarintvos) (< xamarinwatchos)) (< portable-net45+win8+wp8+wpa81)
      System.Runtime (>= 4.3) - restriction: || (&& (< monoandroid) (< monotouch) (< net45) (>= netstandard1.6) (< xamarinios) (< xamarinmac) (< xamarintvos) (< xamarinwatchos)) (&& (< monoandroid) (< net45) (>= netstandard1.0) (< netstandard1.3) (< win8) (< wp8) (< wpa81)) (&& (< monoandroid) (< net45) (>= netstandard1.3) (< netstandard1.6) (< win8) (< wpa81)) (< portable-net45+win8+wp8+wpa81)
      System.Runtime.Extensions (>= 4.3) - restriction: || (&& (< monoandroid) (< monotouch) (< net45) (>= netstandard1.6) (< xamarinios) (< xamarinmac) (< xamarintvos) (< xamarinwatchos)) (< portable-net45+win8+wp8+wpa81)
      System.Threading (>= 4.3) - restriction: || (&& (< monoandroid) (< monotouch) (< net45) (>= netstandard1.6) (< xamarinios) (< xamarinmac) (< xamarintvos) (< xamarinwatchos)) (< portable-net45+win8+wp8+wpa81)
    System.Linq.Parallel (4.3) - restriction: && (>= uap10.0) (< uap10.1)
    System.Linq.Queryable (4.3) - restriction: || (&& (< net45) (>= netstandard1.6) (< netstandard2.0)) (&& (< netstandard1.3) (>= uap10.0)) (>= netstandard1.5) (&& (< portable-net45+win8+wp8) (>= uap10.0)) (&& (>= uap10.0) (< uap10.1))
      System.Collections (>= 4.3) - restriction: || (&& (< monoandroid) (< monotouch) (< net45) (>= netstandard1.3) (< win8) (< wpa81) (< xamarinios) (< xamarinmac) (< xamarintvos) (< xamarinwatchos)) (< portable-net45+win8+wp8+wpa81)
      System.Diagnostics.Debug (>= 4.3) - restriction: || (&& (< monoandroid) (< monotouch) (< net45) (>= netstandard1.3) (< win8) (< wpa81) (< xamarinios) (< xamarinmac) (< xamarintvos) (< xamarinwatchos)) (< portable-net45+win8+wp8+wpa81)
      System.Linq (>= 4.3) - restriction: || (&& (< monoandroid) (< monotouch) (< net45) (>= netstandard1.3) (< win8) (< wpa81) (< xamarinios) (< xamarinmac) (< xamarintvos) (< xamarinwatchos)) (&& (< monoandroid) (< net45) (>= netstandard1.0) (< netstandard1.3) (< win8) (< wp8) (< wpa81)) (< portable-net45+win8+wp8+wpa81)
      System.Linq.Expressions (>= 4.3) - restriction: || (&& (< monoandroid) (< monotouch) (< net45) (>= netstandard1.3) (< win8) (< wpa81) (< xamarinios) (< xamarinmac) (< xamarintvos) (< xamarinwatchos)) (&& (< monoandroid) (< net45) (>= netstandard1.0) (< netstandard1.3) (< win8) (< wp8) (< wpa81)) (< portable-net45+win8+wp8+wpa81)
      System.Reflection (>= 4.3) - restriction: || (&& (< monoandroid) (< monotouch) (< net45) (>= netstandard1.3) (< win8) (< wpa81) (< xamarinios) (< xamarinmac) (< xamarintvos) (< xamarinwatchos)) (< portable-net45+win8+wp8+wpa81)
      System.Reflection.Extensions (>= 4.3) - restriction: || (&& (< monoandroid) (< monotouch) (< net45) (>= netstandard1.3) (< win8) (< wpa81) (< xamarinios) (< xamarinmac) (< xamarintvos) (< xamarinwatchos)) (< portable-net45+win8+wp8+wpa81)
      System.Resources.ResourceManager (>= 4.3) - restriction: || (&& (< monoandroid) (< monotouch) (< net45) (>= netstandard1.3) (< win8) (< wpa81) (< xamarinios) (< xamarinmac) (< xamarintvos) (< xamarinwatchos)) (< portable-net45+win8+wp8+wpa81)
      System.Runtime (>= 4.3) - restriction: || (&& (< monoandroid) (< monotouch) (< net45) (>= netstandard1.3) (< win8) (< wpa81) (< xamarinios) (< xamarinmac) (< xamarintvos) (< xamarinwatchos)) (&& (< monoandroid) (< net45) (>= netstandard1.0) (< netstandard1.3) (< win8) (< wp8) (< wpa81)) (< portable-net45+win8+wp8+wpa81)
    System.Memory (4.5.2) - restriction: || (&& (< net45) (>= net461)) (&& (< net45) (< netcoreapp2.0) (>= netstandard2.0)) (&& (>= netcoreapp1.0) (< netcoreapp2.0) (>= netstandard2.0)) (&& (>= netcoreapp2.0) (< netcoreapp2.1)) (>= uap10.1)
      System.Buffers (>= 4.4) - restriction: || (&& (>= monoandroid) (< netstandard2.0)) (&& (< monoandroid) (< net45) (>= netstandard1.1) (< netstandard2.0) (< win8) (< wpa81)) (&& (< monoandroid) (< netstandard1.1) (>= portable-net45+win8+wpa81) (< win8)) (>= monotouch) (&& (>= net45) (< netstandard2.0)) (&& (< net45) (< netcoreapp2.0) (>= netstandard2.0)) (>= net461) (&& (< netstandard1.1) (>= win8)) (&& (< netstandard2.0) (< uap10.1) (>= wpa81)) (>= xamarinios) (>= xamarinmac) (>= xamarintvos) (>= xamarinwatchos)
      System.Numerics.Vectors (>= 4.4) - restriction: || (&& (< net45) (< netcoreapp2.0) (>= netstandard2.0) (< xamarinios)) (>= net461)
      System.Runtime.CompilerServices.Unsafe (>= 4.5.2) - restriction: || (&& (>= monoandroid) (< netstandard2.0)) (&& (< monoandroid) (< net45) (>= netstandard1.1) (< netstandard2.0) (< win8) (< wpa81)) (&& (< monoandroid) (< netstandard1.1) (>= portable-net45+win8+wpa81) (< win8)) (>= monotouch) (&& (>= net45) (< netstandard2.0)) (&& (< net45) (< netcoreapp2.0) (>= netstandard2.0)) (>= net461) (&& (>= netcoreapp2.0) (< netcoreapp2.1)) (&& (< netstandard1.1) (>= win8)) (&& (< netstandard2.0) (>= wpa81)) (>= uap10.1) (>= xamarinios) (>= xamarinmac) (>= xamarintvos) (>= xamarinwatchos)
    System.Net.Http (4.3.4) - restriction: || (&& (< monoandroid) (< net45) (>= netstandard2.0) (< win8) (< wpa81) (< xamarinios) (< xamarinmac)) (&& (< net20) (>= net46) (< netstandard1.4) (>= netstandard2.0)) (&& (< net20) (< netstandard1.2) (>= netstandard1.4) (< win8)) (&& (< net20) (< netstandard1.2) (>= netstandard2.0) (< win8)) (&& (< net20) (>= netstandard1.4) (< win8) (< wpa81)) (&& (< net20) (>= netstandard1.6) (< netstandard2.0) (< win8) (< wpa81)) (&& (< net20) (>= netstandard2.0) (< win8) (< wpa81)) (&& (< net45) (>= netstandard1.3)) (&& (< net452) (>= netstandard2.0)) (>= net461) (>= netstandard1.5) (&& (>= netstandard2.0) (< portable-net45+win8+wp8+wpa81)) (>= uap10.0)
      Microsoft.NETCore.Platforms (>= 1.1.1) - restriction: || (&& (< monoandroid) (< monotouch) (< net45) (>= netstandard1.6) (< xamarinios) (< xamarinmac) (< xamarintvos) (< xamarinwatchos)) (&& (< monoandroid) (< net45) (>= netstandard1.3) (< netstandard1.6) (< win8) (< wpa81)) (< portable-net45+win8+wpa81)
      runtime.native.System (>= 4.3) - restriction: && (< monoandroid) (< monotouch) (< net45) (>= netstandard1.6) (< xamarinios) (< xamarinmac) (< xamarintvos) (< xamarinwatchos)
      runtime.native.System.Net.Http (>= 4.3) - restriction: && (< monoandroid) (< monotouch) (< net45) (>= netstandard1.6) (< xamarinios) (< xamarinmac) (< xamarintvos) (< xamarinwatchos)
      runtime.native.System.Security.Cryptography.OpenSsl (>= 4.3.2) - restriction: && (< monoandroid) (< monotouch) (< net45) (>= netstandard1.6) (< xamarinios) (< xamarinmac) (< xamarintvos) (< xamarinwatchos)
      System.Collections (>= 4.3) - restriction: || (&& (< monoandroid) (< monotouch) (< net45) (>= netstandard1.6) (< xamarinios) (< xamarinmac) (< xamarintvos) (< xamarinwatchos)) (&& (< monoandroid) (< net45) (>= netstandard1.3) (< netstandard1.6) (< win8) (< wpa81)) (< portable-net45+win8+wpa81)
      System.Diagnostics.Debug (>= 4.3) - restriction: || (&& (< monoandroid) (< monotouch) (< net45) (>= netstandard1.6) (< xamarinios) (< xamarinmac) (< xamarintvos) (< xamarinwatchos)) (&& (< monoandroid) (< net45) (>= netstandard1.3) (< netstandard1.6) (< win8) (< wpa81)) (< portable-net45+win8+wpa81)
      System.Diagnostics.DiagnosticSource (>= 4.3) - restriction: || (&& (< monoandroid) (< monotouch) (< net45) (>= netstandard1.6) (< xamarinios) (< xamarinmac) (< xamarintvos) (< xamarinwatchos)) (&& (< monoandroid) (< net45) (>= netstandard1.3) (< netstandard1.6) (< win8) (< wpa81)) (< portable-net45+win8+wpa81)
      System.Diagnostics.Tracing (>= 4.3) - restriction: || (&& (< monoandroid) (< monotouch) (< net45) (>= netstandard1.6) (< xamarinios) (< xamarinmac) (< xamarintvos) (< xamarinwatchos)) (&& (< monoandroid) (< net45) (>= netstandard1.3) (< netstandard1.6) (< win8) (< wpa81)) (< portable-net45+win8+wpa81)
      System.Globalization (>= 4.3) - restriction: || (&& (< monoandroid) (< monotouch) (< net45) (>= netstandard1.6) (< xamarinios) (< xamarinmac) (< xamarintvos) (< xamarinwatchos)) (&& (< monoandroid) (< net45) (>= netstandard1.3) (< netstandard1.6) (< win8) (< wpa81)) (< portable-net45+win8+wpa81)
      System.Globalization.Extensions (>= 4.3) - restriction: && (< monoandroid) (< monotouch) (< net45) (>= netstandard1.6) (< xamarinios) (< xamarinmac) (< xamarintvos) (< xamarinwatchos)
      System.IO (>= 4.3) - restriction: || (&& (< monoandroid) (< monotouch) (< net45) (>= netstandard1.6) (< xamarinios) (< xamarinmac) (< xamarintvos) (< xamarinwatchos)) (&& (< monoandroid) (< net45) (>= netstandard1.1) (< netstandard1.3) (< win8) (< wpa81)) (&& (< monoandroid) (< net45) (>= netstandard1.3) (< netstandard1.6) (< win8) (< wpa81)) (< portable-net45+win8+wpa81)
      System.IO.FileSystem (>= 4.3) - restriction: && (< monoandroid) (< monotouch) (< net45) (>= netstandard1.6) (< xamarinios) (< xamarinmac) (< xamarintvos) (< xamarinwatchos)
      System.Net.Primitives (>= 4.3) - restriction: || (&& (< monoandroid) (< monotouch) (< net45) (>= netstandard1.6) (< xamarinios) (< xamarinmac) (< xamarintvos) (< xamarinwatchos)) (&& (< monoandroid) (< net45) (>= netstandard1.1) (< netstandard1.3) (< win8) (< wpa81)) (&& (< monoandroid) (< net45) (>= netstandard1.3) (< netstandard1.6) (< win8) (< wpa81)) (< portable-net45+win8+wpa81)
      System.Resources.ResourceManager (>= 4.3) - restriction: || (&& (< monoandroid) (< monotouch) (< net45) (>= netstandard1.6) (< xamarinios) (< xamarinmac) (< xamarintvos) (< xamarinwatchos)) (&& (< monoandroid) (< net45) (>= netstandard1.3) (< netstandard1.6) (< win8) (< wpa81)) (< portable-net45+win8+wpa81)
      System.Runtime (>= 4.3) - restriction: || (&& (< monoandroid) (< monotouch) (< net45) (>= netstandard1.6) (< xamarinios) (< xamarinmac) (< xamarintvos) (< xamarinwatchos)) (&& (< monoandroid) (< net45) (>= netstandard1.1) (< netstandard1.3) (< win8) (< wpa81)) (&& (< monoandroid) (< net45) (>= netstandard1.3) (< netstandard1.6) (< win8) (< wpa81)) (< portable-net45+win8+wpa81)
      System.Runtime.Extensions (>= 4.3) - restriction: || (&& (< monoandroid) (< monotouch) (< net45) (>= netstandard1.6) (< xamarinios) (< xamarinmac) (< xamarintvos) (< xamarinwatchos)) (&& (< monoandroid) (< net45) (>= netstandard1.3) (< netstandard1.6) (< win8) (< wpa81)) (< portable-net45+win8+wpa81)
      System.Runtime.Handles (>= 4.3) - restriction: || (&& (< monoandroid) (< monotouch) (< net45) (>= netstandard1.6) (< xamarinios) (< xamarinmac) (< xamarintvos) (< xamarinwatchos)) (&& (< monoandroid) (< net45) (>= netstandard1.3) (< netstandard1.6) (< win8) (< wpa81))
      System.Runtime.InteropServices (>= 4.3) - restriction: || (&& (< monoandroid) (< monotouch) (< net45) (>= netstandard1.6) (< xamarinios) (< xamarinmac) (< xamarintvos) (< xamarinwatchos)) (&& (< monoandroid) (< net45) (>= netstandard1.3) (< netstandard1.6) (< win8) (< wpa81)) (< portable-net45+win8+wpa81)
      System.Security.Cryptography.Algorithms (>= 4.3) - restriction: && (< monoandroid) (< monotouch) (< net45) (>= netstandard1.6) (< xamarinios) (< xamarinmac) (< xamarintvos) (< xamarinwatchos)
      System.Security.Cryptography.Encoding (>= 4.3) - restriction: || (&& (< monoandroid) (< monotouch) (< net45) (>= netstandard1.6) (< xamarinios) (< xamarinmac) (< xamarintvos) (< xamarinwatchos)) (&& (< monoandroid) (< net45) (>= netstandard1.3) (< netstandard1.6) (< win8) (< wpa81))
      System.Security.Cryptography.OpenSsl (>= 4.3) - restriction: && (< monoandroid) (< monotouch) (< net45) (>= netstandard1.6) (< xamarinios) (< xamarinmac) (< xamarintvos) (< xamarinwatchos)
      System.Security.Cryptography.Primitives (>= 4.3) - restriction: && (< monoandroid) (< monotouch) (< net45) (>= netstandard1.6) (< xamarinios) (< xamarinmac) (< xamarintvos) (< xamarinwatchos)
      System.Security.Cryptography.X509Certificates (>= 4.3) - restriction: || (&& (< monoandroid) (< monotouch) (< net45) (>= netstandard1.6) (< xamarinios) (< xamarinmac) (< xamarintvos) (< xamarinwatchos)) (&& (< monoandroid) (< net45) (>= netstandard1.3) (< netstandard1.6) (< win8) (< wpa81)) (>= net46) (< portable-net45+win8+wpa81)
      System.Text.Encoding (>= 4.3) - restriction: || (&& (< monoandroid) (< monotouch) (< net45) (>= netstandard1.6) (< xamarinios) (< xamarinmac) (< xamarintvos) (< xamarinwatchos)) (&& (< monoandroid) (< net45) (>= netstandard1.1) (< netstandard1.3) (< win8) (< wpa81)) (&& (< monoandroid) (< net45) (>= netstandard1.3) (< netstandard1.6) (< win8) (< wpa81)) (< portable-net45+win8+wpa81)
      System.Threading (>= 4.3) - restriction: || (&& (< monoandroid) (< monotouch) (< net45) (>= netstandard1.6) (< xamarinios) (< xamarinmac) (< xamarintvos) (< xamarinwatchos)) (&& (< monoandroid) (< net45) (>= netstandard1.3) (< netstandard1.6) (< win8) (< wpa81)) (< portable-net45+win8+wpa81)
      System.Threading.Tasks (>= 4.3) - restriction: || (&& (< monoandroid) (< monotouch) (< net45) (>= netstandard1.6) (< xamarinios) (< xamarinmac) (< xamarintvos) (< xamarinwatchos)) (&& (< monoandroid) (< net45) (>= netstandard1.1) (< netstandard1.3) (< win8) (< wpa81)) (&& (< monoandroid) (< net45) (>= netstandard1.3) (< netstandard1.6) (< win8) (< wpa81)) (< portable-net45+win8+wpa81)
    System.Net.Http.Rtc (4.3) - restriction: && (>= uap10.0) (< uap10.1)
    System.Net.Http.WinHttpHandler (4.5.3) - restriction: && (< net45) (>= netstandard1.3)
      NETStandard.Library (>= 1.6.1) - restriction: || (&& (>= net46) (< net461) (< netstandard2.0)) (&& (< net46) (>= netstandard1.3) (< netstandard2.0) (< uap10.1))
      System.Buffers (>= 4.4) - restriction: && (< net46) (< netcoreapp2.0) (>= netstandard2.0)
      System.Diagnostics.DiagnosticSource (>= 4.4.1) - restriction: || (&& (>= net46) (< net461) (< netstandard2.0)) (&& (< net46) (>= netstandard1.3) (< netstandard2.0) (< uap10.1))
      System.Memory (>= 4.5.1) - restriction: || (&& (< net46) (< netcoreapp2.0) (>= netstandard2.0)) (>= net461) (&& (>= netcoreapp2.0) (< netcoreapp2.1)) (>= uap10.1)
    System.Net.NameResolution (4.3) - restriction: || (&& (< monoandroid) (< net46) (>= netstandard2.0) (< xamarinios) (< xamarinmac)) (&& (< monoandroid4.4) (< net35) (>= netstandard1.5) (< netstandard2.0)) (&& (< net451) (>= netstandard1.5)) (&& (< net46) (>= net461)) (>= netstandard1.3) (&& (< portable-net45+win8+wp8) (>= uap10.0)) (&& (>= uap10.0) (< uap10.1))
      Microsoft.NETCore.Platforms (>= 1.1) - restriction: || (&& (< monoandroid) (< monotouch) (< net46) (>= netstandard1.3) (< xamarinios) (< xamarinmac) (< xamarintvos) (< xamarinwatchos)) (&& (< monoandroid) (< netstandard1.3))
      runtime.native.System (>= 4.3) - restriction: && (< monoandroid) (< monotouch) (< net46) (>= netstandard1.3) (< xamarinios) (< xamarinmac) (< xamarintvos) (< xamarinwatchos)
      System.Collections (>= 4.3) - restriction: || (&& (< monoandroid) (< monotouch) (< net46) (>= netstandard1.3) (< xamarinios) (< xamarinmac) (< xamarintvos) (< xamarinwatchos)) (&& (< monoandroid) (< netstandard1.3))
      System.Diagnostics.Tracing (>= 4.3) - restriction: || (&& (< monoandroid) (< monotouch) (< net46) (>= netstandard1.3) (< xamarinios) (< xamarinmac) (< xamarintvos) (< xamarinwatchos)) (&& (< monoandroid) (< netstandard1.3))
      System.Globalization (>= 4.3) - restriction: || (&& (< monoandroid) (< monotouch) (< net46) (>= netstandard1.3) (< xamarinios) (< xamarinmac) (< xamarintvos) (< xamarinwatchos)) (&& (< monoandroid) (< netstandard1.3))
      System.Net.Primitives (>= 4.3) - restriction: || (&& (< monoandroid) (< monotouch) (< net46) (>= netstandard1.3) (< xamarinios) (< xamarinmac) (< xamarintvos) (< xamarinwatchos)) (&& (< monoandroid) (< netstandard1.3))
      System.Resources.ResourceManager (>= 4.3) - restriction: || (&& (< monoandroid) (< monotouch) (< net46) (>= netstandard1.3) (< xamarinios) (< xamarinmac) (< xamarintvos) (< xamarinwatchos)) (&& (< monoandroid) (< netstandard1.3))
      System.Runtime (>= 4.3) - restriction: || (&& (< monoandroid) (< monotouch) (< net46) (>= netstandard1.3) (< xamarinios) (< xamarinmac) (< xamarintvos) (< xamarinwatchos)) (&& (< monoandroid) (< netstandard1.3))
      System.Runtime.Extensions (>= 4.3) - restriction: || (&& (< monoandroid) (< monotouch) (< net46) (>= netstandard1.3) (< xamarinios) (< xamarinmac) (< xamarintvos) (< xamarinwatchos)) (&& (< monoandroid) (< netstandard1.3))
      System.Runtime.Handles (>= 4.3) - restriction: || (&& (< monoandroid) (< monotouch) (< net46) (>= netstandard1.3) (< xamarinios) (< xamarinmac) (< xamarintvos) (< xamarinwatchos)) (&& (< monoandroid) (< netstandard1.3))
      System.Runtime.InteropServices (>= 4.3) - restriction: || (&& (< monoandroid) (< monotouch) (< net46) (>= netstandard1.3) (< xamarinios) (< xamarinmac) (< xamarintvos) (< xamarinwatchos)) (&& (< monoandroid) (< netstandard1.3))
      System.Security.Principal.Windows (>= 4.3) - restriction: && (< monoandroid) (< monotouch) (< net46) (>= netstandard1.3) (< xamarinios) (< xamarinmac) (< xamarintvos) (< xamarinwatchos)
      System.Threading (>= 4.3) - restriction: || (&& (< monoandroid) (< monotouch) (< net46) (>= netstandard1.3) (< xamarinios) (< xamarinmac) (< xamarintvos) (< xamarinwatchos)) (&& (< monoandroid) (< netstandard1.3))
      System.Threading.Tasks (>= 4.3) - restriction: || (&& (< monoandroid) (< monotouch) (< net46) (>= netstandard1.3) (< xamarinios) (< xamarinmac) (< xamarintvos) (< xamarinwatchos)) (&& (< monoandroid) (< netstandard1.3))
    System.Net.NetworkInformation (4.3) - restriction: || (>= netstandard1.5) (&& (>= uap10.0) (< uap10.1))
      Microsoft.NETCore.Platforms (>= 1.1) - restriction: || (&& (< monoandroid) (< monotouch) (< net45) (>= netstandard1.3) (< win8) (< wpa81) (< xamarinios) (< xamarinmac) (< xamarintvos) (< xamarinwatchos)) (< portable-net45+win8+wp8+wpa81)
      Microsoft.Win32.Primitives (>= 4.3) - restriction: || (&& (< monoandroid) (< monotouch) (< net45) (>= netstandard1.3) (< win8) (< wpa81) (< xamarinios) (< xamarinmac) (< xamarintvos) (< xamarinwatchos)) (< portable-net45+win8+wp8+wpa81)
      runtime.native.System (>= 4.3) - restriction: && (< monoandroid) (< monotouch) (< net45) (>= netstandard1.3) (< win8) (< wpa81) (< xamarinios) (< xamarinmac) (< xamarintvos) (< xamarinwatchos)
      System.Collections (>= 4.3) - restriction: || (&& (< monoandroid) (< monotouch) (< net45) (>= netstandard1.3) (< win8) (< wpa81) (< xamarinios) (< xamarinmac) (< xamarintvos) (< xamarinwatchos)) (< portable-net45+win8+wp8+wpa81)
      System.Diagnostics.Tracing (>= 4.3) - restriction: || (&& (< monoandroid) (< monotouch) (< net45) (>= netstandard1.3) (< win8) (< wpa81) (< xamarinios) (< xamarinmac) (< xamarintvos) (< xamarinwatchos)) (< portable-net45+win8+wp8+wpa81)
      System.Globalization (>= 4.3) - restriction: || (&& (< monoandroid) (< monotouch) (< net45) (>= netstandard1.3) (< win8) (< wpa81) (< xamarinios) (< xamarinmac) (< xamarintvos) (< xamarinwatchos)) (< portable-net45+win8+wp8+wpa81)
      System.IO (>= 4.3) - restriction: && (< monoandroid) (< monotouch) (< net45) (>= netstandard1.3) (< win8) (< wpa81) (< xamarinios) (< xamarinmac) (< xamarintvos) (< xamarinwatchos)
      System.IO.FileSystem (>= 4.3) - restriction: && (< monoandroid) (< monotouch) (< net45) (>= netstandard1.3) (< win8) (< wpa81) (< xamarinios) (< xamarinmac) (< xamarintvos) (< xamarinwatchos)
      System.IO.FileSystem.Primitives (>= 4.3) - restriction: && (< monoandroid) (< monotouch) (< net45) (>= netstandard1.3) (< win8) (< wpa81) (< xamarinios) (< xamarinmac) (< xamarintvos) (< xamarinwatchos)
      System.Linq (>= 4.3) - restriction: && (< monoandroid) (< monotouch) (< net45) (>= netstandard1.3) (< win8) (< wpa81) (< xamarinios) (< xamarinmac) (< xamarintvos) (< xamarinwatchos)
      System.Net.Primitives (>= 4.3) - restriction: || (&& (< monoandroid) (< monotouch) (< net45) (>= netstandard1.3) (< win8) (< wpa81) (< xamarinios) (< xamarinmac) (< xamarintvos) (< xamarinwatchos)) (< portable-net45+win8+wp8+wpa81)
      System.Net.Sockets (>= 4.3) - restriction: && (< monoandroid) (< monotouch) (< net45) (>= netstandard1.3) (< win8) (< wpa81) (< xamarinios) (< xamarinmac) (< xamarintvos) (< xamarinwatchos)
      System.Resources.ResourceManager (>= 4.3) - restriction: || (&& (< monoandroid) (< monotouch) (< net45) (>= netstandard1.3) (< win8) (< wpa81) (< xamarinios) (< xamarinmac) (< xamarintvos) (< xamarinwatchos)) (< portable-net45+win8+wp8+wpa81)
      System.Runtime (>= 4.3) - restriction: || (&& (< monoandroid) (< monotouch) (< net45) (>= netstandard1.3) (< win8) (< wpa81) (< xamarinios) (< xamarinmac) (< xamarintvos) (< xamarinwatchos)) (&& (< monoandroid) (< net45) (>= netstandard1.0) (< netstandard1.3) (< win8) (< wp8) (< wpa81)) (< portable-net45+win8+wp8+wpa81)
      System.Runtime.Extensions (>= 4.3) - restriction: || (&& (< monoandroid) (< monotouch) (< net45) (>= netstandard1.3) (< win8) (< wpa81) (< xamarinios) (< xamarinmac) (< xamarintvos) (< xamarinwatchos)) (< portable-net45+win8+wp8+wpa81)
      System.Runtime.Handles (>= 4.3) - restriction: && (< monoandroid) (< monotouch) (< net45) (>= netstandard1.3) (< win8) (< wpa81) (< xamarinios) (< xamarinmac) (< xamarintvos) (< xamarinwatchos)
      System.Runtime.InteropServices (>= 4.3) - restriction: || (&& (< monoandroid) (< monotouch) (< net45) (>= netstandard1.3) (< win8) (< wpa81) (< xamarinios) (< xamarinmac) (< xamarintvos) (< xamarinwatchos)) (< portable-net45+win8+wp8+wpa81)
      System.Security.Principal.Windows (>= 4.3) - restriction: && (< monoandroid) (< monotouch) (< net45) (>= netstandard1.3) (< win8) (< wpa81) (< xamarinios) (< xamarinmac) (< xamarintvos) (< xamarinwatchos)
      System.Threading (>= 4.3) - restriction: || (&& (< monoandroid) (< monotouch) (< net45) (>= netstandard1.3) (< win8) (< wpa81) (< xamarinios) (< xamarinmac) (< xamarintvos) (< xamarinwatchos)) (< portable-net45+win8+wp8+wpa81)
      System.Threading.Overlapped (>= 4.3) - restriction: && (< monoandroid) (< monotouch) (< net45) (>= netstandard1.3) (< win8) (< wpa81) (< xamarinios) (< xamarinmac) (< xamarintvos) (< xamarinwatchos)
      System.Threading.Tasks (>= 4.3) - restriction: || (&& (< monoandroid) (< monotouch) (< net45) (>= netstandard1.3) (< win8) (< wpa81) (< xamarinios) (< xamarinmac) (< xamarintvos) (< xamarinwatchos)) (< portable-net45+win8+wp8+wpa81)
      System.Threading.Thread (>= 4.3) - restriction: && (< monoandroid) (< monotouch) (< net45) (>= netstandard1.3) (< win8) (< wpa81) (< xamarinios) (< xamarinmac) (< xamarintvos) (< xamarinwatchos)
      System.Threading.ThreadPool (>= 4.3) - restriction: && (< monoandroid) (< monotouch) (< net45) (>= netstandard1.3) (< win8) (< wpa81) (< xamarinios) (< xamarinmac) (< xamarintvos) (< xamarinwatchos)
    System.Net.Primitives (4.3) - restriction: || (&& (< monoandroid) (< monotouch) (< net45) (>= netstandard1.5) (< win8) (< wpa81) (< xamarinios) (< xamarinmac) (< xamarintvos) (< xamarinwatchos)) (&& (< monoandroid) (< monotouch) (< net451) (>= netstandard1.5) (< xamarinios) (< xamarinmac) (< xamarintvos) (< xamarinwatchos)) (&& (< monoandroid) (< net45) (< netstandard1.6) (>= netstandard2.0) (< win8) (< wpa81)) (&& (< monoandroid) (< net45) (>= netstandard2.0) (< xamarinios) (< xamarinmac)) (&& (< monoandroid) (< net451) (< netstandard1.3) (>= netstandard1.5)) (&& (< monoandroid) (< net46) (>= netstandard2.0) (< xamarinios) (< xamarinmac)) (&& (< monoandroid) (< netstandard1.1) (>= netstandard2.0) (< win8)) (&& (< monoandroid) (< netstandard1.3) (>= netstandard2.0)) (&& (< net20) (< netstandard1.2) (>= netstandard1.4) (< win8)) (&& (< net20) (< netstandard1.2) (>= netstandard2.0) (< win8)) (&& (< net20) (< netstandard1.3) (>= netstandard1.4) (< win8) (< wpa81)) (&& (< net20) (< netstandard1.3) (>= netstandard2.0) (< win8) (< wpa81)) (&& (< net20) (>= netstandard1.4) (< netstandard1.5) (< win8) (< wpa81)) (&& (< net20) (>= netstandard1.4) (< portable-net45+win8+wpa81)) (&& (< net20) (< netstandard1.4) (>= netstandard2.0) (< win8) (< wpa81)) (&& (< net20) (>= netstandard1.5) (< netstandard1.6) (< win8) (< wpa81)) (&& (< net20) (< netstandard1.5) (>= netstandard2.0) (< win8) (< wpa81)) (&& (< net20) (>= netstandard1.6) (< netstandard2.0) (< win8) (< wpa81)) (&& (< net20) (< netstandard1.6) (>= netstandard2.0) (< win8) (< wpa81)) (&& (< net46) (>= net461)) (&& (>= net461) (< netstandard1.3)) (&& (>= netstandard1.5) (< portable-net45+win8+wp8+wpa81)) (&& (>= netstandard2.0) (< portable-net45+win8+wp8+wpa81)) (&& (>= netstandard2.0) (< portable-net45+win8+wpa81)) (>= uap10.0)
      Microsoft.NETCore.Platforms (>= 1.1) - restriction: || (&& (< monoandroid) (< monotouch) (< net45) (>= netstandard1.3) (< win8) (< wpa81) (< xamarinios) (< xamarinmac) (< xamarintvos) (< xamarinwatchos)) (&& (< monoandroid) (< net45) (>= netstandard1.1) (< netstandard1.3) (< win8) (< wpa81)) (&& (< monoandroid) (>= netstandard1.0) (< netstandard1.1) (< win8) (< wp8)) (< portable-net45+win8+wp8+wpa81)
      Microsoft.NETCore.Targets (>= 1.1) - restriction: || (&& (< monoandroid) (< monotouch) (< net45) (>= netstandard1.3) (< win8) (< wpa81) (< xamarinios) (< xamarinmac) (< xamarintvos) (< xamarinwatchos)) (&& (< monoandroid) (< net45) (>= netstandard1.1) (< netstandard1.3) (< win8) (< wpa81)) (&& (< monoandroid) (>= netstandard1.0) (< netstandard1.1) (< win8) (< wp8)) (< portable-net45+win8+wp8+wpa81)
      System.Runtime (>= 4.3) - restriction: || (&& (< monoandroid) (< monotouch) (< net45) (>= netstandard1.3) (< win8) (< wpa81) (< xamarinios) (< xamarinmac) (< xamarintvos) (< xamarinwatchos)) (&& (< monoandroid) (< net45) (>= netstandard1.1) (< netstandard1.3) (< win8) (< wpa81)) (&& (< monoandroid) (>= netstandard1.0) (< netstandard1.1) (< win8) (< wp8)) (< portable-net45+win8+wp8+wpa81)
      System.Runtime.Handles (>= 4.3) - restriction: || (&& (< monoandroid) (< monotouch) (< net45) (>= netstandard1.3) (< win8) (< wpa81) (< xamarinios) (< xamarinmac) (< xamarintvos) (< xamarinwatchos)) (< portable-net45+win8+wp8+wpa81)
    System.Net.Requests (4.3) - restriction: || (&& (< monoandroid4.4) (< net35) (>= netstandard1.3)) (&& (< net45) (>= netstandard1.6) (< netstandard2.0)) (&& (< net452) (>= netstandard2.0)) (>= netstandard1.5) (&& (>= uap10.0) (< uap10.1))
      Microsoft.NETCore.Platforms (>= 1.1) - restriction: && (< monoandroid) (< monotouch) (< net45) (>= netstandard1.3) (< win8) (< wpa81) (< xamarinios) (< xamarinmac) (< xamarintvos) (< xamarinwatchos)
      System.Collections (>= 4.3) - restriction: || (&& (< monoandroid) (< monotouch) (< net45) (>= netstandard1.3) (< win8) (< wpa81) (< xamarinios) (< xamarinmac) (< xamarintvos) (< xamarinwatchos)) (< portable-net45+win8+wp8+wpa81)
      System.Diagnostics.Debug (>= 4.3) - restriction: || (&& (< monoandroid) (< monotouch) (< net45) (>= netstandard1.3) (< win8) (< wpa81) (< xamarinios) (< xamarinmac) (< xamarintvos) (< xamarinwatchos)) (< portable-net45+win8+wp8+wpa81)
      System.Diagnostics.Tracing (>= 4.3) - restriction: || (&& (< monoandroid) (< monotouch) (< net45) (>= netstandard1.3) (< win8) (< wpa81) (< xamarinios) (< xamarinmac) (< xamarintvos) (< xamarinwatchos)) (< portable-net45+win8+wp8+wpa81)
      System.Globalization (>= 4.3) - restriction: || (&& (< monoandroid) (< monotouch) (< net45) (>= netstandard1.3) (< win8) (< wpa81) (< xamarinios) (< xamarinmac) (< xamarintvos) (< xamarinwatchos)) (< portable-net45+win8+wp8+wpa81)
      System.IO (>= 4.3) - restriction: || (&& (< monoandroid) (< monotouch) (< net45) (>= netstandard1.3) (< win8) (< wpa81) (< xamarinios) (< xamarinmac) (< xamarintvos) (< xamarinwatchos)) (&& (< monoandroid) (< net45) (>= netstandard1.1) (< netstandard1.3) (< win8) (< wpa81)) (&& (< monoandroid) (>= netstandard1.0) (< netstandard1.1) (< win8) (< wp8)) (< portable-net45+win8+wp8+wpa81)
      System.Net.Http (>= 4.3) - restriction: || (&& (< monoandroid) (< monotouch) (< net45) (>= netstandard1.3) (< win8) (< wpa81) (< xamarinios) (< xamarinmac) (< xamarintvos) (< xamarinwatchos)) (< portable-net45+win8+wp8+wpa81)
      System.Net.Primitives (>= 4.3) - restriction: || (&& (< monoandroid) (< monotouch) (< net45) (>= netstandard1.3) (< win8) (< wpa81) (< xamarinios) (< xamarinmac) (< xamarintvos) (< xamarinwatchos)) (&& (< monoandroid) (< net45) (>= netstandard1.1) (< netstandard1.3) (< win8) (< wpa81)) (&& (< monoandroid) (>= netstandard1.0) (< netstandard1.1) (< win8) (< wp8)) (< portable-net45+win8+wp8+wpa81)
      System.Net.WebHeaderCollection (>= 4.3) - restriction: || (&& (< monoandroid) (< monotouch) (< net45) (>= netstandard1.3) (< win8) (< wpa81) (< xamarinios) (< xamarinmac) (< xamarintvos) (< xamarinwatchos)) (< portable-net45+win8+wp8+wpa81)
      System.Resources.ResourceManager (>= 4.3) - restriction: || (&& (< monoandroid) (< monotouch) (< net45) (>= netstandard1.3) (< win8) (< wpa81) (< xamarinios) (< xamarinmac) (< xamarintvos) (< xamarinwatchos)) (< portable-net45+win8+wp8+wpa81)
      System.Runtime (>= 4.3) - restriction: || (&& (< monoandroid) (< monotouch) (< net45) (>= netstandard1.3) (< win8) (< wpa81) (< xamarinios) (< xamarinmac) (< xamarintvos) (< xamarinwatchos)) (&& (< monoandroid) (< net45) (>= netstandard1.1) (< netstandard1.3) (< win8) (< wpa81)) (&& (< monoandroid) (>= netstandard1.0) (< netstandard1.1) (< win8) (< wp8)) (< portable-net45+win8+wp8+wpa81)
      System.Threading (>= 4.3) - restriction: || (&& (< monoandroid) (< monotouch) (< net45) (>= netstandard1.3) (< win8) (< wpa81) (< xamarinios) (< xamarinmac) (< xamarintvos) (< xamarinwatchos)) (< portable-net45+win8+wp8+wpa81)
      System.Threading.Tasks (>= 4.3) - restriction: || (&& (< monoandroid) (< monotouch) (< net45) (>= netstandard1.3) (< win8) (< wpa81) (< xamarinios) (< xamarinmac) (< xamarintvos) (< xamarinwatchos)) (&& (< monoandroid) (< net45) (>= netstandard1.1) (< netstandard1.3) (< win8) (< wpa81)) (< portable-net45+win8+wp8+wpa81)
    System.Net.Security (4.3.2) - restriction: || (&& (< monoandroid) (< net46) (>= netstandard2.0) (< xamarinios) (< xamarinmac)) (&& (< net452) (>= netstandard2.0)) (&& (< net46) (>= net461)) (>= netstandard1.3) (&& (< netstandard2.0) (>= uap10.0) (< uap10.1)) (&& (< portable-net45+win8+wp8) (>= uap10.0))
      Microsoft.NETCore.Platforms (>= 1.1) - restriction: || (&& (< monoandroid) (< monotouch) (< net46) (>= netstandard1.6) (< xamarinios) (< xamarinmac) (< xamarintvos) (< xamarinwatchos)) (&& (< monoandroid) (< net46) (>= netstandard1.3) (< netstandard1.6))
      Microsoft.Win32.Primitives (>= 4.3) - restriction: || (&& (< monoandroid) (< monotouch) (< net46) (>= netstandard1.6) (< xamarinios) (< xamarinmac) (< xamarintvos) (< xamarinwatchos)) (&& (< monoandroid) (< net46) (>= netstandard1.3) (< netstandard1.6))
      runtime.native.System (>= 4.3) - restriction: && (< monoandroid) (< monotouch) (< net46) (>= netstandard1.6) (< xamarinios) (< xamarinmac) (< xamarintvos) (< xamarinwatchos)
      runtime.native.System.Net.Security (>= 4.3) - restriction: && (< monoandroid) (< monotouch) (< net46) (>= netstandard1.6) (< xamarinios) (< xamarinmac) (< xamarintvos) (< xamarinwatchos)
      runtime.native.System.Security.Cryptography.OpenSsl (>= 4.3.2) - restriction: && (< monoandroid) (< monotouch) (< net46) (>= netstandard1.6) (< xamarinios) (< xamarinmac) (< xamarintvos) (< xamarinwatchos)
      System.Collections (>= 4.3) - restriction: || (&& (< monoandroid) (< monotouch) (< net46) (>= netstandard1.6) (< xamarinios) (< xamarinmac) (< xamarintvos) (< xamarinwatchos)) (&& (< monoandroid) (< net46) (>= netstandard1.3) (< netstandard1.6))
      System.Collections.Concurrent (>= 4.3) - restriction: || (&& (< monoandroid) (< monotouch) (< net46) (>= netstandard1.6) (< xamarinios) (< xamarinmac) (< xamarintvos) (< xamarinwatchos)) (&& (< monoandroid) (< net46) (>= netstandard1.3) (< netstandard1.6))
      System.Diagnostics.Tracing (>= 4.3) - restriction: || (&& (< monoandroid) (< monotouch) (< net46) (>= netstandard1.6) (< xamarinios) (< xamarinmac) (< xamarintvos) (< xamarinwatchos)) (&& (< monoandroid) (< net46) (>= netstandard1.3) (< netstandard1.6))
      System.Globalization (>= 4.3) - restriction: || (&& (< monoandroid) (< monotouch) (< net46) (>= netstandard1.6) (< xamarinios) (< xamarinmac) (< xamarintvos) (< xamarinwatchos)) (&& (< monoandroid) (< net46) (>= netstandard1.3) (< netstandard1.6))
      System.Globalization.Extensions (>= 4.3) - restriction: && (< monoandroid) (< monotouch) (< net46) (>= netstandard1.6) (< xamarinios) (< xamarinmac) (< xamarintvos) (< xamarinwatchos)
      System.IO (>= 4.3) - restriction: || (&& (< monoandroid) (< monotouch) (< net46) (>= netstandard1.6) (< xamarinios) (< xamarinmac) (< xamarintvos) (< xamarinwatchos)) (&& (< monoandroid) (< net46) (>= netstandard1.3) (< netstandard1.6))
      System.Net.Primitives (>= 4.3) - restriction: || (&& (< monoandroid) (< monotouch) (< net46) (>= netstandard1.6) (< xamarinios) (< xamarinmac) (< xamarintvos) (< xamarinwatchos)) (&& (< monoandroid) (< net46) (>= netstandard1.3) (< netstandard1.6))
      System.Resources.ResourceManager (>= 4.3) - restriction: || (&& (< monoandroid) (< monotouch) (< net46) (>= netstandard1.6) (< xamarinios) (< xamarinmac) (< xamarintvos) (< xamarinwatchos)) (&& (< monoandroid) (< net46) (>= netstandard1.3) (< netstandard1.6))
      System.Runtime (>= 4.3) - restriction: || (&& (< monoandroid) (< monotouch) (< net46) (>= netstandard1.6) (< xamarinios) (< xamarinmac) (< xamarintvos) (< xamarinwatchos)) (&& (< monoandroid) (< net46) (>= netstandard1.3) (< netstandard1.6))
      System.Runtime.Extensions (>= 4.3) - restriction: || (&& (< monoandroid) (< monotouch) (< net46) (>= netstandard1.6) (< xamarinios) (< xamarinmac) (< xamarintvos) (< xamarinwatchos)) (&& (< monoandroid) (< net46) (>= netstandard1.3) (< netstandard1.6))
      System.Runtime.Handles (>= 4.3) - restriction: || (&& (< monoandroid) (< monotouch) (< net46) (>= netstandard1.6) (< xamarinios) (< xamarinmac) (< xamarintvos) (< xamarinwatchos)) (&& (< monoandroid) (< net46) (>= netstandard1.3) (< netstandard1.6))
      System.Runtime.InteropServices (>= 4.3) - restriction: || (&& (< monoandroid) (< monotouch) (< net46) (>= netstandard1.6) (< xamarinios) (< xamarinmac) (< xamarintvos) (< xamarinwatchos)) (&& (< monoandroid) (< net46) (>= netstandard1.3) (< netstandard1.6))
      System.Security.Claims (>= 4.3) - restriction: || (&& (< monoandroid) (< monotouch) (< net46) (>= netstandard1.6) (< xamarinios) (< xamarinmac) (< xamarintvos) (< xamarinwatchos)) (&& (< monoandroid) (< net46) (>= netstandard1.3) (< netstandard1.6))
      System.Security.Cryptography.Algorithms (>= 4.3) - restriction: && (< monoandroid) (< monotouch) (< net46) (>= netstandard1.6) (< xamarinios) (< xamarinmac) (< xamarintvos) (< xamarinwatchos)
      System.Security.Cryptography.Encoding (>= 4.3) - restriction: || (&& (< monoandroid) (< monotouch) (< net46) (>= netstandard1.6) (< xamarinios) (< xamarinmac) (< xamarintvos) (< xamarinwatchos)) (&& (< monoandroid) (< net46) (>= netstandard1.3) (< netstandard1.6))
      System.Security.Cryptography.OpenSsl (>= 4.3) - restriction: && (< monoandroid) (< monotouch) (< net46) (>= netstandard1.6) (< xamarinios) (< xamarinmac) (< xamarintvos) (< xamarinwatchos)
      System.Security.Cryptography.Primitives (>= 4.3) - restriction: || (&& (< monoandroid) (< monotouch) (< net46) (>= netstandard1.6) (< xamarinios) (< xamarinmac) (< xamarintvos) (< xamarinwatchos)) (&& (< monoandroid) (< net46) (>= netstandard1.3) (< netstandard1.6))
      System.Security.Cryptography.X509Certificates (>= 4.3) - restriction: || (&& (< monoandroid) (< monotouch) (>= netstandard1.6) (< xamarinios) (< xamarinmac) (< xamarintvos) (< xamarinwatchos)) (&& (< monoandroid) (>= netstandard1.3) (< netstandard1.6)) (>= net46)
      System.Security.Principal (>= 4.3) - restriction: || (&& (< monoandroid) (< monotouch) (< net46) (>= netstandard1.6) (< xamarinios) (< xamarinmac) (< xamarintvos) (< xamarinwatchos)) (&& (< monoandroid) (< net46) (>= netstandard1.3) (< netstandard1.6))
      System.Text.Encoding (>= 4.3) - restriction: && (< monoandroid) (< monotouch) (< net46) (>= netstandard1.6) (< xamarinios) (< xamarinmac) (< xamarintvos) (< xamarinwatchos)
      System.Threading (>= 4.3) - restriction: || (&& (< monoandroid) (< monotouch) (< net46) (>= netstandard1.6) (< xamarinios) (< xamarinmac) (< xamarintvos) (< xamarinwatchos)) (&& (< monoandroid) (< net46) (>= netstandard1.3) (< netstandard1.6))
      System.Threading.Tasks (>= 4.3) - restriction: || (&& (< monoandroid) (< monotouch) (< net46) (>= netstandard1.6) (< xamarinios) (< xamarinmac) (< xamarintvos) (< xamarinwatchos)) (&& (< monoandroid) (< net46) (>= netstandard1.3) (< netstandard1.6))
      System.Threading.ThreadPool (>= 4.3) - restriction: || (&& (< monoandroid) (< monotouch) (< net46) (>= netstandard1.6) (< xamarinios) (< xamarinmac) (< xamarintvos) (< xamarinwatchos)) (&& (< monoandroid) (< net46) (>= netstandard1.3) (< netstandard1.6))
    System.Net.Sockets (4.3) - restriction: || (&& (< monoandroid) (< monotouch) (< net45) (>= netstandard1.5) (< win8) (< wpa81) (< xamarinios) (< xamarinmac) (< xamarintvos) (< xamarinwatchos)) (&& (< monoandroid) (< net46) (>= netstandard2.0) (< xamarinios) (< xamarinmac)) (&& (< net20) (>= net46) (< netstandard1.4) (>= netstandard2.0)) (&& (< net20) (>= netstandard1.4) (< netstandard1.5) (< win8) (< wpa81)) (&& (< net20) (< netstandard1.4) (>= netstandard2.0) (< win8) (< wpa81)) (&& (< net20) (>= netstandard1.5) (< netstandard1.6) (< win8) (< wpa81)) (&& (< net20) (< netstandard1.5) (>= netstandard2.0) (< win8) (< wpa81)) (&& (< net20) (>= netstandard1.6) (< netstandard2.0) (< win8) (< wpa81)) (&& (< net20) (< netstandard1.6) (>= netstandard2.0) (< win8) (< wpa81)) (&& (< net451) (>= netstandard1.5)) (&& (< net46) (>= net461)) (>= netstandard1.3) (&& (< netstandard1.5) (>= netstandard2.0) (>= uap10.0)) (&& (>= uap10.0) (< uap10.1))
      Microsoft.NETCore.Platforms (>= 1.1) - restriction: && (< monoandroid) (< monotouch) (< net46) (>= netstandard1.3) (< xamarinios) (< xamarinmac) (< xamarintvos) (< xamarinwatchos)
      Microsoft.NETCore.Targets (>= 1.1) - restriction: && (< monoandroid) (< monotouch) (< net46) (>= netstandard1.3) (< xamarinios) (< xamarinmac) (< xamarintvos) (< xamarinwatchos)
      System.IO (>= 4.3) - restriction: && (< monoandroid) (< monotouch) (< net46) (>= netstandard1.3) (< xamarinios) (< xamarinmac) (< xamarintvos) (< xamarinwatchos)
      System.Net.Primitives (>= 4.3) - restriction: && (< monoandroid) (< monotouch) (< net46) (>= netstandard1.3) (< xamarinios) (< xamarinmac) (< xamarintvos) (< xamarinwatchos)
      System.Runtime (>= 4.3) - restriction: && (< monoandroid) (< monotouch) (< net46) (>= netstandard1.3) (< xamarinios) (< xamarinmac) (< xamarintvos) (< xamarinwatchos)
      System.Threading.Tasks (>= 4.3) - restriction: && (< monoandroid) (< monotouch) (< net46) (>= netstandard1.3) (< xamarinios) (< xamarinmac) (< xamarintvos) (< xamarinwatchos)
    System.Net.WebHeaderCollection (4.3) - restriction: || (&& (< monoandroid) (< net45) (>= netstandard2.0) (< win8) (< wpa81) (< xamarinios) (< xamarinmac)) (&& (< monoandroid) (< net46) (>= netstandard2.0) (< xamarinios) (< xamarinmac)) (&& (< monoandroid) (< netstandard1.3) (>= netstandard2.0)) (&& (< net46) (>= net461)) (&& (>= net461) (< netstandard1.3)) (>= netstandard1.6) (&& (>= netstandard2.0) (< portable-net45+win8+wp8+wpa81)) (>= uap10.0)
      System.Collections (>= 4.3) - restriction: && (< monoandroid) (< monotouch) (< net46) (>= netstandard1.3) (< xamarinios) (< xamarinmac) (< xamarintvos) (< xamarinwatchos)
      System.Resources.ResourceManager (>= 4.3) - restriction: && (< monoandroid) (< monotouch) (< net46) (>= netstandard1.3) (< xamarinios) (< xamarinmac) (< xamarintvos) (< xamarinwatchos)
      System.Runtime (>= 4.3) - restriction: && (< monoandroid) (< monotouch) (< net46) (>= netstandard1.3) (< xamarinios) (< xamarinmac) (< xamarintvos) (< xamarinwatchos)
      System.Runtime.Extensions (>= 4.3) - restriction: && (< monoandroid) (< monotouch) (< net46) (>= netstandard1.3) (< xamarinios) (< xamarinmac) (< xamarintvos) (< xamarinwatchos)
    System.Net.WebSockets (4.3) - restriction: || (&& (< monoandroid) (< netstandard1.3) (>= netstandard2.0)) (&& (< monoandroid) (>= netstandard2.0) (< xamarinios) (< xamarinmac)) (&& (>= net46) (>= netstandard2.0)) (>= net461) (>= uap10.0)
      Microsoft.Win32.Primitives (>= 4.3) - restriction: && (< monoandroid) (< monotouch) (< net46) (>= netstandard1.3) (< xamarinios) (< xamarinmac) (< xamarintvos) (< xamarinwatchos)
      System.Resources.ResourceManager (>= 4.3) - restriction: && (< monoandroid) (< monotouch) (< net46) (>= netstandard1.3) (< xamarinios) (< xamarinmac) (< xamarintvos) (< xamarinwatchos)
      System.Runtime (>= 4.3) - restriction: && (< monoandroid) (< monotouch) (< net46) (>= netstandard1.3) (< xamarinios) (< xamarinmac) (< xamarintvos) (< xamarinwatchos)
      System.Threading.Tasks (>= 4.3) - restriction: && (< monoandroid) (< monotouch) (< net46) (>= netstandard1.3) (< xamarinios) (< xamarinmac) (< xamarintvos) (< xamarinwatchos)
    System.Net.WebSockets.Client (4.3.2) - restriction: || (>= net461) (>= netstandard2.0) (>= uap10.0)
      Microsoft.NETCore.Platforms (>= 1.1) - restriction: || (&& (< monoandroid) (< monotouch) (< net46) (>= netstandard1.3) (< xamarinios) (< xamarinmac) (< xamarintvos) (< xamarinwatchos)) (&& (< monoandroid) (< netstandard1.3))
      Microsoft.Win32.Primitives (>= 4.3) - restriction: && (< monoandroid) (< monotouch) (< net46) (>= netstandard1.3) (< xamarinios) (< xamarinmac) (< xamarintvos) (< xamarinwatchos)
      System.Collections (>= 4.3) - restriction: || (&& (< monoandroid) (< monotouch) (< net46) (>= netstandard1.3) (< xamarinios) (< xamarinmac) (< xamarintvos) (< xamarinwatchos)) (&& (< monoandroid) (< netstandard1.3))
      System.Diagnostics.Debug (>= 4.3) - restriction: || (&& (< monoandroid) (< monotouch) (< net46) (>= netstandard1.3) (< xamarinios) (< xamarinmac) (< xamarintvos) (< xamarinwatchos)) (&& (< monoandroid) (< netstandard1.3))
      System.Diagnostics.Tracing (>= 4.3) - restriction: || (&& (< monoandroid) (< monotouch) (< net46) (>= netstandard1.3) (< xamarinios) (< xamarinmac) (< xamarintvos) (< xamarinwatchos)) (&& (< monoandroid) (< netstandard1.3))
      System.Globalization (>= 4.3) - restriction: || (&& (< monoandroid) (< monotouch) (< net46) (>= netstandard1.3) (< xamarinios) (< xamarinmac) (< xamarintvos) (< xamarinwatchos)) (&& (< monoandroid) (< netstandard1.3))
      System.IO (>= 4.3) - restriction: && (< monoandroid) (< monotouch) (< net46) (>= netstandard1.3) (< xamarinios) (< xamarinmac) (< xamarintvos) (< xamarinwatchos)
      System.Net.NameResolution (>= 4.3) - restriction: && (< monoandroid) (< monotouch) (< net46) (>= netstandard1.3) (< xamarinios) (< xamarinmac) (< xamarintvos) (< xamarinwatchos)
      System.Net.Primitives (>= 4.3) - restriction: || (&& (< monoandroid) (< monotouch) (< net46) (>= netstandard1.3) (< xamarinios) (< xamarinmac) (< xamarintvos) (< xamarinwatchos)) (&& (< monoandroid) (< netstandard1.3))
      System.Net.Security (>= 4.3) - restriction: && (< monoandroid) (< monotouch) (< net46) (>= netstandard1.3) (< xamarinios) (< xamarinmac) (< xamarintvos) (< xamarinwatchos)
      System.Net.Sockets (>= 4.3) - restriction: && (< monoandroid) (< monotouch) (< net46) (>= netstandard1.3) (< xamarinios) (< xamarinmac) (< xamarintvos) (< xamarinwatchos)
      System.Net.WebHeaderCollection (>= 4.3) - restriction: || (&& (< monoandroid) (< monotouch) (< net46) (>= netstandard1.3) (< xamarinios) (< xamarinmac) (< xamarintvos) (< xamarinwatchos)) (&& (< monoandroid) (< netstandard1.3))
      System.Net.WebSockets (>= 4.3) - restriction: || (&& (< monoandroid) (< monotouch) (>= netstandard1.3) (< xamarinios) (< xamarinmac) (< xamarintvos) (< xamarinwatchos)) (&& (< monoandroid) (< netstandard1.3)) (>= net46)
      System.Resources.ResourceManager (>= 4.3) - restriction: || (&& (< monoandroid) (< monotouch) (< net46) (>= netstandard1.3) (< xamarinios) (< xamarinmac) (< xamarintvos) (< xamarinwatchos)) (&& (< monoandroid) (< netstandard1.3))
      System.Runtime (>= 4.3) - restriction: || (&& (< monoandroid) (< monotouch) (< net46) (>= netstandard1.3) (< xamarinios) (< xamarinmac) (< xamarintvos) (< xamarinwatchos)) (&& (< monoandroid) (< netstandard1.3))
      System.Runtime.Extensions (>= 4.3) - restriction: || (&& (< monoandroid) (< monotouch) (< net46) (>= netstandard1.3) (< xamarinios) (< xamarinmac) (< xamarintvos) (< xamarinwatchos)) (&& (< monoandroid) (< netstandard1.3))
      System.Runtime.Handles (>= 4.3) - restriction: && (< monoandroid) (< monotouch) (< net46) (>= netstandard1.3) (< xamarinios) (< xamarinmac) (< xamarintvos) (< xamarinwatchos)
      System.Runtime.InteropServices (>= 4.3) - restriction: && (< monoandroid) (< monotouch) (< net46) (>= netstandard1.3) (< xamarinios) (< xamarinmac) (< xamarintvos) (< xamarinwatchos)
      System.Security.Cryptography.Algorithms (>= 4.3) - restriction: && (< monoandroid) (< monotouch) (< net46) (>= netstandard1.3) (< xamarinios) (< xamarinmac) (< xamarintvos) (< xamarinwatchos)
      System.Security.Cryptography.Primitives (>= 4.3) - restriction: && (< monoandroid) (< monotouch) (< net46) (>= netstandard1.3) (< xamarinios) (< xamarinmac) (< xamarintvos) (< xamarinwatchos)
      System.Security.Cryptography.X509Certificates (>= 4.3) - restriction: || (&& (< monoandroid) (< monotouch) (>= netstandard1.3) (< xamarinios) (< xamarinmac) (< xamarintvos) (< xamarinwatchos)) (&& (< monoandroid) (< netstandard1.3)) (>= net46)
      System.Text.Encoding (>= 4.3) - restriction: || (&& (< monoandroid) (< monotouch) (< net46) (>= netstandard1.3) (< xamarinios) (< xamarinmac) (< xamarintvos) (< xamarinwatchos)) (&& (< monoandroid) (< netstandard1.3))
      System.Text.Encoding.Extensions (>= 4.3) - restriction: && (< monoandroid) (< monotouch) (< net46) (>= netstandard1.3) (< xamarinios) (< xamarinmac) (< xamarintvos) (< xamarinwatchos)
      System.Threading (>= 4.3) - restriction: || (&& (< monoandroid) (< monotouch) (< net46) (>= netstandard1.3) (< xamarinios) (< xamarinmac) (< xamarintvos) (< xamarinwatchos)) (&& (< monoandroid) (< netstandard1.3))
      System.Threading.Tasks (>= 4.3) - restriction: || (&& (< monoandroid) (< monotouch) (< net46) (>= netstandard1.3) (< xamarinios) (< xamarinmac) (< xamarintvos) (< xamarinwatchos)) (&& (< monoandroid) (< netstandard1.3))
      System.Threading.Timer (>= 4.3) - restriction: && (< monoandroid) (< monotouch) (< net46) (>= netstandard1.3) (< xamarinios) (< xamarinmac) (< xamarintvos) (< xamarinwatchos)
    System.Numerics.Vectors (4.5) - restriction: || (&& (< net45) (>= net461)) (&& (< net45) (< netcoreapp2.0) (>= netstandard2.0) (< xamarinios)) (&& (>= net461) (>= netcoreapp2.0)) (&& (>= net461) (>= uap10.1)) (&& (>= netstandard2.0) (>= uap10.1)) (&& (>= uap10.0) (< uap10.1))
    System.Numerics.Vectors.WindowsRuntime (4.3) - restriction: && (>= uap10.0) (< uap10.1)
      System.Numerics.Vectors (>= 4.3) - restriction: >= uap10.0
      System.Runtime (>= 4.3) - restriction: >= uap10.0
      System.Runtime.WindowsRuntime (>= 4.3) - restriction: >= uap10.0
    System.ObjectModel (4.3) - restriction: || (&& (< monoandroid) (< monotouch) (< net45) (>= netstandard1.6) (< netstandard2.0) (< xamarintvos) (< xamarinwatchos)) (&& (< monoandroid) (< monotouch) (< net45) (>= netstandard1.6) (< win8) (< wpa81) (< xamarinios) (< xamarinmac) (< xamarintvos) (< xamarinwatchos)) (&& (< monoandroid) (< net45) (< netstandard1.3) (>= netstandard1.6) (< win8) (< wpa81)) (&& (< net20) (< netstandard1.2) (>= netstandard1.4) (< win8)) (&& (< net20) (< netstandard1.2) (>= netstandard2.0) (< win8)) (&& (< net20) (< netstandard1.3) (>= netstandard1.4) (< win8) (< wpa81)) (&& (< net20) (< netstandard1.3) (>= netstandard2.0) (< win8) (< wpa81)) (&& (< net20) (>= netstandard1.4) (< netstandard1.5) (< win8) (< wpa81)) (&& (< net20) (>= netstandard1.4) (< portable-net45+win8+wpa81)) (&& (< net20) (< netstandard1.4) (>= netstandard2.0) (< win8) (< wpa81)) (&& (< net20) (>= netstandard1.5) (< netstandard1.6) (< win8) (< wpa81)) (&& (< net20) (< netstandard1.5) (>= netstandard2.0) (< win8) (< wpa81)) (&& (< net20) (>= netstandard1.6) (< netstandard2.0) (< win8) (< wpa81)) (&& (< net20) (< netstandard1.6) (>= netstandard2.0) (< win8) (< wpa81)) (&& (< net20) (>= netstandard2.0) (< portable-net45+win8+wpa81)) (&& (< netstandard1.5) (>= netstandard2.0) (>= uap10.0)) (&& (>= netstandard1.6) (< portable-net45+win8+wp8+wpa81)) (&& (>= uap10.0) (< uap10.1))
      System.Collections (>= 4.3) - restriction: || (&& (< monoandroid) (< monotouch) (< net45) (>= netstandard1.3) (< win8) (< wpa81) (< xamarinios) (< xamarinmac) (< xamarintvos) (< xamarinwatchos)) (< portable-net45+win8+wp8+wpa81)
      System.Diagnostics.Debug (>= 4.3) - restriction: || (&& (< monoandroid) (< monotouch) (< net45) (>= netstandard1.3) (< win8) (< wpa81) (< xamarinios) (< xamarinmac) (< xamarintvos) (< xamarinwatchos)) (< portable-net45+win8+wp8+wpa81)
      System.Resources.ResourceManager (>= 4.3) - restriction: || (&& (< monoandroid) (< monotouch) (< net45) (>= netstandard1.3) (< win8) (< wpa81) (< xamarinios) (< xamarinmac) (< xamarintvos) (< xamarinwatchos)) (< portable-net45+win8+wp8+wpa81)
      System.Runtime (>= 4.3) - restriction: || (&& (< monoandroid) (< monotouch) (< net45) (>= netstandard1.3) (< win8) (< wpa81) (< xamarinios) (< xamarinmac) (< xamarintvos) (< xamarinwatchos)) (&& (< monoandroid) (< net45) (>= netstandard1.0) (< netstandard1.3) (< win8) (< wp8) (< wpa81)) (< portable-net45+win8+wp8+wpa81)
      System.Threading (>= 4.3) - restriction: || (&& (< monoandroid) (< monotouch) (< net45) (>= netstandard1.3) (< win8) (< wpa81) (< xamarinios) (< xamarinmac) (< xamarintvos) (< xamarinwatchos)) (< portable-net45+win8+wp8+wpa81)
    System.Private.DataContractSerialization (4.3) - restriction: || (&& (< monoandroid) (< net45) (< netstandard1.3) (>= netstandard2.0) (< win8) (< wpa81)) (&& (< monoandroid) (< net45) (>= netstandard2.0) (< win8) (< wpa81) (< xamarinios) (< xamarinmac)) (&& (< net45) (>= net461)) (&& (>= net461) (< portable-net45+win8+wp8+wpa81)) (&& (>= netstandard2.0) (< portable-net45+win8+wp8+wpa81)) (&& (< portable-net45+win8+wp8+wpa81) (>= uap10.0)) (&& (>= uap10.0) (< win8) (< wpa81))
      System.Collections (>= 4.3) - restriction: || (&& (< monoandroid) (< monotouch) (< net46) (>= netstandard1.3) (< xamarinios) (< xamarinmac) (< xamarintvos) (< xamarinwatchos)) (&& (< monoandroid) (< netstandard1.3))
      System.Collections.Concurrent (>= 4.3) - restriction: || (&& (< monoandroid) (< monotouch) (< net46) (>= netstandard1.3) (< xamarinios) (< xamarinmac) (< xamarintvos) (< xamarinwatchos)) (&& (< monoandroid) (< netstandard1.3))
      System.Diagnostics.Debug (>= 4.3) - restriction: || (&& (< monoandroid) (< monotouch) (< net46) (>= netstandard1.3) (< xamarinios) (< xamarinmac) (< xamarintvos) (< xamarinwatchos)) (&& (< monoandroid) (< netstandard1.3))
      System.Globalization (>= 4.3) - restriction: || (&& (< monoandroid) (< monotouch) (< net46) (>= netstandard1.3) (< xamarinios) (< xamarinmac) (< xamarintvos) (< xamarinwatchos)) (&& (< monoandroid) (< netstandard1.3))
      System.IO (>= 4.3) - restriction: || (&& (< monoandroid) (< monotouch) (< net46) (>= netstandard1.3) (< xamarinios) (< xamarinmac) (< xamarintvos) (< xamarinwatchos)) (&& (< monoandroid) (< netstandard1.3))
      System.Linq (>= 4.3) - restriction: || (&& (< monoandroid) (< monotouch) (< net46) (>= netstandard1.3) (< xamarinios) (< xamarinmac) (< xamarintvos) (< xamarinwatchos)) (&& (< monoandroid) (< netstandard1.3))
      System.Reflection (>= 4.3) - restriction: || (&& (< monoandroid) (< monotouch) (< net46) (>= netstandard1.3) (< xamarinios) (< xamarinmac) (< xamarintvos) (< xamarinwatchos)) (&& (< monoandroid) (< netstandard1.3))
      System.Reflection.Emit.ILGeneration (>= 4.3) - restriction: && (< monoandroid) (< monotouch) (< net46) (>= netstandard1.3) (< xamarinios) (< xamarinmac) (< xamarintvos) (< xamarinwatchos)
      System.Reflection.Emit.Lightweight (>= 4.3) - restriction: && (< monoandroid) (< monotouch) (< net46) (>= netstandard1.3) (< xamarinios) (< xamarinmac) (< xamarintvos) (< xamarinwatchos)
      System.Reflection.Extensions (>= 4.3) - restriction: || (&& (< monoandroid) (< monotouch) (< net46) (>= netstandard1.3) (< xamarinios) (< xamarinmac) (< xamarintvos) (< xamarinwatchos)) (&& (< monoandroid) (< netstandard1.3))
      System.Reflection.Primitives (>= 4.3) - restriction: || (&& (< monoandroid) (< monotouch) (< net46) (>= netstandard1.3) (< xamarinios) (< xamarinmac) (< xamarintvos) (< xamarinwatchos)) (&& (< monoandroid) (< netstandard1.3))
      System.Reflection.TypeExtensions (>= 4.3) - restriction: || (&& (< monoandroid) (< monotouch) (>= netstandard1.3) (< xamarinios) (< xamarinmac) (< xamarintvos) (< xamarinwatchos)) (&& (< monoandroid) (< netstandard1.3)) (>= net46)
      System.Resources.ResourceManager (>= 4.3) - restriction: || (&& (< monoandroid) (< monotouch) (< net46) (>= netstandard1.3) (< xamarinios) (< xamarinmac) (< xamarintvos) (< xamarinwatchos)) (&& (< monoandroid) (< netstandard1.3))
      System.Runtime (>= 4.3) - restriction: || (&& (< monoandroid) (< monotouch) (< net46) (>= netstandard1.3) (< xamarinios) (< xamarinmac) (< xamarintvos) (< xamarinwatchos)) (&& (< monoandroid) (< netstandard1.3))
      System.Runtime.Extensions (>= 4.3) - restriction: || (&& (< monoandroid) (< monotouch) (< net46) (>= netstandard1.3) (< xamarinios) (< xamarinmac) (< xamarintvos) (< xamarinwatchos)) (&& (< monoandroid) (< netstandard1.3))
      System.Runtime.Serialization.Primitives (>= 4.3) - restriction: || (&& (< monoandroid) (< monotouch) (>= netstandard1.3) (< xamarinios) (< xamarinmac) (< xamarintvos) (< xamarinwatchos)) (&& (< monoandroid) (< netstandard1.3)) (>= net46)
      System.Text.Encoding (>= 4.3) - restriction: || (&& (< monoandroid) (< monotouch) (< net46) (>= netstandard1.3) (< xamarinios) (< xamarinmac) (< xamarintvos) (< xamarinwatchos)) (&& (< monoandroid) (< netstandard1.3))
      System.Text.Encoding.Extensions (>= 4.3) - restriction: || (&& (< monoandroid) (< monotouch) (< net46) (>= netstandard1.3) (< xamarinios) (< xamarinmac) (< xamarintvos) (< xamarinwatchos)) (&& (< monoandroid) (< netstandard1.3))
      System.Text.RegularExpressions (>= 4.3) - restriction: || (&& (< monoandroid) (< monotouch) (< net46) (>= netstandard1.3) (< xamarinios) (< xamarinmac) (< xamarintvos) (< xamarinwatchos)) (&& (< monoandroid) (< netstandard1.3))
      System.Threading (>= 4.3) - restriction: || (&& (< monoandroid) (< monotouch) (< net46) (>= netstandard1.3) (< xamarinios) (< xamarinmac) (< xamarintvos) (< xamarinwatchos)) (&& (< monoandroid) (< netstandard1.3))
      System.Threading.Tasks (>= 4.3) - restriction: || (&& (< monoandroid) (< monotouch) (< net46) (>= netstandard1.3) (< xamarinios) (< xamarinmac) (< xamarintvos) (< xamarinwatchos)) (&& (< monoandroid) (< netstandard1.3))
      System.Xml.ReaderWriter (>= 4.3) - restriction: || (&& (< monoandroid) (< monotouch) (< net46) (>= netstandard1.3) (< xamarinios) (< xamarinmac) (< xamarintvos) (< xamarinwatchos)) (&& (< monoandroid) (< netstandard1.3))
      System.Xml.XDocument (>= 4.3) - restriction: || (&& (< monoandroid) (< monotouch) (< net46) (>= netstandard1.3) (< xamarinios) (< xamarinmac) (< xamarintvos) (< xamarinwatchos)) (&& (< monoandroid) (< netstandard1.3))
      System.Xml.XmlDocument (>= 4.3) - restriction: || (&& (< monoandroid) (< monotouch) (>= netstandard1.3) (< xamarinios) (< xamarinmac) (< xamarintvos) (< xamarinwatchos)) (&& (< monoandroid) (< netstandard1.3)) (>= net46)
      System.Xml.XmlSerializer (>= 4.3) - restriction: || (&& (< monoandroid) (< monotouch) (< net46) (>= netstandard1.3) (< xamarinios) (< xamarinmac) (< xamarintvos) (< xamarinwatchos)) (&& (< monoandroid) (< netstandard1.3))
    System.Private.ServiceModel (4.5.3) - restriction: || (&& (< net20) (>= net46) (>= netstandard2.0)) (&& (< net20) (>= netstandard2.0) (< portable-net45+win8+wp8)) (&& (< net20) (>= netstandard2.0) (< uap10.0) (< xamarinios)) (&& (>= net46) (>= netstandard2.0) (>= uap10.1)) (>= netcoreapp2.1) (&& (>= netstandard2.0) (>= uap10.0)) (&& (>= netstandard2.0) (< uap10.0) (>= uap10.1)) (&& (< netstandard2.0) (>= uap10.0) (< uap10.1)) (&& (< portable-net45+win8+wp8) (>= uap10.0))
      Microsoft.NETCore.Platforms (>= 2.1)
      NETStandard.Library (>= 1.6.1) - restriction: || (&& (>= netstandard1.3) (< netstandard2.0) (< uap10.1)) (< netstandard1.3)
      System.Collections.NonGeneric (>= 4.3) - restriction: || (&& (>= netstandard1.3) (< netstandard2.0) (< uap10.1)) (< netstandard1.3)
      System.Collections.Specialized (>= 4.3) - restriction: || (&& (>= netstandard1.3) (< netstandard2.0) (< uap10.1)) (< netstandard1.3)
      System.ComponentModel.EventBasedAsync (>= 4.3) - restriction: || (&& (>= netstandard1.3) (< netstandard2.0) (< uap10.1)) (< netstandard1.3)
      System.Linq.Queryable (>= 4.3) - restriction: || (&& (>= netstandard1.3) (< netstandard2.0) (< uap10.1)) (< netstandard1.3)
      System.Net.NameResolution (>= 4.3) - restriction: && (>= netstandard1.3) (< netstandard2.0) (< uap10.1)
      System.Net.Security (>= 4.3) - restriction: && (>= netstandard1.3) (< netstandard2.0) (< uap10.1)
      System.Net.WebHeaderCollection (>= 4.3) - restriction: || (&& (>= netstandard1.3) (< netstandard2.0) (< uap10.1)) (< netstandard1.3)
      System.Net.WebSockets (>= 4.3) - restriction: || (&& (>= netstandard1.3) (< netstandard2.0) (< uap10.1)) (< netstandard1.3)
      System.Net.WebSockets.Client (>= 4.3) - restriction: || (&& (>= netstandard1.3) (< netstandard2.0) (< uap10.1)) (< netstandard1.3)
      System.Reflection.DispatchProxy (>= 4.3) - restriction: && (>= netstandard1.3) (< netstandard2.0) (< uap10.1)
      System.Reflection.DispatchProxy (>= 4.5) - restriction: >= netstandard2.0
      System.Reflection.TypeExtensions (>= 4.4) - restriction: || (&& (>= netstandard1.3) (< netstandard2.0) (< uap10.1)) (< netstandard1.3)
      System.Runtime.Serialization.Primitives (>= 4.3) - restriction: || (&& (>= netstandard1.3) (< netstandard2.0) (< uap10.1)) (< netstandard1.3)
      System.Runtime.Serialization.Xml (>= 4.3) - restriction: || (&& (>= netstandard1.3) (< netstandard2.0) (< uap10.1)) (< netstandard1.3)
      System.Security.Claims (>= 4.3) - restriction: || (&& (>= netstandard1.3) (< netstandard2.0) (< uap10.1)) (< netstandard1.3)
      System.Security.Principal (>= 4.3) - restriction: || (&& (>= netstandard1.3) (< netstandard2.0) (< uap10.1)) (< netstandard1.3)
      System.Security.Principal.Windows (>= 4.3) - restriction: && (>= netstandard1.3) (< netstandard2.0) (< uap10.1)
      System.Security.Principal.Windows (>= 4.5) - restriction: >= netstandard2.0
      System.Xml.XmlDocument (>= 4.3) - restriction: || (&& (>= netstandard1.3) (< netstandard2.0) (< uap10.1)) (< netstandard1.3)
      System.Xml.XmlSerializer (>= 4.3) - restriction: || (&& (>= netstandard1.3) (< netstandard2.0) (< uap10.1)) (< netstandard1.3)
    System.Reflection (4.3) - restriction: || (&& (< monoandroid) (< monotouch) (< net20) (>= netstandard1.4) (< netstandard2.0) (< xamarintvos) (< xamarinwatchos)) (&& (< monoandroid) (< monotouch) (< net20) (>= netstandard1.5) (< netstandard2.0) (< win8) (< wpa81) (< xamarintvos) (< xamarinwatchos)) (&& (< monoandroid) (< monotouch) (< net35) (>= netstandard1.5) (< netstandard2.0) (< xamarintvos) (< xamarinwatchos)) (&& (< monoandroid) (< monotouch) (< net45) (>= netstandard1.5) (< win8) (< wpa81) (< xamarinios) (< xamarinmac) (< xamarintvos) (< xamarinwatchos)) (&& (< monoandroid) (< monotouch) (< net45) (>= netstandard1.6) (< xamarinios) (< xamarinmac) (< xamarintvos) (< xamarinwatchos)) (&& (< monoandroid) (< net20) (< netcoreapp2.1) (>= netstandard2.0) (< win8) (< wpa81) (< xamarinios) (< xamarinmac)) (&& (< monoandroid) (< net20) (>= netstandard1.0) (< netstandard1.3) (< win8) (< wp8) (< wpa81)) (&& (< monoandroid) (< net20) (< netstandard1.2) (>= netstandard1.5) (< win8)) (&& (< monoandroid) (< net20) (< netstandard1.2) (>= netstandard1.6) (< win8)) (&& (< monoandroid) (< net20) (>= netstandard1.3) (< netstandard1.5) (< win8) (< wpa81)) (&& (< monoandroid) (< net20) (< netstandard1.3) (>= netstandard1.5) (< win8) (< wpa81)) (&& (< monoandroid) (< net20) (< netstandard1.3) (>= netstandard1.6) (< win8) (< wpa81)) (&& (< monoandroid) (< net20) (< netstandard1.5) (>= netstandard1.6) (< win8) (< wpa81)) (&& (< monoandroid) (< net35) (>= netstandard1.3) (< netstandard1.5)) (&& (< monoandroid) (< net45) (< netstandard1.3) (>= netstandard1.6) (< win8) (< wpa81)) (&& (< monoandroid) (< net46) (< netstandard1.5) (>= netstandard2.0)) (&& (< monoandroid) (< netstandard1.3) (>= netstandard2.0)) (&& (< net20) (>= net452) (>= netstandard1.3) (< netstandard2.0)) (&& (< net20) (>= net452) (>= netstandard1.3) (< portable-net45+win8+wp8+wpa81)) (&& (< net20) (>= net46) (>= netstandard2.0)) (&& (< net20) (>= net46) (< netstandard2.0)) (&& (< net20) (>= net46) (< portable-net45+win8+wp8+wpa81)) (&& (< net20) (< netstandard1.2) (>= netstandard1.4) (< win8)) (&& (< net20) (< netstandard1.2) (>= netstandard2.0) (< win8)) (&& (< net20) (< netstandard1.3) (>= netstandard1.4) (< win8) (< wpa81)) (&& (< net20) (< netstandard1.3) (>= netstandard2.0) (< win8) (< wpa81)) (&& (< net20) (>= netstandard1.4) (< netstandard1.5) (< win8) (< wpa81)) (&& (< net20) (>= netstandard1.4) (< portable-net45+win8+wpa81)) (&& (< net20) (< netstandard1.4) (>= netstandard2.0) (< win8) (< wpa81)) (&& (< net20) (>= netstandard1.5) (< netstandard1.6) (< win8) (< wpa81)) (&& (< net20) (>= netstandard1.5) (< portable-net45+win8+wpa81)) (&& (< net20) (< netstandard1.5) (>= netstandard2.0) (< win8) (< wpa81)) (&& (< net20) (>= netstandard1.6) (< netstandard2.0) (< win8) (< wpa81)) (&& (< net20) (>= netstandard1.6) (< portable-net45+win8+wpa81)) (&& (< net20) (< netstandard1.6) (>= netstandard2.0) (< win8) (< wpa81)) (&& (< net20) (>= netstandard2.0) (< portable-net45+win8+wpa81)) (&& (>= net45) (< netstandard1.4) (>= uap10.0)) (&& (< net45) (>= net461)) (&& (< net45) (>= netstandard1.6) (< netstandard2.0)) (&& (< net45) (>= netstandard2.0)) (&& (>= net451) (< netstandard1.4) (>= uap10.0)) (&& (< net46) (>= net461) (>= netstandard1.5) (< netstandard2.0)) (&& (< net46) (>= net461) (< netstandard1.5)) (&& (>= net461) (< netstandard1.3)) (&& (>= net461) (< portable-net45+win8+wp8+wpa81)) (>= netcoreapp1.0) (&& (>= netcoreapp1.1) (< netstandard1.2)) (&& (>= netcoreapp1.1) (< netstandard1.3)) (&& (>= netcoreapp1.1) (< netstandard1.4) (>= netstandard2.0)) (&& (>= netcoreapp1.1) (< netstandard1.5)) (&& (>= netcoreapp1.1) (< netstandard1.6)) (&& (>= netcoreapp1.1) (< netstandard2.0)) (&& (< netstandard1.2) (>= uap10.0) (< win8)) (&& (< netstandard1.3) (>= uap10.0)) (&& (>= netstandard1.6) (< portable-net45+win8+wp8+wpa81)) (&& (>= netstandard2.0) (< portable-net45+win8+wp8+wpa81)) (&& (>= netstandard2.0) (>= uap10.0)) (&& (< netstandard2.0) (>= uap10.0)) (&& (< portable-net45+win8+wp8+wpa81) (>= uap10.0)) (&& (< portable-net45+win8+wpa81) (>= uap10.0)) (&& (>= uap10.0) (< uap10.1)) (&& (>= uap10.0) (< win8) (< wpa81))
      Microsoft.NETCore.Platforms (>= 1.1) - restriction: || (&& (< monoandroid) (< monotouch) (< net45) (>= netstandard1.5) (< win8) (< wpa81) (< xamarinios) (< xamarinmac) (< xamarintvos) (< xamarinwatchos)) (&& (< monoandroid) (< net45) (>= netstandard1.0) (< netstandard1.3) (< win8) (< wp8) (< wpa81)) (&& (< monoandroid) (< net45) (>= netstandard1.3) (< netstandard1.5) (< win8) (< wpa81)) (< portable-net45+win8+wp8+wpa81)
      Microsoft.NETCore.Targets (>= 1.1) - restriction: || (&& (< monoandroid) (< monotouch) (< net45) (>= netstandard1.5) (< win8) (< wpa81) (< xamarinios) (< xamarinmac) (< xamarintvos) (< xamarinwatchos)) (&& (< monoandroid) (< net45) (>= netstandard1.0) (< netstandard1.3) (< win8) (< wp8) (< wpa81)) (&& (< monoandroid) (< net45) (>= netstandard1.3) (< netstandard1.5) (< win8) (< wpa81)) (< portable-net45+win8+wp8+wpa81)
      System.IO (>= 4.3) - restriction: || (&& (< monoandroid) (< monotouch) (< net45) (>= netstandard1.5) (< win8) (< wpa81) (< xamarinios) (< xamarinmac) (< xamarintvos) (< xamarinwatchos)) (&& (< monoandroid) (< net45) (>= netstandard1.0) (< netstandard1.3) (< win8) (< wp8) (< wpa81)) (&& (< monoandroid) (< net45) (>= netstandard1.3) (< netstandard1.5) (< win8) (< wpa81)) (< portable-net45+win8+wp8+wpa81)
      System.Reflection.Primitives (>= 4.3) - restriction: || (&& (< monoandroid) (< monotouch) (< net45) (>= netstandard1.5) (< win8) (< wpa81) (< xamarinios) (< xamarinmac) (< xamarintvos) (< xamarinwatchos)) (&& (< monoandroid) (< net45) (>= netstandard1.0) (< netstandard1.3) (< win8) (< wp8) (< wpa81)) (&& (< monoandroid) (< net45) (>= netstandard1.3) (< netstandard1.5) (< win8) (< wpa81)) (< portable-net45+win8+wp8+wpa81)
      System.Runtime (>= 4.3) - restriction: || (&& (< monoandroid) (< monotouch) (< net45) (>= netstandard1.5) (< win8) (< wpa81) (< xamarinios) (< xamarinmac) (< xamarintvos) (< xamarinwatchos)) (&& (< monoandroid) (< net45) (>= netstandard1.0) (< netstandard1.3) (< win8) (< wp8) (< wpa81)) (&& (< monoandroid) (< net45) (>= netstandard1.3) (< netstandard1.5) (< win8) (< wpa81)) (< portable-net45+win8+wp8+wpa81)
    System.Reflection.Context (4.3) - restriction: && (>= uap10.0) (< uap10.1)
    System.Reflection.DispatchProxy (4.5.1) - restriction: || (&& (>= netstandard2.0) (>= uap10.0)) (&& (< netstandard2.0) (>= uap10.0) (< uap10.1)) (&& (< portable-net45+win8+wp8) (>= uap10.0))
      NETStandard.Library (>= 1.6.1) - restriction: || (&& (< monoandroid) (< monotouch) (< net46) (>= netstandard1.3) (< netstandard2.0) (< uap10.1) (< xamarintvos) (< xamarinwatchos)) (&& (< monoandroid) (< netstandard1.3))
      System.Reflection.Emit (>= 4.3) - restriction: || (&& (< monoandroid) (< monotouch) (< net46) (>= netstandard1.3) (< netstandard2.0) (< xamarintvos) (< xamarinwatchos)) (>= uap10.1)
      System.Reflection.Emit.ILGeneration (>= 4.3) - restriction: || (&& (< monoandroid) (< monotouch) (< net46) (>= netstandard1.3) (< netstandard2.0) (< xamarintvos) (< xamarinwatchos)) (>= uap10.1)
    System.Reflection.Emit (4.3) - restriction: || (&& (< monoandroid) (< monotouch) (< net45) (>= netstandard1.6) (< netstandard2.0) (< xamarintvos) (< xamarinwatchos)) (&& (< monoandroid) (< monotouch) (< net45) (>= netstandard1.6) (< win8) (< wpa81) (< xamarinios) (< xamarinmac) (< xamarintvos) (< xamarinwatchos)) (&& (< monoandroid) (< net20) (< netcoreapp2.1) (>= netstandard2.0) (< win8) (< wpa81) (< xamarinios) (< xamarinmac)) (&& (< net20) (>= net452) (>= netstandard1.3) (< netstandard2.0)) (&& (< net20) (>= net452) (>= netstandard1.3) (< portable-net45+win8+wp8+wpa81)) (&& (< net20) (>= net46) (>= netstandard2.0)) (&& (< net20) (>= net46) (< netstandard2.0)) (&& (< net20) (>= net46) (< portable-net45+win8+wp8+wpa81)) (&& (< net20) (< netcoreapp2.1) (>= netstandard2.0) (< uap10.0)) (&& (< net20) (>= netstandard2.0) (< portable-net45+win8+wp8+wpa81)) (&& (< net45) (>= netstandard2.0)) (&& (>= netstandard2.0) (>= uap10.1)) (&& (< netstandard2.0) (>= uap10.0) (< uap10.1)) (&& (< portable-net45+win8+wp8) (>= uap10.0)) (&& (< portable-net45+win8+wp8) (>= uap10.1))
      System.IO (>= 4.3) - restriction: && (< monoandroid) (< monotouch) (< net45) (>= netstandard1.1) (< xamarinios) (< xamarinmac) (< xamarintvos) (< xamarinwatchos)
      System.Reflection (>= 4.3) - restriction: && (< monoandroid) (< monotouch) (< net45) (>= netstandard1.1) (< xamarinios) (< xamarinmac) (< xamarintvos) (< xamarinwatchos)
      System.Reflection.Emit.ILGeneration (>= 4.3) - restriction: && (< monoandroid) (< monotouch) (< net45) (>= netstandard1.1) (< xamarinios) (< xamarinmac) (< xamarintvos) (< xamarinwatchos)
      System.Reflection.Primitives (>= 4.3) - restriction: && (< monoandroid) (< monotouch) (< net45) (>= netstandard1.1) (< xamarinios) (< xamarinmac) (< xamarintvos) (< xamarinwatchos)
      System.Runtime (>= 4.3) - restriction: && (< monoandroid) (< monotouch) (< net45) (>= netstandard1.1) (< xamarinios) (< xamarinmac) (< xamarintvos) (< xamarinwatchos)
    System.Reflection.Emit.ILGeneration (4.3) - restriction: || (&& (< monoandroid) (< monotouch) (< net45) (>= netstandard1.6) (< netstandard2.0) (< xamarintvos) (< xamarinwatchos)) (&& (< monoandroid) (< monotouch) (< net45) (>= netstandard1.6) (< win8) (< wpa81) (< xamarinios) (< xamarinmac) (< xamarintvos) (< xamarinwatchos)) (&& (< monoandroid) (< net20) (< netcoreapp2.1) (>= netstandard2.0) (< win8) (< wpa81) (< xamarinios) (< xamarinmac)) (&& (< monoandroid) (< net45) (< netstandard1.3) (>= netstandard2.0) (< win8) (< wpa81)) (&& (< monoandroid) (< net45) (>= netstandard2.0) (< xamarinios) (< xamarinmac)) (&& (< net20) (>= net452) (>= netstandard1.3) (< netstandard2.0)) (&& (< net20) (>= net452) (>= netstandard1.3) (< portable-net45+win8+wp8+wpa81)) (&& (< net20) (>= net46) (>= netstandard2.0)) (&& (< net20) (>= net46) (< netstandard2.0)) (&& (< net20) (>= net46) (< portable-net45+win8+wp8+wpa81)) (&& (< net45) (>= net461)) (&& (>= net461) (< portable-net45+win8+wp8+wpa81)) (&& (>= netstandard1.6) (< portable-net45+win8+wp8+wpa81)) (&& (>= netstandard2.0) (< portable-net45+win8+wp8+wpa81)) (&& (>= netstandard2.0) (>= uap10.1)) (&& (< netstandard2.0) (>= uap10.0) (< uap10.1)) (&& (< portable-net45+win8+wp8) (>= uap10.0)) (&& (< portable-net45+win8+wp8) (>= uap10.1)) (&& (< portable-net45+win8+wp8+wpa81) (>= uap10.0)) (&& (>= uap10.0) (< win8) (< wpa81))
      System.Reflection (>= 4.3) - restriction: && (< monoandroid) (< monotouch) (< net45) (>= netstandard1.0) (< wp8) (< xamarinios) (< xamarinmac) (< xamarintvos) (< xamarinwatchos)
      System.Reflection.Primitives (>= 4.3) - restriction: && (< monoandroid) (< monotouch) (< net45) (>= netstandard1.0) (< wp8) (< xamarinios) (< xamarinmac) (< xamarintvos) (< xamarinwatchos)
      System.Runtime (>= 4.3) - restriction: && (< monoandroid) (< monotouch) (< net45) (>= netstandard1.0) (< wp8) (< xamarinios) (< xamarinmac) (< xamarintvos) (< xamarinwatchos)
    System.Reflection.Emit.Lightweight (4.3) - restriction: || (&& (< monoandroid) (< monotouch) (< net45) (>= netstandard1.6) (< netstandard2.0) (< xamarintvos) (< xamarinwatchos)) (&& (< net20) (>= net452) (>= netstandard1.3) (< netstandard2.0)) (&& (< net20) (>= net46) (>= netstandard2.0)) (&& (< net20) (>= net46) (< netstandard2.0)) (&& (< net20) (< netcoreapp2.1) (>= netstandard2.0) (< uap10.0)) (&& (< net45) (>= net461)) (&& (< net45) (>= netstandard2.0)) (&& (>= net461) (< portable-net45+win8+wp8+wpa81)) (&& (>= netstandard1.6) (< portable-net45+win8+wp8+wpa81)) (&& (>= netstandard2.0) (< portable-net45+win8+wp8+wpa81)) (&& (< portable-net45+win8+wp8+wpa81) (>= uap10.0)) (&& (>= uap10.0) (< win8) (< wpa81))
      System.Reflection (>= 4.3) - restriction: && (< monoandroid) (< monotouch) (< net45) (>= netstandard1.0) (< wp8) (< xamarinios) (< xamarinmac) (< xamarintvos) (< xamarinwatchos)
      System.Reflection.Emit.ILGeneration (>= 4.3) - restriction: && (< monoandroid) (< monotouch) (< net45) (>= netstandard1.0) (< wp8) (< xamarinios) (< xamarinmac) (< xamarintvos) (< xamarinwatchos)
      System.Reflection.Primitives (>= 4.3) - restriction: && (< monoandroid) (< monotouch) (< net45) (>= netstandard1.0) (< wp8) (< xamarinios) (< xamarinmac) (< xamarintvos) (< xamarinwatchos)
      System.Runtime (>= 4.3) - restriction: && (< monoandroid) (< monotouch) (< net45) (>= netstandard1.0) (< wp8) (< xamarinios) (< xamarinmac) (< xamarintvos) (< xamarinwatchos)
    System.Reflection.Extensions (4.3) - restriction: || (&& (< monoandroid) (< monotouch) (< net20) (>= netstandard1.5) (< netstandard2.0) (< win8) (< wpa81) (< xamarintvos) (< xamarinwatchos)) (&& (< monoandroid) (< net20) (< netcoreapp2.1) (>= netstandard2.0) (< win8) (< wpa81) (< xamarinios) (< xamarinmac)) (&& (< monoandroid) (< net20) (>= netstandard1.0) (< netstandard1.3) (< win8) (< wp8) (< wpa81)) (&& (< monoandroid) (< net20) (>= netstandard1.3) (< netstandard1.5) (< win8) (< wpa81)) (&& (< monoandroid) (< net20) (< netstandard1.3) (>= netstandard1.5) (< win8) (< wpa81)) (&& (< monoandroid) (< net45) (< netstandard1.3) (>= netstandard2.0) (< win8) (< wpa81)) (&& (< monoandroid) (< net45) (>= netstandard2.0) (< win8) (< wpa81) (< xamarinios) (< xamarinmac)) (&& (< net20) (>= net452) (>= netstandard1.3) (< netstandard2.0)) (&& (< net20) (>= net452) (>= netstandard1.3) (< portable-net45+win8+wp8+wpa81)) (&& (< net20) (>= net46) (>= netstandard2.0)) (&& (< net20) (>= net46) (< netstandard2.0)) (&& (< net20) (>= net46) (< portable-net45+win8+wp8+wpa81)) (&& (< net20) (< netstandard1.2) (>= netstandard1.4) (< win8)) (&& (< net20) (< netstandard1.2) (>= netstandard2.0) (< win8)) (&& (< net20) (< netstandard1.3) (>= netstandard1.4) (< win8) (< wpa81)) (&& (< net20) (< netstandard1.3) (>= netstandard2.0) (< win8) (< wpa81)) (&& (< net20) (>= netstandard1.4) (< netstandard1.5) (< win8) (< wpa81)) (&& (< net20) (>= netstandard1.4) (< portable-net45+win8+wpa81)) (&& (< net20) (< netstandard1.4) (>= netstandard2.0) (< win8) (< wpa81)) (&& (< net20) (>= netstandard1.5) (< netstandard1.6) (< win8) (< wpa81)) (&& (< net20) (< netstandard1.5) (>= netstandard2.0) (< win8) (< wpa81)) (&& (< net20) (>= netstandard1.6) (< netstandard2.0) (< win8) (< wpa81)) (&& (< net20) (< netstandard1.6) (>= netstandard2.0) (< win8) (< wpa81)) (&& (< net20) (>= netstandard2.0) (< portable-net45+win8+wpa81)) (&& (< net45) (>= net461)) (&& (< net45) (>= netstandard1.6) (< netstandard2.0)) (&& (< net451) (>= netstandard1.5)) (&& (>= net461) (< portable-net45+win8+wp8+wpa81)) (>= netcoreapp1.0) (&& (< netstandard1.5) (>= netstandard2.0) (>= uap10.0)) (&& (>= netstandard1.6) (< portable-net45+win8+wp8+wpa81)) (&& (>= netstandard2.0) (< portable-net45+win8+wp8+wpa81)) (&& (< portable-net45+win8+wp8+wpa81) (>= uap10.0)) (&& (>= uap10.0) (< uap10.1)) (&& (>= uap10.0) (< win8) (< wpa81))
      Microsoft.NETCore.Platforms (>= 1.1) - restriction: || (&& (< monoandroid) (< monotouch) (< net45) (>= netstandard1.0) (< win8) (< wp8) (< wpa81) (< xamarinios) (< xamarinmac) (< xamarintvos) (< xamarinwatchos)) (< portable-net45+win8+wp8+wpa81)
      Microsoft.NETCore.Targets (>= 1.1) - restriction: || (&& (< monoandroid) (< monotouch) (< net45) (>= netstandard1.0) (< win8) (< wp8) (< wpa81) (< xamarinios) (< xamarinmac) (< xamarintvos) (< xamarinwatchos)) (< portable-net45+win8+wp8+wpa81)
      System.Reflection (>= 4.3) - restriction: || (&& (< monoandroid) (< monotouch) (< net45) (>= netstandard1.0) (< win8) (< wp8) (< wpa81) (< xamarinios) (< xamarinmac) (< xamarintvos) (< xamarinwatchos)) (< portable-net45+win8+wp8+wpa81)
      System.Runtime (>= 4.3) - restriction: || (&& (< monoandroid) (< monotouch) (< net45) (>= netstandard1.0) (< win8) (< wp8) (< wpa81) (< xamarinios) (< xamarinmac) (< xamarintvos) (< xamarinwatchos)) (< portable-net45+win8+wp8+wpa81)
    System.Reflection.Metadata (1.6) - restriction: || (&& (< monoandroid) (< monotouch) (< net35) (>= netstandard1.5) (< xamarintvos) (< xamarinwatchos)) (&& (< monoandroid) (< net35) (>= netstandard1.3) (< netstandard1.5)) (>= net45) (>= netcoreapp1.0) (>= netstandard2.0) (&& (>= uap10.0) (< uap10.1))
      System.Collections.Immutable (>= 1.5) - restriction: || (>= net45) (&& (< netcoreapp2.1) (>= netstandard2.0)) (&& (>= netstandard1.1) (< netstandard2.0) (< win8) (< wpa81)) (&& (< netstandard1.1) (>= portable-net45+win8+wpa81) (< win8)) (&& (< netstandard1.1) (>= win8)) (&& (< netstandard2.0) (< uap10.1) (>= wpa81))
    System.Reflection.Primitives (4.3) - restriction: || (&& (< monoandroid) (< monotouch) (< net20) (>= netstandard1.5) (< netstandard2.0) (< win8) (< wpa81) (< xamarintvos) (< xamarinwatchos)) (&& (< monoandroid) (< monotouch) (< net45) (>= netstandard1.6) (< netstandard2.0) (< xamarintvos) (< xamarinwatchos)) (&& (< monoandroid) (< monotouch) (< net45) (>= netstandard1.6) (< win8) (< wpa81) (< xamarinios) (< xamarinmac) (< xamarintvos) (< xamarinwatchos)) (&& (< monoandroid) (< net20) (< netcoreapp2.1) (>= netstandard2.0) (< win8) (< wpa81) (< xamarinios) (< xamarinmac)) (&& (< monoandroid) (< net20) (>= netstandard1.0) (< netstandard1.3) (< win8) (< wp8) (< wpa81)) (&& (< monoandroid) (< net20) (< netstandard1.2) (>= netstandard1.5) (< win8)) (&& (< monoandroid) (< net20) (< netstandard1.2) (>= netstandard1.6) (< win8)) (&& (< monoandroid) (< net20) (>= netstandard1.3) (< netstandard1.5) (< win8) (< wpa81)) (&& (< monoandroid) (< net20) (< netstandard1.3) (>= netstandard1.5) (< win8) (< wpa81)) (&& (< monoandroid) (< net20) (< netstandard1.3) (>= netstandard1.6) (< win8) (< wpa81)) (&& (< monoandroid) (< net20) (< netstandard1.5) (>= netstandard1.6) (< win8) (< wpa81)) (&& (< monoandroid) (< net45) (< netstandard1.3) (>= netstandard2.0) (< win8) (< wpa81)) (&& (< monoandroid) (< net45) (>= netstandard2.0) (< xamarinios) (< xamarinmac)) (&& (< net20) (>= net452) (>= netstandard1.3) (< netstandard2.0)) (&& (< net20) (>= net452) (>= netstandard1.3) (< portable-net45+win8+wp8+wpa81)) (&& (< net20) (>= net46) (>= netstandard2.0)) (&& (< net20) (>= net46) (< netstandard2.0)) (&& (< net20) (>= net46) (< portable-net45+win8+wp8+wpa81)) (&& (< net20) (< netstandard1.2) (>= netstandard1.4) (< win8)) (&& (< net20) (< netstandard1.2) (>= netstandard2.0) (< win8)) (&& (< net20) (< netstandard1.3) (>= netstandard1.4) (< win8) (< wpa81)) (&& (< net20) (< netstandard1.3) (>= netstandard2.0) (< win8) (< wpa81)) (&& (< net20) (>= netstandard1.4) (< netstandard1.5) (< win8) (< wpa81)) (&& (< net20) (>= netstandard1.4) (< portable-net45+win8+wpa81)) (&& (< net20) (< netstandard1.4) (>= netstandard2.0) (< win8) (< wpa81)) (&& (< net20) (>= netstandard1.5) (< netstandard1.6) (< win8) (< wpa81)) (&& (< net20) (>= netstandard1.5) (< portable-net45+win8+wpa81)) (&& (< net20) (< netstandard1.5) (>= netstandard2.0) (< win8) (< wpa81)) (&& (< net20) (>= netstandard1.6) (< netstandard2.0) (< win8) (< wpa81)) (&& (< net20) (>= netstandard1.6) (< portable-net45+win8+wpa81)) (&& (< net20) (< netstandard1.6) (>= netstandard2.0) (< win8) (< wpa81)) (&& (< net20) (>= netstandard2.0) (< portable-net45+win8+wpa81)) (&& (< net45) (>= net461)) (&& (>= net461) (< portable-net45+win8+wp8+wpa81)) (>= netcoreapp1.0) (&& (>= netcoreapp1.1) (< netstandard1.2)) (&& (>= netcoreapp1.1) (< netstandard1.3)) (&& (>= netcoreapp1.1) (< netstandard1.4) (>= netstandard2.0)) (&& (>= netcoreapp1.1) (< netstandard1.5)) (&& (>= netcoreapp1.1) (< netstandard1.6)) (&& (>= netcoreapp1.1) (< netstandard2.0)) (&& (< netstandard1.2) (>= uap10.0) (< win8)) (&& (< netstandard1.5) (>= netstandard2.0) (>= uap10.0)) (&& (>= netstandard1.6) (< portable-net45+win8+wp8+wpa81)) (&& (>= netstandard2.0) (< portable-net45+win8+wp8+wpa81)) (&& (< portable-net45+win8+wp8+wpa81) (>= uap10.0)) (&& (< portable-net45+win8+wpa81) (>= uap10.0)) (&& (>= uap10.0) (< uap10.1)) (&& (>= uap10.0) (< win8) (< wpa81))
      Microsoft.NETCore.Platforms (>= 1.1) - restriction: || (&& (< monoandroid) (< monotouch) (< net45) (>= netstandard1.0) (< win8) (< wp8) (< wpa81) (< xamarinios) (< xamarinmac) (< xamarintvos) (< xamarinwatchos)) (< portable-net45+win8+wp8+wpa81)
      Microsoft.NETCore.Targets (>= 1.1) - restriction: || (&& (< monoandroid) (< monotouch) (< net45) (>= netstandard1.0) (< win8) (< wp8) (< wpa81) (< xamarinios) (< xamarinmac) (< xamarintvos) (< xamarinwatchos)) (< portable-net45+win8+wp8+wpa81)
      System.Runtime (>= 4.3) - restriction: || (&& (< monoandroid) (< monotouch) (< net45) (>= netstandard1.0) (< win8) (< wp8) (< wpa81) (< xamarinios) (< xamarinmac) (< xamarintvos) (< xamarinwatchos)) (< portable-net45+win8+wp8+wpa81)
    System.Reflection.TypeExtensions (4.5.1) - restriction: || (&& (< monoandroid) (< monotouch) (< net20) (>= netstandard1.3) (< win8) (< wpa81) (< xamarintvos) (< xamarinwatchos)) (&& (< monoandroid) (< monotouch) (< net20) (>= netstandard1.5) (< win8) (< wpa81) (< xamarintvos) (< xamarinwatchos)) (&& (< monoandroid) (< monotouch) (< net45) (>= netstandard1.6) (< xamarintvos) (< xamarinwatchos)) (&& (< monoandroid) (< net20) (< netstandard1.3) (>= netstandard1.5) (< win8) (< wpa81)) (&& (< monoandroid4.4) (< net35) (>= netstandard1.3) (< netstandard1.5)) (&& (< monoandroid4.4) (< net35) (>= netstandard1.5)) (&& (< net20) (>= net452) (>= netstandard1.3)) (&& (< net20) (>= net46)) (&& (< net20) (>= netstandard1.0) (< portable-net45+win8+wp8+wpa81)) (&& (< net20) (>= netstandard1.3) (< portable-net45+win8+wp8+wpa81)) (&& (< net20) (>= netstandard1.4)) (&& (< net451) (>= netstandard1.5)) (>= net461) (>= netcoreapp1.0) (&& (>= netstandard1.6) (< portable-net45+win8+wp8+wpa81)) (>= netstandard2.0) (>= uap10.0)
      System.Reflection (>= 4.3) - restriction: || (&& (< monoandroid) (< monotouch) (< net46) (>= netstandard1.5) (< netstandard2.0) (< xamarintvos) (< xamarinwatchos)) (&& (< monoandroid) (< net46) (>= netstandard1.3) (< netstandard1.5) (< uap10.1)) (&& (< monoandroid) (< netstandard1.3))
      System.Resources.ResourceManager (>= 4.3) - restriction: || (&& (< monoandroid) (< monotouch) (< net46) (>= netstandard1.5) (< netstandard2.0) (< xamarintvos) (< xamarinwatchos)) (&& (< monoandroid) (< net46) (>= netstandard1.3) (< netstandard1.5) (< uap10.1)) (&& (< monoandroid) (< netstandard1.3))
      System.Runtime (>= 4.3) - restriction: || (&& (< monoandroid) (< monotouch) (< net46) (>= netstandard1.5) (< netstandard2.0) (< xamarintvos) (< xamarinwatchos)) (&& (< monoandroid) (< net46) (>= netstandard1.3) (< netstandard1.5) (< uap10.1)) (&& (< monoandroid) (< netstandard1.3))
    System.Resources.ResourceManager (4.3) - restriction: || (&& (< monoandroid) (< monotouch) (< net20) (>= netstandard1.3) (< netstandard2.0) (< xamarintvos) (< xamarinwatchos)) (&& (< monoandroid) (< monotouch) (< net20) (>= netstandard1.4) (< netstandard2.0) (< xamarintvos) (< xamarinwatchos)) (&& (< monoandroid) (< monotouch) (< net20) (>= netstandard1.5) (< netstandard2.0) (< win8) (< wpa81) (< xamarintvos) (< xamarinwatchos)) (&& (< monoandroid) (< monotouch) (< net35) (>= netstandard1.5) (< netstandard2.0) (< xamarintvos) (< xamarinwatchos)) (&& (< monoandroid) (< monotouch) (< net45) (>= netstandard1.5) (< win8) (< wpa81) (< xamarinios) (< xamarinmac) (< xamarintvos) (< xamarinwatchos)) (&& (< monoandroid) (< monotouch) (< net45) (>= netstandard1.6) (< xamarinios) (< xamarinmac) (< xamarintvos) (< xamarinwatchos)) (&& (< monoandroid) (< monotouch) (< net451) (>= netstandard1.5) (< xamarinios) (< xamarinmac) (< xamarintvos) (< xamarinwatchos)) (&& (< monoandroid) (< net20) (< netcoreapp2.1) (>= netstandard2.0) (< win8) (< wpa81) (< xamarinios) (< xamarinmac)) (&& (< monoandroid) (< net20) (>= netstandard1.0) (< netstandard1.3) (< win8) (< wp8) (< wpa81)) (&& (< monoandroid) (< net20) (>= netstandard1.3) (< netstandard1.5) (< win8) (< wpa81)) (&& (< monoandroid) (< net20) (< netstandard1.3) (>= netstandard1.5) (< win8) (< wpa81)) (&& (< monoandroid) (< net35) (>= netstandard1.3) (< netstandard1.5) (< win81) (< wpa81)) (&& (< monoandroid) (< net45) (< netstandard1.6) (>= netstandard2.0) (< win8) (< wpa81)) (&& (< monoandroid) (< net45) (>= netstandard2.0) (< xamarinios) (< xamarinmac)) (&& (< monoandroid) (< net451) (< netstandard1.3) (>= netstandard1.5)) (&& (< monoandroid) (< net46) (< netstandard1.5) (>= netstandard2.0)) (&& (< monoandroid) (< net46) (>= netstandard2.0) (< xamarinios) (< xamarinmac)) (&& (< monoandroid) (< netstandard1.3) (>= netstandard2.0)) (&& (< net20) (>= net452) (>= netstandard1.3) (< netstandard2.0)) (&& (< net20) (>= net46) (>= netstandard2.0)) (&& (< net20) (>= net46) (< netstandard2.0)) (&& (< net20) (>= net46) (< portable-net45+win8+wp8+wpa81)) (&& (< net20) (< netstandard1.2) (>= netstandard1.4) (< win8)) (&& (< net20) (< netstandard1.2) (>= netstandard2.0) (< win8)) (&& (< net20) (< netstandard1.3) (>= netstandard1.4) (< win8) (< wpa81)) (&& (< net20) (< netstandard1.3) (>= netstandard2.0) (< win8) (< wpa81)) (&& (< net20) (>= netstandard1.4) (< netstandard1.5) (< win8) (< wpa81)) (&& (< net20) (>= netstandard1.4) (< portable-net45+win8+wpa81)) (&& (< net20) (< netstandard1.4) (>= netstandard2.0) (< win8) (< wpa81)) (&& (< net20) (>= netstandard1.5) (< netstandard1.6) (< win8) (< wpa81)) (&& (< net20) (< netstandard1.5) (>= netstandard2.0) (< win8) (< wpa81)) (&& (< net20) (>= netstandard1.6) (< netstandard2.0) (< win8) (< wpa81)) (&& (< net20) (>= netstandard1.6) (< portable-net45+win8+wpa81)) (&& (< net20) (< netstandard1.6) (>= netstandard2.0) (< win8) (< wpa81)) (&& (< net45) (>= netstandard1.6) (< netstandard2.0)) (&& (< net46) (>= net461)) (&& (>= net461) (< netstandard1.3)) (>= netcoreapp1.0) (&& (>= netstandard1.3) (< portable-net45+win8+wp8+wpa81)) (&& (>= netstandard1.5) (< portable-net45+win8+wpa81)) (&& (>= netstandard1.6) (< portable-net45+win8+wp8+wpa81)) (&& (>= netstandard2.0) (< portable-net45+win8+wp8+wpa81)) (&& (>= netstandard2.0) (< portable-net45+win8+wpa81)) (>= uap10.0)
      Microsoft.NETCore.Platforms (>= 1.1) - restriction: || (&& (< monoandroid) (< monotouch) (< net45) (>= netstandard1.0) (< win8) (< wp8) (< wpa81) (< xamarinios) (< xamarinmac) (< xamarintvos) (< xamarinwatchos)) (< portable-net45+win8+wp8+wpa81)
      Microsoft.NETCore.Targets (>= 1.1) - restriction: || (&& (< monoandroid) (< monotouch) (< net45) (>= netstandard1.0) (< win8) (< wp8) (< wpa81) (< xamarinios) (< xamarinmac) (< xamarintvos) (< xamarinwatchos)) (< portable-net45+win8+wp8+wpa81)
      System.Globalization (>= 4.3) - restriction: || (&& (< monoandroid) (< monotouch) (< net45) (>= netstandard1.0) (< win8) (< wp8) (< wpa81) (< xamarinios) (< xamarinmac) (< xamarintvos) (< xamarinwatchos)) (< portable-net45+win8+wp8+wpa81)
      System.Reflection (>= 4.3) - restriction: || (&& (< monoandroid) (< monotouch) (< net45) (>= netstandard1.0) (< win8) (< wp8) (< wpa81) (< xamarinios) (< xamarinmac) (< xamarintvos) (< xamarinwatchos)) (< portable-net45+win8+wp8+wpa81)
      System.Runtime (>= 4.3) - restriction: || (&& (< monoandroid) (< monotouch) (< net45) (>= netstandard1.0) (< win8) (< wp8) (< wpa81) (< xamarinios) (< xamarinmac) (< xamarintvos) (< xamarinwatchos)) (< portable-net45+win8+wp8+wpa81)
    System.Runtime (4.3.1) - restriction: || (&& (< monoandroid) (< monotouch) (< net20) (>= netstandard1.4) (< netstandard2.0) (< xamarintvos) (< xamarinwatchos)) (&& (< monoandroid) (< monotouch) (< net20) (>= netstandard1.5) (< netstandard2.0) (< win8) (< wpa81) (< xamarintvos) (< xamarinwatchos)) (&& (< monoandroid) (< monotouch) (< net35) (>= netstandard1.5) (< netstandard2.0) (< xamarintvos) (< xamarinwatchos)) (&& (< monoandroid) (< monotouch) (< net45) (>= netstandard1.5) (< win8) (< wpa81) (< xamarinios) (< xamarinmac) (< xamarintvos) (< xamarinwatchos)) (&& (< monoandroid) (< monotouch) (< net45) (>= netstandard1.6) (< xamarinios) (< xamarinmac) (< xamarintvos) (< xamarinwatchos)) (&& (< monoandroid) (< monotouch) (< net46) (>= netstandard1.6) (< xamarinios) (< xamarinmac) (< xamarintvos) (< xamarinwatchos)) (&& (< monoandroid) (< net20) (< netcoreapp2.1) (>= netstandard2.0) (< win8) (< wpa81) (< xamarinios) (< xamarinmac)) (&& (< monoandroid) (< net20) (>= netstandard1.0) (< netstandard1.3) (< win8) (< wp8) (< wpa81)) (&& (< monoandroid) (< net20) (>= netstandard1.3) (< netstandard1.4)) (&& (< monoandroid) (< net20) (>= netstandard1.3) (< netstandard1.5) (< win8) (< wpa81)) (&& (< monoandroid) (< net20) (< netstandard1.3) (>= netstandard1.5) (< win8) (< wpa81)) (&& (< monoandroid) (< net20) (< netstandard1.3) (>= netstandard1.6) (< win8) (< wpa81)) (&& (< monoandroid) (< net35) (>= netstandard1.3) (< netstandard1.5) (< win81) (< wpa81)) (&& (< monoandroid) (< net45) (< netstandard1.3) (>= netstandard1.5) (< win8) (< wpa81)) (&& (< monoandroid) (< net45) (< netstandard1.3) (>= netstandard1.6) (< win8) (< wpa81)) (&& (< monoandroid) (< net45) (>= netstandard1.4) (< netstandard1.6)) (&& (< monoandroid) (< net46) (< netstandard1.5) (>= netstandard2.0)) (&& (< monoandroid) (< net46) (>= netstandard2.0) (< xamarinios) (< xamarinmac)) (&& (< monoandroid) (< netstandard1.1) (>= netstandard2.0) (< win8)) (&& (< monoandroid) (< netstandard1.3) (>= netstandard2.0)) (&& (< net20) (>= net452) (>= netstandard1.3) (< netstandard2.0)) (&& (< net20) (>= net46) (< netstandard1.3)) (&& (< net20) (>= net46) (>= netstandard2.0)) (&& (< net20) (>= net46) (< netstandard2.0)) (&& (< net20) (>= net46) (< portable-net45+win8+wp8+wpa81)) (&& (< net20) (< netstandard1.2) (>= netstandard1.4) (< win8)) (&& (< net20) (< netstandard1.2) (>= netstandard2.0) (< win8)) (&& (< net20) (< netstandard1.3) (>= netstandard1.4) (< win8) (< wpa81)) (&& (< net20) (< netstandard1.3) (>= netstandard2.0) (< win8) (< wpa81)) (&& (< net20) (>= netstandard1.4) (< netstandard1.5) (< win8) (< wpa81)) (&& (< net20) (>= netstandard1.4) (< portable-net45+win8+wpa81)) (&& (< net20) (< netstandard1.4) (>= netstandard2.0) (< win8) (< wpa81)) (&& (< net20) (>= netstandard1.5) (< netstandard1.6) (< win8) (< wpa81)) (&& (< net20) (>= netstandard1.5) (< portable-net45+win8+wpa81)) (&& (< net20) (< netstandard1.5) (>= netstandard2.0) (< win8) (< wpa81)) (&& (< net20) (>= netstandard1.6) (< netstandard2.0) (< win8) (< wpa81)) (&& (< net20) (>= netstandard1.6) (< portable-net45+win8+wpa81)) (&& (< net20) (< netstandard1.6) (>= netstandard2.0) (< win8) (< wpa81)) (&& (< net45) (>= net461) (< netstandard2.0)) (&& (< net45) (>= netstandard1.3)) (&& (< net45) (>= netstandard1.6) (< netstandard2.0)) (&& (< net45) (>= netstandard2.0)) (&& (< net451) (>= netstandard1.5)) (&& (< net46) (>= net461)) (&& (>= net461) (< netstandard1.3)) (>= netcoreapp1.0) (&& (>= netstandard1.3) (< portable-net45+win8+wp8+wpa81)) (&& (>= netstandard1.5) (< portable-net45+win8+wp8+wpa81)) (&& (>= netstandard1.6) (< portable-net45+win8+wp8+wpa81)) (&& (>= netstandard2.0) (< portable-net45+win8+wp8+wpa81)) (&& (>= netstandard2.0) (< portable-net45+win8+wpa81)) (>= uap10.0)
      Microsoft.NETCore.Platforms (>= 1.1.1) - restriction: || (&& (< monoandroid) (< monotouch) (< net45) (>= netstandard1.5) (< win8) (< wpa81) (< xamarinios) (< xamarinmac) (< xamarintvos) (< xamarinwatchos)) (&& (< monoandroid) (< net45) (>= netstandard1.0) (< netstandard1.2) (< win8) (< wp8)) (&& (< monoandroid) (< net45) (>= netstandard1.2) (< netstandard1.3) (< win8) (< wpa81)) (&& (< monoandroid) (< net45) (>= netstandard1.3) (< netstandard1.5) (< win8) (< wpa81)) (< portable-net45+win8+wp8+wpa81)
      Microsoft.NETCore.Targets (>= 1.1.3) - restriction: || (&& (< monoandroid) (< monotouch) (< net45) (>= netstandard1.5) (< win8) (< wpa81) (< xamarinios) (< xamarinmac) (< xamarintvos) (< xamarinwatchos)) (&& (< monoandroid) (< net45) (>= netstandard1.0) (< netstandard1.2) (< win8) (< wp8)) (&& (< monoandroid) (< net45) (>= netstandard1.2) (< netstandard1.3) (< win8) (< wpa81)) (&& (< monoandroid) (< net45) (>= netstandard1.3) (< netstandard1.5) (< win8) (< wpa81)) (< portable-net45+win8+wp8+wpa81)
    System.Runtime.CompilerServices.Unsafe (4.5.2) - restriction: || (&& (>= monoandroid) (>= net461) (< netstandard2.0)) (&& (< monoandroid) (< monotouch) (< net20) (>= netstandard1.6) (< netstandard2.0) (< win8) (< wpa81) (< xamarintvos) (< xamarinwatchos)) (&& (< monoandroid) (< net20) (< netstandard1.0) (>= netstandard1.4) (< win8)) (&& (< monoandroid) (< net20) (< netstandard1.0) (>= netstandard1.5) (< win8)) (&& (< monoandroid) (< net20) (< netstandard1.0) (>= netstandard1.6) (< win8)) (&& (< monoandroid) (< net20) (< netstandard1.0) (>= netstandard2.0) (< win8)) (&& (< monoandroid) (< net20) (< netstandard1.2) (>= netstandard1.4) (< win8)) (&& (< monoandroid) (< net20) (< netstandard1.2) (>= netstandard2.0) (< win8)) (&& (< monoandroid) (< net20) (< netstandard1.3) (>= netstandard1.4) (< win8) (< wpa81)) (&& (< monoandroid) (< net20) (< netstandard1.3) (>= netstandard2.0) (< win8) (< wpa81)) (&& (< monoandroid) (< net20) (>= netstandard1.4) (< netstandard1.5) (< win8) (< wpa81)) (&& (< monoandroid) (< net20) (< netstandard1.4) (>= netstandard2.0) (< win8) (< wpa81)) (&& (< monoandroid) (< net20) (>= netstandard1.5) (< netstandard1.6) (< win8) (< wpa81)) (&& (< monoandroid) (< net20) (< netstandard1.5) (>= netstandard2.0) (< win8) (< wpa81)) (&& (< monoandroid) (< net20) (< netstandard1.6) (>= netstandard2.0) (< win8) (< wpa81)) (&& (< monoandroid) (< netstandard1.1) (>= netstandard2.0) (< win8)) (&& (>= monotouch) (>= net461)) (&& (>= monotouch) (>= netcoreapp2.0)) (&& (>= monotouch) (>= netstandard2.0)) (&& (< net20) (>= net45) (< netstandard1.2) (>= netstandard1.4)) (&& (< net20) (>= net45) (< netstandard1.2) (>= netstandard2.0)) (&& (< net20) (>= net45) (< netstandard1.3) (>= netstandard1.4)) (&& (< net20) (>= net45) (< netstandard1.3) (>= netstandard2.0)) (&& (< net20) (>= net45) (>= netstandard1.4) (< netstandard1.5)) (&& (< net20) (>= net45) (< netstandard1.4) (>= netstandard2.0)) (&& (< net20) (>= net45) (>= netstandard1.5) (< netstandard1.6)) (&& (< net20) (>= net45) (< netstandard1.5) (>= netstandard2.0)) (&& (< net20) (>= net45) (>= netstandard1.6) (< netstandard2.0)) (&& (< net20) (>= net45) (< netstandard1.6) (>= netstandard2.0)) (&& (< net20) (>= net46) (< netstandard1.0) (>= netstandard2.0)) (&& (< net20) (>= net46) (< netstandard1.4) (>= netstandard2.0)) (&& (< net20) (>= netstandard1.4) (< portable-net45+win8+wp8+wpa81)) (&& (< net20) (>= netstandard1.4) (< portable-net45+win8+wpa81)) (&& (< net20) (>= netstandard1.5) (< portable-net45+win8+wp8+wpa81)) (&& (< net20) (>= netstandard1.6) (< portable-net45+win8+wp8+wpa81)) (&& (< net20) (>= netstandard2.0) (< portable-net45+win8+wp8+wpa81)) (&& (< net20) (>= netstandard2.0) (< portable-net45+win8+wpa81)) (&& (>= net45) (< netstandard1.5) (>= uap10.0)) (&& (< net45) (>= net461)) (&& (< net45) (< netcoreapp2.0) (>= netstandard2.0)) (&& (>= net46) (< netstandard1.0) (>= netstandard2.0) (>= win8)) (&& (>= net46) (< netstandard1.4) (>= netstandard2.0) (>= wpa81)) (&& (>= net461) (>= netcoreapp2.0)) (&& (>= net461) (< netstandard1.1)) (&& (>= net461) (< netstandard2.0) (>= wpa81)) (&& (>= net461) (>= uap10.0)) (&& (>= net461) (>= xamarintvos)) (&& (>= net461) (>= xamarinwatchos)) (&& (>= netcoreapp2.0) (< netcoreapp2.1)) (&& (>= netcoreapp2.0) (< netstandard1.1)) (&& (>= netcoreapp2.0) (< netstandard2.0)) (&& (>= netcoreapp2.0) (>= uap10.0)) (&& (>= netcoreapp2.0) (>= xamarintvos)) (&& (>= netcoreapp2.0) (>= xamarinwatchos)) (&& (< netstandard1.0) (>= netstandard1.4) (< portable-net45+win8+wpa81) (>= win8)) (&& (< netstandard1.0) (>= netstandard2.0) (< portable-net45+win8+wpa81) (>= win8)) (&& (< netstandard1.0) (>= uap10.0) (< win8)) (&& (< netstandard1.1) (>= netstandard2.0) (>= win8)) (&& (< netstandard1.2) (>= netstandard1.4) (< win8) (>= wpa81)) (&& (< netstandard1.2) (>= netstandard2.0) (< win8) (>= wpa81)) (&& (>= netstandard1.4) (< portable-net45+win8+wp8+wpa81) (>= win8)) (&& (>= netstandard1.4) (< portable-net45+win8+wp8+wpa81) (>= wpa81)) (&& (>= netstandard1.4) (< portable-net45+win8+wpa81) (>= wpa81)) (&& (>= netstandard1.4) (>= wp8)) (&& (>= netstandard1.5) (< portable-net45+win8+wp8+wpa81) (>= win8)) (&& (>= netstandard1.5) (< portable-net45+win8+wp8+wpa81) (>= wpa81)) (&& (>= netstandard1.5) (>= wp8)) (&& (< netstandard1.5) (>= uap10.0) (< win8) (< wpa81)) (&& (>= netstandard1.6) (< portable-net45+win8+wp8+wpa81) (>= win8)) (&& (>= netstandard1.6) (< portable-net45+win8+wp8+wpa81) (>= wpa81)) (&& (>= netstandard1.6) (>= wp8)) (&& (>= netstandard2.0) (< portable-net45+win8+wp8+wpa81) (>= win8)) (&& (>= netstandard2.0) (< portable-net45+win8+wp8+wpa81) (>= wpa81)) (&& (>= netstandard2.0) (< portable-net45+win8+wpa81) (>= wpa81)) (&& (>= netstandard2.0) (>= uap10.0)) (&& (>= netstandard2.0) (>= wp8)) (&& (>= netstandard2.0) (>= xamarintvos)) (&& (>= netstandard2.0) (>= xamarinwatchos)) (&& (< portable-net45+win8+wp8+wpa81) (>= uap10.0)) (&& (>= uap10.0) (>= wp8)) (>= uap10.1) (>= xamarinios) (>= xamarinmac)
    System.Runtime.Extensions (4.3.1) - restriction: || (&& (< monoandroid) (< monotouch) (< net35) (>= netstandard1.5) (< netstandard2.0) (< xamarintvos) (< xamarinwatchos)) (&& (< monoandroid) (< monotouch) (< net45) (>= netstandard1.5) (< win8) (< wpa81) (< xamarinios) (< xamarinmac) (< xamarintvos) (< xamarinwatchos)) (&& (< monoandroid) (< monotouch) (< net45) (>= netstandard1.6) (< xamarinios) (< xamarinmac) (< xamarintvos) (< xamarinwatchos)) (&& (< monoandroid) (< net20) (>= netstandard1.0) (< win8) (< wp8) (< wpa81)) (&& (< monoandroid) (< net20) (>= netstandard1.5) (< win8) (< wpa81)) (&& (< monoandroid) (>= netstandard2.0)) (&& (< net20) (>= net46) (>= netstandard2.0)) (&& (< net20) (>= net46) (< netstandard2.0)) (&& (< net20) (>= net46) (< portable-net45+win8+wp8+wpa81)) (&& (< net20) (< netstandard1.2) (>= netstandard1.4) (< win8)) (&& (< net20) (< netstandard1.2) (>= netstandard2.0) (< win8)) (&& (< net20) (>= netstandard1.4) (< portable-net45+win8+wpa81)) (&& (< net20) (>= netstandard1.4) (< win8) (< wpa81)) (&& (< net20) (>= netstandard1.5) (< netstandard1.6) (< win8) (< wpa81)) (&& (< net20) (>= netstandard1.6) (< netstandard2.0) (< win8) (< wpa81)) (&& (< net20) (>= netstandard1.6) (< portable-net45+win8+wpa81)) (&& (< net20) (>= netstandard2.0) (< win8) (< wpa81)) (&& (>= net45) (< netstandard1.4) (>= uap10.0)) (&& (< net45) (>= net461)) (&& (< net45) (>= netstandard1.6) (< netstandard2.0)) (&& (< net45) (>= netstandard2.0)) (&& (>= net451) (< netstandard1.4) (>= uap10.0)) (&& (< net451) (>= netstandard1.5)) (&& (< net46) (>= net461)) (&& (>= net461) (< portable-net45+win8+wp8+wpa81)) (>= netstandard1.3) (&& (>= netstandard1.5) (< portable-net45+win8+wpa81)) (&& (>= netstandard1.6) (< portable-net45+win8+wp8+wpa81)) (&& (>= netstandard2.0) (< portable-net45+win8+wp8+wpa81)) (&& (>= netstandard2.0) (< portable-net45+win8+wpa81)) (&& (>= netstandard2.0) (>= uap10.0)) (&& (< netstandard2.0) (>= uap10.0)) (&& (< portable-net45+win8+wp8+wpa81) (>= uap10.0)) (&& (< portable-net45+win8+wpa81) (>= uap10.0)) (&& (>= uap10.0) (< uap10.1)) (&& (>= uap10.0) (< win8) (< wpa81))
      Microsoft.NETCore.Platforms (>= 1.1.1) - restriction: || (&& (< monoandroid) (< monotouch) (< net45) (>= netstandard1.5) (< win8) (< wpa81) (< xamarinios) (< xamarinmac) (< xamarintvos) (< xamarinwatchos)) (&& (< monoandroid) (< net45) (>= netstandard1.0) (< netstandard1.3) (< win8) (< wp8) (< wpa81)) (&& (< monoandroid) (< net45) (>= netstandard1.3) (< netstandard1.5) (< win8) (< wpa81)) (< portable-net45+win8+wp8+wpa81)
      Microsoft.NETCore.Targets (>= 1.1.3) - restriction: || (&& (< monoandroid) (< monotouch) (< net45) (>= netstandard1.5) (< win8) (< wpa81) (< xamarinios) (< xamarinmac) (< xamarintvos) (< xamarinwatchos)) (&& (< monoandroid) (< net45) (>= netstandard1.0) (< netstandard1.3) (< win8) (< wp8) (< wpa81)) (&& (< monoandroid) (< net45) (>= netstandard1.3) (< netstandard1.5) (< win8) (< wpa81)) (< portable-net45+win8+wp8+wpa81)
      System.Runtime (>= 4.3.1) - restriction: || (&& (< monoandroid) (< monotouch) (< net45) (>= netstandard1.5) (< win8) (< wpa81) (< xamarinios) (< xamarinmac) (< xamarintvos) (< xamarinwatchos)) (&& (< monoandroid) (< net45) (>= netstandard1.0) (< netstandard1.3) (< win8) (< wp8) (< wpa81)) (&& (< monoandroid) (< net45) (>= netstandard1.3) (< netstandard1.5) (< win8) (< wpa81)) (< portable-net45+win8+wp8+wpa81)
    System.Runtime.Handles (4.3) - restriction: || (&& (< monoandroid) (< monotouch) (< net35) (>= netstandard1.5) (< netstandard2.0) (< xamarintvos) (< xamarinwatchos)) (&& (< monoandroid) (< monotouch) (< net45) (>= netstandard1.5) (< win8) (< wpa81) (< xamarinios) (< xamarinmac) (< xamarintvos) (< xamarinwatchos)) (&& (< monoandroid) (< monotouch) (< net45) (>= netstandard1.6) (< netstandard2.0) (< xamarintvos) (< xamarinwatchos)) (&& (< monoandroid) (< monotouch) (< net45) (>= netstandard1.6) (< xamarinios) (< xamarinmac) (< xamarintvos) (< xamarinwatchos)) (&& (< monoandroid) (< monotouch) (< net451) (>= netstandard1.5) (< xamarinios) (< xamarinmac) (< xamarintvos) (< xamarinwatchos)) (&& (< monoandroid) (< net20) (< netstandard1.2) (>= netstandard1.4) (< win8)) (&& (< monoandroid) (< net20) (< netstandard1.2) (>= netstandard2.0) (< win8)) (&& (< monoandroid) (< net20) (< netstandard1.3) (>= netstandard1.4) (< win8) (< wpa81)) (&& (< monoandroid) (< net20) (< netstandard1.3) (>= netstandard2.0) (< win8) (< wpa81)) (&& (< monoandroid) (< net45) (>= netstandard1.3) (< netstandard1.4)) (&& (< monoandroid) (< net45) (>= netstandard1.4) (< netstandard1.6)) (&& (< monoandroid) (< net45) (< netstandard1.6) (>= netstandard2.0) (< win8) (< wpa81)) (&& (< monoandroid) (< net45) (>= netstandard2.0) (< xamarinios) (< xamarinmac)) (&& (< monoandroid) (< net451) (< netstandard1.3) (>= netstandard1.5)) (&& (< monoandroid) (< net46) (>= netstandard2.0) (< xamarinios) (< xamarinmac)) (&& (< net20) (>= net46) (< netstandard1.4) (>= netstandard2.0)) (&& (< net20) (>= netstandard1.4) (< netstandard1.5) (< win8) (< wpa81)) (&& (< net20) (>= netstandard1.4) (< portable-net45+win8+wpa81)) (&& (< net20) (< netstandard1.4) (>= netstandard2.0) (< win8) (< wpa81)) (&& (< net20) (>= netstandard1.5) (< netstandard1.6) (< win8) (< wpa81)) (&& (< net20) (>= netstandard1.5) (< portable-net45+win8+wpa81)) (&& (< net20) (< netstandard1.5) (>= netstandard2.0) (< win8) (< wpa81)) (&& (< net20) (>= netstandard1.6) (< netstandard2.0) (< win8) (< wpa81)) (&& (< net20) (>= netstandard1.6) (< portable-net45+win8+wpa81)) (&& (< net20) (< netstandard1.6) (>= netstandard2.0) (< win8) (< wpa81)) (&& (< net20) (>= netstandard2.0) (< portable-net45+win8+wpa81)) (&& (< net46) (>= net461)) (>= netcoreapp1.0) (>= uap10.0)
      Microsoft.NETCore.Platforms (>= 1.1) - restriction: && (< monoandroid) (< monotouch) (< net46) (>= netstandard1.3) (< xamarinios) (< xamarinmac) (< xamarintvos) (< xamarinwatchos)
      Microsoft.NETCore.Targets (>= 1.1) - restriction: && (< monoandroid) (< monotouch) (< net46) (>= netstandard1.3) (< xamarinios) (< xamarinmac) (< xamarintvos) (< xamarinwatchos)
      System.Runtime (>= 4.3) - restriction: && (< monoandroid) (< monotouch) (< net46) (>= netstandard1.3) (< xamarinios) (< xamarinmac) (< xamarintvos) (< xamarinwatchos)
    System.Runtime.InteropServices (4.3) - restriction: || (&& (< monoandroid) (< monotouch) (< net35) (>= netstandard1.5) (< netstandard2.0) (< xamarintvos) (< xamarinwatchos)) (&& (< monoandroid) (< monotouch) (< net45) (>= netstandard1.5) (< win8) (< wpa81) (< xamarinios) (< xamarinmac) (< xamarintvos) (< xamarinwatchos)) (&& (< monoandroid) (< monotouch) (< net45) (>= netstandard1.6) (< netstandard2.0) (< xamarintvos) (< xamarinwatchos)) (&& (< monoandroid) (< monotouch) (< net45) (>= netstandard1.6) (< xamarinios) (< xamarinmac) (< xamarintvos) (< xamarinwatchos)) (&& (< monoandroid) (< net45) (< netstandard1.4) (>= netstandard1.6)) (&& (< monoandroid) (< net451) (>= netstandard1.5)) (&& (< monoandroid) (< net46) (>= netstandard2.0) (< xamarinios) (< xamarinmac)) (&& (< net20) (>= net46) (< netstandard1.4) (>= netstandard2.0)) (&& (< net20) (< netstandard1.2) (>= netstandard1.4) (< win8)) (&& (< net20) (< netstandard1.2) (>= netstandard2.0) (< win8)) (&& (< net20) (>= netstandard1.4) (< portable-net45+win8+wpa81)) (&& (< net20) (>= netstandard1.4) (< win8) (< wpa81)) (&& (< net20) (>= netstandard1.5) (< netstandard1.6) (< win8) (< wpa81)) (&& (< net20) (>= netstandard1.5) (< portable-net45+win8+wpa81)) (&& (< net20) (>= netstandard1.6) (< netstandard2.0) (< win8) (< wpa81)) (&& (< net20) (>= netstandard1.6) (< portable-net45+win8+wpa81)) (&& (< net20) (>= netstandard2.0) (< win8) (< wpa81)) (&& (>= net45) (< netstandard1.4) (>= uap10.0)) (&& (< net45) (>= net461) (< netstandard2.0)) (&& (< net45) (>= netstandard2.0)) (&& (>= net451) (< netstandard1.4) (>= uap10.0)) (&& (< net46) (>= net461)) (>= netstandard1.3) (&& (>= netstandard1.5) (< portable-net45+win8+wp8+wpa81)) (&& (< netstandard1.5) (>= uap10.0) (< win8) (< wpa81)) (&& (>= netstandard2.0) (< portable-net45+win8+wpa81)) (&& (>= netstandard2.0) (>= uap10.0)) (&& (< netstandard2.0) (>= uap10.0)) (&& (< portable-net45+win8+wpa81) (>= uap10.0)) (&& (>= uap10.0) (< uap10.1))
      Microsoft.NETCore.Platforms (>= 1.1) - restriction: || (&& (< monoandroid) (< monotouch) (< net45) (>= netstandard1.5) (< win8) (< wpa81) (< xamarinios) (< xamarinmac) (< xamarintvos) (< xamarinwatchos)) (&& (< monoandroid) (< net45) (>= netstandard1.1) (< netstandard1.2) (< win8)) (&& (< monoandroid) (< net45) (>= netstandard1.2) (< netstandard1.3) (< win8) (< wpa81)) (&& (< monoandroid) (< net45) (>= netstandard1.3) (< netstandard1.5) (< win8) (< wpa81)) (>= netcoreapp1.1) (< portable-net45+win8+wpa81)
      Microsoft.NETCore.Targets (>= 1.1) - restriction: || (&& (< monoandroid) (< monotouch) (< net45) (>= netstandard1.5) (< win8) (< wpa81) (< xamarinios) (< xamarinmac) (< xamarintvos) (< xamarinwatchos)) (&& (< monoandroid) (< net45) (>= netstandard1.1) (< netstandard1.2) (< win8)) (&& (< monoandroid) (< net45) (>= netstandard1.2) (< netstandard1.3) (< win8) (< wpa81)) (&& (< monoandroid) (< net45) (>= netstandard1.3) (< netstandard1.5) (< win8) (< wpa81)) (>= netcoreapp1.1) (< portable-net45+win8+wpa81)
      System.Reflection (>= 4.3) - restriction: || (&& (< monoandroid) (< monotouch) (< net45) (>= netstandard1.5) (< win8) (< wpa81) (< xamarinios) (< xamarinmac) (< xamarintvos) (< xamarinwatchos)) (&& (< monoandroid) (< net45) (>= netstandard1.1) (< netstandard1.2) (< win8)) (&& (< monoandroid) (< net45) (>= netstandard1.2) (< netstandard1.3) (< win8) (< wpa81)) (&& (< monoandroid) (< net45) (>= netstandard1.3) (< netstandard1.5) (< win8) (< wpa81)) (>= netcoreapp1.1) (< portable-net45+win8+wpa81)
      System.Reflection.Primitives (>= 4.3) - restriction: || (&& (< monoandroid) (< monotouch) (< net45) (>= netstandard1.5) (< win8) (< wpa81) (< xamarinios) (< xamarinmac) (< xamarintvos) (< xamarinwatchos)) (&& (< monoandroid) (< net45) (>= netstandard1.1) (< netstandard1.2) (< win8)) (&& (< monoandroid) (< net45) (>= netstandard1.2) (< netstandard1.3) (< win8) (< wpa81)) (&& (< monoandroid) (< net45) (>= netstandard1.3) (< netstandard1.5) (< win8) (< wpa81)) (>= netcoreapp1.1) (< portable-net45+win8+wpa81)
      System.Runtime (>= 4.3) - restriction: || (&& (< monoandroid) (< monotouch) (< net45) (>= netstandard1.5) (< win8) (< wpa81) (< xamarinios) (< xamarinmac) (< xamarintvos) (< xamarinwatchos)) (&& (< monoandroid) (< net45) (>= netstandard1.1) (< netstandard1.2) (< win8)) (&& (< monoandroid) (< net45) (>= netstandard1.2) (< netstandard1.3) (< win8) (< wpa81)) (&& (< monoandroid) (< net45) (>= netstandard1.3) (< netstandard1.5) (< win8) (< wpa81)) (>= net462) (>= netcoreapp1.1) (< portable-net45+win8+wpa81)
      System.Runtime.Handles (>= 4.3) - restriction: || (&& (< monoandroid) (< monotouch) (< net45) (>= netstandard1.5) (< win8) (< wpa81) (< xamarinios) (< xamarinmac) (< xamarintvos) (< xamarinwatchos)) (&& (< monoandroid) (< net45) (>= netstandard1.3) (< netstandard1.5) (< win8) (< wpa81)) (>= netcoreapp1.1) (< portable-net45+win8+wpa81)
    System.Runtime.InteropServices.RuntimeInformation (4.3) - restriction: || (&& (< net20) (>= net45) (< netstandard1.3) (>= netstandard1.4)) (&& (< net20) (>= net45) (< netstandard1.3) (>= netstandard2.0)) (&& (< net20) (>= net46) (< netstandard1.4) (>= netstandard2.0)) (&& (< net20) (< netstandard1.0) (>= netstandard1.4) (< portable-net45+win8)) (&& (< net20) (< netstandard1.0) (>= netstandard1.4) (< win8)) (&& (< net20) (< netstandard1.0) (>= netstandard2.0) (< portable-net45+win8)) (&& (< net20) (< netstandard1.0) (>= netstandard2.0) (< win8)) (&& (< net20) (< netstandard1.2) (>= netstandard1.4) (< win8)) (&& (< net20) (< netstandard1.2) (>= netstandard2.0) (< win8)) (&& (< net20) (< netstandard1.3) (>= netstandard1.4) (< win8) (< wpa81)) (&& (< net20) (< netstandard1.3) (>= netstandard2.0) (< win8) (< wpa81)) (&& (< net20) (>= netstandard1.4) (< netstandard1.5) (< win8) (< wpa81)) (&& (< net20) (< netstandard1.4) (>= netstandard2.0) (< win8) (< wpa81)) (&& (< net20) (>= netstandard1.5) (< netstandard1.6) (< win8) (< wpa81)) (&& (< net20) (< netstandard1.5) (>= netstandard2.0) (< win8) (< wpa81)) (&& (< net20) (>= netstandard1.6) (< netstandard2.0) (< win8) (< wpa81)) (&& (< net20) (< netstandard1.6) (>= netstandard2.0) (< win8) (< wpa81)) (&& (< net45) (>= net461) (< netstandard2.0)) (&& (< net45) (>= netstandard2.0)) (>= netcoreapp1.0) (&& (< netstandard1.0) (>= netstandard1.4) (>= win8)) (&& (< netstandard1.0) (>= netstandard2.0) (>= win8)) (&& (< netstandard1.3) (>= netstandard1.4) (< win8) (>= wpa81)) (&& (< netstandard1.3) (>= netstandard2.0) (< win8) (>= wpa81)) (>= uap10.0)
      runtime.native.System (>= 4.3) - restriction: && (< monoandroid) (< monotouch) (< net45) (>= netstandard1.1) (< win8) (< wpa81) (< xamarinios) (< xamarinmac) (< xamarintvos) (< xamarinwatchos)
      System.Reflection (>= 4.3) - restriction: || (&& (< monoandroid) (< monotouch) (< net45) (>= netstandard1.1) (< win8) (< wpa81) (< xamarinios) (< xamarinmac) (< xamarintvos) (< xamarinwatchos)) (&& (< monoandroid) (< netstandard1.1) (< win8))
      System.Reflection.Extensions (>= 4.3) - restriction: || (&& (< monoandroid) (< monotouch) (< net45) (>= netstandard1.1) (< win8) (< wpa81) (< xamarinios) (< xamarinmac) (< xamarintvos) (< xamarinwatchos)) (&& (< monoandroid) (< netstandard1.1) (< win8))
      System.Resources.ResourceManager (>= 4.3) - restriction: || (&& (< monoandroid) (< monotouch) (< net45) (>= netstandard1.1) (< win8) (< wpa81) (< xamarinios) (< xamarinmac) (< xamarintvos) (< xamarinwatchos)) (&& (< monoandroid) (< netstandard1.1) (< win8))
      System.Runtime (>= 4.3) - restriction: || (&& (< monoandroid) (< monotouch) (< net45) (>= netstandard1.1) (< win8) (< wpa81) (< xamarinios) (< xamarinmac) (< xamarintvos) (< xamarinwatchos)) (&& (< monoandroid) (< netstandard1.1) (< win8))
      System.Runtime.InteropServices (>= 4.3) - restriction: && (< monoandroid) (< monotouch) (< net45) (>= netstandard1.1) (< win8) (< wpa81) (< xamarinios) (< xamarinmac) (< xamarintvos) (< xamarinwatchos)
      System.Threading (>= 4.3) - restriction: || (&& (< monoandroid) (< monotouch) (< net45) (>= netstandard1.1) (< win8) (< wpa81) (< xamarinios) (< xamarinmac) (< xamarintvos) (< xamarinwatchos)) (&& (< monoandroid) (< netstandard1.1) (< win8))
    System.Runtime.InteropServices.WindowsRuntime (4.3) - restriction: && (>= uap10.0) (< uap10.1)
    System.Runtime.Loader (4.3) - restriction: || (&& (< monoandroid4.4) (< net35) (>= netstandard1.5) (< netstandard2.0)) (&& (< net45) (>= netstandard2.0)) (>= netcoreapp1.0)
      System.IO (>= 4.3) - restriction: && (< monoandroid) (< monotouch) (< net462) (>= netstandard1.5) (< xamarinios) (< xamarinmac) (< xamarintvos) (< xamarinwatchos)
      System.Reflection (>= 4.3) - restriction: && (< monoandroid) (< monotouch) (< net462) (>= netstandard1.5) (< xamarinios) (< xamarinmac) (< xamarintvos) (< xamarinwatchos)
      System.Runtime (>= 4.3) - restriction: && (< monoandroid) (< monotouch) (< net462) (>= netstandard1.5) (< xamarinios) (< xamarinmac) (< xamarintvos) (< xamarinwatchos)
    System.Runtime.Numerics (4.3) - restriction: || (&& (< monoandroid) (< monotouch) (< net45) (>= netstandard1.6) (< xamarinios) (< xamarinmac) (< xamarintvos) (< xamarinwatchos)) (&& (< monoandroid) (< net45) (>= netstandard2.0) (< xamarinios) (< xamarinmac)) (&& (< net20) (< netstandard1.2) (>= netstandard1.4) (< win8)) (&& (< net20) (< netstandard1.2) (>= netstandard2.0) (< win8)) (&& (< net20) (< netstandard1.3) (>= netstandard1.4) (< win8) (< wpa81)) (&& (< net20) (< netstandard1.3) (>= netstandard2.0) (< win8) (< wpa81)) (&& (< net20) (>= netstandard1.4) (< netstandard1.5) (< win8) (< wpa81)) (&& (< net20) (< netstandard1.4) (>= netstandard2.0) (< win8) (< wpa81)) (&& (< net20) (>= netstandard1.5) (< netstandard1.6) (< win8) (< wpa81)) (&& (< net20) (< netstandard1.5) (>= netstandard2.0) (< win8) (< wpa81)) (&& (< net20) (>= netstandard1.6) (< netstandard2.0) (< win8) (< wpa81)) (&& (< net20) (< netstandard1.6) (>= netstandard2.0) (< win8) (< wpa81)) (&& (< net45) (>= netstandard1.6) (< netstandard2.0)) (&& (< netstandard1.5) (>= netstandard2.0) (>= uap10.0)) (&& (>= uap10.0) (< uap10.1))
      System.Globalization (>= 4.3) - restriction: || (&& (< monoandroid) (< monotouch) (< net45) (>= netstandard1.3) (< win8) (< wpa81) (< xamarinios) (< xamarinmac) (< xamarintvos) (< xamarinwatchos)) (< portable-net45+win8+wpa81)
      System.Resources.ResourceManager (>= 4.3) - restriction: || (&& (< monoandroid) (< monotouch) (< net45) (>= netstandard1.3) (< win8) (< wpa81) (< xamarinios) (< xamarinmac) (< xamarintvos) (< xamarinwatchos)) (< portable-net45+win8+wpa81)
      System.Runtime (>= 4.3) - restriction: || (&& (< monoandroid) (< monotouch) (< net45) (>= netstandard1.3) (< win8) (< wpa81) (< xamarinios) (< xamarinmac) (< xamarintvos) (< xamarinwatchos)) (&& (< monoandroid) (< net45) (>= netstandard1.1) (< netstandard1.3) (< win8) (< wpa81)) (< portable-net45+win8+wpa81)
      System.Runtime.Extensions (>= 4.3) - restriction: || (&& (< monoandroid) (< monotouch) (< net45) (>= netstandard1.3) (< win8) (< wpa81) (< xamarinios) (< xamarinmac) (< xamarintvos) (< xamarinwatchos)) (< portable-net45+win8+wpa81)
    System.Runtime.Serialization.Formatters (4.3) - restriction: && (< net20) (>= netstandard1.3) (< netstandard2.0)
      System.Collections (>= 4.3) - restriction: && (< monoandroid) (< monotouch) (< net46) (>= netstandard1.4) (< xamarinios) (< xamarinmac) (< xamarintvos) (< xamarinwatchos)
      System.Reflection (>= 4.3) - restriction: && (< monoandroid) (< monotouch) (< net46) (>= netstandard1.4) (< xamarinios) (< xamarinmac) (< xamarintvos) (< xamarinwatchos)
      System.Resources.ResourceManager (>= 4.3) - restriction: && (< monoandroid) (< monotouch) (< net46) (>= netstandard1.4) (< xamarinios) (< xamarinmac) (< xamarintvos) (< xamarinwatchos)
      System.Runtime (>= 4.3) - restriction: || (&& (< monoandroid) (< monotouch) (< net46) (>= netstandard1.4) (< xamarinios) (< xamarinmac) (< xamarintvos) (< xamarinwatchos)) (&& (< monoandroid) (< net46) (>= netstandard1.3) (< netstandard1.4))
      System.Runtime.Serialization.Primitives (>= 4.3) - restriction: || (&& (< monoandroid) (< monotouch) (>= netstandard1.4) (< xamarinios) (< xamarinmac) (< xamarintvos) (< xamarinwatchos)) (&& (< monoandroid) (>= netstandard1.3) (< netstandard1.4)) (>= net46)
    System.Runtime.Serialization.Json (4.3) - restriction: || (&& (< monoandroid8.1) (< net45) (>= netstandard2.0) (< xamarinios)) (&& (< net45) (>= net461)) (&& (< net45) (< netstandard1.3) (>= netstandard2.0)) (>= netcoreapp1.0) (>= uap10.0)
      System.IO (>= 4.3) - restriction: || (&& (< monoandroid) (< monotouch) (< net45) (>= netstandard1.3) (< win8) (< wpa81) (< xamarinios) (< xamarinmac) (< xamarintvos) (< xamarinwatchos)) (&& (< monoandroid) (< net45) (>= netstandard1.0) (< netstandard1.3) (< win8) (< wp8) (< wpa81)) (< portable-net45+win8+wp8+wpa81)
      System.Private.DataContractSerialization (>= 4.3) - restriction: || (&& (< monoandroid) (< monotouch) (< net45) (>= netstandard1.3) (< win8) (< wpa81) (< xamarinios) (< xamarinmac) (< xamarintvos) (< xamarinwatchos)) (< portable-net45+win8+wp8+wpa81)
      System.Runtime (>= 4.3) - restriction: || (&& (< monoandroid) (< monotouch) (< net45) (>= netstandard1.3) (< win8) (< wpa81) (< xamarinios) (< xamarinmac) (< xamarintvos) (< xamarinwatchos)) (&& (< monoandroid) (< net45) (>= netstandard1.0) (< netstandard1.3) (< win8) (< wp8) (< wpa81)) (< portable-net45+win8+wp8+wpa81)
    System.Runtime.Serialization.Primitives (4.3) - restriction: || (&& (< monoandroid) (< monotouch) (< net20) (>= netstandard1.4) (< xamarintvos) (< xamarinwatchos)) (&& (< net20) (>= net46)) (&& (< net20) (>= netstandard1.0) (< netstandard1.3)) (&& (< net20) (>= netstandard1.3)) (&& (< net45) (>= net46) (>= netstandard2.0)) (&& (< net45) (< netstandard1.3) (>= netstandard2.0)) (>= net461) (>= netstandard1.6) (&& (>= netstandard2.0) (< portable-net45+win8+wp8+wpa81)) (&& (>= netstandard2.0) (< xamarinios)) (>= uap10.0)
      System.Resources.ResourceManager (>= 4.3) - restriction: || (&& (< monoandroid) (< monotouch) (< net45) (>= netstandard1.3) (< win8) (< wpa81) (< xamarinios) (< xamarinmac) (< xamarintvos) (< xamarinwatchos)) (< portable-net45+win8+wp8+wpa81)
      System.Runtime (>= 4.3) - restriction: || (&& (< monoandroid) (< monotouch) (< net45) (>= netstandard1.3) (< win8) (< wpa81) (< xamarinios) (< xamarinmac) (< xamarintvos) (< xamarinwatchos)) (&& (< monoandroid) (< net45) (>= netstandard1.0) (< netstandard1.3) (< win8) (< wp8) (< wpa81)) (< portable-net45+win8+wp8+wpa81)
    System.Runtime.Serialization.Xml (4.3) - restriction: || (&& (>= net45) (< netstandard1.4) (>= uap10.0)) (&& (< net45) (>= net461) (< netstandard2.0)) (&& (< net45) (>= netstandard2.0)) (&& (>= net451) (< netstandard1.4) (>= uap10.0)) (&& (< netstandard1.3) (>= uap10.0) (< win8)) (&& (>= netstandard2.0) (>= uap10.0)) (&& (< netstandard2.0) (>= uap10.0)) (&& (< portable-net45+win8+wp8) (>= uap10.0)) (&& (>= uap10.0) (< uap10.1))
    System.Runtime.WindowsRuntime (4.3) - restriction: && (>= uap10.0) (< uap10.1)
    System.Runtime.WindowsRuntime.UI.Xaml (4.3) - restriction: && (>= uap10.0) (< uap10.1)
    System.Security.AccessControl (4.5) - restriction: || (&& (>= monoandroid) (>= netcoreapp1.0) (< netstandard2.0)) (&& (>= monotouch) (>= netcoreapp1.0)) (&& (>= net461) (>= netcoreapp1.0)) (&& (>= netcoreapp1.0) (>= netstandard2.0)) (&& (>= netcoreapp1.0) (>= xamarinios)) (&& (>= netcoreapp1.0) (>= xamarinmac)) (&& (>= netcoreapp1.0) (>= xamarintvos)) (&& (>= netcoreapp1.0) (>= xamarinwatchos)) (>= netcoreapp2.0)
      Microsoft.NETCore.Platforms (>= 2.0) - restriction: >= netcoreapp2.0
      System.Security.Principal.Windows (>= 4.5) - restriction: || (&& (< net46) (>= netstandard2.0)) (>= net461) (>= netcoreapp2.0)
    System.Security.Claims (4.3) - restriction: || (&& (< monoandroid) (< monotouch) (< net451) (>= netstandard1.5) (< netstandard2.0) (< xamarintvos) (< xamarinwatchos)) (&& (< monoandroid) (< net452) (< netstandard1.6) (>= netstandard2.0)) (&& (< monoandroid) (< net452) (>= netstandard2.0) (< xamarinios) (< xamarinmac)) (&& (>= net45) (< netstandard1.4) (>= uap10.0)) (&& (< net45) (>= net461) (< netstandard2.0)) (&& (< net45) (>= netstandard2.0)) (&& (>= net451) (< netstandard1.4) (>= uap10.0)) (&& (< net451) (>= net46) (>= netstandard1.5) (< netstandard2.0)) (&& (< netstandard1.3) (>= uap10.0)) (&& (>= netstandard2.0) (>= uap10.0)) (&& (< netstandard2.0) (>= uap10.0)) (&& (< portable-net45+win8+wp8) (>= uap10.0)) (&& (>= uap10.0) (< uap10.1))
      System.Collections (>= 4.3) - restriction: && (< monoandroid) (< monotouch) (< net46) (>= netstandard1.3) (< xamarinios) (< xamarinmac) (< xamarintvos) (< xamarinwatchos)
      System.Globalization (>= 4.3) - restriction: && (< monoandroid) (< monotouch) (< net46) (>= netstandard1.3) (< xamarinios) (< xamarinmac) (< xamarintvos) (< xamarinwatchos)
      System.IO (>= 4.3) - restriction: && (< monoandroid) (< monotouch) (< net46) (>= netstandard1.3) (< xamarinios) (< xamarinmac) (< xamarintvos) (< xamarinwatchos)
      System.Resources.ResourceManager (>= 4.3) - restriction: && (< monoandroid) (< monotouch) (< net46) (>= netstandard1.3) (< xamarinios) (< xamarinmac) (< xamarintvos) (< xamarinwatchos)
      System.Runtime (>= 4.3) - restriction: && (< monoandroid) (< monotouch) (< net46) (>= netstandard1.3) (< xamarinios) (< xamarinmac) (< xamarintvos) (< xamarinwatchos)
      System.Runtime.Extensions (>= 4.3) - restriction: && (< monoandroid) (< monotouch) (< net46) (>= netstandard1.3) (< xamarinios) (< xamarinmac) (< xamarintvos) (< xamarinwatchos)
      System.Security.Principal (>= 4.3) - restriction: && (< monoandroid) (< monotouch) (< net46) (>= netstandard1.3) (< xamarinios) (< xamarinmac) (< xamarintvos) (< xamarinwatchos)
    System.Security.Cryptography.Algorithms (4.3.1) - restriction: || (&& (< monoandroid) (< monotouch) (< net45) (>= netstandard1.6) (< netstandard2.0) (< xamarintvos) (< xamarinwatchos)) (&& (< monoandroid) (< monotouch) (< net45) (>= netstandard1.6) (< xamarinios) (< xamarinmac) (< xamarintvos) (< xamarinwatchos)) (&& (< monoandroid) (< net45) (>= netstandard1.3) (< netstandard1.4)) (&& (< monoandroid) (< net45) (>= netstandard1.4) (< netstandard1.6)) (&& (< monoandroid) (< net45) (< netstandard1.4) (>= netstandard1.6)) (&& (< monoandroid) (< net46) (>= netstandard2.0) (< xamarinios) (< xamarinmac)) (&& (< net20) (>= net46) (< netstandard1.4) (>= netstandard2.0)) (&& (< net20) (>= netstandard1.4) (< netstandard1.5) (< win8) (< wpa81)) (&& (< net20) (< netstandard1.4) (>= netstandard2.0) (< win8) (< wpa81)) (&& (< net20) (>= netstandard1.5) (< netstandard1.6) (< win8) (< wpa81)) (&& (< net20) (< netstandard1.5) (>= netstandard2.0) (< win8) (< wpa81)) (&& (< net20) (>= netstandard1.6) (< netstandard2.0) (< win8) (< wpa81)) (&& (< net20) (< netstandard1.6) (>= netstandard2.0) (< win8) (< wpa81)) (&& (< net45) (>= net46) (< netstandard1.4)) (&& (< net45) (>= net46) (>= netstandard1.6)) (&& (< net45) (>= net461)) (&& (< net45) (>= netstandard2.0)) (&& (< net46) (>= net461)) (>= uap10.0)
      Microsoft.NETCore.Platforms (>= 1.1) - restriction: || (&& (< monoandroid) (< monotouch) (< net46) (>= netstandard1.6) (< xamarinios) (< xamarinmac) (< xamarintvos) (< xamarinwatchos)) (&& (< monoandroid) (< netstandard1.3))
      runtime.native.System.Security.Cryptography.Apple (>= 4.3.1) - restriction: && (< monoandroid) (< monotouch) (< net46) (>= netstandard1.6) (< xamarinios) (< xamarinmac) (< xamarintvos) (< xamarinwatchos)
      runtime.native.System.Security.Cryptography.OpenSsl (>= 4.3.2) - restriction: && (< monoandroid) (< monotouch) (< net46) (>= netstandard1.6) (< xamarinios) (< xamarinmac) (< xamarintvos) (< xamarinwatchos)
      System.Collections (>= 4.3) - restriction: && (< monoandroid) (< monotouch) (< net46) (>= netstandard1.6) (< xamarinios) (< xamarinmac) (< xamarintvos) (< xamarinwatchos)
      System.IO (>= 4.3) - restriction: || (&& (< monoandroid) (< monotouch) (< net46) (>= netstandard1.6) (< xamarinios) (< xamarinmac) (< xamarintvos) (< xamarinwatchos)) (&& (< monoandroid) (< net46) (>= netstandard1.3) (< netstandard1.4)) (&& (< monoandroid) (< net46) (>= netstandard1.4) (< netstandard1.6)) (&& (< monoandroid) (< netstandard1.3)) (>= net463)
      System.Resources.ResourceManager (>= 4.3) - restriction: || (&& (< monoandroid) (< monotouch) (< net46) (>= netstandard1.6) (< xamarinios) (< xamarinmac) (< xamarintvos) (< xamarinwatchos)) (&& (< monoandroid) (< netstandard1.3))
      System.Runtime (>= 4.3) - restriction: || (&& (< monoandroid) (< monotouch) (< net46) (>= netstandard1.6) (< xamarinios) (< xamarinmac) (< xamarintvos) (< xamarinwatchos)) (&& (< monoandroid) (< net46) (>= netstandard1.3) (< netstandard1.4)) (&& (< monoandroid) (< net46) (>= netstandard1.4) (< netstandard1.6)) (&& (< monoandroid) (< netstandard1.3)) (>= net463)
      System.Runtime.Extensions (>= 4.3) - restriction: || (&& (< monoandroid) (< monotouch) (< net46) (>= netstandard1.6) (< xamarinios) (< xamarinmac) (< xamarintvos) (< xamarinwatchos)) (&& (< monoandroid) (< netstandard1.3))
      System.Runtime.Handles (>= 4.3) - restriction: || (&& (< monoandroid) (< monotouch) (< net46) (>= netstandard1.6) (< xamarinios) (< xamarinmac) (< xamarintvos) (< xamarinwatchos)) (&& (< monoandroid) (< netstandard1.3))
      System.Runtime.InteropServices (>= 4.3) - restriction: || (&& (< monoandroid) (< monotouch) (< net46) (>= netstandard1.6) (< xamarinios) (< xamarinmac) (< xamarintvos) (< xamarinwatchos)) (&& (< monoandroid) (< netstandard1.3))
      System.Runtime.Numerics (>= 4.3) - restriction: && (< monoandroid) (< monotouch) (< net46) (>= netstandard1.6) (< xamarinios) (< xamarinmac) (< xamarintvos) (< xamarinwatchos)
      System.Security.Cryptography.Encoding (>= 4.3) - restriction: || (&& (< monoandroid) (< monotouch) (< net46) (>= netstandard1.6) (< xamarinios) (< xamarinmac) (< xamarintvos) (< xamarinwatchos)) (&& (< monoandroid) (< netstandard1.3)) (>= net463)
      System.Security.Cryptography.Primitives (>= 4.3) - restriction: || (&& (< monoandroid) (< monotouch) (< net46) (>= netstandard1.6) (< xamarinios) (< xamarinmac) (< xamarintvos) (< xamarinwatchos)) (&& (< monoandroid) (< net46) (>= netstandard1.3) (< netstandard1.4)) (&& (< monoandroid) (< net46) (>= netstandard1.4) (< netstandard1.6)) (&& (< monoandroid) (< netstandard1.3)) (&& (>= net46) (< netstandard1.4)) (&& (>= net461) (< netstandard1.6)) (>= net463)
      System.Text.Encoding (>= 4.3) - restriction: || (&& (< monoandroid) (< monotouch) (< net46) (>= netstandard1.6) (< xamarinios) (< xamarinmac) (< xamarintvos) (< xamarinwatchos)) (&& (< monoandroid) (< netstandard1.3))
    System.Security.Cryptography.Cng (4.5) - restriction: && (< monoandroid) (< monotouch) (< net45) (>= netstandard1.6) (< xamarinios) (< xamarinmac) (< xamarintvos) (< xamarinwatchos)
      Microsoft.NETCore.Platforms (>= 2.0) - restriction: && (>= netcoreapp2.0) (< netcoreapp2.1)
      System.IO (>= 4.3) - restriction: || (&& (< monoandroid) (< monotouch) (< net46) (>= netstandard1.6) (< netstandard2.0) (< xamarintvos) (< xamarinwatchos)) (&& (< monoandroid) (< net46) (>= netstandard1.3) (< netstandard1.4)) (&& (< monoandroid) (< net46) (>= netstandard1.4) (< netstandard1.6) (< uap10.1))
      System.Resources.ResourceManager (>= 4.3) - restriction: || (&& (< monoandroid) (< monotouch) (< net46) (>= netstandard1.6) (< netstandard2.0) (< xamarintvos) (< xamarinwatchos)) (&& (< monoandroid) (< net46) (>= netstandard1.3) (< netstandard1.4)) (&& (< monoandroid) (< net46) (>= netstandard1.4) (< netstandard1.6) (< uap10.1))
      System.Runtime (>= 4.3) - restriction: || (&& (< monoandroid) (< monotouch) (< net46) (>= netstandard1.6) (< netstandard2.0) (< xamarintvos) (< xamarinwatchos)) (&& (< monoandroid) (< net46) (>= netstandard1.3) (< netstandard1.4)) (&& (< monoandroid) (< net46) (>= netstandard1.4) (< netstandard1.6) (< uap10.1))
      System.Runtime.Extensions (>= 4.3) - restriction: || (&& (< monoandroid) (< monotouch) (< net46) (>= netstandard1.6) (< netstandard2.0) (< xamarintvos) (< xamarinwatchos)) (&& (< monoandroid) (< net46) (>= netstandard1.4) (< netstandard1.6) (< uap10.1))
      System.Runtime.Handles (>= 4.3) - restriction: || (&& (< monoandroid) (< monotouch) (< net46) (>= netstandard1.6) (< netstandard2.0) (< xamarintvos) (< xamarinwatchos)) (&& (< monoandroid) (< net46) (>= netstandard1.3) (< netstandard1.4)) (&& (< monoandroid) (< net46) (>= netstandard1.4) (< netstandard1.6) (< uap10.1))
      System.Runtime.InteropServices (>= 4.3) - restriction: || (&& (< monoandroid) (< monotouch) (< net46) (>= netstandard1.6) (< netstandard2.0) (< xamarintvos) (< xamarinwatchos)) (&& (< monoandroid) (< net46) (>= netstandard1.3) (< netstandard1.4)) (&& (< monoandroid) (< net46) (>= netstandard1.4) (< netstandard1.6) (< uap10.1))
      System.Security.Cryptography.Algorithms (>= 4.3) - restriction: || (&& (< monoandroid) (< monotouch) (< net46) (>= netstandard1.6) (< netstandard2.0) (< xamarintvos) (< xamarinwatchos)) (&& (< monoandroid) (< net46) (>= netstandard1.3) (< netstandard1.4)) (&& (< monoandroid) (< net46) (>= netstandard1.4) (< netstandard1.6) (< uap10.1)) (&& (>= net46) (< netstandard1.4))
      System.Security.Cryptography.Encoding (>= 4.3) - restriction: || (&& (< monoandroid) (< monotouch) (< net46) (>= netstandard1.6) (< netstandard2.0) (< xamarintvos) (< xamarinwatchos)) (&& (< monoandroid) (< net46) (>= netstandard1.4) (< netstandard1.6) (< uap10.1))
      System.Security.Cryptography.Primitives (>= 4.3) - restriction: || (&& (< monoandroid) (< monotouch) (< net46) (>= netstandard1.6) (< netstandard2.0) (< xamarintvos) (< xamarinwatchos)) (&& (< monoandroid) (< net46) (>= netstandard1.3) (< netstandard1.4)) (&& (< monoandroid) (< net46) (>= netstandard1.4) (< netstandard1.6) (< uap10.1)) (&& (>= net46) (< netstandard1.4))
      System.Text.Encoding (>= 4.3) - restriction: || (&& (< monoandroid) (< monotouch) (< net46) (>= netstandard1.6) (< netstandard2.0) (< xamarintvos) (< xamarinwatchos)) (&& (< monoandroid) (< net46) (>= netstandard1.4) (< netstandard1.6) (< uap10.1))
    System.Security.Cryptography.Csp (4.3) - restriction: && (< monoandroid) (< monotouch) (< net45) (>= netstandard1.6) (< xamarinios) (< xamarinmac) (< xamarintvos) (< xamarinwatchos)
      Microsoft.NETCore.Platforms (>= 1.1) - restriction: && (< monoandroid) (< monotouch) (< net46) (>= netstandard1.3) (< xamarinios) (< xamarinmac) (< xamarintvos) (< xamarinwatchos)
      System.IO (>= 4.3) - restriction: && (< monoandroid) (< monotouch) (< net46) (>= netstandard1.3) (< xamarinios) (< xamarinmac) (< xamarintvos) (< xamarinwatchos)
      System.Reflection (>= 4.3) - restriction: && (< monoandroid) (< monotouch) (< net46) (>= netstandard1.3) (< xamarinios) (< xamarinmac) (< xamarintvos) (< xamarinwatchos)
      System.Resources.ResourceManager (>= 4.3) - restriction: && (< monoandroid) (< monotouch) (< net46) (>= netstandard1.3) (< xamarinios) (< xamarinmac) (< xamarintvos) (< xamarinwatchos)
      System.Runtime (>= 4.3) - restriction: && (< monoandroid) (< monotouch) (< net46) (>= netstandard1.3) (< xamarinios) (< xamarinmac) (< xamarintvos) (< xamarinwatchos)
      System.Runtime.Extensions (>= 4.3) - restriction: && (< monoandroid) (< monotouch) (< net46) (>= netstandard1.3) (< xamarinios) (< xamarinmac) (< xamarintvos) (< xamarinwatchos)
      System.Runtime.Handles (>= 4.3) - restriction: && (< monoandroid) (< monotouch) (< net46) (>= netstandard1.3) (< xamarinios) (< xamarinmac) (< xamarintvos) (< xamarinwatchos)
      System.Runtime.InteropServices (>= 4.3) - restriction: && (< monoandroid) (< monotouch) (< net46) (>= netstandard1.3) (< xamarinios) (< xamarinmac) (< xamarintvos) (< xamarinwatchos)
      System.Security.Cryptography.Algorithms (>= 4.3) - restriction: || (&& (< monoandroid) (< monotouch) (>= netstandard1.3) (< xamarinios) (< xamarinmac) (< xamarintvos) (< xamarinwatchos)) (>= net46)
      System.Security.Cryptography.Encoding (>= 4.3) - restriction: && (< monoandroid) (< monotouch) (< net46) (>= netstandard1.3) (< xamarinios) (< xamarinmac) (< xamarintvos) (< xamarinwatchos)
      System.Security.Cryptography.Primitives (>= 4.3) - restriction: || (&& (< monoandroid) (< monotouch) (>= netstandard1.3) (< xamarinios) (< xamarinmac) (< xamarintvos) (< xamarinwatchos)) (>= net46)
      System.Text.Encoding (>= 4.3) - restriction: && (< monoandroid) (< monotouch) (< net46) (>= netstandard1.3) (< xamarinios) (< xamarinmac) (< xamarintvos) (< xamarinwatchos)
      System.Threading (>= 4.3) - restriction: && (< monoandroid) (< monotouch) (< net46) (>= netstandard1.3) (< xamarinios) (< xamarinmac) (< xamarintvos) (< xamarinwatchos)
    System.Security.Cryptography.Encoding (4.3) - restriction: || (&& (< monoandroid) (< monotouch) (< net45) (>= netstandard1.6) (< netstandard2.0) (< xamarintvos) (< xamarinwatchos)) (&& (< monoandroid) (< monotouch) (< net45) (>= netstandard1.6) (< xamarinios) (< xamarinmac) (< xamarintvos) (< xamarinwatchos)) (&& (< monoandroid) (< net45) (>= netstandard1.3) (< netstandard1.4)) (&& (< monoandroid) (< net45) (>= netstandard1.4) (< netstandard1.6)) (&& (< monoandroid) (< net45) (< netstandard1.6) (>= netstandard2.0) (< win8) (< wpa81)) (&& (< monoandroid) (< net45) (>= netstandard2.0) (< xamarinios) (< xamarinmac)) (&& (< net20) (>= net46) (< netstandard1.4) (>= netstandard2.0)) (&& (< net20) (>= netstandard1.4) (< netstandard1.5) (< win8) (< wpa81)) (&& (< net20) (< netstandard1.4) (>= netstandard2.0) (< win8) (< wpa81)) (&& (< net20) (>= netstandard1.5) (< netstandard1.6) (< win8) (< wpa81)) (&& (< net20) (< netstandard1.5) (>= netstandard2.0) (< win8) (< wpa81)) (&& (< net20) (>= netstandard1.6) (< netstandard2.0) (< win8) (< wpa81)) (&& (< net20) (< netstandard1.6) (>= netstandard2.0) (< win8) (< wpa81)) (&& (< net45) (>= net46) (< netstandard1.4)) (&& (< net45) (>= net461)) (&& (< netstandard1.5) (>= netstandard2.0) (>= uap10.0)) (&& (< netstandard1.5) (>= uap10.0) (< uap10.1))
      Microsoft.NETCore.Platforms (>= 1.1) - restriction: && (< monoandroid) (< monotouch) (< net46) (>= netstandard1.3) (< xamarinios) (< xamarinmac) (< xamarintvos) (< xamarinwatchos)
      runtime.native.System.Security.Cryptography.OpenSsl (>= 4.3) - restriction: && (< monoandroid) (< monotouch) (< net46) (>= netstandard1.3) (< xamarinios) (< xamarinmac) (< xamarintvos) (< xamarinwatchos)
      System.Collections (>= 4.3) - restriction: && (< monoandroid) (< monotouch) (< net46) (>= netstandard1.3) (< xamarinios) (< xamarinmac) (< xamarintvos) (< xamarinwatchos)
      System.Collections.Concurrent (>= 4.3) - restriction: && (< monoandroid) (< monotouch) (< net46) (>= netstandard1.3) (< xamarinios) (< xamarinmac) (< xamarintvos) (< xamarinwatchos)
      System.Linq (>= 4.3) - restriction: && (< monoandroid) (< monotouch) (< net46) (>= netstandard1.3) (< xamarinios) (< xamarinmac) (< xamarintvos) (< xamarinwatchos)
      System.Resources.ResourceManager (>= 4.3) - restriction: && (< monoandroid) (< monotouch) (< net46) (>= netstandard1.3) (< xamarinios) (< xamarinmac) (< xamarintvos) (< xamarinwatchos)
      System.Runtime (>= 4.3) - restriction: && (< monoandroid) (< monotouch) (< net46) (>= netstandard1.3) (< xamarinios) (< xamarinmac) (< xamarintvos) (< xamarinwatchos)
      System.Runtime.Extensions (>= 4.3) - restriction: && (< monoandroid) (< monotouch) (< net46) (>= netstandard1.3) (< xamarinios) (< xamarinmac) (< xamarintvos) (< xamarinwatchos)
      System.Runtime.Handles (>= 4.3) - restriction: && (< monoandroid) (< monotouch) (< net46) (>= netstandard1.3) (< xamarinios) (< xamarinmac) (< xamarintvos) (< xamarinwatchos)
      System.Runtime.InteropServices (>= 4.3) - restriction: && (< monoandroid) (< monotouch) (< net46) (>= netstandard1.3) (< xamarinios) (< xamarinmac) (< xamarintvos) (< xamarinwatchos)
      System.Security.Cryptography.Primitives (>= 4.3) - restriction: && (< monoandroid) (< monotouch) (< net46) (>= netstandard1.3) (< xamarinios) (< xamarinmac) (< xamarintvos) (< xamarinwatchos)
      System.Text.Encoding (>= 4.3) - restriction: && (< monoandroid) (< monotouch) (< net46) (>= netstandard1.3) (< xamarinios) (< xamarinmac) (< xamarintvos) (< xamarinwatchos)
    System.Security.Cryptography.OpenSsl (4.5.1) - restriction: || (&& (< monoandroid) (< monotouch) (< net45) (>= netstandard1.6) (< xamarinios) (< xamarinmac) (< xamarintvos) (< xamarinwatchos)) (&& (< monoandroid) (< net45) (>= netstandard2.0) (< xamarinios) (< xamarinmac))
      Microsoft.NETCore.Platforms (>= 2.1.2) - restriction: && (>= netcoreapp2.0) (< netcoreapp2.1)
    System.Security.Cryptography.Primitives (4.3) - restriction: || (&& (< monoandroid) (< monotouch) (< net45) (>= netstandard1.6) (< netstandard2.0) (< xamarintvos) (< xamarinwatchos)) (&& (< monoandroid) (< monotouch) (< net45) (>= netstandard1.6) (< xamarinios) (< xamarinmac) (< xamarintvos) (< xamarinwatchos)) (&& (< monoandroid) (< monotouch) (< net46) (>= netstandard1.5) (< xamarinios) (< xamarinmac) (< xamarintvos) (< xamarinwatchos)) (&& (< monoandroid) (< net45) (< netstandard1.4) (>= netstandard1.6)) (&& (< monoandroid) (< net45) (>= netstandard2.0) (< xamarinios) (< xamarinmac)) (&& (< monoandroid) (< net46) (>= netstandard2.0) (< xamarinios) (< xamarinmac)) (&& (< net20) (>= net46) (< netstandard1.4) (>= netstandard2.0)) (&& (< net20) (>= netstandard1.4) (< netstandard1.5) (< win8) (< wpa81)) (&& (< net20) (< netstandard1.4) (>= netstandard2.0) (< win8) (< wpa81)) (&& (< net20) (>= netstandard1.5) (< netstandard1.6) (< win8) (< wpa81)) (&& (< net20) (< netstandard1.5) (>= netstandard2.0) (< win8) (< wpa81)) (&& (< net20) (>= netstandard1.6) (< netstandard2.0) (< win8) (< wpa81)) (&& (< net20) (< netstandard1.6) (>= netstandard2.0) (< win8) (< wpa81)) (&& (< net45) (>= net46) (< netstandard1.4) (>= netstandard1.6)) (&& (< net46) (>= net461)) (>= uap10.0)
      System.Diagnostics.Debug (>= 4.3) - restriction: && (< monoandroid) (< monotouch) (< net46) (>= netstandard1.3) (< xamarinios) (< xamarinmac) (< xamarintvos) (< xamarinwatchos)
      System.Globalization (>= 4.3) - restriction: && (< monoandroid) (< monotouch) (< net46) (>= netstandard1.3) (< xamarinios) (< xamarinmac) (< xamarintvos) (< xamarinwatchos)
      System.IO (>= 4.3) - restriction: && (< monoandroid) (< monotouch) (< net46) (>= netstandard1.3) (< xamarinios) (< xamarinmac) (< xamarintvos) (< xamarinwatchos)
      System.Resources.ResourceManager (>= 4.3) - restriction: && (< monoandroid) (< monotouch) (< net46) (>= netstandard1.3) (< xamarinios) (< xamarinmac) (< xamarintvos) (< xamarinwatchos)
      System.Runtime (>= 4.3) - restriction: && (< monoandroid) (< monotouch) (< net46) (>= netstandard1.3) (< xamarinios) (< xamarinmac) (< xamarintvos) (< xamarinwatchos)
      System.Threading (>= 4.3) - restriction: && (< monoandroid) (< monotouch) (< net46) (>= netstandard1.3) (< xamarinios) (< xamarinmac) (< xamarintvos) (< xamarinwatchos)
      System.Threading.Tasks (>= 4.3) - restriction: && (< monoandroid) (< monotouch) (< net46) (>= netstandard1.3) (< xamarinios) (< xamarinmac) (< xamarintvos) (< xamarinwatchos)
    System.Security.Cryptography.X509Certificates (4.3.2) - restriction: || (&& (< monoandroid) (>= netstandard2.0)) (&& (< net20) (>= netstandard1.4) (< netstandard1.5) (< win8) (< wpa81)) (&& (< net20) (< netstandard1.4) (>= netstandard2.0) (< win8) (< wpa81)) (&& (< net20) (>= netstandard1.5) (< netstandard1.6) (< win8) (< wpa81)) (&& (< net20) (< netstandard1.5) (>= netstandard2.0) (< win8) (< wpa81)) (&& (< net20) (>= netstandard1.6) (< netstandard2.0) (< win8) (< wpa81)) (&& (< net20) (< netstandard1.6) (>= netstandard2.0) (< win8) (< wpa81)) (&& (>= net45) (< netstandard1.4) (>= uap10.0)) (&& (< net45) (>= net461)) (&& (< net45) (>= netstandard2.0)) (&& (>= net451) (< netstandard1.4) (>= uap10.0)) (&& (>= net46) (>= netstandard2.0)) (>= netstandard1.3) (&& (< netstandard1.5) (>= uap10.0) (< uap10.1)) (&& (>= netstandard2.0) (< portable-net45+win8+wpa81)) (&& (>= netstandard2.0) (>= uap10.0)) (&& (< netstandard2.0) (>= uap10.0))
      Microsoft.NETCore.Platforms (>= 1.1) - restriction: || (&& (< monoandroid) (< monotouch) (< net46) (>= netstandard1.6) (< xamarinios) (< xamarinmac) (< xamarintvos) (< xamarinwatchos)) (&& (< monoandroid) (< netstandard1.3))
      runtime.native.System (>= 4.3) - restriction: && (< monoandroid) (< monotouch) (< net46) (>= netstandard1.6) (< xamarinios) (< xamarinmac) (< xamarintvos) (< xamarinwatchos)
      runtime.native.System.Net.Http (>= 4.3) - restriction: && (< monoandroid) (< monotouch) (< net46) (>= netstandard1.6) (< xamarinios) (< xamarinmac) (< xamarintvos) (< xamarinwatchos)
      runtime.native.System.Security.Cryptography.OpenSsl (>= 4.3.2) - restriction: && (< monoandroid) (< monotouch) (< net46) (>= netstandard1.6) (< xamarinios) (< xamarinmac) (< xamarintvos) (< xamarinwatchos)
      System.Collections (>= 4.3) - restriction: || (&& (< monoandroid) (< monotouch) (< net46) (>= netstandard1.6) (< xamarinios) (< xamarinmac) (< xamarintvos) (< xamarinwatchos)) (&& (< monoandroid) (< netstandard1.3))
      System.Diagnostics.Debug (>= 4.3) - restriction: && (< monoandroid) (< monotouch) (< net46) (>= netstandard1.6) (< xamarinios) (< xamarinmac) (< xamarintvos) (< xamarinwatchos)
      System.Globalization (>= 4.3) - restriction: || (&& (< monoandroid) (< monotouch) (< net46) (>= netstandard1.6) (< xamarinios) (< xamarinmac) (< xamarintvos) (< xamarinwatchos)) (&& (< monoandroid) (< netstandard1.3))
      System.Globalization.Calendars (>= 4.3) - restriction: || (&& (< monoandroid) (< monotouch) (< net46) (>= netstandard1.6) (< xamarinios) (< xamarinmac) (< xamarintvos) (< xamarinwatchos)) (&& (< monoandroid) (< netstandard1.3))
      System.IO (>= 4.3) - restriction: || (&& (< monoandroid) (< monotouch) (< net46) (>= netstandard1.6) (< xamarinios) (< xamarinmac) (< xamarintvos) (< xamarinwatchos)) (&& (< monoandroid) (< netstandard1.3))
      System.IO.FileSystem (>= 4.3) - restriction: || (&& (< monoandroid) (< monotouch) (< net46) (>= netstandard1.6) (< xamarinios) (< xamarinmac) (< xamarintvos) (< xamarinwatchos)) (&& (< monoandroid) (< netstandard1.3))
      System.IO.FileSystem.Primitives (>= 4.3) - restriction: && (< monoandroid) (< monotouch) (< net46) (>= netstandard1.6) (< xamarinios) (< xamarinmac) (< xamarintvos) (< xamarinwatchos)
      System.Resources.ResourceManager (>= 4.3) - restriction: || (&& (< monoandroid) (< monotouch) (< net46) (>= netstandard1.6) (< xamarinios) (< xamarinmac) (< xamarintvos) (< xamarinwatchos)) (&& (< monoandroid) (< netstandard1.3))
      System.Runtime (>= 4.3) - restriction: || (&& (< monoandroid) (< monotouch) (< net46) (>= netstandard1.6) (< xamarinios) (< xamarinmac) (< xamarintvos) (< xamarinwatchos)) (&& (< monoandroid) (< net46) (>= netstandard1.3) (< netstandard1.4)) (&& (< monoandroid) (< net46) (>= netstandard1.4) (< netstandard1.6)) (&& (< monoandroid) (< netstandard1.3))
      System.Runtime.Extensions (>= 4.3) - restriction: || (&& (< monoandroid) (< monotouch) (< net46) (>= netstandard1.6) (< xamarinios) (< xamarinmac) (< xamarintvos) (< xamarinwatchos)) (&& (< monoandroid) (< netstandard1.3))
      System.Runtime.Handles (>= 4.3) - restriction: || (&& (< monoandroid) (< monotouch) (< net46) (>= netstandard1.6) (< xamarinios) (< xamarinmac) (< xamarintvos) (< xamarinwatchos)) (&& (< monoandroid) (< net46) (>= netstandard1.3) (< netstandard1.4)) (&& (< monoandroid) (< net46) (>= netstandard1.4) (< netstandard1.6)) (&& (< monoandroid) (< netstandard1.3))
      System.Runtime.InteropServices (>= 4.3) - restriction: || (&& (< monoandroid) (< monotouch) (< net46) (>= netstandard1.6) (< xamarinios) (< xamarinmac) (< xamarintvos) (< xamarinwatchos)) (&& (< monoandroid) (< netstandard1.3))
      System.Runtime.Numerics (>= 4.3) - restriction: || (&& (< monoandroid) (< monotouch) (< net46) (>= netstandard1.6) (< xamarinios) (< xamarinmac) (< xamarintvos) (< xamarinwatchos)) (&& (< monoandroid) (< netstandard1.3))
      System.Security.Cryptography.Algorithms (>= 4.3) - restriction: || (&& (< monoandroid) (< monotouch) (< net46) (>= netstandard1.6) (< xamarinios) (< xamarinmac) (< xamarintvos) (< xamarinwatchos)) (&& (< monoandroid) (< net46) (>= netstandard1.3) (< netstandard1.4)) (&& (< monoandroid) (< net46) (>= netstandard1.4) (< netstandard1.6)) (&& (< monoandroid) (< netstandard1.3)) (&& (>= net46) (< netstandard1.4)) (>= net461)
      System.Security.Cryptography.Cng (>= 4.3) - restriction: || (&& (< monoandroid) (< monotouch) (< net46) (>= netstandard1.6) (< xamarinios) (< xamarinmac) (< xamarintvos) (< xamarinwatchos)) (&& (< monoandroid) (< netstandard1.3))
      System.Security.Cryptography.Csp (>= 4.3) - restriction: && (< monoandroid) (< monotouch) (< net46) (>= netstandard1.6) (< xamarinios) (< xamarinmac) (< xamarintvos) (< xamarinwatchos)
      System.Security.Cryptography.Encoding (>= 4.3) - restriction: || (&& (< monoandroid) (< monotouch) (< net46) (>= netstandard1.6) (< xamarinios) (< xamarinmac) (< xamarintvos) (< xamarinwatchos)) (&& (< monoandroid) (< net46) (>= netstandard1.3) (< netstandard1.4)) (&& (< monoandroid) (< net46) (>= netstandard1.4) (< netstandard1.6)) (&& (< monoandroid) (< netstandard1.3)) (&& (>= net46) (< netstandard1.4)) (>= net461)
      System.Security.Cryptography.OpenSsl (>= 4.3) - restriction: && (< monoandroid) (< monotouch) (< net46) (>= netstandard1.6) (< xamarinios) (< xamarinmac) (< xamarintvos) (< xamarinwatchos)
      System.Security.Cryptography.Primitives (>= 4.3) - restriction: || (&& (< monoandroid) (< monotouch) (< net46) (>= netstandard1.6) (< xamarinios) (< xamarinmac) (< xamarintvos) (< xamarinwatchos)) (&& (< monoandroid) (< netstandard1.3))
      System.Text.Encoding (>= 4.3) - restriction: || (&& (< monoandroid) (< monotouch) (< net46) (>= netstandard1.6) (< xamarinios) (< xamarinmac) (< xamarintvos) (< xamarinwatchos)) (&& (< monoandroid) (< netstandard1.3))
      System.Threading (>= 4.3) - restriction: || (&& (< monoandroid) (< monotouch) (< net46) (>= netstandard1.6) (< xamarinios) (< xamarinmac) (< xamarintvos) (< xamarinwatchos)) (&& (< monoandroid) (< netstandard1.3))
    System.Security.Principal (4.3) - restriction: || (&& (< monoandroid) (< monotouch) (< net451) (>= netstandard1.5) (< netstandard2.0) (< xamarintvos) (< xamarinwatchos)) (&& (< monoandroid) (< net452) (< netstandard1.6) (>= netstandard2.0)) (&& (< monoandroid) (< net452) (>= netstandard2.0) (< xamarinios) (< xamarinmac)) (&& (< netstandard1.3) (>= uap10.0)) (&& (< portable-net45+win8+wp8) (>= uap10.0)) (&& (>= uap10.0) (< uap10.1))
      System.Runtime (>= 4.3) - restriction: || (&& (< monoandroid) (< monotouch) (< net45) (>= netstandard1.0) (< win8) (< wp8) (< wpa81) (< xamarinios) (< xamarinmac) (< xamarintvos) (< xamarinwatchos)) (< portable-net45+win8+wp8+wpa81)
    System.Security.Principal.Windows (4.5.1) - restriction: || (&& (>= monoandroid) (>= netcoreapp1.0) (< netstandard2.0)) (&& (< monoandroid) (< monotouch) (< net45) (>= netstandard1.5) (< win8) (< wpa81) (< xamarinios) (< xamarinmac) (< xamarintvos) (< xamarinwatchos)) (&& (< monoandroid) (< monotouch) (< net451) (>= netstandard1.5) (< xamarinios) (< xamarinmac) (< xamarintvos) (< xamarinwatchos)) (&& (>= monotouch) (>= netcoreapp1.0)) (&& (>= net461) (>= netcoreapp1.0)) (&& (>= netcoreapp1.0) (>= netstandard2.0)) (&& (>= netcoreapp1.0) (>= xamarinios)) (&& (>= netcoreapp1.0) (>= xamarinmac)) (&& (>= netcoreapp1.0) (>= xamarintvos)) (&& (>= netcoreapp1.0) (>= xamarinwatchos)) (>= netcoreapp2.0) (&& (>= netstandard2.0) (>= uap10.0)) (&& (< netstandard2.0) (>= uap10.0) (< uap10.1)) (&& (< portable-net45+win8+wp8) (>= uap10.0))
      Microsoft.NETCore.Platforms (>= 2.0) - restriction: >= netcoreapp2.0
      Microsoft.Win32.Primitives (>= 4.3) - restriction: && (< net46) (>= netstandard1.3) (< netstandard2.0) (< uap10.1)
      System.Collections (>= 4.3) - restriction: && (< net46) (>= netstandard1.3) (< netstandard2.0) (< uap10.1)
      System.Diagnostics.Debug (>= 4.3) - restriction: && (< net46) (>= netstandard1.3) (< netstandard2.0) (< uap10.1)
      System.Reflection (>= 4.3) - restriction: && (< net46) (>= netstandard1.3) (< netstandard2.0) (< uap10.1)
      System.Resources.ResourceManager (>= 4.3) - restriction: && (< net46) (>= netstandard1.3) (< netstandard2.0) (< uap10.1)
      System.Runtime (>= 4.3) - restriction: && (< net46) (>= netstandard1.3) (< netstandard2.0) (< uap10.1)
      System.Runtime.Extensions (>= 4.3) - restriction: && (< net46) (>= netstandard1.3) (< netstandard2.0) (< uap10.1)
      System.Runtime.Handles (>= 4.3) - restriction: && (< net46) (>= netstandard1.3) (< netstandard2.0) (< uap10.1)
      System.Runtime.InteropServices (>= 4.3) - restriction: && (< net46) (>= netstandard1.3) (< netstandard2.0) (< uap10.1)
      System.Security.Claims (>= 4.3) - restriction: || (&& (>= net46) (< net461) (< netstandard2.0)) (&& (< net46) (>= netstandard1.3) (< netstandard2.0) (< uap10.1))
      System.Security.Principal (>= 4.3) - restriction: && (< net46) (>= netstandard1.3) (< netstandard2.0) (< uap10.1)
      System.Text.Encoding (>= 4.3) - restriction: && (< net46) (>= netstandard1.3) (< netstandard2.0) (< uap10.1)
      System.Threading (>= 4.3) - restriction: && (< net46) (>= netstandard1.3) (< netstandard2.0) (< uap10.1)
    System.Security.SecureString (4.3) - restriction: || (&& (< monoandroid8.1) (< net45) (>= netstandard2.0) (< uap10.0) (< xamarinios)) (&& (< net45) (>= net461)) (>= netstandard1.5)
      Microsoft.NETCore.Platforms (>= 1.1) - restriction: && (< monoandroid) (< monotouch) (< net46) (>= netstandard1.3) (< xamarinios) (< xamarinmac) (< xamarintvos) (< xamarinwatchos)
      System.Resources.ResourceManager (>= 4.3) - restriction: && (< monoandroid) (< monotouch) (< net46) (>= netstandard1.3) (< xamarinios) (< xamarinmac) (< xamarintvos) (< xamarinwatchos)
      System.Runtime (>= 4.3) - restriction: && (< monoandroid) (< monotouch) (< net46) (>= netstandard1.3) (< xamarinios) (< xamarinmac) (< xamarintvos) (< xamarinwatchos)
      System.Runtime.Handles (>= 4.3) - restriction: && (< monoandroid) (< monotouch) (< net46) (>= netstandard1.3) (< xamarinios) (< xamarinmac) (< xamarintvos) (< xamarinwatchos)
      System.Runtime.InteropServices (>= 4.3) - restriction: && (< monoandroid) (< monotouch) (< net46) (>= netstandard1.3) (< xamarinios) (< xamarinmac) (< xamarintvos) (< xamarinwatchos)
      System.Security.Cryptography.Primitives (>= 4.3) - restriction: && (< monoandroid) (< monotouch) (< net46) (>= netstandard1.3) (< xamarinios) (< xamarinmac) (< xamarintvos) (< xamarinwatchos)
      System.Text.Encoding (>= 4.3) - restriction: && (< monoandroid) (< monotouch) (< net46) (>= netstandard1.3) (< xamarinios) (< xamarinmac) (< xamarintvos) (< xamarinwatchos)
      System.Threading (>= 4.3) - restriction: && (< monoandroid) (< monotouch) (< net46) (>= netstandard1.3) (< xamarinios) (< xamarinmac) (< xamarintvos) (< xamarinwatchos)
    System.ServiceModel.Duplex (4.5.3) - restriction: && (>= uap10.0) (< uap10.1)
      NETStandard.Library (>= 1.6.1) - restriction: || (&& (< monoandroid) (< monotouch) (< net45) (>= netstandard1.3) (< netstandard2.0) (< uap10.1) (< xamarintvos) (< xamarinwatchos)) (&& (< monoandroid) (< net45) (>= netstandard1.1) (< netstandard1.3) (< win8)) (< portable-net45+win8)
      System.Private.ServiceModel (>= 4.5.3) - restriction: || (&& (< monoandroid) (< monotouch) (< net45) (>= netstandard1.3) (< netstandard2.0) (< xamarintvos) (< xamarinwatchos)) (&& (< net45) (>= netstandard2.0) (< xamarinios)) (< portable-net45+win8) (>= uap10.1)
      System.ServiceModel.Primitives (>= 4.5.3) - restriction: || (&& (< monoandroid) (< monotouch) (< net45) (>= netstandard1.3) (< netstandard2.0) (< xamarintvos) (< xamarinwatchos)) (&& (< monoandroid) (< net45) (>= netstandard1.1) (< netstandard1.3) (< win8)) (&& (< net45) (>= netstandard2.0) (< xamarinios)) (>= net461) (< portable-net45+win8) (>= uap10.1)
    System.ServiceModel.Http (4.5.3) - restriction: && (>= uap10.0) (< uap10.1)
      NETStandard.Library (>= 1.6.1) - restriction: || (&& (< monoandroid) (< monotouch) (< net45) (>= netstandard1.3) (< netstandard2.0) (< uap10.1) (< xamarintvos) (< xamarinwatchos)) (&& (< monoandroid) (< net45) (>= netstandard1.1) (< netstandard1.3) (< win8)) (&& (< monoandroid) (>= netstandard1.0) (< netstandard1.1) (< win8) (< wp8)) (< portable-net45+win8+wp8)
      System.Net.WebHeaderCollection (>= 4.3) - restriction: || (&& (< monoandroid) (< monotouch) (< net45) (>= netstandard1.3) (< netstandard2.0) (< uap10.1) (< xamarintvos) (< xamarinwatchos)) (< portable-net45+win8+wp8)
      System.Private.ServiceModel (>= 4.5.3) - restriction: || (&& (< monoandroid) (< monotouch) (< net45) (>= netstandard1.3) (< netstandard2.0) (< xamarintvos) (< xamarinwatchos)) (&& (< net45) (>= netstandard2.0) (< xamarinios)) (< portable-net45+win8+wp8) (>= uap10.1)
      System.Runtime.Serialization.Xml (>= 4.3) - restriction: || (&& (< monoandroid) (< monotouch) (< net45) (>= netstandard1.3) (< netstandard2.0) (< uap10.1) (< xamarintvos) (< xamarinwatchos)) (&& (< monoandroid) (< net45) (>= netstandard1.1) (< netstandard1.3) (< win8)) (< portable-net45+win8+wp8)
      System.ServiceModel.Primitives (>= 4.5.3) - restriction: || (&& (< monoandroid) (< monotouch) (< net45) (>= netstandard1.3) (< netstandard2.0) (< xamarintvos) (< xamarinwatchos)) (&& (< monoandroid) (< net45) (>= netstandard1.1) (< netstandard1.3) (< win8)) (&& (< monoandroid) (>= netstandard1.0) (< netstandard1.1) (< win8) (< wp8)) (&& (< net45) (>= netstandard2.0) (< xamarinios)) (>= net461) (< portable-net45+win8+wp8) (>= uap10.1)
    System.ServiceModel.NetTcp (4.5.3) - restriction: && (>= uap10.0) (< uap10.1)
      NETStandard.Library (>= 1.6.1) - restriction: || (&& (< monoandroid) (< monotouch) (< net45) (>= netstandard1.3) (< netstandard2.0) (< uap10.1) (< xamarintvos) (< xamarinwatchos)) (&& (< monoandroid) (< net45) (>= netstandard1.1) (< netstandard1.3) (< win8)) (< portable-net45+win8)
      System.Private.ServiceModel (>= 4.5.3) - restriction: || (&& (< monoandroid) (< monotouch) (< net45) (>= netstandard1.3) (< netstandard2.0) (< xamarintvos) (< xamarinwatchos)) (&& (< net45) (>= netstandard2.0) (< xamarinios)) (< portable-net45+win8) (>= uap10.1)
      System.Runtime.Serialization.Xml (>= 4.3) - restriction: || (&& (< monoandroid) (< monotouch) (< net45) (>= netstandard1.3) (< netstandard2.0) (< uap10.1) (< xamarintvos) (< xamarinwatchos)) (&& (< monoandroid) (< net45) (>= netstandard1.1) (< netstandard1.3) (< win8)) (< portable-net45+win8)
      System.ServiceModel.Primitives (>= 4.5.3) - restriction: || (&& (< monoandroid) (< monotouch) (< net45) (>= netstandard1.3) (< netstandard2.0) (< xamarintvos) (< xamarinwatchos)) (&& (< monoandroid) (< net45) (>= netstandard1.1) (< netstandard1.3) (< win8)) (&& (< net45) (>= netstandard2.0) (< xamarinios)) (&& (>= net46) (< netstandard2.0)) (>= net461) (< portable-net45+win8) (>= uap10.1)
    System.ServiceModel.Primitives (4.5.3) - restriction: || (&& (< net20) (>= net46) (>= netstandard2.0)) (&& (< net20) (>= netstandard2.0) (< uap10.0)) (&& (>= net461) (>= uap10.0)) (>= netcoreapp2.1) (&& (< netstandard1.1) (>= uap10.0) (< win8)) (&& (< netstandard1.3) (>= uap10.0) (< win8)) (&& (>= netstandard2.0) (>= uap10.0)) (&& (< netstandard2.0) (>= uap10.0) (< uap10.1)) (&& (< portable-net45+win8+wp8) (>= uap10.0))
      System.Private.ServiceModel (>= 4.5.3) - restriction: || (&& (< monoandroid) (< monotouch) (< net45) (>= netstandard1.3) (< netstandard2.0) (< xamarintvos) (< xamarinwatchos)) (&& (< net45) (>= netstandard2.0) (< xamarinios)) (< portable-net45+win8+wp8) (>= uap10.1)
    System.ServiceModel.Security (4.5.3) - restriction: && (>= uap10.0) (< uap10.1)
      NETStandard.Library (>= 1.6.1) - restriction: || (&& (< monoandroid) (< monotouch) (< net45) (>= netstandard1.3) (< netstandard2.0) (< uap10.1) (< xamarintvos) (< xamarinwatchos)) (&& (< monoandroid) (< net45) (>= netstandard1.1) (< netstandard1.3) (< win8)) (&& (< monoandroid) (>= netstandard1.0) (< netstandard1.1) (< win8) (< wp8)) (< portable-net45+win8+wp8)
      System.Private.ServiceModel (>= 4.5.3) - restriction: || (&& (< monoandroid) (< monotouch) (< net45) (>= netstandard1.3) (< netstandard2.0) (< xamarintvos) (< xamarinwatchos)) (&& (< net45) (>= netstandard2.0) (< xamarinios)) (< portable-net45+win8+wp8) (>= uap10.1)
      System.Runtime.Serialization.Xml (>= 4.3) - restriction: || (&& (< monoandroid) (< monotouch) (< net45) (>= netstandard1.3) (< netstandard2.0) (< uap10.1) (< xamarintvos) (< xamarinwatchos)) (&& (< monoandroid) (< net45) (>= netstandard1.1) (< netstandard1.3) (< win8)) (< portable-net45+win8+wp8)
      System.ServiceModel.Primitives (>= 4.5.3) - restriction: || (&& (< monoandroid) (< monotouch) (< net45) (>= netstandard1.3) (< netstandard2.0) (< xamarintvos) (< xamarinwatchos)) (&& (< monoandroid) (< net45) (>= netstandard1.1) (< netstandard1.3) (< win8)) (&& (< monoandroid) (>= netstandard1.0) (< netstandard1.1) (< win8) (< wp8)) (&& (< net45) (>= netstandard2.0) (< xamarinios)) (>= net461) (< portable-net45+win8+wp8) (>= uap10.1)
    System.Text.Encoding (4.3) - restriction: || (&& (< monoandroid) (< monotouch) (< net20) (>= netstandard1.3) (< netstandard2.0) (< xamarintvos) (< xamarinwatchos)) (&& (< monoandroid) (< monotouch) (< net35) (>= netstandard1.5) (< netstandard2.0) (< xamarintvos) (< xamarinwatchos)) (&& (< monoandroid) (< monotouch) (< net45) (>= netstandard1.5) (< win8) (< wpa81) (< xamarinios) (< xamarinmac) (< xamarintvos) (< xamarinwatchos)) (&& (< monoandroid) (< monotouch) (< net45) (>= netstandard1.6) (< netstandard2.0) (< xamarintvos) (< xamarinwatchos)) (&& (< monoandroid) (< monotouch) (< net45) (>= netstandard1.6) (< xamarinios) (< xamarinmac) (< xamarintvos) (< xamarinwatchos)) (&& (< monoandroid) (< monotouch) (< net451) (>= netstandard1.5) (< xamarinios) (< xamarinmac) (< xamarintvos) (< xamarinwatchos)) (&& (< monoandroid) (< net20) (< netstandard1.3) (>= netstandard1.5) (< win8) (< wpa81)) (&& (< monoandroid) (< net20) (< netstandard1.3) (>= netstandard1.6) (< win8) (< wpa81)) (&& (< monoandroid) (< net45) (< netstandard1.3) (>= netstandard1.5) (< win8) (< wpa81)) (&& (< monoandroid) (< net45) (< netstandard1.6) (>= netstandard2.0) (< win8) (< wpa81)) (&& (< monoandroid) (< net45) (>= netstandard2.0) (< xamarinios) (< xamarinmac)) (&& (< monoandroid) (< net46) (>= netstandard2.0) (< xamarinios) (< xamarinmac)) (&& (< monoandroid) (< netstandard1.3) (>= netstandard2.0)) (&& (< net20) (>= net46) (< netstandard1.3) (>= netstandard2.0)) (&& (< net20) (>= net46) (< netstandard1.4) (>= netstandard2.0)) (&& (< net20) (< netstandard1.2) (>= netstandard1.4) (< win8)) (&& (< net20) (< netstandard1.2) (>= netstandard2.0) (< win8)) (&& (< net20) (< netstandard1.3) (>= netstandard1.4) (< win8) (< wpa81)) (&& (< net20) (< netstandard1.3) (>= netstandard2.0) (< win8) (< wpa81)) (&& (< net20) (>= netstandard1.4) (< netstandard1.5) (< win8) (< wpa81)) (&& (< net20) (>= netstandard1.4) (< portable-net45+win8+wpa81)) (&& (< net20) (< netstandard1.4) (>= netstandard2.0) (< win8) (< wpa81)) (&& (< net20) (>= netstandard1.5) (< netstandard1.6) (< win8) (< wpa81)) (&& (< net20) (>= netstandard1.5) (< portable-net45+win8+wpa81)) (&& (< net20) (< netstandard1.5) (>= netstandard2.0) (< win8) (< wpa81)) (&& (< net20) (>= netstandard1.6) (< netstandard2.0) (< win8) (< wpa81)) (&& (< net20) (>= netstandard1.6) (< portable-net45+win8+wpa81)) (&& (< net20) (< netstandard1.6) (>= netstandard2.0) (< win8) (< wpa81)) (&& (< net45) (>= net461)) (&& (< net46) (>= net461)) (&& (>= net461) (< netstandard1.3)) (&& (>= net461) (< portable-net45+win8+wp8+wpa81)) (>= netcoreapp1.0) (&& (>= netstandard1.5) (< portable-net45+win8+wp8+wpa81)) (&& (>= netstandard2.0) (< portable-net45+win8+wp8+wpa81)) (&& (>= netstandard2.0) (< portable-net45+win8+wpa81)) (>= uap10.0)
      Microsoft.NETCore.Platforms (>= 1.1) - restriction: || (&& (< monoandroid) (< monotouch) (< net45) (>= netstandard1.3) (< win8) (< wpa81) (< xamarinios) (< xamarinmac) (< xamarintvos) (< xamarinwatchos)) (&& (< monoandroid) (< net45) (>= netstandard1.0) (< netstandard1.3) (< win8) (< wp8) (< wpa81)) (< portable-net45+win8+wp8+wpa81)
      Microsoft.NETCore.Targets (>= 1.1) - restriction: || (&& (< monoandroid) (< monotouch) (< net45) (>= netstandard1.3) (< win8) (< wpa81) (< xamarinios) (< xamarinmac) (< xamarintvos) (< xamarinwatchos)) (&& (< monoandroid) (< net45) (>= netstandard1.0) (< netstandard1.3) (< win8) (< wp8) (< wpa81)) (< portable-net45+win8+wp8+wpa81)
      System.Runtime (>= 4.3) - restriction: || (&& (< monoandroid) (< monotouch) (< net45) (>= netstandard1.3) (< win8) (< wpa81) (< xamarinios) (< xamarinmac) (< xamarintvos) (< xamarinwatchos)) (&& (< monoandroid) (< net45) (>= netstandard1.0) (< netstandard1.3) (< win8) (< wp8) (< wpa81)) (< portable-net45+win8+wp8+wpa81)
    System.Text.Encoding.CodePages (4.5.1) - restriction: && (>= uap10.0) (< uap10.1)
      NETStandard.Library (>= 1.6.1) - restriction: && (< monoandroid) (< monotouch) (< net46) (>= netstandard1.3) (< netstandard2.0) (< xamarintvos) (< xamarinwatchos)
      System.Runtime.CompilerServices.Unsafe (>= 4.5.2) - restriction: || (&& (< net46) (>= netstandard2.0) (< xamarinios)) (>= net461) (>= netcoreapp2.0)
    System.Text.Encoding.Extensions (4.3) - restriction: || (&& (< monoandroid) (< net45) (< netstandard1.3) (>= netstandard2.0) (< win8) (< wpa81)) (&& (< monoandroid) (< net45) (>= netstandard2.0) (< win8) (< wpa81) (< xamarinios) (< xamarinmac)) (&& (< monoandroid) (< net46) (>= netstandard2.0) (< xamarinios) (< xamarinmac)) (&& (< net20) (>= net46) (< netstandard1.4) (>= netstandard2.0)) (&& (< net20) (< netstandard1.2) (>= netstandard1.4) (< win8)) (&& (< net20) (< netstandard1.2) (>= netstandard2.0) (< win8)) (&& (< net20) (< netstandard1.3) (>= netstandard1.4) (< win8) (< wpa81)) (&& (< net20) (< netstandard1.3) (>= netstandard2.0) (< win8) (< wpa81)) (&& (< net20) (>= netstandard1.4) (< netstandard1.5) (< win8) (< wpa81)) (&& (< net20) (>= netstandard1.4) (< portable-net45+win8+wp8+wpa81)) (&& (< net20) (>= netstandard1.4) (< portable-net45+win8+wpa81)) (&& (< net20) (< netstandard1.4) (>= netstandard2.0) (< win8) (< wpa81)) (&& (< net20) (>= netstandard1.5) (< netstandard1.6) (< win8) (< wpa81)) (&& (< net20) (>= netstandard1.5) (< portable-net45+win8+wp8+wpa81)) (&& (< net20) (< netstandard1.5) (>= netstandard2.0) (< win8) (< wpa81)) (&& (< net20) (>= netstandard1.6) (< netstandard2.0) (< win8) (< wpa81)) (&& (< net20) (>= netstandard1.6) (< portable-net45+win8+wp8+wpa81)) (&& (< net20) (< netstandard1.6) (>= netstandard2.0) (< win8) (< wpa81)) (&& (< net20) (>= netstandard2.0) (< portable-net45+win8+wpa81)) (&& (< net45) (>= net461)) (&& (< net46) (>= net461)) (&& (>= net461) (< portable-net45+win8+wp8+wpa81)) (>= netcoreapp1.0) (&& (>= netstandard2.0) (< portable-net45+win8+wp8+wpa81)) (>= uap10.0)
      Microsoft.NETCore.Platforms (>= 1.1) - restriction: || (&& (< monoandroid) (< monotouch) (< net45) (>= netstandard1.3) (< win8) (< wpa81) (< xamarinios) (< xamarinmac) (< xamarintvos) (< xamarinwatchos)) (&& (< monoandroid) (< net45) (>= netstandard1.0) (< netstandard1.3) (< win8) (< wp8) (< wpa81)) (< portable-net45+win8+wp8+wpa81)
      Microsoft.NETCore.Targets (>= 1.1) - restriction: || (&& (< monoandroid) (< monotouch) (< net45) (>= netstandard1.3) (< win8) (< wpa81) (< xamarinios) (< xamarinmac) (< xamarintvos) (< xamarinwatchos)) (&& (< monoandroid) (< net45) (>= netstandard1.0) (< netstandard1.3) (< win8) (< wp8) (< wpa81)) (< portable-net45+win8+wp8+wpa81)
      System.Runtime (>= 4.3) - restriction: || (&& (< monoandroid) (< monotouch) (< net45) (>= netstandard1.3) (< win8) (< wpa81) (< xamarinios) (< xamarinmac) (< xamarintvos) (< xamarinwatchos)) (&& (< monoandroid) (< net45) (>= netstandard1.0) (< netstandard1.3) (< win8) (< wp8) (< wpa81)) (< portable-net45+win8+wp8+wpa81)
      System.Text.Encoding (>= 4.3) - restriction: || (&& (< monoandroid) (< monotouch) (< net45) (>= netstandard1.3) (< win8) (< wpa81) (< xamarinios) (< xamarinmac) (< xamarintvos) (< xamarinwatchos)) (&& (< monoandroid) (< net45) (>= netstandard1.0) (< netstandard1.3) (< win8) (< wp8) (< wpa81)) (< portable-net45+win8+wp8+wpa81)
    System.Text.RegularExpressions (4.3) - restriction: || (&& (< monoandroid) (< monotouch) (< net35) (>= netstandard1.5) (< netstandard2.0) (< win81) (< wpa81) (< xamarintvos) (< xamarinwatchos)) (&& (< net20) (>= net46) (>= netstandard2.0)) (&& (< net20) (>= net46) (< netstandard2.0)) (&& (< net20) (>= net46) (< portable-net45+win8+wp8+wpa81)) (&& (< net20) (< netstandard1.2) (>= netstandard1.4) (< win8)) (&& (< net20) (< netstandard1.2) (>= netstandard2.0) (< win8)) (&& (< net20) (>= netstandard1.4) (< portable-net45+win8+wp8+wpa81)) (&& (< net20) (>= netstandard1.4) (< portable-net45+win8+wpa81)) (&& (< net20) (>= netstandard1.4) (< win8) (< wpa81)) (&& (< net20) (>= netstandard1.5) (< netstandard1.6) (< win8) (< wpa81)) (&& (< net20) (>= netstandard1.5) (< portable-net45+win8+wp8+wpa81)) (&& (< net20) (>= netstandard1.6) (< netstandard2.0) (< win8) (< wpa81)) (&& (< net20) (>= netstandard1.6) (< portable-net45+win8+wp8+wpa81)) (&& (< net20) (>= netstandard2.0) (< portable-net45+win8+wpa81)) (&& (< net20) (>= netstandard2.0) (< win8) (< wpa81)) (&& (>= net45) (< netstandard1.4) (>= uap10.0)) (&& (< net45) (>= net461)) (&& (< net45) (>= netstandard1.6) (< netstandard2.0)) (&& (< net45) (>= netstandard2.0)) (&& (>= net451) (< netstandard1.4) (>= uap10.0)) (&& (< net451) (>= netstandard1.5)) (&& (>= net461) (< portable-net45+win8+wp8+wpa81)) (>= netstandard1.3) (&& (>= netstandard2.0) (< portable-net45+win8+wp8+wpa81)) (&& (>= netstandard2.0) (>= uap10.0)) (&& (< netstandard2.0) (>= uap10.0)) (&& (< portable-net45+win8+wp8+wpa81) (>= uap10.0)) (&& (>= uap10.0) (< uap10.1)) (&& (>= uap10.0) (< win8) (< wpa81))
      System.Collections (>= 4.3) - restriction: || (&& (< monoandroid) (< monotouch) (< net45) (< netcoreapp1.1) (>= netstandard1.6) (< xamarinios) (< xamarinmac) (< xamarintvos) (< xamarinwatchos)) (< portable-net45+win8+wp8+wpa81)
      System.Globalization (>= 4.3) - restriction: || (&& (< monoandroid) (< monotouch) (< net45) (< netcoreapp1.1) (>= netstandard1.6) (< xamarinios) (< xamarinmac) (< xamarintvos) (< xamarinwatchos)) (< portable-net45+win8+wp8+wpa81)
      System.Resources.ResourceManager (>= 4.3) - restriction: || (&& (< monoandroid) (< monotouch) (< net45) (< netcoreapp1.1) (>= netstandard1.6) (< xamarinios) (< xamarinmac) (< xamarintvos) (< xamarinwatchos)) (< portable-net45+win8+wp8+wpa81)
      System.Runtime (>= 4.3) - restriction: || (&& (< monoandroid) (< monotouch) (< net45) (>= netstandard1.6) (< xamarinios) (< xamarinmac) (< xamarintvos) (< xamarinwatchos)) (&& (< monoandroid) (< net45) (>= netstandard1.0) (< netstandard1.3) (< win8) (< wp8) (< wpa81)) (&& (< monoandroid) (< net45) (>= netstandard1.3) (< netstandard1.6) (< win8) (< wpa81)) (>= netcoreapp1.1) (< portable-net45+win8+wp8+wpa81)
      System.Runtime.Extensions (>= 4.3) - restriction: || (&& (< monoandroid) (< monotouch) (< net45) (< netcoreapp1.1) (>= netstandard1.6) (< xamarinios) (< xamarinmac) (< xamarintvos) (< xamarinwatchos)) (< portable-net45+win8+wp8+wpa81)
      System.Threading (>= 4.3) - restriction: || (&& (< monoandroid) (< monotouch) (< net45) (< netcoreapp1.1) (>= netstandard1.6) (< xamarinios) (< xamarinmac) (< xamarintvos) (< xamarinwatchos)) (< portable-net45+win8+wp8+wpa81)
    System.Threading (4.3) - restriction: || (&& (< monoandroid) (< monotouch) (< net35) (>= netstandard1.5) (< netstandard2.0) (< xamarintvos) (< xamarinwatchos)) (&& (< monoandroid) (< monotouch) (< net45) (>= netstandard1.5) (< win8) (< wpa81) (< xamarinios) (< xamarinmac) (< xamarintvos) (< xamarinwatchos)) (&& (< monoandroid) (< monotouch) (< net45) (>= netstandard1.6) (< xamarinios) (< xamarinmac) (< xamarintvos) (< xamarinwatchos)) (&& (< monoandroid) (< net20) (>= netstandard1.0) (< win8) (< wp8) (< wpa81)) (&& (< monoandroid) (< net20) (>= netstandard1.5) (< win8) (< wpa81)) (&& (< monoandroid) (>= netstandard2.0)) (&& (< net20) (>= net46) (>= netstandard2.0)) (&& (< net20) (>= net46) (< netstandard2.0)) (&& (< net20) (>= net46) (< portable-net45+win8+wp8+wpa81)) (&& (< net20) (< netstandard1.2) (>= netstandard1.4) (< win8)) (&& (< net20) (< netstandard1.2) (>= netstandard2.0) (< win8)) (&& (< net20) (>= netstandard1.4) (< portable-net45+win8+wpa81)) (&& (< net20) (>= netstandard1.4) (< win8) (< wpa81)) (&& (< net20) (>= netstandard1.5) (< netstandard1.6) (< win8) (< wpa81)) (&& (< net20) (>= netstandard1.6) (< netstandard2.0) (< win8) (< wpa81)) (&& (< net20) (>= netstandard1.6) (< portable-net45+win8+wpa81)) (&& (< net20) (>= netstandard2.0) (< win8) (< wpa81)) (&& (>= net45) (< netstandard1.4) (>= uap10.0)) (&& (< net45) (>= net461) (< netstandard2.0)) (&& (< net45) (>= netstandard1.6) (< netstandard2.0)) (&& (< net45) (>= netstandard2.0)) (&& (>= net451) (< netstandard1.4) (>= uap10.0)) (&& (< net451) (>= netstandard1.5)) (&& (< net46) (>= net461)) (>= netstandard1.3) (&& (>= netstandard1.5) (< portable-net45+win8+wpa81)) (&& (< netstandard1.5) (>= uap10.0) (< win8) (< wpa81)) (&& (>= netstandard1.6) (< portable-net45+win8+wp8+wpa81)) (&& (>= netstandard2.0) (< portable-net45+win8+wp8+wpa81)) (&& (>= netstandard2.0) (< portable-net45+win8+wpa81)) (&& (>= netstandard2.0) (>= uap10.0)) (&& (< netstandard2.0) (>= uap10.0)) (&& (< portable-net45+win8+wpa81) (>= uap10.0)) (&& (>= uap10.0) (< uap10.1))
      System.Runtime (>= 4.3) - restriction: || (&& (< monoandroid) (< monotouch) (< net45) (>= netstandard1.3) (< win8) (< wpa81) (< xamarinios) (< xamarinmac) (< xamarintvos) (< xamarinwatchos)) (&& (< monoandroid) (< net45) (>= netstandard1.0) (< netstandard1.3) (< win8) (< wp8) (< wpa81)) (< portable-net45+win8+wp8+wpa81)
      System.Threading.Tasks (>= 4.3) - restriction: || (&& (< monoandroid) (< monotouch) (< net45) (>= netstandard1.3) (< win8) (< wpa81) (< xamarinios) (< xamarinmac) (< xamarintvos) (< xamarinwatchos)) (&& (< monoandroid) (< net45) (>= netstandard1.0) (< netstandard1.3) (< win8) (< wp8) (< wpa81)) (< portable-net45+win8+wp8+wpa81)
    System.Threading.Overlapped (4.3) - restriction: || (&& (< monoandroid) (< monotouch) (< net35) (>= netstandard1.5) (< netstandard2.0) (< xamarintvos) (< xamarinwatchos)) (&& (< monoandroid) (< monotouch) (< net45) (>= netstandard1.5) (< win8) (< wpa81) (< xamarinios) (< xamarinmac) (< xamarintvos) (< xamarinwatchos)) (&& (>= uap10.0) (< uap10.1))
      Microsoft.NETCore.Platforms (>= 1.1) - restriction: || (&& (< net46) (>= netstandard1.3)) (< netstandard1.3)
      System.Resources.ResourceManager (>= 4.3) - restriction: || (&& (< net46) (>= netstandard1.3)) (< netstandard1.3)
      System.Runtime (>= 4.3) - restriction: || (&& (< net46) (>= netstandard1.3)) (< netstandard1.3)
      System.Runtime.Handles (>= 4.3) - restriction: || (&& (< net46) (>= netstandard1.3)) (< netstandard1.3)
    System.Threading.Tasks (4.3) - restriction: || (&& (< monoandroid) (< monotouch) (< net35) (>= netstandard1.5) (< netstandard2.0) (< xamarintvos) (< xamarinwatchos)) (&& (< monoandroid) (< monotouch) (< net45) (>= netstandard1.3) (< win8) (< wpa81) (< xamarinios) (< xamarinmac) (< xamarintvos) (< xamarinwatchos)) (&& (< monoandroid) (< monotouch) (< net45) (>= netstandard1.5) (< win8) (< wpa81) (< xamarinios) (< xamarinmac) (< xamarintvos) (< xamarinwatchos)) (&& (< monoandroid) (< monotouch) (< net451) (>= netstandard1.5) (< xamarinios) (< xamarinmac) (< xamarintvos) (< xamarinwatchos)) (&& (< monoandroid) (< net35) (>= netstandard1.3) (< netstandard1.5) (< win81) (< wpa81)) (&& (< monoandroid) (< net45) (< netstandard1.3) (>= netstandard1.5) (< win8) (< wpa81)) (&& (< monoandroid) (< net45) (< netstandard1.3) (>= netstandard1.6) (< win8) (< wpa81)) (&& (< monoandroid) (< net45) (< netstandard1.6) (>= netstandard2.0) (< win8) (< wpa81)) (&& (< monoandroid) (< net45) (>= netstandard2.0) (< xamarinios) (< xamarinmac)) (&& (< monoandroid) (< net451) (< netstandard1.3) (>= netstandard1.5)) (&& (< monoandroid) (< net46) (>= netstandard2.0) (< xamarinios) (< xamarinmac)) (&& (< monoandroid) (< netstandard1.3) (>= netstandard2.0)) (&& (< net20) (>= net46) (< netstandard1.4) (>= netstandard2.0)) (&& (< net20) (< netstandard1.2) (>= netstandard1.4) (< win8)) (&& (< net20) (< netstandard1.2) (>= netstandard2.0) (< win8)) (&& (< net20) (< netstandard1.3) (>= netstandard1.4) (< win8) (< wpa81)) (&& (< net20) (< netstandard1.3) (>= netstandard2.0) (< win8) (< wpa81)) (&& (< net20) (>= netstandard1.4) (< netstandard1.5) (< win8) (< wpa81)) (&& (< net20) (>= netstandard1.4) (< portable-net45+win8+wpa81)) (&& (< net20) (< netstandard1.4) (>= netstandard2.0) (< win8) (< wpa81)) (&& (< net20) (>= netstandard1.5) (< netstandard1.6) (< win8) (< wpa81)) (&& (< net20) (< netstandard1.5) (>= netstandard2.0) (< win8) (< wpa81)) (&& (< net20) (>= netstandard1.6) (< netstandard2.0) (< win8) (< wpa81)) (&& (< net20) (< netstandard1.6) (>= netstandard2.0) (< win8) (< wpa81)) (&& (< net45) (>= netstandard1.6) (< netstandard2.0)) (&& (< net46) (>= net461)) (&& (>= net461) (< netstandard1.3)) (>= netcoreapp1.0) (&& (>= netstandard1.3) (< portable-net45+win8+wp8+wpa81)) (&& (>= netstandard1.5) (< portable-net45+win8+wpa81)) (&& (>= netstandard1.6) (< portable-net45+win8+wpa81)) (&& (>= netstandard2.0) (< portable-net45+win8+wp8+wpa81)) (&& (>= netstandard2.0) (< portable-net45+win8+wpa81)) (>= uap10.0)
      Microsoft.NETCore.Platforms (>= 1.1) - restriction: || (&& (< monoandroid) (< monotouch) (< net45) (>= netstandard1.3) (< win8) (< wpa81) (< xamarinios) (< xamarinmac) (< xamarintvos) (< xamarinwatchos)) (&& (< monoandroid) (< net45) (>= netstandard1.0) (< netstandard1.3) (< win8) (< wp8) (< wpa81)) (< portable-net45+win8+wp8+wpa81)
      Microsoft.NETCore.Targets (>= 1.1) - restriction: || (&& (< monoandroid) (< monotouch) (< net45) (>= netstandard1.3) (< win8) (< wpa81) (< xamarinios) (< xamarinmac) (< xamarintvos) (< xamarinwatchos)) (&& (< monoandroid) (< net45) (>= netstandard1.0) (< netstandard1.3) (< win8) (< wp8) (< wpa81)) (< portable-net45+win8+wp8+wpa81)
      System.Runtime (>= 4.3) - restriction: || (&& (< monoandroid) (< monotouch) (< net45) (>= netstandard1.3) (< win8) (< wpa81) (< xamarinios) (< xamarinmac) (< xamarintvos) (< xamarinwatchos)) (&& (< monoandroid) (< net45) (>= netstandard1.0) (< netstandard1.3) (< win8) (< wp8) (< wpa81)) (< portable-net45+win8+wp8+wpa81)
    System.Threading.Tasks.Dataflow (4.9) - restriction: && (>= uap10.0) (< uap10.1)
    System.Threading.Tasks.Extensions (4.5.2) - restriction: || (&& (< monoandroid) (< monotouch) (< net20) (>= netstandard1.6) (< netstandard2.0) (< win8) (< wpa81) (< xamarintvos) (< xamarinwatchos)) (&& (< monoandroid) (< net20) (< netstandard1.2) (>= netstandard1.4) (< win8)) (&& (< monoandroid) (< net20) (< netstandard1.2) (>= netstandard2.0) (< win8)) (&& (< monoandroid) (< net20) (< netstandard1.3) (>= netstandard1.4) (< win8) (< wpa81)) (&& (< monoandroid) (< net20) (< netstandard1.3) (>= netstandard2.0) (< win8) (< wpa81)) (&& (< monoandroid) (< net20) (>= netstandard1.4) (< netstandard1.5) (< win8) (< wpa81)) (&& (< monoandroid) (< net20) (< netstandard1.4) (>= netstandard2.0) (< win8) (< wpa81)) (&& (< monoandroid) (< net20) (>= netstandard1.5) (< netstandard1.6) (< win8) (< wpa81)) (&& (< monoandroid) (< net20) (< netstandard1.5) (>= netstandard2.0) (< win8) (< wpa81)) (&& (< monoandroid) (< net20) (< netstandard1.6) (>= netstandard2.0) (< win8) (< wpa81)) (&& (< net20) (>= net46) (< netstandard1.4) (>= netstandard2.0)) (&& (< net20) (>= netstandard1.4) (< portable-net45+win8+wp8+wpa81)) (&& (< net20) (>= netstandard1.4) (< portable-net45+win8+wpa81)) (&& (< net20) (>= netstandard1.5) (< portable-net45+win8+wp8+wpa81)) (&& (< net20) (>= netstandard1.6) (< portable-net45+win8+wp8+wpa81)) (&& (< net20) (>= netstandard2.0) (< portable-net45+win8+wp8+wpa81)) (&& (< net20) (>= netstandard2.0) (< portable-net45+win8+wpa81)) (&& (< netstandard1.5) (>= uap10.0) (< win8) (< wpa81)) (&& (< portable-net45+win8+wp8+wpa81) (>= uap10.0))
      System.Collections (>= 4.3) - restriction: && (< monoandroid) (< monotouch) (< net45) (>= netstandard1.0) (< netstandard2.0) (< win8) (< wp8) (< wpa81) (< xamarintvos) (< xamarinwatchos)
      System.Runtime (>= 4.3) - restriction: && (< monoandroid) (< monotouch) (< net45) (>= netstandard1.0) (< netstandard2.0) (< win8) (< wp8) (< wpa81) (< xamarintvos) (< xamarinwatchos)
      System.Runtime.CompilerServices.Unsafe (>= 4.5.2) - restriction: || (&& (< monoandroid) (< monotouch) (>= netstandard1.0) (< netstandard2.0) (< win8) (< wpa81) (< xamarintvos) (< xamarinwatchos)) (&& (< monoandroid) (< netstandard1.0) (>= portable-net45+win8+wp8+wpa81) (< win8)) (>= net45) (&& (< netcoreapp2.1) (>= netstandard2.0) (< xamarinios)) (&& (< netstandard1.0) (>= win8)) (&& (< netstandard2.0) (>= wpa81)) (>= wp8)
      System.Threading.Tasks (>= 4.3) - restriction: && (< monoandroid) (< monotouch) (< net45) (>= netstandard1.0) (< netstandard2.0) (< win8) (< wp8) (< wpa81) (< xamarintvos) (< xamarinwatchos)
    System.Threading.Tasks.Parallel (4.3) - restriction: || (&& (< net45) (>= netstandard1.6) (< netstandard2.0)) (&& (>= uap10.0) (< uap10.1))
      System.Collections.Concurrent (>= 4.3) - restriction: || (&& (< monoandroid) (< monotouch) (< net45) (>= netstandard1.3) (< win8) (< wpa81) (< xamarinios) (< xamarinmac) (< xamarintvos) (< xamarinwatchos)) (&& (< monoandroid) (< net45) (>= netstandard1.1) (< netstandard1.3) (< win8) (< wpa81)) (< portable-net45+win8+wpa81)
      System.Diagnostics.Debug (>= 4.3) - restriction: || (&& (< monoandroid) (< monotouch) (< net45) (>= netstandard1.3) (< win8) (< wpa81) (< xamarinios) (< xamarinmac) (< xamarintvos) (< xamarinwatchos)) (< portable-net45+win8+wpa81)
      System.Diagnostics.Tracing (>= 4.3) - restriction: || (&& (< monoandroid) (< monotouch) (< net45) (>= netstandard1.3) (< win8) (< wpa81) (< xamarinios) (< xamarinmac) (< xamarintvos) (< xamarinwatchos)) (< portable-net45+win8+wpa81)
      System.Resources.ResourceManager (>= 4.3) - restriction: || (&& (< monoandroid) (< monotouch) (< net45) (>= netstandard1.3) (< win8) (< wpa81) (< xamarinios) (< xamarinmac) (< xamarintvos) (< xamarinwatchos)) (< portable-net45+win8+wpa81)
      System.Runtime (>= 4.3) - restriction: || (&& (< monoandroid) (< monotouch) (< net45) (>= netstandard1.3) (< win8) (< wpa81) (< xamarinios) (< xamarinmac) (< xamarintvos) (< xamarinwatchos)) (&& (< monoandroid) (< net45) (>= netstandard1.1) (< netstandard1.3) (< win8) (< wpa81)) (< portable-net45+win8+wpa81)
      System.Runtime.Extensions (>= 4.3) - restriction: || (&& (< monoandroid) (< monotouch) (< net45) (>= netstandard1.3) (< win8) (< wpa81) (< xamarinios) (< xamarinmac) (< xamarintvos) (< xamarinwatchos)) (< portable-net45+win8+wpa81)
      System.Threading (>= 4.3) - restriction: || (&& (< monoandroid) (< monotouch) (< net45) (>= netstandard1.3) (< win8) (< wpa81) (< xamarinios) (< xamarinmac) (< xamarintvos) (< xamarinwatchos)) (< portable-net45+win8+wpa81)
      System.Threading.Tasks (>= 4.3) - restriction: || (&& (< monoandroid) (< monotouch) (< net45) (>= netstandard1.3) (< win8) (< wpa81) (< xamarinios) (< xamarinmac) (< xamarintvos) (< xamarinwatchos)) (&& (< monoandroid) (< net45) (>= netstandard1.1) (< netstandard1.3) (< win8) (< wpa81)) (< portable-net45+win8+wpa81)
    System.Threading.Thread (4.3) - restriction: || (&& (< monoandroid) (< monotouch) (< net35) (>= netstandard1.5) (< netstandard2.0) (< xamarintvos) (< xamarinwatchos)) (&& (< monoandroid) (< monotouch) (< net45) (>= netstandard1.5) (< win8) (< wpa81) (< xamarinios) (< xamarinmac) (< xamarintvos) (< xamarinwatchos)) (&& (< monoandroid4.4) (< net35) (>= netstandard1.5) (< netstandard2.0)) (&& (< net45) (>= netstandard1.3)) (&& (< net45) (>= netstandard1.6) (< netstandard2.0)) (&& (< net451) (>= netstandard1.5)) (>= netcoreapp1.0)
      System.Runtime (>= 4.3) - restriction: && (< monoandroid) (< monotouch) (< net46) (>= netstandard1.3) (< xamarinios) (< xamarinmac) (< xamarintvos) (< xamarinwatchos)
    System.Threading.ThreadPool (4.3) - restriction: || (&& (< monoandroid) (< monotouch) (< net45) (>= netstandard1.5) (< win8) (< wpa81) (< xamarinios) (< xamarinmac) (< xamarintvos) (< xamarinwatchos)) (&& (< monoandroid) (< net452) (< netstandard1.6) (>= netstandard2.0)) (&& (< monoandroid) (< net452) (>= netstandard2.0) (< xamarinios) (< xamarinmac)) (&& (< net45) (>= netstandard1.6) (< netstandard2.0)) (>= netcoreapp1.0)
      System.Runtime (>= 4.3) - restriction: && (< monoandroid) (< monotouch) (< net46) (>= netstandard1.3) (< xamarinios) (< xamarinmac) (< xamarintvos) (< xamarinwatchos)
      System.Runtime.Handles (>= 4.3) - restriction: && (< monoandroid) (< monotouch) (< net46) (>= netstandard1.3) (< xamarinios) (< xamarinmac) (< xamarintvos) (< xamarinwatchos)
    System.Threading.Timer (4.3) - restriction: || (&& (< monoandroid) (< net46) (>= netstandard2.0) (< xamarinios) (< xamarinmac)) (&& (< net20) (>= netstandard1.4) (< win8) (< wpa81)) (&& (< net20) (>= netstandard1.5) (< netstandard1.6) (< win8) (< wpa81)) (&& (< net20) (>= netstandard1.6) (< netstandard2.0) (< win8) (< wpa81)) (&& (< net20) (>= netstandard2.0) (< win8) (< wpa81)) (&& (< net45) (>= netstandard1.6) (< netstandard2.0)) (&& (< net451) (>= netstandard1.5)) (&& (< net46) (>= net461)) (>= netstandard1.3) (&& (< netstandard1.5) (>= netstandard2.0) (>= uap10.0)) (&& (>= uap10.0) (< uap10.1))
      Microsoft.NETCore.Platforms (>= 1.1) - restriction: || (&& (< monoandroid) (< monotouch) (< net451) (>= netstandard1.2) (< win81) (< wpa81) (< xamarinios) (< xamarinmac) (< xamarintvos) (< xamarinwatchos)) (< portable-net451+win81+wpa81)
      Microsoft.NETCore.Targets (>= 1.1) - restriction: || (&& (< monoandroid) (< monotouch) (< net451) (>= netstandard1.2) (< win81) (< wpa81) (< xamarinios) (< xamarinmac) (< xamarintvos) (< xamarinwatchos)) (< portable-net451+win81+wpa81)
      System.Runtime (>= 4.3) - restriction: || (&& (< monoandroid) (< monotouch) (< net451) (>= netstandard1.2) (< win81) (< wpa81) (< xamarinios) (< xamarinmac) (< xamarintvos) (< xamarinwatchos)) (< portable-net451+win81+wpa81)
    System.ValueTuple (4.5)
      NETStandard.Library (>= 1.6.1) - restriction: && (< monoandroid) (< monotouch) (< net45) (>= netstandard1.0) (< netstandard2.0) (< win8) (< wp8) (< wpa81) (< xamarintvos) (< xamarinwatchos)
    System.Xml.ReaderWriter (4.3.1) - restriction: || (&& (< monoandroid) (< monotouch) (< net20) (>= netstandard1.3) (< netstandard2.0) (< xamarintvos) (< xamarinwatchos)) (&& (< monoandroid) (< net20) (< netcoreapp2.1) (>= netstandard2.0) (< win8) (< wpa81) (< xamarinios) (< xamarinmac)) (&& (< monoandroid) (< net45) (< netstandard1.3) (>= netstandard2.0) (< win8) (< wpa81)) (&& (< monoandroid) (< net45) (>= netstandard2.0) (< win8) (< wpa81) (< xamarinios) (< xamarinmac)) (&& (< net20) (>= net452) (>= netstandard1.3) (< netstandard2.0)) (&& (< net20) (>= net452) (>= netstandard1.3) (< portable-net45+win8+wp8+wpa81)) (&& (< net20) (>= net46) (< netstandard1.3)) (&& (< net20) (>= net46) (>= netstandard2.0)) (&& (< net20) (>= net46) (< netstandard2.0)) (&& (< net20) (>= net46) (< portable-net45+win8+wp8+wpa81)) (&& (< net20) (< netstandard1.2) (>= netstandard1.4) (< win8)) (&& (< net20) (< netstandard1.2) (>= netstandard2.0) (< win8)) (&& (< net20) (< netstandard1.3) (>= netstandard1.4) (< win8) (< wpa81)) (&& (< net20) (< netstandard1.3) (>= netstandard2.0) (< win8) (< wpa81)) (&& (< net20) (>= netstandard1.4) (< netstandard1.5) (< win8) (< wpa81)) (&& (< net20) (>= netstandard1.4) (< portable-net45+win8+wpa81)) (&& (< net20) (< netstandard1.4) (>= netstandard2.0) (< win8) (< wpa81)) (&& (< net20) (>= netstandard1.5) (< netstandard1.6) (< win8) (< wpa81)) (&& (< net20) (< netstandard1.5) (>= netstandard2.0) (< win8) (< wpa81)) (&& (< net20) (>= netstandard1.6) (< netstandard2.0) (< win8) (< wpa81)) (&& (< net20) (< netstandard1.6) (>= netstandard2.0) (< win8) (< wpa81)) (&& (< net20) (>= netstandard2.0) (< portable-net45+win8+wpa81)) (&& (< net45) (>= net461)) (&& (>= net461) (< portable-net45+win8+wp8+wpa81)) (>= netcoreapp1.0) (&& (< netstandard1.5) (>= netstandard2.0) (>= uap10.0)) (&& (>= netstandard2.0) (< portable-net45+win8+wp8+wpa81)) (&& (< portable-net45+win8+wp8+wpa81) (>= uap10.0)) (&& (>= uap10.0) (< uap10.1)) (&& (>= uap10.0) (< win8) (< wpa81))
      System.Collections (>= 4.3) - restriction: || (&& (< monoandroid) (< monotouch) (< net45) (>= netstandard1.3) (< win8) (< wpa81) (< xamarinios) (< xamarinmac) (< xamarintvos) (< xamarinwatchos)) (< portable-net45+win8+wp8+wpa81)
      System.Diagnostics.Debug (>= 4.3) - restriction: || (&& (< monoandroid) (< monotouch) (< net45) (>= netstandard1.3) (< win8) (< wpa81) (< xamarinios) (< xamarinmac) (< xamarintvos) (< xamarinwatchos)) (< portable-net45+win8+wp8+wpa81)
      System.Globalization (>= 4.3) - restriction: || (&& (< monoandroid) (< monotouch) (< net45) (>= netstandard1.3) (< win8) (< wpa81) (< xamarinios) (< xamarinmac) (< xamarintvos) (< xamarinwatchos)) (< portable-net45+win8+wp8+wpa81)
      System.IO (>= 4.3) - restriction: || (&& (< monoandroid) (< monotouch) (< net45) (>= netstandard1.3) (< win8) (< wpa81) (< xamarinios) (< xamarinmac) (< xamarintvos) (< xamarinwatchos)) (&& (< monoandroid) (< net45) (>= netstandard1.0) (< netstandard1.3) (< win8) (< wp8) (< wpa81)) (< portable-net45+win8+wp8+wpa81)
      System.IO.FileSystem (>= 4.3) - restriction: || (&& (< monoandroid) (< monotouch) (< net45) (>= netstandard1.3) (< win8) (< wpa81) (< xamarinios) (< xamarinmac) (< xamarintvos) (< xamarinwatchos)) (< portable-net45+win8+wp8+wpa81)
      System.IO.FileSystem.Primitives (>= 4.3) - restriction: || (&& (< monoandroid) (< monotouch) (< net45) (>= netstandard1.3) (< win8) (< wpa81) (< xamarinios) (< xamarinmac) (< xamarintvos) (< xamarinwatchos)) (< portable-net45+win8+wp8+wpa81)
      System.Resources.ResourceManager (>= 4.3) - restriction: || (&& (< monoandroid) (< monotouch) (< net45) (>= netstandard1.3) (< win8) (< wpa81) (< xamarinios) (< xamarinmac) (< xamarintvos) (< xamarinwatchos)) (< portable-net45+win8+wp8+wpa81)
      System.Runtime (>= 4.3) - restriction: || (&& (< monoandroid) (< monotouch) (< net45) (>= netstandard1.3) (< win8) (< wpa81) (< xamarinios) (< xamarinmac) (< xamarintvos) (< xamarinwatchos)) (&& (< monoandroid) (< net45) (>= netstandard1.0) (< netstandard1.3) (< win8) (< wp8) (< wpa81)) (< portable-net45+win8+wp8+wpa81)
      System.Runtime.Extensions (>= 4.3) - restriction: || (&& (< monoandroid) (< monotouch) (< net45) (>= netstandard1.3) (< win8) (< wpa81) (< xamarinios) (< xamarinmac) (< xamarintvos) (< xamarinwatchos)) (< portable-net45+win8+wp8+wpa81)
      System.Runtime.InteropServices (>= 4.3) - restriction: || (&& (< monoandroid) (< monotouch) (< net45) (>= netstandard1.3) (< win8) (< wpa81) (< xamarinios) (< xamarinmac) (< xamarintvos) (< xamarinwatchos)) (< portable-net45+win8+wp8+wpa81)
      System.Text.Encoding (>= 4.3) - restriction: || (&& (< monoandroid) (< monotouch) (< net45) (>= netstandard1.3) (< win8) (< wpa81) (< xamarinios) (< xamarinmac) (< xamarintvos) (< xamarinwatchos)) (&& (< monoandroid) (< net45) (>= netstandard1.0) (< netstandard1.3) (< win8) (< wp8) (< wpa81)) (< portable-net45+win8+wp8+wpa81)
      System.Text.Encoding.Extensions (>= 4.3) - restriction: || (&& (< monoandroid) (< monotouch) (< net45) (>= netstandard1.3) (< win8) (< wpa81) (< xamarinios) (< xamarinmac) (< xamarintvos) (< xamarinwatchos)) (< portable-net45+win8+wp8+wpa81)
      System.Text.RegularExpressions (>= 4.3) - restriction: || (&& (< monoandroid) (< monotouch) (< net45) (>= netstandard1.3) (< win8) (< wpa81) (< xamarinios) (< xamarinmac) (< xamarintvos) (< xamarinwatchos)) (< portable-net45+win8+wp8+wpa81)
      System.Threading.Tasks (>= 4.3) - restriction: || (&& (< monoandroid) (< monotouch) (< net45) (>= netstandard1.3) (< win8) (< wpa81) (< xamarinios) (< xamarinmac) (< xamarintvos) (< xamarinwatchos)) (&& (< monoandroid) (< net45) (>= netstandard1.0) (< netstandard1.3) (< win8) (< wp8) (< wpa81)) (< portable-net45+win8+wp8+wpa81)
      System.Threading.Tasks.Extensions (>= 4.3) - restriction: || (&& (< monoandroid) (< monotouch) (< net45) (>= netstandard1.3) (< win8) (< wpa81) (< xamarinios) (< xamarinmac) (< xamarintvos) (< xamarinwatchos)) (< portable-net45+win8+wp8+wpa81)
    System.Xml.XDocument (4.3) - restriction: || (&& (< monoandroid) (< net45) (>= netstandard2.0) (< win8) (< wpa81) (< xamarinios) (< xamarinmac)) (&& (< monoandroid8.1) (< net45) (>= netstandard2.0) (< xamarinios)) (&& (< net20) (< netstandard1.2) (>= netstandard1.4) (< win8)) (&& (< net20) (< netstandard1.2) (>= netstandard2.0) (< win8)) (&& (< net20) (< netstandard1.3) (>= netstandard1.4) (< win8) (< wpa81)) (&& (< net20) (< netstandard1.3) (>= netstandard2.0) (< win8) (< wpa81)) (&& (< net20) (>= netstandard1.4) (< netstandard1.5) (< win8) (< wpa81)) (&& (< net20) (>= netstandard1.4) (< portable-net45+win8+wpa81)) (&& (< net20) (< netstandard1.4) (>= netstandard2.0) (< win8) (< wpa81)) (&& (< net20) (>= netstandard1.5) (< netstandard1.6) (< win8) (< wpa81)) (&& (< net20) (< netstandard1.5) (>= netstandard2.0) (< win8) (< wpa81)) (&& (< net20) (>= netstandard1.6) (< netstandard2.0) (< win8) (< wpa81)) (&& (< net20) (< netstandard1.6) (>= netstandard2.0) (< win8) (< wpa81)) (&& (< net20) (>= netstandard2.0) (< portable-net45+win8+wpa81)) (&& (< net45) (>= net461)) (&& (< net45) (< netstandard1.3) (>= netstandard2.0)) (&& (>= net461) (< portable-net45+win8+wp8+wpa81)) (&& (>= netstandard2.0) (< portable-net45+win8+wp8+wpa81)) (>= uap10.0)
      System.Collections (>= 4.3) - restriction: || (&& (< monoandroid) (< monotouch) (< net45) (>= netstandard1.3) (< win8) (< wpa81) (< xamarinios) (< xamarinmac) (< xamarintvos) (< xamarinwatchos)) (< portable-net45+win8+wp8+wpa81)
      System.Diagnostics.Debug (>= 4.3) - restriction: || (&& (< monoandroid) (< monotouch) (< net45) (>= netstandard1.3) (< win8) (< wpa81) (< xamarinios) (< xamarinmac) (< xamarintvos) (< xamarinwatchos)) (< portable-net45+win8+wp8+wpa81)
      System.Diagnostics.Tools (>= 4.3) - restriction: || (&& (< monoandroid) (< monotouch) (< net45) (>= netstandard1.3) (< win8) (< wpa81) (< xamarinios) (< xamarinmac) (< xamarintvos) (< xamarinwatchos)) (< portable-net45+win8+wp8+wpa81)
      System.Globalization (>= 4.3) - restriction: || (&& (< monoandroid) (< monotouch) (< net45) (>= netstandard1.3) (< win8) (< wpa81) (< xamarinios) (< xamarinmac) (< xamarintvos) (< xamarinwatchos)) (< portable-net45+win8+wp8+wpa81)
      System.IO (>= 4.3) - restriction: || (&& (< monoandroid) (< monotouch) (< net45) (>= netstandard1.3) (< win8) (< wpa81) (< xamarinios) (< xamarinmac) (< xamarintvos) (< xamarinwatchos)) (&& (< monoandroid) (< net45) (>= netstandard1.0) (< netstandard1.3) (< win8) (< wp8) (< wpa81)) (< portable-net45+win8+wp8+wpa81)
      System.Reflection (>= 4.3) - restriction: || (&& (< monoandroid) (< monotouch) (< net45) (>= netstandard1.3) (< win8) (< wpa81) (< xamarinios) (< xamarinmac) (< xamarintvos) (< xamarinwatchos)) (< portable-net45+win8+wp8+wpa81)
      System.Resources.ResourceManager (>= 4.3) - restriction: || (&& (< monoandroid) (< monotouch) (< net45) (>= netstandard1.3) (< win8) (< wpa81) (< xamarinios) (< xamarinmac) (< xamarintvos) (< xamarinwatchos)) (< portable-net45+win8+wp8+wpa81)
      System.Runtime (>= 4.3) - restriction: || (&& (< monoandroid) (< monotouch) (< net45) (>= netstandard1.3) (< win8) (< wpa81) (< xamarinios) (< xamarinmac) (< xamarintvos) (< xamarinwatchos)) (&& (< monoandroid) (< net45) (>= netstandard1.0) (< netstandard1.3) (< win8) (< wp8) (< wpa81)) (< portable-net45+win8+wp8+wpa81)
      System.Runtime.Extensions (>= 4.3) - restriction: || (&& (< monoandroid) (< monotouch) (< net45) (>= netstandard1.3) (< win8) (< wpa81) (< xamarinios) (< xamarinmac) (< xamarintvos) (< xamarinwatchos)) (< portable-net45+win8+wp8+wpa81)
      System.Text.Encoding (>= 4.3) - restriction: || (&& (< monoandroid) (< monotouch) (< net45) (>= netstandard1.3) (< win8) (< wpa81) (< xamarinios) (< xamarinmac) (< xamarintvos) (< xamarinwatchos)) (< portable-net45+win8+wp8+wpa81)
      System.Threading (>= 4.3) - restriction: || (&& (< monoandroid) (< monotouch) (< net45) (>= netstandard1.3) (< win8) (< wpa81) (< xamarinios) (< xamarinmac) (< xamarintvos) (< xamarinwatchos)) (< portable-net45+win8+wp8+wpa81)
      System.Xml.ReaderWriter (>= 4.3) - restriction: || (&& (< monoandroid) (< monotouch) (< net45) (>= netstandard1.3) (< win8) (< wpa81) (< xamarinios) (< xamarinmac) (< xamarintvos) (< xamarinwatchos)) (&& (< monoandroid) (< net45) (>= netstandard1.0) (< netstandard1.3) (< win8) (< wp8) (< wpa81)) (< portable-net45+win8+wp8+wpa81)
    System.Xml.XmlDocument (4.3) - restriction: || (&& (< monoandroid) (< net20) (< netcoreapp2.1) (>= netstandard2.0) (< win8) (< wpa81) (< xamarinios) (< xamarinmac)) (&& (< monoandroid) (< net45) (< netstandard1.3) (>= netstandard2.0) (< win8) (< wpa81)) (&& (< monoandroid) (< net45) (>= netstandard2.0) (< win8) (< wpa81) (< xamarinios) (< xamarinmac)) (&& (< monoandroid4.4) (< net35) (>= netstandard1.3) (< netstandard1.5)) (&& (< monoandroid4.4) (< net35) (>= netstandard1.5) (< netstandard2.0)) (&& (< net20) (>= net452) (>= netstandard1.3) (< portable-net45+win8+wp8+wpa81)) (&& (< net20) (>= net46) (>= netstandard2.0)) (&& (< net20) (>= net46) (< netstandard2.0)) (&& (< net20) (>= net46) (< portable-net45+win8+wp8+wpa81)) (&& (< net20) (>= netstandard1.3) (< netstandard2.0)) (&& (< net45) (>= net46) (>= netstandard2.0)) (&& (< net45) (>= net461)) (&& (>= net46) (>= uap10.0)) (&& (>= net461) (< portable-net45+win8+wp8+wpa81)) (>= netcoreapp1.0) (&& (< netstandard1.3) (>= uap10.0)) (&& (>= netstandard2.0) (< portable-net45+win8+wp8+wpa81)) (&& (< portable-net45+win8+wp8) (>= uap10.0)) (&& (< portable-net45+win8+wp8+wpa81) (>= uap10.0)) (&& (>= uap10.0) (< uap10.1)) (&& (>= uap10.0) (< win8) (< wpa81))
      System.Collections (>= 4.3) - restriction: && (< monoandroid) (< monotouch) (< net46) (>= netstandard1.3) (< xamarinios) (< xamarinmac) (< xamarintvos) (< xamarinwatchos)
      System.Diagnostics.Debug (>= 4.3) - restriction: && (< monoandroid) (< monotouch) (< net46) (>= netstandard1.3) (< xamarinios) (< xamarinmac) (< xamarintvos) (< xamarinwatchos)
      System.Globalization (>= 4.3) - restriction: && (< monoandroid) (< monotouch) (< net46) (>= netstandard1.3) (< xamarinios) (< xamarinmac) (< xamarintvos) (< xamarinwatchos)
      System.IO (>= 4.3) - restriction: && (< monoandroid) (< monotouch) (< net46) (>= netstandard1.3) (< xamarinios) (< xamarinmac) (< xamarintvos) (< xamarinwatchos)
      System.Resources.ResourceManager (>= 4.3) - restriction: && (< monoandroid) (< monotouch) (< net46) (>= netstandard1.3) (< xamarinios) (< xamarinmac) (< xamarintvos) (< xamarinwatchos)
      System.Runtime (>= 4.3) - restriction: && (< monoandroid) (< monotouch) (< net46) (>= netstandard1.3) (< xamarinios) (< xamarinmac) (< xamarintvos) (< xamarinwatchos)
      System.Runtime.Extensions (>= 4.3) - restriction: && (< monoandroid) (< monotouch) (< net46) (>= netstandard1.3) (< xamarinios) (< xamarinmac) (< xamarintvos) (< xamarinwatchos)
      System.Text.Encoding (>= 4.3) - restriction: && (< monoandroid) (< monotouch) (< net46) (>= netstandard1.3) (< xamarinios) (< xamarinmac) (< xamarintvos) (< xamarinwatchos)
      System.Threading (>= 4.3) - restriction: && (< monoandroid) (< monotouch) (< net46) (>= netstandard1.3) (< xamarinios) (< xamarinmac) (< xamarintvos) (< xamarinwatchos)
      System.Xml.ReaderWriter (>= 4.3) - restriction: && (< monoandroid) (< monotouch) (< net46) (>= netstandard1.3) (< xamarinios) (< xamarinmac) (< xamarintvos) (< xamarinwatchos)
    System.Xml.XmlSerializer (4.3) - restriction: || (&& (< monoandroid) (< net45) (< netstandard1.3) (>= netstandard2.0) (< win8) (< wpa81)) (&& (< monoandroid) (< net45) (>= netstandard2.0) (< win8) (< wpa81) (< xamarinios) (< xamarinmac)) (&& (< net20) (>= net452) (>= netstandard1.3) (< netstandard2.0)) (&& (< net20) (>= net46) (>= netstandard2.0)) (&& (< net20) (>= net46) (< netstandard2.0)) (&& (< net20) (< netcoreapp2.1) (>= netstandard2.0) (< uap10.0)) (&& (< net45) (>= net461)) (&& (>= net461) (< portable-net45+win8+wp8+wpa81)) (&& (< netstandard1.3) (>= uap10.0)) (&& (>= netstandard2.0) (< portable-net45+win8+wp8+wpa81)) (&& (< portable-net45+win8+wp8) (>= uap10.0)) (&& (< portable-net45+win8+wp8+wpa81) (>= uap10.0)) (&& (>= uap10.0) (< uap10.1)) (&& (>= uap10.0) (< win8) (< wpa81))
      System.Collections (>= 4.3) - restriction: || (&& (< monoandroid) (< monotouch) (< net45) (>= netstandard1.3) (< win8) (< wpa81) (< xamarinios) (< xamarinmac) (< xamarintvos) (< xamarinwatchos)) (< portable-net45+win8+wp8+wpa81)
      System.Globalization (>= 4.3) - restriction: || (&& (< monoandroid) (< monotouch) (< net45) (>= netstandard1.3) (< win8) (< wpa81) (< xamarinios) (< xamarinmac) (< xamarintvos) (< xamarinwatchos)) (< portable-net45+win8+wp8+wpa81)
      System.IO (>= 4.3) - restriction: || (&& (< monoandroid) (< monotouch) (< net45) (>= netstandard1.3) (< win8) (< wpa81) (< xamarinios) (< xamarinmac) (< xamarintvos) (< xamarinwatchos)) (&& (< monoandroid) (< net45) (>= netstandard1.0) (< netstandard1.3) (< win8) (< wp8) (< wpa81)) (< portable-net45+win8+wp8+wpa81)
      System.Linq (>= 4.3) - restriction: || (&& (< monoandroid) (< monotouch) (< net45) (>= netstandard1.3) (< win8) (< wpa81) (< xamarinios) (< xamarinmac) (< xamarintvos) (< xamarinwatchos)) (< portable-net45+win8+wp8+wpa81)
      System.Reflection (>= 4.3) - restriction: || (&& (< monoandroid) (< monotouch) (< net45) (>= netstandard1.3) (< win8) (< wpa81) (< xamarinios) (< xamarinmac) (< xamarintvos) (< xamarinwatchos)) (< portable-net45+win8+wp8+wpa81)
      System.Reflection.Emit (>= 4.3) - restriction: || (&& (< monoandroid) (< monotouch) (< net45) (>= netstandard1.3) (< win8) (< wpa81) (< xamarinios) (< xamarinmac) (< xamarintvos) (< xamarinwatchos)) (< portable-net45+win8+wp8+wpa81)
      System.Reflection.Emit.ILGeneration (>= 4.3) - restriction: || (&& (< monoandroid) (< monotouch) (< net45) (>= netstandard1.3) (< win8) (< wpa81) (< xamarinios) (< xamarinmac) (< xamarintvos) (< xamarinwatchos)) (< portable-net45+win8+wp8+wpa81)
      System.Reflection.Extensions (>= 4.3) - restriction: || (&& (< monoandroid) (< monotouch) (< net45) (>= netstandard1.3) (< win8) (< wpa81) (< xamarinios) (< xamarinmac) (< xamarintvos) (< xamarinwatchos)) (< portable-net45+win8+wp8+wpa81)
      System.Reflection.Primitives (>= 4.3) - restriction: || (&& (< monoandroid) (< monotouch) (< net45) (>= netstandard1.3) (< win8) (< wpa81) (< xamarinios) (< xamarinmac) (< xamarintvos) (< xamarinwatchos)) (< portable-net45+win8+wp8+wpa81)
      System.Reflection.TypeExtensions (>= 4.3) - restriction: || (&& (< monoandroid) (< monotouch) (< net45) (>= netstandard1.3) (< win8) (< wpa81) (< xamarinios) (< xamarinmac) (< xamarintvos) (< xamarinwatchos)) (< portable-net45+win8+wp8+wpa81)
      System.Resources.ResourceManager (>= 4.3) - restriction: || (&& (< monoandroid) (< monotouch) (< net45) (>= netstandard1.3) (< win8) (< wpa81) (< xamarinios) (< xamarinmac) (< xamarintvos) (< xamarinwatchos)) (< portable-net45+win8+wp8+wpa81)
      System.Runtime (>= 4.3) - restriction: || (&& (< monoandroid) (< monotouch) (< net45) (>= netstandard1.3) (< win8) (< wpa81) (< xamarinios) (< xamarinmac) (< xamarintvos) (< xamarinwatchos)) (&& (< monoandroid) (< net45) (>= netstandard1.0) (< netstandard1.3) (< win8) (< wp8) (< wpa81)) (< portable-net45+win8+wp8+wpa81)
      System.Runtime.Extensions (>= 4.3) - restriction: || (&& (< monoandroid) (< monotouch) (< net45) (>= netstandard1.3) (< win8) (< wpa81) (< xamarinios) (< xamarinmac) (< xamarintvos) (< xamarinwatchos)) (< portable-net45+win8+wp8+wpa81)
      System.Text.RegularExpressions (>= 4.3) - restriction: || (&& (< monoandroid) (< monotouch) (< net45) (>= netstandard1.3) (< win8) (< wpa81) (< xamarinios) (< xamarinmac) (< xamarintvos) (< xamarinwatchos)) (< portable-net45+win8+wp8+wpa81)
      System.Threading (>= 4.3) - restriction: || (&& (< monoandroid) (< monotouch) (< net45) (>= netstandard1.3) (< win8) (< wpa81) (< xamarinios) (< xamarinmac) (< xamarintvos) (< xamarinwatchos)) (< portable-net45+win8+wp8+wpa81)
      System.Xml.ReaderWriter (>= 4.3) - restriction: || (&& (< monoandroid) (< monotouch) (< net45) (>= netstandard1.3) (< win8) (< wpa81) (< xamarinios) (< xamarinmac) (< xamarintvos) (< xamarinwatchos)) (&& (< monoandroid) (< net45) (>= netstandard1.0) (< netstandard1.3) (< win8) (< wp8) (< wpa81)) (< portable-net45+win8+wp8+wpa81)
      System.Xml.XmlDocument (>= 4.3) - restriction: || (&& (< monoandroid) (< monotouch) (< net45) (>= netstandard1.3) (< win8) (< wpa81) (< xamarinios) (< xamarinmac) (< xamarintvos) (< xamarinwatchos)) (< portable-net45+win8+wp8+wpa81)
    System.Xml.XPath (4.3) - restriction: >= netcoreapp1.0
      System.Collections (>= 4.3) - restriction: && (< monoandroid) (< monotouch) (< net46) (>= netstandard1.3) (< xamarinios) (< xamarinmac) (< xamarintvos) (< xamarinwatchos)
      System.Diagnostics.Debug (>= 4.3) - restriction: && (< monoandroid) (< monotouch) (< net46) (>= netstandard1.3) (< xamarinios) (< xamarinmac) (< xamarintvos) (< xamarinwatchos)
      System.Globalization (>= 4.3) - restriction: && (< monoandroid) (< monotouch) (< net46) (>= netstandard1.3) (< xamarinios) (< xamarinmac) (< xamarintvos) (< xamarinwatchos)
      System.IO (>= 4.3) - restriction: && (< monoandroid) (< monotouch) (< net46) (>= netstandard1.3) (< xamarinios) (< xamarinmac) (< xamarintvos) (< xamarinwatchos)
      System.Resources.ResourceManager (>= 4.3) - restriction: && (< monoandroid) (< monotouch) (< net46) (>= netstandard1.3) (< xamarinios) (< xamarinmac) (< xamarintvos) (< xamarinwatchos)
      System.Runtime (>= 4.3) - restriction: && (< monoandroid) (< monotouch) (< net46) (>= netstandard1.3) (< xamarinios) (< xamarinmac) (< xamarintvos) (< xamarinwatchos)
      System.Runtime.Extensions (>= 4.3) - restriction: && (< monoandroid) (< monotouch) (< net46) (>= netstandard1.3) (< xamarinios) (< xamarinmac) (< xamarintvos) (< xamarinwatchos)
      System.Threading (>= 4.3) - restriction: && (< monoandroid) (< monotouch) (< net46) (>= netstandard1.3) (< xamarinios) (< xamarinmac) (< xamarintvos) (< xamarinwatchos)
      System.Xml.ReaderWriter (>= 4.3) - restriction: && (< monoandroid) (< monotouch) (< net46) (>= netstandard1.3) (< xamarinios) (< xamarinmac) (< xamarintvos) (< xamarinwatchos)
    System.Xml.XPath.XmlDocument (4.3) - restriction: >= netcoreapp1.0
      System.Collections (>= 4.3) - restriction: && (< monoandroid) (< monotouch) (< net46) (>= netstandard1.3) (< xamarinios) (< xamarinmac) (< xamarintvos) (< xamarinwatchos)
      System.Globalization (>= 4.3) - restriction: && (< monoandroid) (< monotouch) (< net46) (>= netstandard1.3) (< xamarinios) (< xamarinmac) (< xamarintvos) (< xamarinwatchos)
      System.IO (>= 4.3) - restriction: && (< monoandroid) (< monotouch) (< net46) (>= netstandard1.3) (< xamarinios) (< xamarinmac) (< xamarintvos) (< xamarinwatchos)
      System.Resources.ResourceManager (>= 4.3) - restriction: && (< monoandroid) (< monotouch) (< net46) (>= netstandard1.3) (< xamarinios) (< xamarinmac) (< xamarintvos) (< xamarinwatchos)
      System.Runtime (>= 4.3) - restriction: && (< monoandroid) (< monotouch) (< net46) (>= netstandard1.3) (< xamarinios) (< xamarinmac) (< xamarintvos) (< xamarinwatchos)
      System.Runtime.Extensions (>= 4.3) - restriction: && (< monoandroid) (< monotouch) (< net46) (>= netstandard1.3) (< xamarinios) (< xamarinmac) (< xamarintvos) (< xamarinwatchos)
      System.Threading (>= 4.3) - restriction: && (< monoandroid) (< monotouch) (< net46) (>= netstandard1.3) (< xamarinios) (< xamarinmac) (< xamarintvos) (< xamarinwatchos)
      System.Xml.ReaderWriter (>= 4.3) - restriction: && (< monoandroid) (< monotouch) (< net46) (>= netstandard1.3) (< xamarinios) (< xamarinmac) (< xamarintvos) (< xamarinwatchos)
      System.Xml.XmlDocument (>= 4.3) - restriction: || (&& (< monoandroid) (< monotouch) (>= netstandard1.3) (< xamarinios) (< xamarinmac) (< xamarintvos) (< xamarinwatchos)) (>= net46)
      System.Xml.XPath (>= 4.3) - restriction: || (&& (< monoandroid) (< monotouch) (>= netstandard1.3) (< xamarinios) (< xamarinmac) (< xamarintvos) (< xamarinwatchos)) (>= net46)
    WebSocket4Net (0.15.2)
      SuperSocket.ClientEngine.Core (>= 0.10)
      System.Linq (>= 4.3) - restriction: >= netstandard1.3
      System.Net.NameResolution (>= 4.3) - restriction: >= netstandard1.3
      System.Net.Sockets (>= 4.3) - restriction: >= netstandard1.3
      System.Text.RegularExpressions (>= 4.3) - restriction: >= netstandard1.3
      System.Threading (>= 4.3) - restriction: >= netstandard1.3
      System.Threading.Timer (>= 4.3) - restriction: >= netstandard1.3
    WindowsAzure.Storage (9.3.3)
      Microsoft.Azure.KeyVault.Core (>= 1.0) - restriction: || (>= net45) (>= wp8)
      NETStandard.Library (>= 1.6.1) - restriction: || (&& (< net45) (>= netstandard1.0) (< netstandard1.3) (< win8) (< wp8) (< wpa81)) (&& (< net45) (>= netstandard1.3) (< win8) (< wpa81))
      Newtonsoft.Json (>= 10.0.2) - restriction: || (>= net45) (&& (>= netstandard1.0) (< netstandard1.3) (< win8)) (&& (< netstandard1.0) (>= win8)) (&& (>= netstandard1.3) (< win8)) (>= wp8) (>= wpa81)
    Xamarin.Android.Arch.Core.Common (1.1.1.1) - restriction: >= monoandroid8.1
      Xamarin.Android.Support.Annotations (28.0.0.1) - restriction: >= monoandroid8.0
    Xamarin.Android.Arch.Core.Runtime (1.1.1.1) - restriction: >= monoandroid9.0
      Xamarin.Android.Arch.Core.Common (1.1.1.1) - restriction: >= monoandroid8.1
      Xamarin.Android.Support.Annotations (28.0.0.1) - restriction: >= monoandroid8.1
    Xamarin.Android.Arch.Lifecycle.Common (1.1.1.1) - restriction: >= monoandroid8.1
      Xamarin.Android.Support.Annotations (28.0.0.1) - restriction: >= monoandroid8.0
    Xamarin.Android.Arch.Lifecycle.LiveData (1.1.1.1) - restriction: >= monoandroid9.0
      Xamarin.Android.Arch.Core.Common (1.1.1.1) - restriction: >= monoandroid9.0
      Xamarin.Android.Arch.Core.Runtime (1.1.1.1) - restriction: >= monoandroid9.0
      Xamarin.Android.Arch.Lifecycle.LiveData.Core (1.1.1.1) - restriction: >= monoandroid9.0
    Xamarin.Android.Arch.Lifecycle.LiveData.Core (1.1.1.1) - restriction: >= monoandroid9.0
      Xamarin.Android.Arch.Core.Common (1.1.1.1) - restriction: >= monoandroid9.0
      Xamarin.Android.Arch.Core.Runtime (1.1.1.1) - restriction: >= monoandroid9.0
      Xamarin.Android.Arch.Lifecycle.Common (1.1.1.1) - restriction: >= monoandroid9.0
    Xamarin.Android.Arch.Lifecycle.Runtime (1.1.1.1) - restriction: >= monoandroid8.1
      Xamarin.Android.Arch.Core.Common (1.1.1.1) - restriction: >= monoandroid8.0
      Xamarin.Android.Arch.Lifecycle.Common (1.1.1.1) - restriction: >= monoandroid8.0
      Xamarin.Android.Support.Annotations (28.0.0.1) - restriction: >= monoandroid8.0
    Xamarin.Android.Arch.Lifecycle.ViewModel (1.1.1.1) - restriction: >= monoandroid9.0
      Xamarin.Android.Support.Annotations (28.0.0.1) - restriction: >= monoandroid9.0
    Xamarin.Android.Support.Animated.Vector.Drawable (28.0.0.1) - restriction: >= monoandroid8.1
      Xamarin.Android.Support.Core.UI (28.0.0.1) - restriction: >= monoandroid9.0
      Xamarin.Android.Support.Vector.Drawable (28.0.0.1) - restriction: >= monoandroid6.0
    Xamarin.Android.Support.Annotations (28.0.0.1) - restriction: >= monoandroid8.1
    Xamarin.Android.Support.AsyncLayoutInflater (28.0.0.1) - restriction: >= monoandroid9.0
      Xamarin.Android.Support.Annotations (28.0.0.1) - restriction: >= monoandroid9.0
      Xamarin.Android.Support.Compat (28.0.0.1) - restriction: >= monoandroid9.0
    Xamarin.Android.Support.Collections (28.0.0.1) - restriction: >= monoandroid9.0
      Xamarin.Android.Support.Annotations (28.0.0.1) - restriction: >= monoandroid9.0
    Xamarin.Android.Support.Compat (28.0.0.1) - restriction: >= monoandroid8.1
      Xamarin.Android.Arch.Lifecycle.Runtime (1.1.1.1) - restriction: >= monoandroid8.0
      Xamarin.Android.Support.Annotations (28.0.0.1) - restriction: >= monoandroid7.1
      Xamarin.Android.Support.Collections (28.0.0.1) - restriction: >= monoandroid9.0
      Xamarin.Android.Support.VersionedParcelable (28.0.0.1) - restriction: >= monoandroid9.0
    Xamarin.Android.Support.CoordinaterLayout (28.0.0.1) - restriction: >= monoandroid9.0
      Xamarin.Android.Support.Annotations (28.0.0.1) - restriction: >= monoandroid9.0
      Xamarin.Android.Support.Compat (28.0.0.1) - restriction: >= monoandroid9.0
      Xamarin.Android.Support.CustomView (28.0.0.1) - restriction: >= monoandroid9.0
    Xamarin.Android.Support.Core.UI (28.0.0.1) - restriction: >= monoandroid8.1
      Xamarin.Android.Support.Annotations (28.0.0.1) - restriction: >= monoandroid9.0
      Xamarin.Android.Support.AsyncLayoutInflater (28.0.0.1) - restriction: >= monoandroid9.0
      Xamarin.Android.Support.Compat (28.0.0.1) - restriction: >= monoandroid7.0
      Xamarin.Android.Support.CoordinaterLayout (28.0.0.1) - restriction: >= monoandroid9.0
      Xamarin.Android.Support.Core.Utils (28.0.0.1) - restriction: >= monoandroid9.0
      Xamarin.Android.Support.CursorAdapter (28.0.0.1) - restriction: >= monoandroid9.0
      Xamarin.Android.Support.CustomView (28.0.0.1) - restriction: >= monoandroid9.0
      Xamarin.Android.Support.DrawerLayout (28.0.0.1) - restriction: >= monoandroid9.0
      Xamarin.Android.Support.Interpolator (28.0.0.1) - restriction: >= monoandroid9.0
      Xamarin.Android.Support.SlidingPaneLayout (28.0.0.1) - restriction: >= monoandroid9.0
      Xamarin.Android.Support.SwipeRefreshLayout (28.0.0.1) - restriction: >= monoandroid9.0
      Xamarin.Android.Support.ViewPager (28.0.0.1) - restriction: >= monoandroid9.0
    Xamarin.Android.Support.Core.Utils (28.0.0.1) - restriction: >= monoandroid8.1
      Xamarin.Android.Support.Annotations (28.0.0.1) - restriction: >= monoandroid9.0
      Xamarin.Android.Support.Compat (28.0.0.1) - restriction: >= monoandroid7.0
      Xamarin.Android.Support.DocumentFile (28.0.0.1) - restriction: >= monoandroid9.0
      Xamarin.Android.Support.Loader (28.0.0.1) - restriction: >= monoandroid9.0
      Xamarin.Android.Support.LocalBroadcastManager (28.0.0.1) - restriction: >= monoandroid9.0
      Xamarin.Android.Support.Print (28.0.0.1) - restriction: >= monoandroid9.0
    Xamarin.Android.Support.CursorAdapter (28.0.0.1) - restriction: >= monoandroid9.0
      Xamarin.Android.Support.Annotations (28.0.0.1) - restriction: >= monoandroid9.0
    Xamarin.Android.Support.CustomTabs (28.0.0.1) - restriction: >= monoandroid8.1
      Xamarin.Android.Support.Annotations (28.0.0.1) - restriction: >= monoandroid9.0
      Xamarin.Android.Support.Collections (28.0.0.1) - restriction: >= monoandroid9.0
      Xamarin.Android.Support.Compat (28.0.0.1) - restriction: >= monoandroid7.0
      Xamarin.Android.Support.Core.UI (28.0.0.1) - restriction: >= monoandroid9.0
      Xamarin.Android.Support.Interpolator (28.0.0.1) - restriction: >= monoandroid9.0
    Xamarin.Android.Support.CustomView (28.0.0.1) - restriction: >= monoandroid9.0
      Xamarin.Android.Support.Annotations (28.0.0.1) - restriction: >= monoandroid9.0
      Xamarin.Android.Support.Compat (28.0.0.1) - restriction: >= monoandroid9.0
    Xamarin.Android.Support.DocumentFile (28.0.0.1) - restriction: >= monoandroid9.0
      Xamarin.Android.Support.Annotations (28.0.0.1) - restriction: >= monoandroid9.0
    Xamarin.Android.Support.DrawerLayout (28.0.0.1) - restriction: >= monoandroid9.0
      Xamarin.Android.Support.Annotations (28.0.0.1) - restriction: >= monoandroid9.0
      Xamarin.Android.Support.Compat (28.0.0.1) - restriction: >= monoandroid9.0
      Xamarin.Android.Support.CustomView (28.0.0.1) - restriction: >= monoandroid9.0
    Xamarin.Android.Support.Fragment (28.0.0.1) - restriction: >= monoandroid8.1
      Xamarin.Android.Arch.Lifecycle.ViewModel (1.1.1.1) - restriction: >= monoandroid9.0
      Xamarin.Android.Support.Annotations (28.0.0.1) - restriction: >= monoandroid9.0
      Xamarin.Android.Support.Compat (28.0.0.1) - restriction: >= monoandroid7.0
      Xamarin.Android.Support.Core.UI (28.0.0.1) - restriction: >= monoandroid7.0
      Xamarin.Android.Support.Core.Utils (28.0.0.1) - restriction: >= monoandroid7.0
      Xamarin.Android.Support.Loader (28.0.0.1) - restriction: >= monoandroid9.0
    Xamarin.Android.Support.Interpolator (28.0.0.1) - restriction: >= monoandroid9.0
      Xamarin.Android.Support.Annotations (28.0.0.1) - restriction: >= monoandroid9.0
    Xamarin.Android.Support.Loader (28.0.0.1) - restriction: >= monoandroid9.0
      Xamarin.Android.Arch.Lifecycle.LiveData (1.1.1.1) - restriction: >= monoandroid9.0
      Xamarin.Android.Arch.Lifecycle.ViewModel (1.1.1.1) - restriction: >= monoandroid9.0
      Xamarin.Android.Support.Annotations (28.0.0.1) - restriction: >= monoandroid9.0
      Xamarin.Android.Support.Compat (28.0.0.1) - restriction: >= monoandroid9.0
    Xamarin.Android.Support.LocalBroadcastManager (28.0.0.1) - restriction: >= monoandroid9.0
      Xamarin.Android.Support.Annotations (28.0.0.1) - restriction: >= monoandroid9.0
    Xamarin.Android.Support.Media.Compat (28.0.0.1) - restriction: || (&& (< monoandroid7.1) (>= monoandroid8.1)) (&& (< monoandroid8.0) (>= monoandroid8.1)) (&& (>= monoandroid8.1) (< monoandroid9.0))
      Xamarin.Android.Support.Compat (28.0.0.1) - restriction: >= monoandroid7.0
    Xamarin.Android.Support.Print (28.0.0.1) - restriction: >= monoandroid9.0
      Xamarin.Android.Support.Annotations (28.0.0.1) - restriction: >= monoandroid9.0
    Xamarin.Android.Support.SlidingPaneLayout (28.0.0.1) - restriction: >= monoandroid9.0
      Xamarin.Android.Support.Annotations (28.0.0.1) - restriction: >= monoandroid9.0
      Xamarin.Android.Support.Compat (28.0.0.1) - restriction: >= monoandroid9.0
      Xamarin.Android.Support.CustomView (28.0.0.1) - restriction: >= monoandroid9.0
    Xamarin.Android.Support.SwipeRefreshLayout (28.0.0.1) - restriction: >= monoandroid9.0
      Xamarin.Android.Support.Annotations (28.0.0.1) - restriction: >= monoandroid9.0
      Xamarin.Android.Support.Compat (28.0.0.1) - restriction: >= monoandroid9.0
      Xamarin.Android.Support.Interpolator (28.0.0.1) - restriction: >= monoandroid9.0
    Xamarin.Android.Support.v7.AppCompat (28.0.0.1) - restriction: >= monoandroid8.1
      Xamarin.Android.Support.Animated.Vector.Drawable (28.0.0.1) - restriction: >= monoandroid6.0
      Xamarin.Android.Support.Annotations (28.0.0.1) - restriction: >= monoandroid9.0
      Xamarin.Android.Support.Collections (28.0.0.1) - restriction: >= monoandroid9.0
      Xamarin.Android.Support.Compat (28.0.0.1) - restriction: >= monoandroid7.0
      Xamarin.Android.Support.Core.UI (28.0.0.1) - restriction: || (&& (>= monoandroid7.0) (< monoandroid7.1)) (&& (>= monoandroid7.1) (< monoandroid8.0)) (&& (>= monoandroid8.0) (< monoandroid8.1)) (&& (>= monoandroid8.1) (< monoandroid9.0))
      Xamarin.Android.Support.Core.Utils (28.0.0.1) - restriction: >= monoandroid7.0
      Xamarin.Android.Support.CursorAdapter (28.0.0.1) - restriction: >= monoandroid9.0
      Xamarin.Android.Support.Fragment (28.0.0.1) - restriction: >= monoandroid7.0
      Xamarin.Android.Support.Media.Compat (28.0.0.1) - restriction: || (&& (>= monoandroid7.0) (< monoandroid7.1)) (&& (>= monoandroid7.1) (< monoandroid8.0)) (&& (>= monoandroid8.0) (< monoandroid8.1)) (&& (>= monoandroid8.1) (< monoandroid9.0))
      Xamarin.Android.Support.Vector.Drawable (28.0.0.1) - restriction: >= monoandroid6.0
    Xamarin.Android.Support.Vector.Drawable (28.0.0.1) - restriction: >= monoandroid8.1
      Xamarin.Android.Support.Annotations (28.0.0.1) - restriction: >= monoandroid9.0
      Xamarin.Android.Support.Compat (28.0.0.1) - restriction: >= monoandroid7.0
    Xamarin.Android.Support.VersionedParcelable (28.0.0.1) - restriction: >= monoandroid9.0
      Xamarin.Android.Support.Annotations (28.0.0.1) - restriction: >= monoandroid9.0
      Xamarin.Android.Support.Collections (28.0.0.1) - restriction: >= monoandroid9.0
    Xamarin.Android.Support.ViewPager (28.0.0.1) - restriction: >= monoandroid9.0
      Xamarin.Android.Support.Annotations (28.0.0.1) - restriction: >= monoandroid9.0
      Xamarin.Android.Support.Compat (28.0.0.1) - restriction: >= monoandroid9.0
      Xamarin.Android.Support.CustomView (28.0.0.1) - restriction: >= monoandroid9.0
