NUGET
  remote: https://www.nuget.org/api/v2
    Consul (0.7.0.2)
      Newtonsoft.Json (>= 9.0.1) - framework: >= netstandard13
      System.Collections (>= 4.0.11) - framework: >= netstandard13
      System.Linq (>= 4.1) - framework: >= netstandard13
      System.Net.Http (>= 4.1) - framework: >= netstandard13
      System.Net.Http.WinHttpHandler (>= 4.0) - framework: >= netstandard13
      System.Runtime (>= 4.1) - framework: >= netstandard13
      System.Security.Cryptography.X509Certificates (>= 4.1) - framework: >= netstandard13
      System.Text.RegularExpressions (>= 4.1) - framework: >= netstandard13
      System.Threading (>= 4.0.11) - framework: >= netstandard13
      System.Threading.Thread (>= 4.0) - framework: >= netstandard13
    EventStore.Client (3.9)
    FSharp.Compiler.Service (2.0.0.6)
    FSharp.Data (2.3.2)
      Zlib.Portable (>= 1.11) - framework: portable-net45+sl5+win8, portable-net45+win8, portable-net45+win8+wp8+wpa81
    FSharp.Formatting (2.14.4)
      FSharp.Compiler.Service (2.0.0.6)
      FSharpVSPowerTools.Core (>= 2.3 < 2.4)
    FSharp.Formatting.CommandTool (2.14.4)
    FSharpVSPowerTools.Core (2.3)
      FSharp.Compiler.Service (>= 2.0.0.3)
    kafka-net (0.9.0.65)
    Microsoft.AspNet.WebApi.Client (5.2.3)
      Microsoft.Net.Http (>= 2.2.22) - framework: portable-wp80+win+wp81+wpa81
      Newtonsoft.Json (>= 6.0.4) - framework: >= net45, portable-wp80+win+wp81+wpa81
    Microsoft.AspNet.WebApi.Core (5.2.3)
      Microsoft.AspNet.WebApi.Client (>= 5.2.3)
    Microsoft.AspNet.WebApi.Owin (5.2.3)
      Microsoft.AspNet.WebApi.Core (>= 5.2.3 < 5.3)
      Microsoft.Owin (>= 2.0.2)
      Owin (>= 1.0)
    Microsoft.Azure.KeyVault.Core (1.0)
    Microsoft.Bcl (1.1.10)
      Microsoft.Bcl.Build (>= 1.0.14)
    Microsoft.Bcl.Build (1.0.21) - import_targets: false
    Microsoft.CSharp (4.0.1) - framework: >= netstandard10
      System.Collections (>= 4.0.11) - framework: dnxcore50, >= netstandard13
      System.Diagnostics.Debug (>= 4.0.11) - framework: dnxcore50, >= netstandard13
      System.Dynamic.Runtime (>= 4.0.11) - framework: dnxcore50, netstandard10, >= netstandard13
      System.Globalization (>= 4.0.11) - framework: dnxcore50, >= netstandard13
      System.Linq (>= 4.1) - framework: dnxcore50, >= netstandard13
      System.Linq.Expressions (>= 4.1) - framework: dnxcore50, netstandard10, >= netstandard13
      System.ObjectModel (>= 4.0.12) - framework: dnxcore50, >= netstandard13
      System.Reflection (>= 4.1) - framework: dnxcore50, >= netstandard13
      System.Reflection.Extensions (>= 4.0.1) - framework: dnxcore50, >= netstandard13
      System.Reflection.Primitives (>= 4.0.1) - framework: dnxcore50, >= netstandard13
      System.Reflection.TypeExtensions (>= 4.1) - framework: dnxcore50, >= netstandard13
      System.Resources.ResourceManager (>= 4.0.1) - framework: dnxcore50, >= netstandard13
      System.Runtime (>= 4.1) - framework: dnxcore50, netstandard10, >= netstandard13
      System.Runtime.Extensions (>= 4.1) - framework: dnxcore50, >= netstandard13
      System.Runtime.InteropServices (>= 4.1) - framework: dnxcore50, >= netstandard13
      System.Threading (>= 4.0.11) - framework: dnxcore50, >= netstandard13
    Microsoft.Data.Edm (5.7)
    Microsoft.Data.OData (5.7)
      Microsoft.Data.Edm (5.7)
      System.Spatial (5.7)
    Microsoft.Data.Services.Client (5.7)
      Microsoft.Data.OData (5.7)
    Microsoft.Net.Http (2.2.29)
      Microsoft.Bcl (>= 1.1.10)
      Microsoft.Bcl.Build (>= 1.0.14)
    Microsoft.NETCore.Platforms (1.0.1) - framework: >= netstandard10
    Microsoft.NETCore.Targets (1.0.1) - framework: >= netstandard10
    Microsoft.Owin (3.0.1)
      Owin (>= 1.0)
    Microsoft.Owin.Diagnostics (3.0.1)
      Microsoft.Owin (>= 3.0.1)
      Owin (>= 1.0)
    Microsoft.Owin.Host.HttpListener (3.0.1)
    Microsoft.Owin.Hosting (3.0.1)
      Microsoft.Owin (>= 3.0.1)
      Owin (>= 1.0)
    Microsoft.Win32.Primitives (4.0.1) - framework: >= netstandard13
      Microsoft.NETCore.Platforms (>= 1.0.1) - framework: >= netstandard13
      Microsoft.NETCore.Targets (>= 1.0.1) - framework: >= netstandard13
      System.Runtime (>= 4.1) - framework: >= netstandard13
    NETStandard.Library (1.6) - framework: >= netstandard13
      Microsoft.NETCore.Platforms (>= 1.0.1) - framework: >= netstandard10
      Microsoft.Win32.Primitives (>= 4.0.1) - framework: >= netstandard13
      System.AppContext (>= 4.1) - framework: >= netstandard13
      System.Collections (>= 4.0.11) - framework: >= netstandard10
      System.Collections.Concurrent (>= 4.0.12) - framework: >= netstandard11
      System.Console (>= 4.0) - framework: >= netstandard13
      System.Diagnostics.Debug (>= 4.0.11) - framework: >= netstandard10
      System.Diagnostics.Tools (>= 4.0.1) - framework: >= netstandard10
      System.Diagnostics.Tracing (>= 4.1) - framework: >= netstandard11
      System.Globalization (>= 4.0.11) - framework: >= netstandard10
      System.Globalization.Calendars (>= 4.0.1) - framework: >= netstandard13
      System.IO (>= 4.1) - framework: >= netstandard10
      System.IO.Compression (>= 4.1) - framework: >= netstandard11
      System.IO.Compression.ZipFile (>= 4.0.1) - framework: >= netstandard13
      System.IO.FileSystem (>= 4.0.1) - framework: >= netstandard13
      System.IO.FileSystem.Primitives (>= 4.0.1) - framework: >= netstandard13
      System.Linq (>= 4.1) - framework: >= netstandard10
      System.Linq.Expressions (>= 4.1) - framework: >= netstandard10
      System.Net.Http (>= 4.1) - framework: >= netstandard11
      System.Net.Primitives (>= 4.0.11) - framework: >= netstandard10
      System.Net.Sockets (>= 4.1) - framework: >= netstandard13
      System.ObjectModel (>= 4.0.12) - framework: >= netstandard10
      System.Reflection (>= 4.1) - framework: >= netstandard10
      System.Reflection.Extensions (>= 4.0.1) - framework: >= netstandard10
      System.Reflection.Primitives (>= 4.0.1) - framework: >= netstandard10
      System.Resources.ResourceManager (>= 4.0.1) - framework: >= netstandard10
      System.Runtime (>= 4.1) - framework: >= netstandard10
      System.Runtime.Extensions (>= 4.1) - framework: >= netstandard10
      System.Runtime.Handles (>= 4.0.1) - framework: >= netstandard13
      System.Runtime.InteropServices (>= 4.1) - framework: >= netstandard11
      System.Runtime.InteropServices.RuntimeInformation (>= 4.0) - framework: >= netstandard11
      System.Runtime.Numerics (>= 4.0.1) - framework: >= netstandard11
      System.Security.Cryptography.Algorithms (>= 4.2) - framework: >= netstandard13
      System.Security.Cryptography.Encoding (>= 4.0) - framework: >= netstandard13
      System.Security.Cryptography.Primitives (>= 4.0) - framework: >= netstandard13
      System.Security.Cryptography.X509Certificates (>= 4.1) - framework: >= netstandard13
      System.Text.Encoding (>= 4.0.11) - framework: >= netstandard10
      System.Text.Encoding.Extensions (>= 4.0.11) - framework: >= netstandard10
      System.Text.RegularExpressions (>= 4.1) - framework: >= netstandard10
      System.Threading (>= 4.0.11) - framework: >= netstandard10
      System.Threading.Tasks (>= 4.0.11) - framework: >= netstandard10
      System.Threading.Timer (>= 4.0.1) - framework: >= netstandard12
      System.Xml.ReaderWriter (>= 4.0.11) - framework: >= netstandard10
      System.Xml.XDocument (>= 4.0.11) - framework: >= netstandard10
    Newtonsoft.Json (9.0.1)
      Microsoft.CSharp (>= 4.0.1) - framework: >= netstandard10
      System.Collections (>= 4.0.11) - framework: >= netstandard10
      System.Diagnostics.Debug (>= 4.0.11) - framework: >= netstandard10
      System.Dynamic.Runtime (>= 4.0.11) - framework: >= netstandard10
      System.Globalization (>= 4.0.11) - framework: >= netstandard10
      System.IO (>= 4.1) - framework: >= netstandard10
      System.Linq (>= 4.1) - framework: >= netstandard10
      System.Linq.Expressions (>= 4.1) - framework: >= netstandard10
      System.ObjectModel (>= 4.0.12) - framework: >= netstandard10
      System.Reflection (>= 4.1) - framework: >= netstandard10
      System.Reflection.Extensions (>= 4.0.1) - framework: >= netstandard10
      System.Resources.ResourceManager (>= 4.0.1) - framework: >= netstandard10
      System.Runtime (>= 4.1) - framework: >= netstandard10
      System.Runtime.Extensions (>= 4.1) - framework: >= netstandard10
      System.Runtime.Serialization.Primitives (>= 4.1.1) - framework: >= netstandard10
      System.Text.Encoding (>= 4.0.11) - framework: >= netstandard10
      System.Text.Encoding.Extensions (>= 4.0.11) - framework: >= netstandard10
      System.Text.RegularExpressions (>= 4.1) - framework: >= netstandard10
      System.Threading (>= 4.0.11) - framework: >= netstandard10
      System.Threading.Tasks (>= 4.0.11) - framework: >= netstandard10
      System.Xml.ReaderWriter (>= 4.0.11) - framework: >= netstandard10
      System.Xml.XDocument (>= 4.0.11) - framework: >= netstandard10
    NLog (4.3.10)
    NLog.FSharp (4.2.3)
      NLog (>= 4.2.3)
    NUnitTestAdapter.WithFramework (2.0)
    Owin (1.0)
    RabbitMQ.Client (4.1)
      System.Collections.Concurrent (>= 4.0.12) - framework: >= netstandard15
      System.Console (>= 4.0) - framework: >= netstandard15
      System.Diagnostics.Debug (>= 4.0.11) - framework: >= netstandard15
      System.IO (>= 4.1) - framework: >= netstandard15
      System.Linq (>= 4.1) - framework: >= netstandard15
      System.Net.NameResolution (>= 4.0) - framework: >= netstandard15
      System.Net.Security (>= 4.0) - framework: >= netstandard15
      System.Net.Sockets (>= 4.1) - framework: >= netstandard15
      System.Reflection.Extensions (>= 4.0.1) - framework: >= netstandard15
      System.Reflection.TypeExtensions (>= 4.1) - framework: >= netstandard15
      System.Runtime.Extensions (>= 4.1) - framework: >= netstandard15
      System.Text.RegularExpressions (>= 4.1) - framework: >= netstandard15
      System.Threading (>= 4.0.11) - framework: >= netstandard15
      System.Threading.Thread (>= 4.0) - framework: >= netstandard15
      System.Threading.Timer (>= 4.0.1) - framework: >= netstandard15
    runtime.native.System (4.0) - framework: >= netstandard13
      Microsoft.NETCore.Platforms (>= 1.0.1)
      Microsoft.NETCore.Targets (>= 1.0.1)
    runtime.native.System.IO.Compression (4.1) - framework: >= netstandard13
      Microsoft.NETCore.Platforms (>= 1.0.1)
      Microsoft.NETCore.Targets (>= 1.0.1)
    runtime.native.System.Net.Http (4.0.1) - framework: >= netstandard15
      Microsoft.NETCore.Platforms (>= 1.0.1)
      Microsoft.NETCore.Targets (>= 1.0.1)
    runtime.native.System.Net.Security (4.0.1) - framework: >= netstandard15
      Microsoft.NETCore.Platforms (>= 1.0.1)
      Microsoft.NETCore.Targets (>= 1.0.1)
    runtime.native.System.Security.Cryptography (4.0) - framework: >= netstandard13
      Microsoft.NETCore.Platforms (>= 1.0.1)
      Microsoft.NETCore.Targets (>= 1.0.1)
    System.AppContext (4.1) - framework: >= netstandard13
      System.Runtime (>= 4.1) - framework: dnxcore50, netstandard13, >= netstandard15
    System.Buffers (4.0) - framework: >= netstandard13
      System.Diagnostics.Debug (>= 4.0.11) - framework: >= netstandard11
      System.Diagnostics.Tracing (>= 4.1) - framework: >= netstandard11
      System.Resources.ResourceManager (>= 4.0.1) - framework: >= netstandard11
      System.Runtime (>= 4.1) - framework: >= netstandard11
      System.Threading (>= 4.0.11) - framework: >= netstandard11
    System.Collections (4.0.11) - framework: >= netstandard10
      Microsoft.NETCore.Platforms (>= 1.0.1) - framework: dnxcore50, netstandard10, >= netstandard13
      Microsoft.NETCore.Targets (>= 1.0.1) - framework: dnxcore50, netstandard10, >= netstandard13
      System.Runtime (>= 4.1) - framework: dnxcore50, netstandard10, >= netstandard13
    System.Collections.Concurrent (4.0.12) - framework: >= netstandard13
      System.Collections (>= 4.0.11) - framework: dnxcore50, >= netstandard13
      System.Diagnostics.Debug (>= 4.0.11) - framework: dnxcore50, >= netstandard13
      System.Diagnostics.Tracing (>= 4.1) - framework: dnxcore50, >= netstandard13
      System.Globalization (>= 4.0.11) - framework: dnxcore50, >= netstandard13
      System.Reflection (>= 4.1) - framework: >= netstandard13
      System.Resources.ResourceManager (>= 4.0.1) - framework: dnxcore50, >= netstandard13
      System.Runtime (>= 4.1) - framework: dnxcore50, netstandard11, >= netstandard13
      System.Runtime.Extensions (>= 4.1) - framework: dnxcore50, >= netstandard13
      System.Threading (>= 4.0.11) - framework: dnxcore50, >= netstandard13
      System.Threading.Tasks (>= 4.0.11) - framework: dnxcore50, netstandard11, >= netstandard13
    System.Console (4.0) - framework: >= netstandard13
      Microsoft.NETCore.Platforms (>= 1.0.1) - framework: >= netstandard13
      Microsoft.NETCore.Targets (>= 1.0.1) - framework: >= netstandard13
      System.IO (>= 4.1) - framework: >= netstandard13
      System.Runtime (>= 4.1) - framework: >= netstandard13
      System.Text.Encoding (>= 4.0.11) - framework: >= netstandard13
    System.Diagnostics.Debug (4.0.11) - framework: >= netstandard10
      Microsoft.NETCore.Platforms (>= 1.0.1) - framework: dnxcore50, netstandard10, >= netstandard13
      Microsoft.NETCore.Targets (>= 1.0.1) - framework: dnxcore50, netstandard10, >= netstandard13
      System.Runtime (>= 4.1) - framework: dnxcore50, netstandard10, >= netstandard13
    System.Diagnostics.DiagnosticSource (4.0) - framework: >= netstandard13
      System.Collections (>= 4.0.11) - framework: netstandard11, >= netstandard13
      System.Diagnostics.Tracing (>= 4.1) - framework: netstandard11, >= netstandard13
      System.Reflection (>= 4.1) - framework: netstandard11, >= netstandard13
      System.Runtime (>= 4.1) - framework: netstandard11, >= netstandard13
      System.Threading (>= 4.0.11) - framework: netstandard11, >= netstandard13
    System.Diagnostics.Tools (4.0.1) - framework: >= netstandard13
      Microsoft.NETCore.Platforms (>= 1.0.1) - framework: dnxcore50, >= netstandard10
      Microsoft.NETCore.Targets (>= 1.0.1) - framework: dnxcore50, >= netstandard10
      System.Runtime (>= 4.1) - framework: dnxcore50, >= netstandard10
    System.Diagnostics.Tracing (4.1) - framework: >= netstandard13
      Microsoft.NETCore.Platforms (>= 1.0.1) - framework: dnxcore50, netstandard11, netstandard12, netstandard13, >= netstandard15
      Microsoft.NETCore.Targets (>= 1.0.1) - framework: dnxcore50, netstandard11, netstandard12, netstandard13, >= netstandard15
      System.Runtime (>= 4.1) - framework: dnxcore50, netstandard11, netstandard12, netstandard13, >= netstandard15
    System.Dynamic.Runtime (4.0.11) - framework: >= netstandard10
      System.Collections (>= 4.0.11) - framework: dnxcore50, >= netstandard13
      System.Diagnostics.Debug (>= 4.0.11) - framework: dnxcore50, >= netstandard13
      System.Globalization (>= 4.0.11) - framework: dnxcore50, >= netstandard13
      System.Linq (>= 4.1) - framework: dnxcore50, >= netstandard13
      System.Linq.Expressions (>= 4.1) - framework: dnxcore50, netstandard10, >= netstandard13
      System.ObjectModel (>= 4.0.12) - framework: dnxcore50, netstandard10, >= netstandard13
      System.Reflection (>= 4.1) - framework: dnxcore50, netstandard10, >= netstandard13
      System.Reflection.Emit (>= 4.0.1) - framework: >= netstandard13
      System.Reflection.Emit.ILGeneration (>= 4.0.1) - framework: >= netstandard13
      System.Reflection.Primitives (>= 4.0.1) - framework: >= netstandard13
      System.Reflection.TypeExtensions (>= 4.1) - framework: dnxcore50, >= netstandard13
      System.Resources.ResourceManager (>= 4.0.1) - framework: dnxcore50, >= netstandard13
      System.Runtime (>= 4.1) - framework: dnxcore50, netstandard10, >= netstandard13
      System.Runtime.Extensions (>= 4.1) - framework: dnxcore50, >= netstandard13
      System.Threading (>= 4.0.11) - framework: dnxcore50, >= netstandard13
    System.Globalization (4.0.11) - framework: >= netstandard10
      Microsoft.NETCore.Platforms (>= 1.0.1) - framework: dnxcore50, netstandard10, >= netstandard13
      Microsoft.NETCore.Targets (>= 1.0.1) - framework: dnxcore50, netstandard10, >= netstandard13
      System.Runtime (>= 4.1) - framework: dnxcore50, netstandard10, >= netstandard13
    System.Globalization.Calendars (4.0.1) - framework: >= netstandard13
      Microsoft.NETCore.Platforms (>= 1.0.1) - framework: >= netstandard13
      Microsoft.NETCore.Targets (>= 1.0.1) - framework: >= netstandard13
      System.Globalization (>= 4.0.11) - framework: >= netstandard13
      System.Runtime (>= 4.1) - framework: >= netstandard13
    System.Globalization.Extensions (4.0.1) - framework: >= netstandard15
      Microsoft.NETCore.Platforms (>= 1.0.1) - framework: >= netstandard13
      System.Globalization (>= 4.0.11) - framework: >= netstandard13
      System.Resources.ResourceManager (>= 4.0.1) - framework: >= netstandard13
      System.Runtime (>= 4.1) - framework: >= netstandard13
      System.Runtime.Extensions (>= 4.1) - framework: >= netstandard13
      System.Runtime.InteropServices (>= 4.1) - framework: >= netstandard13
    System.IO (4.1) - framework: >= netstandard10
      Microsoft.NETCore.Platforms (>= 1.0.1) - framework: dnxcore50, netstandard10, netstandard13, >= netstandard15
      Microsoft.NETCore.Targets (>= 1.0.1) - framework: dnxcore50, netstandard10, netstandard13, >= netstandard15
      System.Runtime (>= 4.1) - framework: dnxcore50, netstandard10, netstandard13, >= netstandard15
      System.Text.Encoding (>= 4.0.11) - framework: dnxcore50, netstandard10, netstandard13, >= netstandard15
      System.Threading.Tasks (>= 4.0.11) - framework: dnxcore50, netstandard10, netstandard13, >= netstandard15
    System.IO.Compression (4.1) - framework: >= netstandard13
      Microsoft.NETCore.Platforms (>= 1.0.1) - framework: >= netstandard13
      runtime.native.System (>= 4.0) - framework: >= netstandard13
      runtime.native.System.IO.Compression (>= 4.1) - framework: >= netstandard13
      System.Collections (>= 4.0.11) - framework: >= netstandard13
      System.Diagnostics.Debug (>= 4.0.11) - framework: >= netstandard13
      System.IO (>= 4.1) - framework: dnxcore50, netstandard11, >= netstandard13
      System.Resources.ResourceManager (>= 4.0.1) - framework: >= netstandard13
      System.Runtime (>= 4.1) - framework: dnxcore50, netstandard11, >= netstandard13
      System.Runtime.Extensions (>= 4.1) - framework: >= netstandard13
      System.Runtime.Handles (>= 4.0.1) - framework: >= netstandard13
      System.Runtime.InteropServices (>= 4.1) - framework: >= netstandard13
      System.Text.Encoding (>= 4.0.11) - framework: dnxcore50, netstandard11, >= netstandard13
      System.Threading (>= 4.0.11) - framework: >= netstandard13
      System.Threading.Tasks (>= 4.0.11) - framework: dnxcore50, >= netstandard13
    System.IO.Compression.ZipFile (4.0.1) - framework: >= netstandard13
      System.Buffers (>= 4.0) - framework: >= netstandard13
      System.IO (>= 4.1) - framework: >= netstandard13
      System.IO.Compression (>= 4.1) - framework: >= netstandard13
      System.IO.FileSystem (>= 4.0.1) - framework: >= netstandard13
      System.IO.FileSystem.Primitives (>= 4.0.1) - framework: >= netstandard13
      System.Resources.ResourceManager (>= 4.0.1) - framework: >= netstandard13
      System.Runtime (>= 4.1) - framework: >= netstandard13
      System.Runtime.Extensions (>= 4.1) - framework: >= netstandard13
      System.Text.Encoding (>= 4.0.11) - framework: >= netstandard13
    System.IO.FileSystem (4.0.1) - framework: >= netstandard13
      Microsoft.NETCore.Platforms (>= 1.0.1) - framework: >= netstandard13
      Microsoft.NETCore.Targets (>= 1.0.1) - framework: >= netstandard13
      System.IO (>= 4.1) - framework: >= netstandard13
      System.IO.FileSystem.Primitives (>= 4.0.1) - framework: >= net46, >= netstandard13
      System.Runtime (>= 4.1) - framework: >= netstandard13
      System.Runtime.Handles (>= 4.0.1) - framework: >= netstandard13
      System.Text.Encoding (>= 4.0.11) - framework: >= netstandard13
      System.Threading.Tasks (>= 4.0.11) - framework: >= netstandard13
    System.IO.FileSystem.Primitives (4.0.1) - framework: >= netstandard13
      System.Runtime (>= 4.1) - framework: >= netstandard13
    System.Linq (4.1) - framework: >= netstandard10
      System.Collections (>= 4.0.11) - framework: dnxcore50, netstandard10, >= netstandard15
      System.Diagnostics.Debug (>= 4.0.11) - framework: dnxcore50, >= netstandard15
      System.Resources.ResourceManager (>= 4.0.1) - framework: dnxcore50, >= netstandard15
      System.Runtime (>= 4.1) - framework: dnxcore50, netstandard10, >= netstandard15
      System.Runtime.Extensions (>= 4.1) - framework: dnxcore50, >= netstandard15
    System.Linq.Expressions (4.1) - framework: >= netstandard10
      System.Collections (>= 4.0.11) - framework: dnxcore50, >= netstandard15
      System.Diagnostics.Debug (>= 4.0.11) - framework: dnxcore50, >= netstandard15
      System.Globalization (>= 4.0.11) - framework: dnxcore50, >= netstandard15
      System.IO (>= 4.1) - framework: dnxcore50, >= netstandard15
      System.Linq (>= 4.1) - framework: dnxcore50, >= netstandard15
      System.ObjectModel (>= 4.0.12) - framework: >= netstandard15
      System.Reflection (>= 4.1) - framework: dnxcore50, netstandard10, netstandard13, >= netstandard15
      System.Reflection.Emit (>= 4.0.1) - framework: >= netstandard15
      System.Reflection.Emit.ILGeneration (>= 4.0.1) - framework: dnxcore50, >= netstandard15
      System.Reflection.Emit.Lightweight (>= 4.0.1) - framework: dnxcore50, >= netstandard15
      System.Reflection.Extensions (>= 4.0.1) - framework: dnxcore50, >= netstandard15
      System.Reflection.Primitives (>= 4.0.1) - framework: dnxcore50, >= netstandard15
      System.Reflection.TypeExtensions (>= 4.1) - framework: dnxcore50, >= netstandard15
      System.Resources.ResourceManager (>= 4.0.1) - framework: dnxcore50, >= netstandard15
      System.Runtime (>= 4.1) - framework: dnxcore50, netstandard10, netstandard13, >= netstandard15
      System.Runtime.Extensions (>= 4.1) - framework: dnxcore50, >= netstandard15
      System.Threading (>= 4.0.11) - framework: dnxcore50, >= netstandard15
    System.Net.Http (4.1) - framework: >= netstandard13
      Microsoft.NETCore.Platforms (>= 1.0.1) - framework: dnxcore50, netstandard13, >= netstandard15
      Microsoft.Win32.Primitives (>= 4.0.1) - framework: >= net46, netstandard13
      runtime.native.System (>= 4.0) - framework: >= netstandard15
      runtime.native.System.Net.Http (>= 4.0.1) - framework: >= netstandard15
      runtime.native.System.Security.Cryptography (>= 4.0) - framework: >= netstandard15
      System.Collections (>= 4.0.11) - framework: dnxcore50, netstandard13, >= netstandard15
      System.Diagnostics.Debug (>= 4.0.11) - framework: dnxcore50, netstandard13, >= netstandard15
      System.Diagnostics.DiagnosticSource (>= 4.0) - framework: >= net46, dnxcore50, netstandard13, >= netstandard15
      System.Diagnostics.Tracing (>= 4.1) - framework: dnxcore50, netstandard13, >= netstandard15
      System.Globalization (>= 4.0.11) - framework: dnxcore50, netstandard13, >= netstandard15
      System.Globalization.Extensions (>= 4.0.1) - framework: >= netstandard15
      System.IO (>= 4.1) - framework: dnxcore50, netstandard11, netstandard13, >= netstandard15
      System.IO.Compression (>= 4.1) - framework: netstandard13
      System.IO.FileSystem (>= 4.0.1) - framework: >= netstandard15
      System.Net.Primitives (>= 4.0.11) - framework: dnxcore50, netstandard11, netstandard13, >= netstandard15
      System.Resources.ResourceManager (>= 4.0.1) - framework: dnxcore50, netstandard13, >= netstandard15
      System.Runtime (>= 4.1) - framework: dnxcore50, netstandard11, netstandard13, >= netstandard15
      System.Runtime.Extensions (>= 4.1) - framework: dnxcore50, netstandard13, >= netstandard15
      System.Runtime.Handles (>= 4.0.1) - framework: netstandard13, >= netstandard15
      System.Runtime.InteropServices (>= 4.1) - framework: dnxcore50, netstandard13, >= netstandard15
      System.Security.Cryptography.Algorithms (>= 4.2) - framework: >= netstandard15
      System.Security.Cryptography.Encoding (>= 4.0) - framework: >= netstandard15
      System.Security.Cryptography.OpenSsl (>= 4.0) - framework: >= netstandard15
      System.Security.Cryptography.Primitives (>= 4.0) - framework: >= netstandard15
      System.Security.Cryptography.X509Certificates (>= 4.1) - framework: >= net46, dnxcore50, netstandard13, >= netstandard15
      System.Text.Encoding (>= 4.0.11) - framework: dnxcore50, netstandard11, netstandard13, >= netstandard15
      System.Threading (>= 4.0.11) - framework: dnxcore50, netstandard13, >= netstandard15
      System.Threading.Tasks (>= 4.0.11) - framework: dnxcore50, netstandard11, netstandard13, >= netstandard15
    System.Net.Http.WinHttpHandler (4.0) - framework: >= netstandard13
      Microsoft.NETCore.Platforms (>= 1.0.1) - framework: >= netstandard13
      Microsoft.Win32.Primitives (>= 4.0.1) - framework: >= net46, >= netstandard13
      System.Collections (>= 4.0.11) - framework: >= netstandard13
      System.Diagnostics.Debug (>= 4.0.11) - framework: >= netstandard13
      System.Diagnostics.DiagnosticSource (>= 4.0) - framework: >= net46, >= netstandard13
      System.Globalization (>= 4.0.11) - framework: >= netstandard13
      System.IO (>= 4.1) - framework: >= netstandard13
      System.IO.Compression (>= 4.1) - framework: >= net46, >= netstandard13
      System.Net.Http (>= 4.1) - framework: >= netstandard13
      System.Net.Primitives (>= 4.0.11) - framework: >= netstandard13
      System.Resources.ResourceManager (>= 4.0.1) - framework: >= netstandard13
      System.Runtime (>= 4.1) - framework: >= netstandard13
      System.Runtime.Extensions (>= 4.1) - framework: >= netstandard13
      System.Runtime.Handles (>= 4.0.1) - framework: >= netstandard13
      System.Runtime.InteropServices (>= 4.1) - framework: >= netstandard13
      System.Security.Cryptography.X509Certificates (>= 4.1) - framework: >= net46, >= netstandard13
      System.Text.Encoding (>= 4.0.11) - framework: >= netstandard13
      System.Threading (>= 4.0.11) - framework: >= netstandard13
      System.Threading.Tasks (>= 4.0.11) - framework: >= netstandard13
    System.Net.NameResolution (4.0) - framework: >= netstandard15
      Microsoft.NETCore.Platforms (>= 1.0.1) - framework: dnxcore50, >= netstandard13
      runtime.native.System (>= 4.0) - framework: >= netstandard13
      System.Collections (>= 4.0.11) - framework: dnxcore50, >= netstandard13
      System.Diagnostics.Tracing (>= 4.1) - framework: dnxcore50, >= netstandard13
      System.Globalization (>= 4.0.11) - framework: dnxcore50, >= netstandard13
      System.Net.Primitives (>= 4.0.11) - framework: dnxcore50, >= netstandard13
      System.Resources.ResourceManager (>= 4.0.1) - framework: dnxcore50, >= netstandard13
      System.Runtime (>= 4.1) - framework: dnxcore50, >= netstandard13
      System.Runtime.Extensions (>= 4.1) - framework: dnxcore50, >= netstandard13
      System.Runtime.Handles (>= 4.0.1) - framework: dnxcore50, >= netstandard13
      System.Runtime.InteropServices (>= 4.1) - framework: dnxcore50, >= netstandard13
      System.Security.Principal.Windows (>= 4.0) - framework: >= netstandard13
      System.Threading (>= 4.0.11) - framework: dnxcore50, >= netstandard13
      System.Threading.Tasks (>= 4.0.11) - framework: dnxcore50, >= netstandard13
    System.Net.Primitives (4.0.11) - framework: >= netstandard13
      Microsoft.NETCore.Platforms (>= 1.0.1) - framework: dnxcore50, netstandard10, netstandard11, >= netstandard13
      Microsoft.NETCore.Targets (>= 1.0.1) - framework: dnxcore50, netstandard10, netstandard11, >= netstandard13
      System.Runtime (>= 4.1) - framework: dnxcore50, netstandard10, netstandard11, >= netstandard13
      System.Runtime.Handles (>= 4.0.1) - framework: dnxcore50, >= netstandard13
    System.Net.Security (4.0) - framework: >= netstandard15
      Microsoft.NETCore.Platforms (>= 1.0.1) - framework: netstandard13, >= netstandard15
      Microsoft.Win32.Primitives (>= 4.0.1) - framework: netstandard13, >= netstandard15
      runtime.native.System (>= 4.0) - framework: >= netstandard15
      runtime.native.System.Net.Security (>= 4.0.1) - framework: >= netstandard15
      runtime.native.System.Security.Cryptography (>= 4.0) - framework: >= netstandard15
      System.Collections (>= 4.0.11) - framework: netstandard13, >= netstandard15
      System.Collections.Concurrent (>= 4.0.12) - framework: netstandard13, >= netstandard15
      System.Diagnostics.Tracing (>= 4.1) - framework: netstandard13, >= netstandard15
      System.Globalization (>= 4.0.11) - framework: netstandard13, >= netstandard15
      System.Globalization.Extensions (>= 4.0.1) - framework: >= netstandard15
      System.IO (>= 4.1) - framework: netstandard13, >= netstandard15
      System.Net.Primitives (>= 4.0.11) - framework: netstandard13, >= netstandard15
      System.Resources.ResourceManager (>= 4.0.1) - framework: netstandard13, >= netstandard15
      System.Runtime (>= 4.1) - framework: netstandard13, >= netstandard15
      System.Runtime.Extensions (>= 4.1) - framework: netstandard13, >= netstandard15
      System.Runtime.Handles (>= 4.0.1) - framework: netstandard13, >= netstandard15
      System.Runtime.InteropServices (>= 4.1) - framework: netstandard13, >= netstandard15
      System.Security.Claims (>= 4.0.1) - framework: netstandard13, >= netstandard15
      System.Security.Cryptography.Algorithms (>= 4.2) - framework: >= netstandard15
      System.Security.Cryptography.Encoding (>= 4.0) - framework: >= netstandard15
      System.Security.Cryptography.OpenSsl (>= 4.0) - framework: >= netstandard15
      System.Security.Cryptography.Primitives (>= 4.0) - framework: netstandard13, >= netstandard15
      System.Security.Cryptography.X509Certificates (>= 4.1) - framework: >= net46, netstandard13, >= netstandard15
      System.Security.Principal (>= 4.0.1) - framework: netstandard13, >= netstandard15
      System.Text.Encoding (>= 4.0.11) - framework: >= netstandard15
      System.Threading (>= 4.0.11) - framework: netstandard13, >= netstandard15
      System.Threading.Tasks (>= 4.0.11) - framework: netstandard13, >= netstandard15
      System.Threading.ThreadPool (>= 4.0.10) - framework: netstandard13, >= netstandard15
    System.Net.Sockets (4.1) - framework: >= netstandard13
      Microsoft.NETCore.Platforms (>= 1.0.1) - framework: >= netstandard13
      Microsoft.NETCore.Targets (>= 1.0.1) - framework: >= netstandard13
      System.IO (>= 4.1) - framework: >= netstandard13
      System.Net.Primitives (>= 4.0.11) - framework: >= netstandard13
      System.Runtime (>= 4.1) - framework: >= netstandard13
      System.Threading.Tasks (>= 4.0.11) - framework: >= netstandard13
    System.ObjectModel (4.0.12) - framework: >= netstandard10
      System.Collections (>= 4.0.11) - framework: dnxcore50, >= netstandard13
      System.Diagnostics.Debug (>= 4.0.11) - framework: dnxcore50, >= netstandard13
      System.Resources.ResourceManager (>= 4.0.1) - framework: dnxcore50, >= netstandard13
      System.Runtime (>= 4.1) - framework: dnxcore50, netstandard10, >= netstandard13
      System.Threading (>= 4.0.11) - framework: dnxcore50, >= netstandard13
    System.Reflection (4.1) - framework: >= netstandard10
      Microsoft.NETCore.Platforms (>= 1.0.1) - framework: dnxcore50, netstandard10, netstandard13, >= netstandard15
      Microsoft.NETCore.Targets (>= 1.0.1) - framework: dnxcore50, netstandard10, netstandard13, >= netstandard15
      System.IO (>= 4.1) - framework: dnxcore50, netstandard10, netstandard13, >= netstandard15
      System.Reflection.Primitives (>= 4.0.1) - framework: dnxcore50, netstandard10, netstandard13, >= netstandard15
      System.Runtime (>= 4.1) - framework: dnxcore50, netstandard10, netstandard13, >= netstandard15
    System.Reflection.Emit (4.0.1) - framework: >= netstandard13
      System.IO (>= 4.1) - framework: >= netstandard11
      System.Reflection (>= 4.1) - framework: >= netstandard11
      System.Reflection.Emit.ILGeneration (>= 4.0.1) - framework: >= netstandard11, monotouch, xamarinios
      System.Reflection.Primitives (>= 4.0.1) - framework: >= netstandard11
      System.Runtime (>= 4.1) - framework: >= netstandard11
    System.Reflection.Emit.ILGeneration (4.0.1) - framework: >= netstandard13
      System.Reflection (>= 4.1) - framework: >= netstandard10
      System.Reflection.Primitives (>= 4.0.1) - framework: >= netstandard10
      System.Runtime (>= 4.1) - framework: >= netstandard10
    System.Reflection.Emit.Lightweight (4.0.1) - framework: >= netstandard15
      System.Reflection (>= 4.1) - framework: >= netstandard10
      System.Reflection.Emit.ILGeneration (>= 4.0.1) - framework: >= netstandard10, monoandroid, monotouch, xamarinios, xamarinmac
      System.Reflection.Primitives (>= 4.0.1) - framework: >= netstandard10
      System.Runtime (>= 4.1) - framework: >= netstandard10
    System.Reflection.Extensions (4.0.1) - framework: >= netstandard10
      Microsoft.NETCore.Platforms (>= 1.0.1) - framework: dnxcore50, >= netstandard10
      Microsoft.NETCore.Targets (>= 1.0.1) - framework: dnxcore50, >= netstandard10
      System.Reflection (>= 4.1) - framework: dnxcore50, >= netstandard10
      System.Runtime (>= 4.1) - framework: dnxcore50, >= netstandard10
    System.Reflection.Primitives (4.0.1) - framework: netstandard10, >= netstandard13
      Microsoft.NETCore.Platforms (>= 1.0.1) - framework: dnxcore50, >= netstandard10
      Microsoft.NETCore.Targets (>= 1.0.1) - framework: dnxcore50, >= netstandard10
      System.Runtime (>= 4.1) - framework: dnxcore50, >= netstandard10
    System.Reflection.TypeExtensions (4.1) - framework: >= netstandard13
      System.Reflection (>= 4.1) - framework: dnxcore50, netstandard13, >= netstandard15
      System.Runtime (>= 4.1) - framework: dnxcore50, netstandard13, >= netstandard15
    System.Resources.ResourceManager (4.0.1) - framework: >= netstandard10
      Microsoft.NETCore.Platforms (>= 1.0.1) - framework: dnxcore50, >= netstandard10
      Microsoft.NETCore.Targets (>= 1.0.1) - framework: dnxcore50, >= netstandard10
      System.Globalization (>= 4.0.11) - framework: dnxcore50, >= netstandard10
      System.Reflection (>= 4.1) - framework: dnxcore50, >= netstandard10
      System.Runtime (>= 4.1) - framework: dnxcore50, >= netstandard10
    System.Runtime (4.1) - framework: >= netstandard10
      Microsoft.NETCore.Platforms (>= 1.0.1) - framework: dnxcore50, netstandard10, netstandard12, netstandard13, >= netstandard15
      Microsoft.NETCore.Targets (>= 1.0.1) - framework: dnxcore50, netstandard10, netstandard12, netstandard13, >= netstandard15
    System.Runtime.Extensions (4.1) - framework: >= netstandard10
      Microsoft.NETCore.Platforms (>= 1.0.1) - framework: dnxcore50, netstandard10, netstandard13, >= netstandard15
      Microsoft.NETCore.Targets (>= 1.0.1) - framework: dnxcore50, netstandard10, netstandard13, >= netstandard15
      System.Runtime (>= 4.1) - framework: dnxcore50, netstandard10, netstandard13, >= netstandard15
    System.Runtime.Handles (4.0.1) - framework: >= netstandard13
      Microsoft.NETCore.Platforms (>= 1.0.1) - framework: >= netstandard13
      Microsoft.NETCore.Targets (>= 1.0.1) - framework: >= netstandard13
      System.Runtime (>= 4.1) - framework: >= netstandard13
    System.Runtime.InteropServices (4.1) - framework: >= netstandard13
      Microsoft.NETCore.Platforms (>= 1.0.1) - framework: dnxcore50, netstandard11, netstandard12, netstandard13, >= netstandard15
      Microsoft.NETCore.Targets (>= 1.0.1) - framework: dnxcore50, netstandard11, netstandard12, netstandard13, >= netstandard15
      System.Reflection (>= 4.1) - framework: dnxcore50, netstandard11, netstandard12, netstandard13, >= netstandard15
      System.Reflection.Primitives (>= 4.0.1) - framework: dnxcore50, netstandard11, netstandard12, netstandard13, >= netstandard15
      System.Runtime (>= 4.1) - framework: dnxcore50, netstandard11, netstandard12, netstandard13, >= netstandard15
      System.Runtime.Handles (>= 4.0.1) - framework: dnxcore50, netstandard13, >= netstandard15
    System.Runtime.InteropServices.RuntimeInformation (4.0) - framework: >= netstandard13
      Microsoft.NETCore.Platforms (>= 1.0.1) - framework: dnxcore50, >= netstandard11
      runtime.native.System (>= 4.0) - framework: >= netstandard11
      System.Reflection (>= 4.1) - framework: dnxcore50, >= netstandard11
      System.Resources.ResourceManager (>= 4.0.1) - framework: dnxcore50, >= netstandard11
      System.Runtime (>= 4.1) - framework: dnxcore50, >= netstandard11
      System.Runtime.InteropServices (>= 4.1) - framework: >= netstandard11
      System.Threading (>= 4.0.11) - framework: dnxcore50, >= netstandard11
    System.Runtime.Numerics (4.0.1) - framework: >= netstandard13
      System.Globalization (>= 4.0.11) - framework: dnxcore50, >= netstandard13
      System.Resources.ResourceManager (>= 4.0.1) - framework: dnxcore50, >= netstandard13
      System.Runtime (>= 4.1) - framework: dnxcore50, netstandard11, >= netstandard13
      System.Runtime.Extensions (>= 4.1) - framework: dnxcore50, >= netstandard13
    System.Runtime.Serialization.Primitives (4.1.1) - framework: >= netstandard10
      System.Resources.ResourceManager (>= 4.0.1) - framework: dnxcore50, >= netstandard13
      System.Runtime (>= 4.1) - framework: dnxcore50, netstandard10, >= netstandard13
    System.Security.Claims (4.0.1) - framework: >= netstandard15
      System.Collections (>= 4.0.11) - framework: >= netstandard13
      System.Globalization (>= 4.0.11) - framework: >= netstandard13
      System.IO (>= 4.1) - framework: >= netstandard13
      System.Resources.ResourceManager (>= 4.0.1) - framework: >= netstandard13
      System.Runtime (>= 4.1) - framework: >= netstandard13
      System.Runtime.Extensions (>= 4.1) - framework: >= netstandard13
      System.Security.Principal (>= 4.0.1) - framework: >= netstandard13
    System.Security.Cryptography.Algorithms (4.2) - framework: >= netstandard13
      Microsoft.NETCore.Platforms (>= 1.0.1) - framework: dnxcore50, >= netstandard15
      runtime.native.System.Security.Cryptography (>= 4.0) - framework: >= netstandard15
      System.Collections (>= 4.0.11) - framework: >= netstandard15
      System.IO (>= 4.1) - framework: dnxcore50, >= netstandard13
      System.Resources.ResourceManager (>= 4.0.1) - framework: dnxcore50, >= netstandard15
      System.Runtime (>= 4.1) - framework: dnxcore50, >= netstandard13
      System.Runtime.Extensions (>= 4.1) - framework: dnxcore50, >= netstandard15
      System.Runtime.Handles (>= 4.0.1) - framework: dnxcore50, >= netstandard15
      System.Runtime.InteropServices (>= 4.1) - framework: dnxcore50, >= netstandard15
      System.Runtime.Numerics (>= 4.0.1) - framework: >= netstandard15
      System.Security.Cryptography.Encoding (>= 4.0) - framework: dnxcore50, >= netstandard15
      System.Security.Cryptography.Primitives (>= 4.0) - framework: net46, >= net461, dnxcore50, >= netstandard13
      System.Text.Encoding (>= 4.0.11) - framework: dnxcore50, >= netstandard15
    System.Security.Cryptography.Cng (4.2) - framework: >= netstandard15
      Microsoft.NETCore.Platforms (>= 1.0.1) - framework: >= netstandard14
      System.IO (>= 4.1) - framework: >= netstandard13
      System.Resources.ResourceManager (>= 4.0.1) - framework: >= netstandard14
      System.Runtime (>= 4.1) - framework: >= netstandard13
      System.Runtime.Extensions (>= 4.1) - framework: >= netstandard14
      System.Runtime.Handles (>= 4.0.1) - framework: >= netstandard13
      System.Runtime.InteropServices (>= 4.1) - framework: >= netstandard14
      System.Security.Cryptography.Algorithms (>= 4.2)
      System.Security.Cryptography.Encoding (>= 4.0) - framework: >= netstandard14
      System.Security.Cryptography.Primitives (>= 4.0)
      System.Text.Encoding (>= 4.0.11) - framework: >= netstandard14
    System.Security.Cryptography.Csp (4.0) - framework: >= netstandard15
      Microsoft.NETCore.Platforms (>= 1.0.1) - framework: >= netstandard13
      System.IO (>= 4.1) - framework: >= netstandard13
      System.Reflection (>= 4.1) - framework: >= netstandard13
      System.Resources.ResourceManager (>= 4.0.1) - framework: >= netstandard13
      System.Runtime (>= 4.1) - framework: >= netstandard13
      System.Runtime.Extensions (>= 4.1) - framework: >= netstandard13
      System.Runtime.Handles (>= 4.0.1) - framework: >= netstandard13
      System.Runtime.InteropServices (>= 4.1) - framework: >= netstandard13
      System.Security.Cryptography.Algorithms (>= 4.2) - framework: >= net46, >= netstandard13
      System.Security.Cryptography.Encoding (>= 4.0) - framework: >= netstandard13
      System.Security.Cryptography.Primitives (>= 4.0) - framework: >= net46, >= netstandard13
      System.Text.Encoding (>= 4.0.11) - framework: >= netstandard13
      System.Threading (>= 4.0.11) - framework: >= netstandard13
    System.Security.Cryptography.Encoding (4.0) - framework: >= netstandard13
      Microsoft.NETCore.Platforms (>= 1.0.1) - framework: >= netstandard13
      runtime.native.System.Security.Cryptography (>= 4.0) - framework: >= netstandard13
      System.Collections (>= 4.0.11) - framework: >= netstandard13
      System.Collections.Concurrent (>= 4.0.12) - framework: >= netstandard13
      System.Linq (>= 4.1) - framework: >= netstandard13
      System.Resources.ResourceManager (>= 4.0.1) - framework: >= netstandard13
      System.Runtime (>= 4.1) - framework: >= netstandard13
      System.Runtime.Extensions (>= 4.1) - framework: >= netstandard13
      System.Runtime.Handles (>= 4.0.1) - framework: >= netstandard13
      System.Runtime.InteropServices (>= 4.1) - framework: >= netstandard13
      System.Security.Cryptography.Primitives (>= 4.0) - framework: >= netstandard13
      System.Text.Encoding (>= 4.0.11) - framework: >= netstandard13
    System.Security.Cryptography.OpenSsl (4.0) - framework: >= netstandard15
      runtime.native.System.Security.Cryptography (>= 4.0)
      System.Collections (>= 4.0.11) - framework: >= netstandard15
      System.IO (>= 4.1) - framework: >= netstandard15
      System.Resources.ResourceManager (>= 4.0.1) - framework: >= netstandard15
      System.Runtime (>= 4.1) - framework: >= netstandard15
      System.Runtime.Extensions (>= 4.1) - framework: >= netstandard15
      System.Runtime.Handles (>= 4.0.1) - framework: >= netstandard15
      System.Runtime.InteropServices (>= 4.1) - framework: >= netstandard15
      System.Runtime.Numerics (>= 4.0.1) - framework: >= netstandard15
      System.Security.Cryptography.Algorithms (>= 4.2) - framework: >= netstandard15
      System.Security.Cryptography.Encoding (>= 4.0) - framework: >= netstandard15
      System.Security.Cryptography.Primitives (>= 4.0) - framework: >= netstandard15
      System.Text.Encoding (>= 4.0.11) - framework: >= netstandard15
    System.Security.Cryptography.Primitives (4.0) - framework: >= netstandard13
      System.Diagnostics.Debug (>= 4.0.11) - framework: >= netstandard13
      System.Globalization (>= 4.0.11) - framework: >= netstandard13
      System.IO (>= 4.1) - framework: >= netstandard13
      System.Resources.ResourceManager (>= 4.0.1) - framework: >= netstandard13
      System.Runtime (>= 4.1) - framework: >= netstandard13
      System.Threading (>= 4.0.11) - framework: >= netstandard13
      System.Threading.Tasks (>= 4.0.11) - framework: >= netstandard13
    System.Security.Cryptography.X509Certificates (4.1) - framework: >= netstandard13
      Microsoft.NETCore.Platforms (>= 1.0.1) - framework: dnxcore50, >= netstandard15
      runtime.native.System (>= 4.0) - framework: >= netstandard15
      runtime.native.System.Net.Http (>= 4.0.1) - framework: >= netstandard15
      runtime.native.System.Security.Cryptography (>= 4.0) - framework: >= netstandard15
      System.Collections (>= 4.0.11) - framework: dnxcore50, >= netstandard15
      System.Diagnostics.Debug (>= 4.0.11) - framework: >= netstandard15
      System.Globalization (>= 4.0.11) - framework: dnxcore50, >= netstandard15
      System.Globalization.Calendars (>= 4.0.1) - framework: dnxcore50, >= netstandard15
      System.IO (>= 4.1) - framework: dnxcore50, >= netstandard15
      System.IO.FileSystem (>= 4.0.1) - framework: dnxcore50, >= netstandard15
      System.IO.FileSystem.Primitives (>= 4.0.1) - framework: >= netstandard15
      System.Resources.ResourceManager (>= 4.0.1) - framework: dnxcore50, >= netstandard15
      System.Runtime (>= 4.1) - framework: dnxcore50, >= netstandard13
      System.Runtime.Extensions (>= 4.1) - framework: dnxcore50, >= netstandard15
      System.Runtime.Handles (>= 4.0.1) - framework: dnxcore50, >= netstandard13
      System.Runtime.InteropServices (>= 4.1) - framework: dnxcore50, >= netstandard15
      System.Runtime.Numerics (>= 4.0.1) - framework: dnxcore50, >= netstandard15
      System.Security.Cryptography.Algorithms (>= 4.2) - framework: net46, >= net461, dnxcore50, >= netstandard13
      System.Security.Cryptography.Cng (>= 4.2) - framework: dnxcore50, >= netstandard15
      System.Security.Cryptography.Csp (>= 4.0) - framework: >= netstandard15
      System.Security.Cryptography.Encoding (>= 4.0) - framework: net46, >= net461, dnxcore50, >= netstandard13
      System.Security.Cryptography.OpenSsl (>= 4.0) - framework: >= netstandard15
      System.Security.Cryptography.Primitives (>= 4.0) - framework: dnxcore50, >= netstandard15
      System.Text.Encoding (>= 4.0.11) - framework: dnxcore50, >= netstandard15
      System.Threading (>= 4.0.11) - framework: dnxcore50, >= netstandard15
    System.Security.Principal (4.0.1) - framework: >= netstandard15
      System.Runtime (>= 4.1) - framework: dnxcore50, >= netstandard10
    System.Security.Principal.Windows (4.0) - framework: >= netstandard15
      Microsoft.NETCore.Platforms (>= 1.0.1) - framework: >= netstandard13
      Microsoft.Win32.Primitives (>= 4.0.1) - framework: >= netstandard13
      System.Collections (>= 4.0.11) - framework: >= netstandard13
      System.Diagnostics.Debug (>= 4.0.11) - framework: >= netstandard13
      System.Reflection (>= 4.1) - framework: >= netstandard13
      System.Resources.ResourceManager (>= 4.0.1) - framework: >= netstandard13
      System.Runtime (>= 4.1) - framework: >= netstandard13
      System.Runtime.Extensions (>= 4.1) - framework: >= netstandard13
      System.Runtime.Handles (>= 4.0.1) - framework: >= netstandard13
      System.Runtime.InteropServices (>= 4.1) - framework: >= netstandard13
      System.Security.Claims (>= 4.0.1) - framework: >= net46, >= netstandard13
      System.Security.Principal (>= 4.0.1) - framework: >= netstandard13
      System.Text.Encoding (>= 4.0.11) - framework: >= netstandard13
      System.Threading (>= 4.0.11) - framework: >= netstandard13
    System.Spatial (5.7)
    System.Text.Encoding (4.0.11) - framework: >= netstandard10
      Microsoft.NETCore.Platforms (>= 1.0.1) - framework: dnxcore50, netstandard10, >= netstandard13
      Microsoft.NETCore.Targets (>= 1.0.1) - framework: dnxcore50, netstandard10, >= netstandard13
      System.Runtime (>= 4.1) - framework: dnxcore50, netstandard10, >= netstandard13
    System.Text.Encoding.Extensions (4.0.11) - framework: >= netstandard10
      Microsoft.NETCore.Platforms (>= 1.0.1) - framework: dnxcore50, netstandard10, >= netstandard13
      Microsoft.NETCore.Targets (>= 1.0.1) - framework: dnxcore50, netstandard10, >= netstandard13
      System.Runtime (>= 4.1) - framework: dnxcore50, netstandard10, >= netstandard13
      System.Text.Encoding (>= 4.0.11) - framework: dnxcore50, netstandard10, >= netstandard13
    System.Text.RegularExpressions (4.1) - framework: >= netstandard10
      System.Collections (>= 4.0.11) - framework: dnxcore50, >= netstandard15
      System.Globalization (>= 4.0.11) - framework: dnxcore50, >= netstandard15
      System.Resources.ResourceManager (>= 4.0.1) - framework: dnxcore50, >= netstandard15
      System.Runtime (>= 4.1) - framework: dnxcore50, netstandard10, netstandard13, >= netstandard15
      System.Runtime.Extensions (>= 4.1) - framework: dnxcore50, >= netstandard15
      System.Threading (>= 4.0.11) - framework: dnxcore50, >= netstandard15
    System.Threading (4.0.11) - framework: >= netstandard10
      System.Runtime (>= 4.1) - framework: dnxcore50, netstandard10, >= netstandard13
      System.Threading.Tasks (>= 4.0.11) - framework: dnxcore50, netstandard10, >= netstandard13
    System.Threading.Tasks (4.0.11) - framework: >= netstandard10
      Microsoft.NETCore.Platforms (>= 1.0.1) - framework: dnxcore50, netstandard10, >= netstandard13
      Microsoft.NETCore.Targets (>= 1.0.1) - framework: dnxcore50, netstandard10, >= netstandard13
      System.Runtime (>= 4.1) - framework: dnxcore50, netstandard10, >= netstandard13
    System.Threading.Tasks.Extensions (4.0) - framework: >= netstandard13
      System.Collections (>= 4.0.11) - framework: >= netstandard10
      System.Runtime (>= 4.1) - framework: >= netstandard10
      System.Threading.Tasks (>= 4.0.11) - framework: >= netstandard10
    System.Threading.Thread (4.0) - framework: >= netstandard13
      System.Runtime (>= 4.1) - framework: >= netstandard13
    System.Threading.ThreadPool (4.0.10) - framework: >= netstandard15
      System.Runtime (>= 4.1) - framework: >= netstandard13
      System.Runtime.Handles (>= 4.0.1) - framework: >= netstandard13
    System.Threading.Timer (4.0.1) - framework: >= netstandard13
      Microsoft.NETCore.Platforms (>= 1.0.1) - framework: dnxcore50, >= netstandard12
      Microsoft.NETCore.Targets (>= 1.0.1) - framework: dnxcore50, >= netstandard12
      System.Runtime (>= 4.1) - framework: dnxcore50, >= netstandard12
    System.Xml.ReaderWriter (4.0.11) - framework: >= netstandard10
      System.Collections (>= 4.0.11) - framework: dnxcore50, >= netstandard13
      System.Diagnostics.Debug (>= 4.0.11) - framework: dnxcore50, >= netstandard13
      System.Globalization (>= 4.0.11) - framework: dnxcore50, >= netstandard13
      System.IO (>= 4.1) - framework: dnxcore50, netstandard10, >= netstandard13
      System.IO.FileSystem (>= 4.0.1) - framework: dnxcore50, >= netstandard13
      System.IO.FileSystem.Primitives (>= 4.0.1) - framework: dnxcore50, >= netstandard13
      System.Resources.ResourceManager (>= 4.0.1) - framework: dnxcore50, >= netstandard13
      System.Runtime (>= 4.1) - framework: dnxcore50, netstandard10, >= netstandard13
      System.Runtime.Extensions (>= 4.1) - framework: dnxcore50, >= netstandard13
      System.Runtime.InteropServices (>= 4.1) - framework: dnxcore50, >= netstandard13
      System.Text.Encoding (>= 4.0.11) - framework: dnxcore50, netstandard10, >= netstandard13
      System.Text.Encoding.Extensions (>= 4.0.11) - framework: dnxcore50, >= netstandard13
      System.Text.RegularExpressions (>= 4.1) - framework: dnxcore50, >= netstandard13
      System.Threading.Tasks (>= 4.0.11) - framework: dnxcore50, netstandard10, >= netstandard13
      System.Threading.Tasks.Extensions (>= 4.0) - framework: dnxcore50, >= netstandard13
    System.Xml.XDocument (4.0.11) - framework: >= netstandard10
      System.Collections (>= 4.0.11) - framework: dnxcore50, >= netstandard13
      System.Diagnostics.Debug (>= 4.0.11) - framework: dnxcore50, >= netstandard13
      System.Diagnostics.Tools (>= 4.0.1) - framework: dnxcore50, >= netstandard13
      System.Globalization (>= 4.0.11) - framework: dnxcore50, >= netstandard13
      System.IO (>= 4.1) - framework: dnxcore50, netstandard10, >= netstandard13
      System.Reflection (>= 4.1) - framework: dnxcore50, >= netstandard13
      System.Resources.ResourceManager (>= 4.0.1) - framework: dnxcore50, >= netstandard13
      System.Runtime (>= 4.1) - framework: dnxcore50, netstandard10, >= netstandard13
      System.Runtime.Extensions (>= 4.1) - framework: dnxcore50, >= netstandard13
      System.Text.Encoding (>= 4.0.11) - framework: dnxcore50, >= netstandard13
      System.Threading (>= 4.0.11) - framework: dnxcore50, >= netstandard13
      System.Xml.ReaderWriter (>= 4.0.11) - framework: dnxcore50, netstandard10, >= netstandard13
    WebSocket4Net (0.14.1)
    WindowsAzure.ServiceBus (3.4)
    WindowsAzure.Storage (7.2.1)
      Microsoft.Azure.KeyVault.Core (>= 1.0) - framework: >= net40, wpv8.0
      Microsoft.Data.OData (>= 5.6.4) - framework: >= net40, >= netstandard13, winv4.5, wpv8.0, wpav8.1
      Microsoft.Data.Services.Client (>= 5.6.4) - framework: >= net40, >= netstandard13
      NETStandard.Library (>= 1.6) - framework: >= netstandard13
      Newtonsoft.Json (>= 6.0.8) - framework: >= net40, winv4.5, wpv8.0, wpav8.1
      Newtonsoft.Json (>= 9.0.1) - framework: >= netstandard13
      System.Spatial (>= 5.6.4) - framework: >= netstandard13
    Zlib.Portable (1.11) - framework: portable-net45+sl5+win8, portable-net45+win8, portable-net45+win8+wp8+wpa81
