RESTRICTION: >= net461
NUGET
  remote: https://api.nuget.org/v3/index.json
    Crc32C.NET (1.0.5)
    EventStore.Client (4.0.3)
    FSharp.Compiler.Service (2.0.0.6)
    FSharp.Control.AsyncSeq (2.0.16)
    FSharp.Data (2.4.2)
    FSharp.Formatting (2.14.4)
      FSharp.Compiler.Service (2.0.0.6)
      FSharpVSPowerTools.Core (>= 2.3 < 2.4)
    FSharp.Formatting.CommandTool (2.14.4)
    FSharpVSPowerTools.Core (2.3)
      FSharp.Compiler.Service (>= 2.0.0.3)
    kafka-net (0.9.0.65)
    Kafunk (0.1.4)
      FSharp.Control.AsyncSeq
      Snappy.NET
    Microsoft.Azure.KeyVault.Core (2.0.4)
    Microsoft.Data.Edm (5.8.3)
    Microsoft.Data.OData (5.8.3)
      Microsoft.Data.Edm (5.8.3)
      System.Spatial (5.8.3)
    Microsoft.Data.Services.Client (5.8.3)
      Microsoft.Data.OData (5.8.3)
    Microsoft.Diagnostics.Tracing.EventSource.Redist (1.1.28)
    Microsoft.NETCore.Platforms (2.0) - restriction: || (&& (>= dnxcore50) (>= net461)) (&& (>= net461) (>= netstandard1.6))
    Nata.Core (1.0.7)
      FSharp.Data (>= 2.3.3)
      Newtonsoft.Json (>= 10.0.3)
      NLog (>= 4.4.11)
      NLog.FSharp (>= 4.2.3)
    Nata.IO (1.0.7)
      FSharp.Data (>= 2.3.3)
      Nata.Core (>= 1.0.7)
      Newtonsoft.Json (>= 10.0.3)
      NLog (>= 4.4.11)
      NLog.FSharp (>= 4.2.3)
    Nata.IO.AzureStorage (1.0.7)
      FSharp.Data (>= 2.3.3)
      Microsoft.Azure.KeyVault.Core (>= 2.0.4)
      Microsoft.Data.Edm (>= 5.8.2)
      Microsoft.Data.OData (>= 5.8.2)
      Microsoft.Data.Services.Client (>= 5.8.2)
      Nata.Core (>= 1.0.7)
      Nata.IO (>= 1.0.7)
      Newtonsoft.Json (>= 10.0.3)
      NLog (>= 4.4.11)
      NLog.FSharp (>= 4.2.3)
      System.Spatial (>= 5.8.2)
      WindowsAzure.Storage (>= 8.1.4)
    Nata.IO.EventHub (1.0.7)
      FSharp.Data (>= 2.3.3)
      Nata.Core (>= 1.0.7)
      Nata.IO (>= 1.0.7)
      Newtonsoft.Json (>= 10.0.3)
      NLog (>= 4.4.11)
      NLog.FSharp (>= 4.2.3)
      WindowsAzure.ServiceBus (>= 4.1.2)
    Nata.IO.EventStore (1.0.7)
      EventStore.Client (>= 4.0)
      FSharp.Data (>= 2.3.3)
      Nata.Core (>= 1.0.7)
      Nata.IO (>= 1.0.7)
      Newtonsoft.Json (>= 10.0.3)
      NLog (>= 4.4.11)
      NLog.FSharp (>= 4.2.3)
    Nata.IO.File (1.0.7)
      FSharp.Data (>= 2.3.3)
      Nata.Core (>= 1.0.7)
      Nata.IO (>= 1.0.7)
      Newtonsoft.Json (>= 10.0.3)
      NLog (>= 4.4.11)
      NLog.FSharp (>= 4.2.3)
    Nata.IO.KafkaNet (1.0.7)
      FSharp.Data (>= 2.3.3)
      kafka-net (>= 0.9.0.65)
      Nata.Core (>= 1.0.7)
      Nata.IO (>= 1.0.7)
      Newtonsoft.Json (>= 10.0.3)
      NLog (>= 4.4.11)
      NLog.FSharp (>= 4.2.3)
    Nata.IO.Kafunk (1.0.7)
      FSharp.Data (>= 2.3.3)
      Kafunk (>= 0.1)
      Nata.Core (>= 1.0.7)
      Nata.IO (>= 1.0.7)
      Newtonsoft.Json (>= 10.0.3)
      NLog (>= 4.4.11)
      NLog.FSharp (>= 4.2.3)
    Nata.IO.Memory (1.0.7)
      FSharp.Data (>= 2.3.3)
      Nata.Core (>= 1.0.7)
      Nata.IO (>= 1.0.7)
      Newtonsoft.Json (>= 10.0.3)
      NLog (>= 4.4.11)
      NLog.FSharp (>= 4.2.3)
    Nata.IO.RabbitMQ (1.0.7)
      FSharp.Data (>= 2.3.3)
      Nata.Core (>= 1.0.7)
      Nata.IO (>= 1.0.7)
      Newtonsoft.Json (>= 10.0.3)
      NLog (>= 4.4.11)
      NLog.FSharp (>= 4.2.3)
      RabbitMQ.Client (>= 4.1.3)
    Nata.IO.WebSocket (1.0.7)
      FSharp.Data (>= 2.3.3)
      Nata.Core (>= 1.0.7)
      Nata.IO (>= 1.0.7)
      Newtonsoft.Json (>= 10.0.3)
      NLog.FSharp (>= 4.2.3)
      WebSocket4Net (>= 0.14.1)
    Nata.Service (1.0.7)
      FSharp.Data (>= 2.3.3)
      Nata.Core (>= 1.0.7)
      Nata.IO (>= 1.0.7)
      Newtonsoft.Json (>= 10.0.3)
      NLog (>= 4.4.11)
      NLog.FSharp (>= 4.2.3)
    Newtonsoft.Json (10.0.3)
    NLog (4.4.12)
    NLog.FSharp (4.2.3)
      NLog (>= 4.2.3)
    RabbitMQ.Client (5.0.1)
      Microsoft.Diagnostics.Tracing.EventSource.Redist (>= 1.1.28)
    runtime.debian.8-x64.runtime.native.System.Security.Cryptography.OpenSsl (4.3.2) - restriction: && (>= net461) (>= netstandard1.6)
    runtime.fedora.23-x64.runtime.native.System.Security.Cryptography.OpenSsl (4.3.2) - restriction: && (>= net461) (>= netstandard1.6)
    runtime.fedora.24-x64.runtime.native.System.Security.Cryptography.OpenSsl (4.3.2) - restriction: && (>= net461) (>= netstandard1.6)
    runtime.native.System.Security.Cryptography.Apple (4.3.1) - restriction: && (>= net461) (>= netstandard1.6)
      runtime.osx.10.10-x64.runtime.native.System.Security.Cryptography.Apple (>= 4.3.1)
    runtime.native.System.Security.Cryptography.OpenSsl (4.3.2) - restriction: && (>= net461) (>= netstandard1.6)
      runtime.debian.8-x64.runtime.native.System.Security.Cryptography.OpenSsl (>= 4.3.2)
      runtime.fedora.23-x64.runtime.native.System.Security.Cryptography.OpenSsl (>= 4.3.2)
      runtime.fedora.24-x64.runtime.native.System.Security.Cryptography.OpenSsl (>= 4.3.2)
      runtime.opensuse.13.2-x64.runtime.native.System.Security.Cryptography.OpenSsl (>= 4.3.2)
      runtime.opensuse.42.1-x64.runtime.native.System.Security.Cryptography.OpenSsl (>= 4.3.2)
      runtime.osx.10.10-x64.runtime.native.System.Security.Cryptography.OpenSsl (>= 4.3.2)
      runtime.rhel.7-x64.runtime.native.System.Security.Cryptography.OpenSsl (>= 4.3.2)
      runtime.ubuntu.14.04-x64.runtime.native.System.Security.Cryptography.OpenSsl (>= 4.3.2)
      runtime.ubuntu.16.04-x64.runtime.native.System.Security.Cryptography.OpenSsl (>= 4.3.2)
      runtime.ubuntu.16.10-x64.runtime.native.System.Security.Cryptography.OpenSsl (>= 4.3.2)
    runtime.opensuse.13.2-x64.runtime.native.System.Security.Cryptography.OpenSsl (4.3.2) - restriction: && (>= net461) (>= netstandard1.6)
    runtime.opensuse.42.1-x64.runtime.native.System.Security.Cryptography.OpenSsl (4.3.2) - restriction: && (>= net461) (>= netstandard1.6)
    runtime.osx.10.10-x64.runtime.native.System.Security.Cryptography.Apple (4.3.1) - restriction: && (>= net461) (>= netstandard1.6)
    runtime.osx.10.10-x64.runtime.native.System.Security.Cryptography.OpenSsl (4.3.2) - restriction: && (>= net461) (>= netstandard1.6)
    runtime.rhel.7-x64.runtime.native.System.Security.Cryptography.OpenSsl (4.3.2) - restriction: && (>= net461) (>= netstandard1.6)
    runtime.ubuntu.14.04-x64.runtime.native.System.Security.Cryptography.OpenSsl (4.3.2) - restriction: && (>= net461) (>= netstandard1.6)
    runtime.ubuntu.16.04-x64.runtime.native.System.Security.Cryptography.OpenSsl (4.3.2) - restriction: && (>= net461) (>= netstandard1.6)
    runtime.ubuntu.16.10-x64.runtime.native.System.Security.Cryptography.OpenSsl (4.3.2) - restriction: && (>= net461) (>= netstandard1.6)
    Snappy.NET (1.1.1.8)
      Crc32C.NET (>= 1.0.5)
    SuperSocket.ClientEngine.Core (0.8.0.13)
      System.Collections.Specialized (>= 4.3)
      System.Linq (>= 4.3)
      System.Net.NameResolution (>= 4.3)
      System.Net.Security (>= 4.3)
      System.Net.Sockets (>= 4.3)
      System.Runtime.Extensions (>= 4.3)
      System.Runtime.InteropServices (>= 4.3)
      System.Security.Cryptography.X509Certificates (>= 4.3)
    System.Collections (4.3) - restriction: && (>= net461) (>= netstandard1.6)
    System.Collections.Specialized (4.3)
    System.IO (4.3) - restriction: || (&& (>= dnxcore50) (>= net461)) (&& (< net46) (>= net461) (< netstandard1.4)) (&& (< net46) (>= net461) (< netstandard1.6)) (&& (>= net461) (>= netstandard1.6)) (>= net463)
    System.Linq (4.3)
    System.Net.NameResolution (4.3)
    System.Net.Security (4.3.2)
      System.Security.Cryptography.X509Certificates (>= 4.3)
    System.Net.Sockets (4.3)
    System.Resources.ResourceManager (4.3) - restriction: || (&& (>= dnxcore50) (>= net461)) (&& (>= net461) (>= netstandard1.6))
    System.Runtime (4.3) - restriction: || (&& (>= dnxcore50) (>= net461)) (&& (< net45) (>= net461) (< netstandard1.2)) (&& (< net45) (>= net461) (< netstandard1.3)) (&& (< net45) (>= net461) (>= netstandard1.5)) (&& (< net45) (>= net461) (< netstandard1.5)) (&& (< net46) (>= net461) (< netstandard1.4)) (&& (< net46) (>= net461) (< netstandard1.6)) (&& (>= net461) (>= netcoreapp1.1)) (&& (>= net461) (>= netstandard1.6)) (>= net462)
    System.Runtime.Extensions (4.3)
    System.Runtime.Handles (4.3) - restriction: || (&& (>= dnxcore50) (>= net461)) (&& (>= net461) (>= netstandard1.6))
    System.Runtime.InteropServices (4.3)
      System.Runtime (>= 4.3) - restriction: || (&& (>= dnxcore50) (>= net461)) (&& (< net45) (>= net461) (< netstandard1.2)) (&& (< net45) (>= net461) (< netstandard1.3)) (&& (< net45) (>= net461) (>= netstandard1.5)) (&& (< net45) (>= net461) (< netstandard1.5)) (&& (>= net461) (>= netcoreapp1.1)) (>= net462)
    System.Runtime.Numerics (4.3) - restriction: && (>= net461) (>= netstandard1.6)
    System.Security.Cryptography.Algorithms (4.3)
      Microsoft.NETCore.Platforms (>= 1.1) - restriction: || (&& (>= dnxcore50) (>= net461)) (&& (>= net461) (>= netstandard1.6))
      runtime.native.System.Security.Cryptography.Apple (>= 4.3) - restriction: && (>= net461) (>= netstandard1.6)
      runtime.native.System.Security.Cryptography.OpenSsl (>= 4.3) - restriction: && (>= net461) (>= netstandard1.6)
      System.Collections (>= 4.3) - restriction: && (>= net461) (>= netstandard1.6)
      System.IO (>= 4.3) - restriction: || (&& (>= dnxcore50) (>= net461)) (&& (< net46) (>= net461) (< netstandard1.4)) (&& (< net46) (>= net461) (< netstandard1.6)) (&& (>= net461) (>= netstandard1.6)) (>= net463)
      System.Resources.ResourceManager (>= 4.3) - restriction: || (&& (>= dnxcore50) (>= net461)) (&& (>= net461) (>= netstandard1.6))
      System.Runtime (>= 4.3) - restriction: || (&& (>= dnxcore50) (>= net461)) (&& (< net46) (>= net461) (< netstandard1.4)) (&& (< net46) (>= net461) (< netstandard1.6)) (&& (>= net461) (>= netstandard1.6)) (>= net463)
      System.Runtime.Extensions (>= 4.3) - restriction: || (&& (>= dnxcore50) (>= net461)) (&& (>= net461) (>= netstandard1.6))
      System.Runtime.Handles (>= 4.3) - restriction: || (&& (>= dnxcore50) (>= net461)) (&& (>= net461) (>= netstandard1.6))
      System.Runtime.InteropServices (>= 4.3) - restriction: || (&& (>= dnxcore50) (>= net461)) (&& (>= net461) (>= netstandard1.6))
      System.Runtime.Numerics (>= 4.3) - restriction: && (>= net461) (>= netstandard1.6)
      System.Security.Cryptography.Encoding (>= 4.3) - restriction: || (&& (>= dnxcore50) (>= net461)) (&& (>= net461) (>= netstandard1.6)) (>= net463)
      System.Security.Cryptography.Primitives (>= 4.3)
      System.Text.Encoding (>= 4.3) - restriction: || (&& (>= dnxcore50) (>= net461)) (&& (>= net461) (>= netstandard1.6))
    System.Security.Cryptography.Encoding (4.3)
    System.Security.Cryptography.Primitives (4.3)
    System.Security.Cryptography.X509Certificates (4.3.1)
      System.Security.Cryptography.Algorithms (>= 4.3)
      System.Security.Cryptography.Encoding (>= 4.3)
    System.Spatial (5.8.3)
    System.Text.Encoding (4.3) - restriction: || (&& (>= dnxcore50) (>= net461)) (&& (>= net461) (>= netstandard1.6))
    System.Text.RegularExpressions (4.3)
    System.Threading (4.3)
    System.Threading.Timer (4.3)
    WebSocket4Net (0.15)
      SuperSocket.ClientEngine.Core (>= 0.8.0.13)
      System.Linq (>= 4.3)
      System.Net.NameResolution (>= 4.3)
      System.Net.Sockets (>= 4.3)
      System.Text.RegularExpressions (>= 4.3)
      System.Threading (>= 4.3)
      System.Threading.Timer (>= 4.3)
    WindowsAzure.ServiceBus (4.1.3)
    WindowsAzure.Storage (8.5)
      Microsoft.Azure.KeyVault.Core (>= 1.0)
      Microsoft.Data.OData (>= 5.8.2)
      Microsoft.Data.Services.Client (>= 5.8.2)
      Newtonsoft.Json (>= 6.0.8)
